{
  "bids_meta": {
    "AcquisitionMatrixPE": 256,
    "AcquisitionNumber": 1,
    "AcquisitionTime": "17:20:21.370000",
    "BaseResolution": 256,
    "BodyPartExamined": "HEAD",
    "CoilString": "HC1-7;NC1_2",
    "ConsistencyInfo": "N4_VE11B_LATEST_20150530",
    "ConversionSoftware": "dcm2niix",
    "ConversionSoftwareVersion": "v1.0.20190902",
    "DeviceSerialNumber": "67036",
    "DwellTime": 8.5e-06,
    "EchoTime": 0.00207,
    "FlipAngle": 9,
    "ImageOrientationPatientDICOM": [
      0.0261867,
      0.99794,
      -0.0585648,
      0.0375469,
      -0.0595255,
      -0.99752
    ],
    "ImageType": [
      "ORIGINAL",
      "PRIMARY",
      "M",
      "ND",
      "NORM"
    ],
    "ImagingFrequency": 123.262,
    "InPlanePhaseEncodingDirectionDICOM": "ROW",
    "InstitutionAddress": "Philosophenweg_3_Jena_Thueringen_DE_07743",
    "InstitutionName": "FSU_Jena",
    "InstitutionalDepartmentName": "Department",
    "InversionTime": 0.9,
    "MRAcquisitionType": "3D",
    "MagneticFieldStrength": 3,
    "Manufacturer": "Siemens",
    "ManufacturersModelName": "Prisma_fit",
    "Modality": "MR",
    "ParallelReductionFactorInPlane": 2,
    "PartialFourier": 1,
    "PatientPosition": "HFS",
    "PercentPhaseFOV": 100,
    "PhaseEncodingSteps": 255,
    "PhaseResolution": 1,
    "PixelBandwidth": 230,
    "ProcedureStepDescription": "FMRI",
    "ProtocolName": "MPRAGE_Jena_BW230_64channel",
    "PulseSequenceDetails": "%SiemensSeq%_tfl",
    "ReceiveCoilActiveElements": "HC1-7;NC1,2",
    "ReceiveCoilName": "HeadNeck_64",
    "ReconMatrixPE": 256,
    "RefLinesPE": 24,
    "RepetitionTime": 2.3,
    "SAR": 0.0451932,
    "ScanOptions": "IR",
    "ScanningSequence": "GR_IR",
    "SequenceName": "_tfl3d1_16ns",
    "SequenceVariant": "SK_SP_MP",
    "SeriesDescription": "MPRAGE_Jena_BW230_64channel",
    "SeriesNumber": 5,
    "ShimSetting": [
      -388,
      5644,
      1303,
      340,
      29,
      -420,
      7,
      -25
    ],
    "SliceThickness": 1,
    "SoftwareVersions": "syngo_MR_E11",
    "StationName": "AWP67036",
    "TxRefAmp": 218.817,
    "dataset": "ds003357",
    "modality": "T1w",
    "session_id": "02",
    "subject_id": "08"
  },
  "cjv": 0.28814467433652013,
  "cnr": 4.698598476734501,
  "efc": 0.48373213735771153,
  "fber": -1.0,
  "fwhm_avg": 4.593089096558402,
  "fwhm_x": 4.264877289675208,
  "fwhm_y": 4.6497,
  "fwhm_z": 4.86469,
  "icvs_csf": 0.22325662294897228,
  "icvs_gm": 0.4491354618174745,
  "icvs_wm": 0.32760791523355326,
  "inu_med": 0.4961623251438141,
  "inu_range": 0.17138400673866272,
  "provenance": {
    "md5sum": "2400d046513480c6e15abbe6283598ca",
    "settings": {
      "testing": false
    },
    "software": "mriqc",
    "version": "22.0.6",
    "warnings": {
      "large_rot_frame": true,
      "small_air_mask": false
    },
    "webapi_port": null,
    "webapi_url": "https://mriqc.nimh.nih.gov/api/v1"
  },
  "qi_1": 0.0,
  "qi_2": 0.023061904908537385,
  "rpve_csf": 22.616992900296093,
  "rpve_gm": 11.990599360849364,
  "rpve_wm": 18.958252396267874,
  "size_x": 192,
  "size_y": 256,
  "size_z": 256,
  "snr_csf": 2.2021723769203234,
  "snr_gm": 11.827876177506315,
  "snr_total": 13.643124643381839,
  "snr_wm": 26.899325375718877,
  "snrd_csf": 25.308506408116102,
  "snrd_gm": 83.97599961299674,
  "snrd_total": 77.71315441331053,
  "snrd_wm": 123.85495721881877,
  "spacing_x": 1.0000029802322388,
  "spacing_y": 1.0,
  "spacing_z": 1.0,
  "summary_bg_k": 6.926724554510804,
  "summary_bg_mad": 0.0,
  "summary_bg_mean": 2.983042942746232,
  "summary_bg_median": 0.0,
  "summary_bg_n": 3063325.0,
  "summary_bg_p05": 0.0,
  "summary_bg_p95": 11.171527214348316,
  "summary_bg_stdv": 5.289806610894281,
  "summary_csf_k": 1.2211870128415878,
  "summary_csf_mad": 86.25915851667341,
  "summary_csf_mean": 215.62206113063718,
  "summary_csf_median": 204.34997125715017,
  "summary_csf_n": 49938.0,
  "summary_csf_p05": 93.07958294078708,
  "summary_csf_p95": 395.76370945237517,
  "summary_csf_stdv": 92.79379187195322,
  "summary_gm_k": 0.09435186707865739,
  "summary_gm_mad": 56.7243744196306,
  "summary_gm_mean": 678.6317241534717,
  "summary_gm_median": 678.0523840673268,
  "summary_gm_n": 51820.0,
  "summary_gm_p05": 586.2580210715532,
  "summary_gm_p95": 774.1967222616076,
  "summary_gm_stdv": 57.32608555237263,
  "summary_wm_k": 0.3294924782547093,
  "summary_wm_mad": 36.057354282245804,
  "summary_wm_mean": 1000.5860978486235,
  "summary_wm_median": 1000.049411829561,
  "summary_wm_n": 211675.0,
  "summary_wm_p05": 940.6821366772056,
  "summary_wm_p95": 1062.4814422354102,
  "summary_wm_stdv": 37.17740261623944,
  "tpm_overlap_csf": 0.16236534867644142,
  "tpm_overlap_gm": 0.47825391045776866,
  "tpm_overlap_wm": 0.5293531928152724,
  "wm2max": 0.3904646151599125
}