{
  "bids_meta": {
    "AcquisitionMatrixPE": 256,
    "AcquisitionNumber": 1,
    "AcquisitionTime": "10:15:11.025000",
    "BaseResolution": 256,
    "BodyPartExamined": "SKULL",
    "CoilString": "HC1-7;NC1_2",
    "ConsistencyInfo": "N4_VE11B_LATEST_20150530",
    "ConversionSoftware": "dcm2niix",
    "ConversionSoftwareVersion": "v1.0.20190902",
    "DeviceSerialNumber": "67036",
    "DwellTime": 8.5e-06,
    "EchoTime": 0.00207,
    "FlipAngle": 9,
    "ImageOrientationPatientDICOM": [
      -0.0185351,
      0.995271,
      -0.0953475,
      -0.0546413,
      -0.0962297,
      -0.993858
    ],
    "ImageType": [
      "ORIGINAL",
      "PRIMARY",
      "M",
      "ND",
      "NORM"
    ],
    "ImagingFrequency": 123.262,
    "InPlanePhaseEncodingDirectionDICOM": "ROW",
    "InstitutionAddress": "Philosophenweg_3_Jena_Thueringen_DE_07743",
    "InstitutionName": "FSU_Jena",
    "InstitutionalDepartmentName": "Department",
    "InversionTime": 0.9,
    "MRAcquisitionType": "3D",
    "MagneticFieldStrength": 3,
    "Manufacturer": "Siemens",
    "ManufacturersModelName": "Prisma_fit",
    "Modality": "MR",
    "ParallelReductionFactorInPlane": 2,
    "PartialFourier": 1,
    "PatientPosition": "HFS",
    "PercentPhaseFOV": 100,
    "PhaseEncodingSteps": 255,
    "PhaseResolution": 1,
    "PixelBandwidth": 230,
    "ProcedureStepDescription": "FMRI",
    "ProtocolName": "MPRAGE_Jena_BW230_64channel",
    "PulseSequenceDetails": "%SiemensSeq%_tfl",
    "ReceiveCoilActiveElements": "HC1-7;NC1,2",
    "ReceiveCoilName": "HeadNeck_64",
    "ReconMatrixPE": 256,
    "RefLinesPE": 24,
    "RepetitionTime": 2.3,
    "SAR": 0.0506745,
    "ScanOptions": "IR",
    "ScanningSequence": "GR_IR",
    "SequenceName": "_tfl3d1_16ns",
    "SequenceVariant": "SK_SP_MP",
    "SeriesDescription": "MPRAGE_Jena_BW230_64channel",
    "SeriesNumber": 5,
    "ShimSetting": [
      -397,
      5632,
      1305,
      226,
      34,
      -541,
      51,
      51
    ],
    "SliceThickness": 1,
    "SoftwareVersions": "syngo_MR_E11",
    "StationName": "AWP67036",
    "TxRefAmp": 233.519,
    "dataset": "ds003357",
    "modality": "T1w",
    "session_id": "01",
    "subject_id": "17"
  },
  "cjv": 0.3024602311869625,
  "cnr": 4.475092754501263,
  "efc": 0.5168356926970779,
  "fber": -1.0,
  "fwhm_avg": 4.516930251009842,
  "fwhm_x": 4.29575048373453,
  "fwhm_y": 4.518020269294993,
  "fwhm_z": 4.73702,
  "icvs_csf": 0.2230657366757504,
  "icvs_gm": 0.4193201643779919,
  "icvs_wm": 0.3576140989462577,
  "inu_med": 0.4636458158493042,
  "inu_range": 0.17209349870681762,
  "provenance": {
    "md5sum": "47cc0e2bf745b44b751a9f64f29b5694",
    "settings": {
      "testing": false
    },
    "software": "mriqc",
    "version": "22.0.6",
    "warnings": {
      "large_rot_frame": true,
      "small_air_mask": false
    },
    "webapi_port": null,
    "webapi_url": "https://mriqc.nimh.nih.gov/api/v1"
  },
  "qi_1": 0.0,
  "qi_2": 0.012991207925667785,
  "rpve_csf": 23.58802797604537,
  "rpve_gm": 12.925679781611004,
  "rpve_wm": 18.33379429077567,
  "size_x": 192,
  "size_y": 256,
  "size_z": 256,
  "snr_csf": 1.8630578724777074,
  "snr_gm": 10.9060364774288,
  "snr_total": 13.45810545582176,
  "snr_wm": 27.605222017558777,
  "snrd_csf": 23.95115231187649,
  "snrd_gm": 79.7170432014514,
  "snrd_total": 73.78890358709424,
  "snrd_wm": 117.69851524795482,
  "spacing_x": 0.999995231628418,
  "spacing_y": 0.9999999403953552,
  "spacing_z": 1.0,
  "summary_bg_k": 9111.256479211566,
  "summary_bg_mad": 0.0,
  "summary_bg_mean": 2.6850232562745107,
  "summary_bg_median": 0.0,
  "summary_bg_n": 3266551.0,
  "summary_bg_p05": 0.0,
  "summary_bg_p95": 9.526239395141602,
  "summary_bg_stdv": 5.566224676229374,
  "summary_csf_k": 0.4673789600118381,
  "summary_csf_mad": 112.98898929001922,
  "summary_csf_mean": 214.4456939761982,
  "summary_csf_median": 203.49578350782394,
  "summary_csf_n": 39143.0,
  "summary_csf_p05": 67.45342993140221,
  "summary_csf_p95": 421.1108146905899,
  "summary_csf_stdv": 109.22536927496823,
  "summary_gm_k": -0.1060561371749924,
  "summary_gm_mad": 63.55630647563581,
  "summary_gm_mean": 676.8301409456624,
  "summary_gm_median": 677.2986098527908,
  "summary_gm_n": 41083.0,
  "summary_gm_p05": 574.2961463928223,
  "summary_gm_p95": 777.9620413184166,
  "summary_gm_stdv": 62.10233829240925,
  "summary_wm_k": 0.5849668296229962,
  "summary_wm_mad": 34.04802132623347,
  "summary_wm_mean": 999.1912129906377,
  "summary_wm_median": 999.9999693632126,
  "summary_wm_n": 222951.0,
  "summary_wm_p05": 938.4621639847755,
  "summary_wm_p95": 1056.859710752964,
  "summary_wm_stdv": 36.224947804421056,
  "tpm_overlap_csf": 0.16300191522834762,
  "tpm_overlap_gm": 0.4743456993655013,
  "tpm_overlap_wm": 0.5286803793010343,
  "wm2max": 0.4643548323393499
}