{
  "bids_meta": {
    "AcquisitionMatrixPE": 256,
    "AcquisitionNumber": 1,
    "AcquisitionTime": "17:03:59.940000",
    "BaseResolution": 256,
    "BodyPartExamined": "HEAD",
    "CoilString": "HC1-7;NC1_2",
    "ConsistencyInfo": "N4_VE11B_LATEST_20150530",
    "ConversionSoftware": "dcm2niix",
    "ConversionSoftwareVersion": "v1.0.20190902",
    "DeviceSerialNumber": "67036",
    "DwellTime": 8.5e-06,
    "EchoTime": 0.00207,
    "FlipAngle": 9,
    "ImageOrientationPatientDICOM": [
      0.0590997,
      0.968116,
      -0.243431,
      -0.00341282,
      -0.24366,
      -0.969855
    ],
    "ImageType": [
      "ORIGINAL",
      "PRIMARY",
      "M",
      "ND",
      "NORM"
    ],
    "ImagingFrequency": 123.262,
    "InPlanePhaseEncodingDirectionDICOM": "ROW",
    "InstitutionAddress": "Philosophenweg_3_Jena_Thueringen_DE_07743",
    "InstitutionName": "FSU_Jena",
    "InstitutionalDepartmentName": "Department",
    "InversionTime": 0.9,
    "MRAcquisitionType": "3D",
    "MagneticFieldStrength": 3,
    "Manufacturer": "Siemens",
    "ManufacturersModelName": "Prisma_fit",
    "Modality": "MR",
    "ParallelReductionFactorInPlane": 2,
    "PartialFourier": 1,
    "PatientPosition": "HFS",
    "PercentPhaseFOV": 100,
    "PhaseEncodingSteps": 255,
    "PhaseResolution": 1,
    "PixelBandwidth": 230,
    "ProcedureStepDescription": "FMRI",
    "ProtocolName": "MPRAGE_Jena_BW230_64channel",
    "PulseSequenceDetails": "%SiemensSeq%_tfl",
    "ReceiveCoilActiveElements": "HC1-7;NC1,2",
    "ReceiveCoilName": "HeadNeck_64",
    "ReconMatrixPE": 256,
    "RefLinesPE": 24,
    "RepetitionTime": 2.3,
    "SAR": 0.0409687,
    "ScanOptions": "IR",
    "ScanningSequence": "GR_IR",
    "SequenceName": "_tfl3d1_16ns",
    "SequenceVariant": "SK_SP_MP",
    "SeriesDescription": "MPRAGE_Jena_BW230_64channel",
    "SeriesNumber": 5,
    "ShimSetting": [
      -421,
      5667,
      1266,
      346,
      -22,
      -474,
      5,
      -37
    ],
    "SliceThickness": 1,
    "SoftwareVersions": "syngo_MR_E11",
    "StationName": "AWP67036",
    "TxRefAmp": 217.838,
    "dataset": "ds003357",
    "modality": "T1w",
    "session_id": "02",
    "subject_id": "10"
  },
  "cjv": 0.31725053265820913,
  "cnr": 4.288810828241716,
  "efc": 0.48017423372856194,
  "fber": -1.0,
  "fwhm_avg": 4.584573802872982,
  "fwhm_x": 4.290760844582541,
  "fwhm_y": 4.58182027309777,
  "fwhm_z": 4.881140290938633,
  "icvs_csf": 0.2201363396962637,
  "icvs_gm": 0.41630854358828695,
  "icvs_wm": 0.3635551167154494,
  "inu_med": 0.4057646691799164,
  "inu_range": 0.11712632924318317,
  "provenance": {
    "md5sum": "2f4f38913bc69879835c526cab1c8b6c",
    "settings": {
      "testing": false
    },
    "software": "mriqc",
    "version": "22.0.6",
    "warnings": {
      "large_rot_frame": true,
      "small_air_mask": false
    },
    "webapi_port": null,
    "webapi_url": "https://mriqc.nimh.nih.gov/api/v1"
  },
  "qi_1": 0.0,
  "qi_2": 0.021038146474565478,
  "rpve_csf": 23.702332532023895,
  "rpve_gm": 12.98405503692088,
  "rpve_wm": 18.006506083432814,
  "size_x": 192,
  "size_y": 256,
  "size_z": 256,
  "snr_csf": 2.293951269336758,
  "snr_gm": 11.25935708487321,
  "snr_total": 13.667948643738681,
  "snr_wm": 27.45053757700607,
  "snrd_csf": 26.756413401736484,
  "snrd_gm": 85.90036060370335,
  "snrd_total": 78.89623526061881,
  "snrd_wm": 124.03193177641661,
  "spacing_x": 1.0000067949295044,
  "spacing_y": 0.9999999403953552,
  "spacing_z": 0.9999999403953552,
  "summary_bg_k": 11.815909384870203,
  "summary_bg_mad": 0.0,
  "summary_bg_mean": 2.903896186194084,
  "summary_bg_median": 0.0,
  "summary_bg_n": 3087159.0,
  "summary_bg_p05": 0.0,
  "summary_bg_p95": 10.727150838822126,
  "summary_bg_stdv": 5.282207181687351,
  "summary_csf_k": 1.8155673965327068,
  "summary_csf_mad": 71.18697574713195,
  "summary_csf_mean": 227.95682231501405,
  "summary_csf_median": 215.73052424937487,
  "summary_csf_n": 57145.0,
  "summary_csf_p05": 98.52353667095304,
  "summary_csf_p95": 420.48056273236836,
  "summary_csf_stdv": 94.04237986807217,
  "summary_gm_k": -0.03844607921683352,
  "summary_gm_mad": 62.442656384953345,
  "summary_gm_mean": 691.6384873603959,
  "summary_gm_median": 692.593941796571,
  "summary_gm_n": 43547.0,
  "summary_gm_p05": 589.6885025504977,
  "summary_gm_p95": 790.5910168211906,
  "summary_gm_stdv": 61.51203699042335,
  "summary_wm_k": 0.34393496021723635,
  "summary_wm_mad": 35.094650862971896,
  "summary_wm_mean": 1001.010566469219,
  "summary_wm_median": 1000.0396265387535,
  "summary_wm_n": 230606.0,
  "summary_wm_p05": 942.9996842555702,
  "summary_wm_p95": 1062.4629360325634,
  "summary_wm_stdv": 36.43052364438423,
  "tpm_overlap_csf": 0.1568261295015301,
  "tpm_overlap_gm": 0.4465489754003007,
  "tpm_overlap_wm": 0.4880911445785921,
  "wm2max": 0.461784140791003
}