{
  "bids_meta": {
    "AcquisitionMatrixPE": 256,
    "AcquisitionNumber": 1,
    "AcquisitionTime": "11:10:1.372500",
    "BaseResolution": 256,
    "BodyPartExamined": "HEAD",
    "CoilString": "HC1-7;NC1_2",
    "ConsistencyInfo": "N4_VE11B_LATEST_20150530",
    "ConversionSoftware": "dcm2niix",
    "ConversionSoftwareVersion": "v1.0.20190902",
    "DeviceSerialNumber": "67036",
    "DwellTime": 8.5e-06,
    "EchoTime": 0.00207,
    "FlipAngle": 9,
    "ImageOrientationPatientDICOM": [
      -0.00654756,
      0.999051,
      -0.0430591,
      -0.0412612,
      -0.0432933,
      -0.99821
    ],
    "ImageType": [
      "ORIGINAL",
      "PRIMARY",
      "M",
      "ND",
      "NORM"
    ],
    "ImagingFrequency": 123.254,
    "InPlanePhaseEncodingDirectionDICOM": "ROW",
    "InstitutionAddress": "Philosophenweg_3_Jena_Thueringen_DE_07743",
    "InstitutionalDepartmentName": "Department",
    "InversionTime": 0.9,
    "MRAcquisitionType": "3D",
    "MagneticFieldStrength": 3,
    "Manufacturer": "Siemens",
    "ManufacturersModelName": "Prisma_fit",
    "Modality": "MR",
    "ParallelReductionFactorInPlane": 2,
    "PartialFourier": 1,
    "PatientPosition": "HFS",
    "PercentPhaseFOV": 100,
    "PhaseEncodingSteps": 255,
    "PhaseResolution": 1,
    "PixelBandwidth": 230,
    "ProcedureStepDescription": "FMRI",
    "ProtocolName": "MPRAGE_Jena_BW230_64channel",
    "PulseSequenceDetails": "%SiemensSeq%_tfl",
    "ReceiveCoilActiveElements": "HC1-7;NC1,2",
    "ReceiveCoilName": "HeadNeck_64",
    "ReconMatrixPE": 256,
    "RefLinesPE": 24,
    "RepetitionTime": 2.3,
    "SAR": 0.0569738,
    "ScanOptions": "IR",
    "ScanningSequence": "GR_IR",
    "SequenceName": "_tfl3d1_16ns",
    "SequenceVariant": "SK_SP_MP",
    "SeriesDescription": "MPRAGE_Jena_BW230_64channel",
    "SeriesNumber": 5,
    "ShimSetting": [
      -376,
      5409,
      1201,
      406,
      -43,
      -649,
      -18,
      111
    ],
    "SliceThickness": 1,
    "SoftwareVersions": "syngo_MR_E11",
    "StationName": "AWP67036",
    "TxRefAmp": 236.949,
    "dataset": "ds003357",
    "modality": "T1w",
    "session_id": "02",
    "subject_id": "17"
  },
  "cjv": 0.3082896783264832,
  "cnr": 4.43471905091546,
  "efc": 0.5168700025810375,
  "fber": 22274.85179138322,
  "fwhm_avg": 4.505422091852052,
  "fwhm_x": 4.264036275556155,
  "fwhm_y": 4.53105,
  "fwhm_z": 4.72118,
  "icvs_csf": 0.22081144411643866,
  "icvs_gm": 0.4188000555405125,
  "icvs_wm": 0.36038850034304887,
  "inu_med": 0.48095978796482086,
  "inu_range": 0.1828254565596581,
  "provenance": {
    "md5sum": "433c7af295c8a1efca32046fce333a5a",
    "settings": {
      "testing": false
    },
    "software": "mriqc",
    "version": "22.0.6",
    "warnings": {
      "large_rot_frame": true,
      "small_air_mask": false
    },
    "webapi_port": null,
    "webapi_url": "https://mriqc.nimh.nih.gov/api/v1"
  },
  "qi_1": 2.027411178392199e-06,
  "qi_2": 0.015686725021101345,
  "rpve_csf": 23.603420694349897,
  "rpve_gm": 12.88024422317461,
  "rpve_wm": 18.082081694052302,
  "size_x": 192,
  "size_y": 256,
  "size_z": 256,
  "snr_csf": 1.7512515830580366,
  "snr_gm": 10.644032740265702,
  "snr_total": 13.032442024716126,
  "snr_wm": 26.702041750824637,
  "snrd_csf": 23.50829107413148,
  "snrd_gm": 82.88130630031145,
  "snrd_total": 76.50232724773586,
  "snrd_wm": 123.11738436876465,
  "spacing_x": 1.0000032186508179,
  "spacing_y": 1.0,
  "spacing_z": 1.0,
  "summary_bg_k": 9.519494541167294,
  "summary_bg_mad": 0.0,
  "summary_bg_mean": 3.3901493550755526,
  "summary_bg_median": 0.0,
  "summary_bg_n": 3218193.0,
  "summary_bg_p05": 0.0,
  "summary_bg_p95": 14.255356676876545,
  "summary_bg_stdv": 5.321233849115089,
  "summary_csf_k": 0.4299049592435047,
  "summary_csf_mad": 112.89515623518135,
  "summary_csf_mean": 203.05607579194972,
  "summary_csf_median": 190.94209114089608,
  "summary_csf_n": 40237.0,
  "summary_csf_p05": 57.41986835375428,
  "summary_csf_p95": 405.44536496326316,
  "summary_csf_stdv": 109.03043300891603,
  "summary_gm_k": -0.11368371338569894,
  "summary_gm_mad": 65.11162499145343,
  "summary_gm_mean": 673.719841229975,
  "summary_gm_median": 673.1892969831824,
  "summary_gm_n": 40706.0,
  "summary_gm_p05": 570.5684374272823,
  "summary_gm_p95": 776.1975303618237,
  "summary_gm_stdv": 63.24492271298809,
  "summary_wm_k": 0.5399553811646656,
  "summary_wm_mad": 35.64073827657179,
  "summary_wm_mean": 999.9320772831736,
  "summary_wm_median": 999.9999894946814,
  "summary_wm_n": 226743.0,
  "summary_wm_p05": 938.6842472665012,
  "summary_wm_p95": 1060.5188484303653,
  "summary_wm_stdv": 37.450236715387156,
  "tpm_overlap_csf": 0.16646312374728534,
  "tpm_overlap_gm": 0.4725179906893492,
  "tpm_overlap_wm": 0.5292329603348886,
  "wm2max": 0.4557106053660781
}