{
  "aor": 0.0003786624539231174,
  "aqi": 0.007735249752501316,
  "bids_meta": {
    "AcquisitionMatrixPE": 78,
    "AcquisitionNumber": 1,
    "AcquisitionTime": "12:49:1.220000",
    "BandwidthPerPixelPhaseEncode": 25.138,
    "BaseResolution": 78,
    "BodyPartExamined": "HEAD",
    "ConsistencyInfo": "N4_VE11B_LATEST_20150530",
    "ConversionSoftware": "dcm2niix",
    "ConversionSoftwareVersion": "v1.0.20190902",
    "DerivedVendorReportedEchoSpacing": 0.000510005,
    "DeviceSerialNumber": "67036",
    "DwellTime": 2.2e-06,
    "EchoTime": 0.03,
    "EchoTrainLength": 78,
    "EffectiveEchoSpacing": 0.000510005,
    "FlipAngle": 90,
    "ImageComments": "Unaliased_MB8_PE3_LB",
    "ImageOrientationPatientDICOM": [
      0.999581,
      -0.0287466,
      0.0034905,
      0.0287938,
      0.973865,
      -0.225294
    ],
    "ImageType": [
      "ORIGINAL",
      "PRIMARY",
      "M",
      "MB",
      "ND",
      "MOSAIC"
    ],
    "ImagingFrequency": 123.262,
    "InPlanePhaseEncodingDirectionDICOM": "COL",
    "InstitutionAddress": "Philosophenweg_3_Jena_Thueringen_DE_07743",
    "InstitutionName": "FSU_Jena",
    "InstitutionalDepartmentName": "Department",
    "MRAcquisitionType": "2D",
    "MagneticFieldStrength": 3,
    "Manufacturer": "Siemens",
    "ManufacturersModelName": "Prisma_fit",
    "Modality": "MR",
    "MultibandAccelerationFactor": 8,
    "PartialFourier": 1,
    "PatientPosition": "HFS",
    "PercentPhaseFOV": 100,
    "PhaseEncodingDirection": "j-",
    "PhaseEncodingSteps": 78,
    "PhaseResolution": 1,
    "PixelBandwidth": 2915,
    "ProcedureStepDescription": "FMRI",
    "ProtocolName": "cmrr_mbep2d_bold_2p5mm_MB8_verschachtelt",
    "PulseSequenceDetails": "%CustomerSeq%_cmrr_mbep2d_bold",
    "ReceiveCoilActiveElements": "HC1-7",
    "ReceiveCoilName": "HeadNeck_64",
    "ReconMatrixPE": 78,
    "RepetitionTime": 0.484,
    "SAR": 0.16726,
    "ScanOptions": "FS",
    "ScanningSequence": "EP",
    "SequenceName": "epfid2d1_78",
    "SequenceVariant": "SK_SS",
    "SeriesDescription": "cmrr_mbep2d_bold_2p5mm_MB8_verschachtelt",
    "SeriesNumber": 6,
    "ShimSetting": [
      -418,
      5666,
      1458,
      697,
      -40,
      -97,
      13,
      46
    ],
    "SliceThickness": 2.5,
    "SliceTiming": [
      0,
      0.265,
      0.0675,
      0.3325,
      0.1325,
      0.3975,
      0.2,
      0,
      0.265,
      0.0675,
      0.3325,
      0.1325,
      0.3975,
      0.2,
      0,
      0.265,
      0.0675,
      0.3325,
      0.1325,
      0.3975,
      0.2,
      0,
      0.265,
      0.0675,
      0.3325,
      0.1325,
      0.3975,
      0.2,
      0,
      0.265,
      0.0675,
      0.3325,
      0.1325,
      0.3975,
      0.2,
      0,
      0.265,
      0.0675,
      0.3325,
      0.1325,
      0.3975,
      0.2,
      0,
      0.265,
      0.0675,
      0.3325,
      0.1325,
      0.3975,
      0.2,
      0,
      0.265,
      0.0675,
      0.3325,
      0.1325,
      0.3975,
      0.2
    ],
    "SoftwareVersions": "syngo_MR_E11",
    "SpacingBetweenSlices": 2.5,
    "StationName": "AWP67036",
    "TaskName": "rest",
    "TotalReadoutTime": 0.0392704,
    "TxRefAmp": 215.396,
    "WipMemBlock": "0e62effa-62ba-482f-8545-53ba4728ac8a||Sequence: ve11b/master r/93e61f0; Jul 21 2016 00:18:29 by eja",
    "dataset": "ds003357",
    "modality": "bold",
    "session_id": "01",
    "subject_id": "20",
    "task_id": "rest"
  },
  "dummy_trs": 1,
  "dvars_nstd": 47.266031006006344,
  "dvars_std": 1.0534423210906203,
  "dvars_vstd": 0.9966798571180177,
  "efc": 0.5627835144191828,
  "fber": 390.3705139160156,
  "fd_mean": 0.1468804650247798,
  "fd_num": 445,
  "fd_perc": 23.4333859926277,
  "fwhm_avg": 3.298310666666667,
  "fwhm_x": 3.087644,
  "fwhm_y": 3.469304,
  "fwhm_z": 3.337984,
  "gcor": 0.018868,
  "gsr_x": -0.009552057832479477,
  "gsr_y": 0.07683459669351578,
  "provenance": {
    "md5sum": "a3f1f56757b61620c74aaa26132415f1",
    "settings": {
      "fd_thres": 0.2,
      "testing": false
    },
    "software": "mriqc",
    "version": "22.0.6",
    "webapi_port": null,
    "webapi_url": "https://mriqc.nimh.nih.gov/api/v1"
  },
  "size_t": 1899,
  "size_x": 78,
  "size_y": 78,
  "size_z": 56,
  "snr": 2.528246985359924,
  "spacing_tr": 0.48399999737739563,
  "spacing_x": 2.5,
  "spacing_y": 2.5,
  "spacing_z": 2.5,
  "summary_bg_k": 14.666300225653341,
  "summary_bg_mad": 36.42173332995505,
  "summary_bg_mean": 123.79508972167969,
  "summary_bg_median": 62.19694519042969,
  "summary_bg_n": 205671.0,
  "summary_bg_p05": 33.6761474609375,
  "summary_bg_p95": 451.7398681640625,
  "summary_bg_stdv": 157.07090759277344,
  "summary_fg_k": -0.12851925618194215,
  "summary_fg_mad": 547.7328386969181,
  "summary_fg_mean": 1393.978759765625,
  "summary_fg_median": 1312.341796875,
  "summary_fg_n": 68683.0,
  "summary_fg_p05": 689.0027709960938,
  "summary_fg_p95": 2341.600634765625,
  "summary_fg_stdv": 519.0680541992188,
  "tsnr": 26.91796621668618
}