{
  "bids_meta": {
    "AcquisitionMatrixPE": 256,
    "AcquisitionNumber": 1,
    "AcquisitionTime": "17:25:29.030000",
    "BaseResolution": 256,
    "BodyPartExamined": "HEAD",
    "CoilString": "HC1-7;NC1_2",
    "ConsistencyInfo": "N4_VE11B_LATEST_20150530",
    "ConversionSoftware": "dcm2niix",
    "ConversionSoftwareVersion": "v1.0.20190902",
    "DeviceSerialNumber": "67036",
    "DwellTime": 8.5e-06,
    "EchoTime": 0.00207,
    "FlipAngle": 9,
    "ImageOrientationPatientDICOM": [
      0.0807556,
      0.995342,
      -0.052657,
      0.0280539,
      -0.0550784,
      -0.998088
    ],
    "ImageType": [
      "ORIGINAL",
      "PRIMARY",
      "M",
      "ND",
      "NORM"
    ],
    "ImagingFrequency": 123.262,
    "InPlanePhaseEncodingDirectionDICOM": "ROW",
    "InstitutionAddress": "Philosophenweg_3_Jena_Thueringen_DE_07743",
    "InstitutionName": "FSU_Jena",
    "InstitutionalDepartmentName": "Department",
    "InversionTime": 0.9,
    "MRAcquisitionType": "3D",
    "MagneticFieldStrength": 3,
    "Manufacturer": "Siemens",
    "ManufacturersModelName": "Prisma_fit",
    "Modality": "MR",
    "ParallelReductionFactorInPlane": 2,
    "PartialFourier": 1,
    "PatientPosition": "HFS",
    "PercentPhaseFOV": 100,
    "PhaseEncodingSteps": 255,
    "PhaseResolution": 1,
    "PixelBandwidth": 230,
    "ProcedureStepDescription": "FMRI",
    "ProtocolName": "MPRAGE_Jena_BW230_64channel",
    "PulseSequenceDetails": "%SiemensSeq%_tfl",
    "ReceiveCoilActiveElements": "HC1-7;NC1,2",
    "ReceiveCoilName": "HeadNeck_64",
    "ReconMatrixPE": 256,
    "RefLinesPE": 24,
    "RepetitionTime": 2.3,
    "SAR": 0.0537677,
    "ScanOptions": "IR",
    "ScanningSequence": "GR_IR",
    "SequenceName": "_tfl3d1_16ns",
    "SequenceVariant": "SK_SP_MP",
    "SeriesDescription": "MPRAGE_Jena_BW230_64channel",
    "SeriesNumber": 5,
    "ShimSetting": [
      -423,
      5625,
      1335,
      110,
      -78,
      -469,
      298,
      -5
    ],
    "SliceThickness": 1,
    "SoftwareVersions": "syngo_MR_E11",
    "StationName": "AWP67036",
    "TxRefAmp": 272.481,
    "dataset": "ds003357",
    "modality": "T1w",
    "session_id": "02",
    "subject_id": "04"
  },
  "cjv": 0.34261170438005106,
  "cnr": 3.9970595466767076,
  "efc": 0.5101408297445312,
  "fber": 8914.264852071006,
  "fwhm_avg": 3.946159054900592,
  "fwhm_x": 3.756367164701776,
  "fwhm_y": 3.99357,
  "fwhm_z": 4.08854,
  "icvs_csf": 0.2330100383119722,
  "icvs_gm": 0.42168194476500354,
  "icvs_wm": 0.34530801692302426,
  "inu_med": 0.5024803578853607,
  "inu_range": 0.15888017863035198,
  "provenance": {
    "md5sum": "78e61e4519423bc6141209d57a0e1e56",
    "settings": {
      "testing": false
    },
    "software": "mriqc",
    "version": "22.0.6",
    "warnings": {
      "large_rot_frame": true,
      "small_air_mask": false
    },
    "webapi_port": null,
    "webapi_url": "https://mriqc.nimh.nih.gov/api/v1"
  },
  "qi_1": 0.0,
  "qi_2": 0.00657423453341081,
  "rpve_csf": 23.124471242046646,
  "rpve_gm": 13.274498312378883,
  "rpve_wm": 18.881462340518073,
  "size_x": 192,
  "size_y": 256,
  "size_z": 256,
  "snr_csf": 1.71717810713559,
  "snr_gm": 11.4332826808566,
  "snr_total": 12.32260446455181,
  "snr_wm": 23.81735260566324,
  "snrd_csf": 17.900405297399054,
  "snrd_gm": 56.1775957767001,
  "snrd_total": 51.40018421594893,
  "snrd_wm": 80.12255157374763,
  "spacing_x": 0.9999980926513672,
  "spacing_y": 1.0,
  "spacing_z": 1.0,
  "summary_bg_k": 3.5865043086517314,
  "summary_bg_mad": 0.0,
  "summary_bg_mean": 5.988177696534493,
  "summary_bg_median": 0.0,
  "summary_bg_n": 3334095.0,
  "summary_bg_p05": 0.0,
  "summary_bg_p95": 22.794846534729004,
  "summary_bg_stdv": 8.17718572739848,
  "summary_csf_k": 51.64014610184995,
  "summary_csf_mad": 87.33614464886587,
  "summary_csf_mean": 241.1721611866919,
  "summary_csf_median": 223.4266615509987,
  "summary_csf_n": 49052.0,
  "summary_csf_p05": 102.14321178197861,
  "summary_csf_p95": 432.7304290533066,
  "summary_csf_stdv": 130.1113630344803,
  "summary_gm_k": -0.07486913091107628,
  "summary_gm_mad": 61.34652431697413,
  "summary_gm_mean": 701.0010790057253,
  "summary_gm_median": 701.1893010139465,
  "summary_gm_n": 32621.0,
  "summary_gm_p05": 599.7893994450569,
  "summary_gm_p95": 801.7839498519897,
  "summary_gm_stdv": 61.32784196718193,
  "summary_wm_k": 0.2771089421443369,
  "summary_wm_mad": 41.05074306839437,
  "summary_wm_mean": 999.8277476588067,
  "summary_wm_median": 1000.0619491934776,
  "summary_wm_n": 201885.0,
  "summary_wm_p05": 930.686329305172,
  "summary_wm_p95": 1068.0748336911201,
  "summary_wm_stdv": 41.98869156186942,
  "tpm_overlap_csf": 0.14907153049602628,
  "tpm_overlap_gm": 0.4388521602126101,
  "tpm_overlap_wm": 0.4792840671930829,
  "wm2max": 0.3346353644041749
}