{
  "bids_meta": {
    "AcquisitionMatrixPE": 256,
    "AcquisitionNumber": 1,
    "AcquisitionTime": "17:37:8.010000",
    "BaseResolution": 256,
    "BodyPartExamined": "HEAD",
    "CoilString": "HC1-7;NC1_2",
    "ConsistencyInfo": "N4_VE11B_LATEST_20150530",
    "ConversionSoftware": "dcm2niix",
    "ConversionSoftwareVersion": "v1.0.20190902",
    "DeviceSerialNumber": "67036",
    "DwellTime": 8.5e-06,
    "EchoTime": 0.00207,
    "FlipAngle": 9,
    "ImageOrientationPatientDICOM": [
      0.012383,
      0.99793,
      -0.0631052,
      0.0319437,
      -0.0634727,
      -0.997472
    ],
    "ImageType": [
      "ORIGINAL",
      "PRIMARY",
      "M",
      "ND",
      "NORM"
    ],
    "ImagingFrequency": 123.262,
    "InPlanePhaseEncodingDirectionDICOM": "ROW",
    "InstitutionAddress": "Philosophenweg_3_Jena_Thueringen_DE_07743",
    "InstitutionName": "IDIR_FSU_Jena",
    "InstitutionalDepartmentName": "Department",
    "InversionTime": 0.9,
    "MRAcquisitionType": "3D",
    "MagneticFieldStrength": 3,
    "Manufacturer": "Siemens",
    "ManufacturersModelName": "Prisma_fit",
    "Modality": "MR",
    "ParallelReductionFactorInPlane": 2,
    "PartialFourier": 1,
    "PatientPosition": "HFS",
    "PercentPhaseFOV": 100,
    "PhaseEncodingSteps": 255,
    "PhaseResolution": 1,
    "PixelBandwidth": 230,
    "ProcedureStepDescription": "FMRI",
    "ProtocolName": "MPRAGE_Jena_BW230_64channel",
    "PulseSequenceDetails": "%SiemensSeq%_tfl",
    "ReceiveCoilActiveElements": "HC1-7;NC1,2",
    "ReceiveCoilName": "HeadNeck_64",
    "ReconMatrixPE": 256,
    "RefLinesPE": 24,
    "RepetitionTime": 2.3,
    "SAR": 0.0391404,
    "ScanOptions": "IR",
    "ScanningSequence": "GR_IR",
    "SequenceName": "_tfl3d1_16ns",
    "SequenceVariant": "SK_SP_MP",
    "SeriesDescription": "MPRAGE_Jena_BW230_64channel",
    "SeriesNumber": 5,
    "ShimSetting": [
      -413,
      5622,
      1310,
      -46,
      -67,
      -233,
      -128,
      -54
    ],
    "SliceThickness": 1,
    "SoftwareVersions": "syngo_MR_E11",
    "StationName": "AWP67036",
    "TxRefAmp": 221.183,
    "dataset": "ds003357",
    "modality": "T1w",
    "session_id": "02",
    "subject_id": "13"
  },
  "cjv": 0.330068377112561,
  "cnr": 4.082733208135787,
  "efc": 0.48356324077124385,
  "fber": 2924.1056250000006,
  "fwhm_avg": 4.56668743736916,
  "fwhm_x": 4.2811420414076045,
  "fwhm_y": 4.541590270699875,
  "fwhm_z": 4.87733,
  "icvs_csf": 0.25571392149598504,
  "icvs_gm": 0.4152857799606919,
  "icvs_wm": 0.3290002985433231,
  "inu_med": 0.6376684904098511,
  "inu_range": 0.257982525229454,
  "provenance": {
    "md5sum": "b2cd7a07e57c8fdf946647b89a949f0f",
    "settings": {
      "testing": false
    },
    "software": "mriqc",
    "version": "22.0.6",
    "warnings": {
      "large_rot_frame": true,
      "small_air_mask": false
    },
    "webapi_port": null,
    "webapi_url": "https://mriqc.nimh.nih.gov/api/v1"
  },
  "qi_1": 2.0269562009512796e-06,
  "qi_2": 0.009295773596702488,
  "rpve_csf": 23.880176957651372,
  "rpve_gm": 14.730118053043824,
  "rpve_wm": 21.94953355950756,
  "size_x": 192,
  "size_y": 256,
  "size_z": 256,
  "snr_csf": 2.1952250895517595,
  "snr_gm": 10.471726072919715,
  "snr_total": 11.58519387857163,
  "snr_wm": 22.088630473243416,
  "snrd_csf": 10.063861354351795,
  "snrd_gm": 34.05165951510059,
  "snrd_total": 31.538304099063044,
  "snrd_wm": 50.49939142773675,
  "spacing_x": 0.9999995231628418,
  "spacing_y": 0.9999999403953552,
  "spacing_z": 1.0,
  "summary_bg_k": 16.52014826873454,
  "summary_bg_mad": 0.0,
  "summary_bg_mean": 8.162246886825335,
  "summary_bg_median": 0.0,
  "summary_bg_n": 3225421.0,
  "summary_bg_p05": 0.0,
  "summary_bg_p95": 32.249727845191956,
  "summary_bg_stdv": 12.973154027401604,
  "summary_csf_k": 0.9066343059233022,
  "summary_csf_mad": 81.75805089551102,
  "summary_csf_mean": 208.79505383719052,
  "summary_csf_median": 199.2867797613144,
  "summary_csf_n": 58729.0,
  "summary_csf_p05": 78.40198259800673,
  "summary_csf_p95": 380.3607324510812,
  "summary_csf_stdv": 90.78116136628904,
  "summary_gm_k": -0.011080109297808782,
  "summary_gm_mad": 64.90072081396235,
  "summary_gm_mean": 672.3316828845916,
  "summary_gm_median": 674.2983961477876,
  "summary_gm_n": 35913.0,
  "summary_gm_p05": 564.1635082662106,
  "summary_gm_p95": 775.8747024089099,
  "summary_gm_stdv": 64.39139101271383,
  "summary_wm_k": 0.6493743108156869,
  "summary_wm_mad": 42.603070569732076,
  "summary_wm_mean": 1000.9447070781556,
  "summary_wm_median": 999.9999744817615,
  "summary_wm_n": 176704.0,
  "summary_wm_p05": 928.7818254902959,
  "summary_wm_p95": 1076.1279378086329,
  "summary_wm_stdv": 45.27203015589524,
  "tpm_overlap_csf": 0.16161177995545856,
  "tpm_overlap_gm": 0.44662306450415107,
  "tpm_overlap_wm": 0.5037109311136614,
  "wm2max": 0.3745266553798896
}