{
  "bids_meta": {
    "AcquisitionMatrixPE": 256,
    "AcquisitionNumber": 1,
    "AcquisitionTime": "17:18:19.087500",
    "BaseResolution": 256,
    "BodyPartExamined": "HEAD",
    "CoilString": "HC1-7;NC1_2",
    "ConsistencyInfo": "N4_VE11B_LATEST_20150530",
    "ConversionSoftware": "dcm2niix",
    "ConversionSoftwareVersion": "v1.0.20190902",
    "DeviceSerialNumber": "67036",
    "DwellTime": 8.5e-06,
    "EchoTime": 0.00207,
    "FlipAngle": 9,
    "ImageOrientationPatientDICOM": [
      -0.013654,
      0.99713,
      -0.0744692,
      0.0669284,
      -0.0733977,
      -0.995054
    ],
    "ImageType": [
      "ORIGINAL",
      "PRIMARY",
      "M",
      "ND",
      "NORM"
    ],
    "ImagingFrequency": 123.262,
    "InPlanePhaseEncodingDirectionDICOM": "ROW",
    "InstitutionAddress": "Philosophenweg_3_Jena_Thueringen_DE_07743",
    "InstitutionName": "FSU_Jena",
    "InstitutionalDepartmentName": "Department",
    "InversionTime": 0.9,
    "MRAcquisitionType": "3D",
    "MagneticFieldStrength": 3,
    "Manufacturer": "Siemens",
    "ManufacturersModelName": "Prisma_fit",
    "Modality": "MR",
    "ParallelReductionFactorInPlane": 2,
    "PartialFourier": 1,
    "PatientPosition": "HFS",
    "PercentPhaseFOV": 100,
    "PhaseEncodingSteps": 255,
    "PhaseResolution": 1,
    "PixelBandwidth": 230,
    "ProcedureStepDescription": "FMRI",
    "ProtocolName": "MPRAGE_Jena_BW230_64channel",
    "PulseSequenceDetails": "%SiemensSeq%_tfl",
    "ReceiveCoilActiveElements": "HC1-7;NC1,2",
    "ReceiveCoilName": "HeadNeck_64",
    "ReconMatrixPE": 256,
    "RefLinesPE": 24,
    "RepetitionTime": 2.3,
    "SAR": 0.0404845,
    "ScanOptions": "IR",
    "ScanningSequence": "GR_IR",
    "SequenceName": "_tfl3d1_16ns",
    "SequenceVariant": "SK_SP_MP",
    "SeriesDescription": "MPRAGE_Jena_BW230_64channel",
    "SeriesNumber": 5,
    "ShimSetting": [
      -413,
      5619,
      1321,
      90,
      -114,
      -363,
      60,
      -4
    ],
    "SliceThickness": 1,
    "SoftwareVersions": "syngo_MR_E11",
    "StationName": "AWP67036",
    "TxRefAmp": 232.746,
    "dataset": "ds003357",
    "modality": "T1w",
    "session_id": "01",
    "subject_id": "03"
  },
  "cjv": 0.30610532256580564,
  "cnr": 4.455842463612535,
  "efc": 0.46134107068935476,
  "fber": -1.0,
  "fwhm_avg": 4.4493816777456,
  "fwhm_x": 4.13967555860996,
  "fwhm_y": 4.407149474626842,
  "fwhm_z": 4.80132,
  "icvs_csf": 0.21735912645601121,
  "icvs_gm": 0.4551046744183206,
  "icvs_wm": 0.3275361991256682,
  "inu_med": 0.5184339880943298,
  "inu_range": 0.18487556278705597,
  "provenance": {
    "md5sum": "2181efef7394904d1f3f647dbc0a4cd3",
    "settings": {
      "testing": false
    },
    "software": "mriqc",
    "version": "22.0.6",
    "warnings": {
      "large_rot_frame": true,
      "small_air_mask": false
    },
    "webapi_port": null,
    "webapi_url": "https://mriqc.nimh.nih.gov/api/v1"
  },
  "qi_1": 0.0,
  "qi_2": 0.020927080312357918,
  "rpve_csf": 26.333968231226443,
  "rpve_gm": 13.439144991264936,
  "rpve_wm": 20.972195766486024,
  "size_x": 192,
  "size_y": 256,
  "size_z": 256,
  "snr_csf": 2.0160677088382646,
  "snr_gm": 12.504308687151733,
  "snr_total": 12.954332641297983,
  "snr_wm": 24.34262152790395,
  "snrd_csf": 28.599116665210644,
  "snrd_gm": 88.61539710422053,
  "snrd_total": 81.75460835648155,
  "snrd_wm": 128.0493113000135,
  "spacing_x": 1.000001072883606,
  "spacing_y": 1.0000001192092896,
  "spacing_z": 1.0,
  "summary_bg_k": 10.316103513113466,
  "summary_bg_mad": 0.0,
  "summary_bg_mean": 2.278069971136401,
  "summary_bg_median": 0.0,
  "summary_bg_n": 3463238.0,
  "summary_bg_p05": 0.0,
  "summary_bg_p95": 12.394475899636745,
  "summary_bg_stdv": 5.116281996753434,
  "summary_csf_k": 0.19929796255436916,
  "summary_csf_mad": 113.22268202486023,
  "summary_csf_mean": 233.52192935240774,
  "summary_csf_median": 223.34455193951726,
  "summary_csf_n": 39554.0,
  "summary_csf_p05": 82.05972597096115,
  "summary_csf_p95": 443.12691198661923,
  "summary_csf_stdv": 110.7808669599824,
  "summary_gm_k": 0.10515984836413983,
  "summary_gm_mad": 54.98353887469251,
  "summary_gm_mean": 691.2772875324623,
  "summary_gm_median": 692.0411701127887,
  "summary_gm_n": 52225.0,
  "summary_gm_p05": 599.9609495513141,
  "summary_gm_p95": 780.851981677115,
  "summary_gm_stdv": 55.34368686998823,
  "summary_wm_k": 0.3494970743353938,
  "summary_wm_mad": 39.284291590734256,
  "summary_wm_mean": 1000.502466743865,
  "summary_wm_median": 999.9999787844718,
  "summary_wm_n": 176768.0,
  "summary_wm_p05": 933.3430729620159,
  "summary_wm_p95": 1068.6892858715726,
  "summary_wm_stdv": 41.080092752868794,
  "tpm_overlap_csf": 0.15842438503127412,
  "tpm_overlap_gm": 0.48790840006593683,
  "tpm_overlap_wm": 0.5202396575123044,
  "wm2max": 0.368294304764301
}