{
  "aor": 0.0005193526315789473,
  "aqi": 0.015583818157894736,
  "bids_meta": {
    "AcquisitionMatrixPE": 78,
    "AcquisitionNumber": 1,
    "AcquisitionTime": "18:31:19.995000",
    "BandwidthPerPixelPhaseEncode": 25.138,
    "BaseResolution": 78,
    "BodyPartExamined": "HEAD",
    "ConsistencyInfo": "N4_VE11B_LATEST_20150530",
    "ConversionSoftware": "dcm2niix",
    "ConversionSoftwareVersion": "v1.0.20190902",
    "DerivedVendorReportedEchoSpacing": 0.000510005,
    "DeviceSerialNumber": "67036",
    "DwellTime": 2.2e-06,
    "EchoTime": 0.03,
    "EchoTrainLength": 78,
    "EffectiveEchoSpacing": 0.000510005,
    "FlipAngle": 90,
    "ImageComments": "Unaliased_MB8_PE3_LB",
    "ImageOrientationPatientDICOM": [
      0.996733,
      -0.0786339,
      -0.0184629,
      0.0672514,
      0.934515,
      -0.349511
    ],
    "ImageType": [
      "ORIGINAL",
      "PRIMARY",
      "M",
      "MB",
      "ND",
      "MOSAIC"
    ],
    "ImagingFrequency": 123.262,
    "InPlanePhaseEncodingDirectionDICOM": "COL",
    "InstitutionAddress": "Philosophenweg_3_Jena_Thueringen_DE_07743",
    "InstitutionName": "FSU_Jena",
    "InstitutionalDepartmentName": "Department",
    "MRAcquisitionType": "2D",
    "MagneticFieldStrength": 3,
    "Manufacturer": "Siemens",
    "ManufacturersModelName": "Prisma_fit",
    "Modality": "MR",
    "MultibandAccelerationFactor": 8,
    "PartialFourier": 1,
    "PatientPosition": "HFS",
    "PercentPhaseFOV": 100,
    "PhaseEncodingDirection": "j-",
    "PhaseEncodingSteps": 78,
    "PhaseResolution": 1,
    "PixelBandwidth": 2915,
    "ProcedureStepDescription": "FMRI",
    "ProtocolName": "cmrr_mbep2d_bold_2p5mm_MB8_verschachtelt",
    "PulseSequenceDetails": "%CustomerSeq%_cmrr_mbep2d_bold",
    "ReceiveCoilActiveElements": "HC1-7",
    "ReceiveCoilName": "HeadNeck_64",
    "ReconMatrixPE": 78,
    "RepetitionTime": 0.484,
    "SAR": 0.172504,
    "ScanOptions": "FS",
    "ScanningSequence": "EP",
    "SequenceName": "epfid2d1_78",
    "SequenceVariant": "SK_SS",
    "SeriesDescription": "cmrr_mbep2d_bold_2p5mm_MB8_verschachtelt",
    "SeriesNumber": 6,
    "ShimSetting": [
      -412,
      5682,
      1331,
      511,
      -19,
      -160,
      1,
      29
    ],
    "SliceThickness": 2.5,
    "SliceTiming": [
      0,
      0.265,
      0.065,
      0.33,
      0.1325,
      0.3975,
      0.1975,
      0,
      0.265,
      0.065,
      0.33,
      0.1325,
      0.3975,
      0.1975,
      0,
      0.265,
      0.065,
      0.33,
      0.1325,
      0.3975,
      0.1975,
      0,
      0.265,
      0.065,
      0.33,
      0.1325,
      0.3975,
      0.1975,
      0,
      0.265,
      0.065,
      0.33,
      0.1325,
      0.3975,
      0.1975,
      0,
      0.265,
      0.065,
      0.33,
      0.1325,
      0.3975,
      0.1975,
      0,
      0.265,
      0.065,
      0.33,
      0.1325,
      0.3975,
      0.1975,
      0,
      0.265,
      0.065,
      0.33,
      0.1325,
      0.3975,
      0.1975
    ],
    "SoftwareVersions": "syngo_MR_E11",
    "SpacingBetweenSlices": 2.5,
    "StationName": "AWP67036",
    "TaskName": "rest",
    "TotalReadoutTime": 0.0392704,
    "TxRefAmp": 251.491,
    "WipMemBlock": "13fffbdc-98ce-4462-9942-8a3e20b52e8c||Sequence: R016 ve11b/master r/b698769; Nov 21 2017 11:07:30 by eja",
    "dataset": "ds003357",
    "modality": "bold",
    "session_id": "01",
    "subject_id": "32",
    "task_id": "rest"
  },
  "dummy_trs": 0,
  "dvars_nstd": 54.565700755971434,
  "dvars_std": 1.0370461626277017,
  "dvars_vstd": 0.9845991768667716,
  "efc": 0.6190046033429627,
  "fber": 171.18743896484375,
  "fd_mean": 0.14053180811425023,
  "fd_num": 416,
  "fd_perc": 21.894736842105264,
  "fwhm_avg": 3.157696,
  "fwhm_x": 2.936884,
  "fwhm_y": 3.195792,
  "fwhm_z": 3.3404119999999997,
  "gcor": 0.0253666,
  "gsr_x": -0.014675387181341648,
  "gsr_y": 0.09287723153829575,
  "provenance": {
    "md5sum": "c235032cb482b3a4d7aa4b6d89b73d49",
    "settings": {
      "fd_thres": 0.2,
      "testing": false
    },
    "software": "mriqc",
    "version": "22.0.6",
    "webapi_port": null,
    "webapi_url": "https://mriqc.nimh.nih.gov/api/v1"
  },
  "size_t": 1900,
  "size_x": 78,
  "size_y": 78,
  "size_z": 56,
  "snr": 2.499051391221224,
  "spacing_tr": 0.48399999737739563,
  "spacing_x": 2.5,
  "spacing_y": 2.5,
  "spacing_z": 2.5,
  "summary_bg_k": 12.42709352068902,
  "summary_bg_mad": 56.72045597327176,
  "summary_bg_mean": 158.78724670410156,
  "summary_bg_median": 82.33578491210938,
  "summary_bg_n": 189042.0,
  "summary_bg_p05": 36.42473602294922,
  "summary_bg_p95": 543.3558532714829,
  "summary_bg_stdv": 189.2302703857422,
  "summary_fg_k": 0.09454555211318239,
  "summary_fg_mad": 487.5501742157595,
  "summary_fg_mean": 1267.1943359375,
  "summary_fg_median": 1195.0615234375,
  "summary_fg_n": 76644.0,
  "summary_fg_p05": 611.3683410644531,
  "summary_fg_p95": 2144.851293945311,
  "summary_fg_stdv": 478.20294189453125,
  "tsnr": 21.71847413899377
}