{
  "aor": 0.0004964752370916754,
  "aqi": 0.014552215447839831,
  "bids_meta": {
    "AcquisitionMatrixPE": 78,
    "AcquisitionNumber": 1,
    "AcquisitionTime": "11:58:58.885000",
    "BandwidthPerPixelPhaseEncode": 25.138,
    "BaseResolution": 78,
    "BodyPartExamined": "SKULL",
    "ConsistencyInfo": "N4_VE11B_LATEST_20150530",
    "ConversionSoftware": "dcm2niix",
    "ConversionSoftwareVersion": "v1.0.20190902",
    "DerivedVendorReportedEchoSpacing": 0.000510005,
    "DeviceSerialNumber": "67036",
    "DwellTime": 2.2e-06,
    "EchoTime": 0.03,
    "EchoTrainLength": 78,
    "EffectiveEchoSpacing": 0.000510005,
    "FlipAngle": 90,
    "ImageComments": "Unaliased_MB8_PE3_LB",
    "ImageOrientationPatientDICOM": [
      0.999409,
      0.00607001,
      0.0338371,
      -0.00540737,
      0.999792,
      -0.0196404
    ],
    "ImageType": [
      "ORIGINAL",
      "PRIMARY",
      "M",
      "MB",
      "ND",
      "MOSAIC"
    ],
    "ImagingFrequency": 123.262,
    "InPlanePhaseEncodingDirectionDICOM": "COL",
    "InstitutionAddress": "Philosophenweg_3_Jena_Thueringen_DE_07743",
    "InstitutionName": "PFL",
    "InstitutionalDepartmentName": "Department",
    "MRAcquisitionType": "2D",
    "MagneticFieldStrength": 3,
    "Manufacturer": "Siemens",
    "ManufacturersModelName": "Prisma_fit",
    "Modality": "MR",
    "MultibandAccelerationFactor": 8,
    "PartialFourier": 1,
    "PatientPosition": "HFS",
    "PercentPhaseFOV": 100,
    "PhaseEncodingDirection": "j-",
    "PhaseEncodingSteps": 78,
    "PhaseResolution": 1,
    "PixelBandwidth": 2915,
    "ProcedureStepDescription": "FMRI",
    "ProtocolName": "cmrr_mbep2d_bold_2p5mm_MB8_verschachtelt",
    "PulseSequenceDetails": "%CustomerSeq%_cmrr_mbep2d_bold",
    "ReceiveCoilActiveElements": "HC1-7",
    "ReceiveCoilName": "HeadNeck_64",
    "ReconMatrixPE": 78,
    "RepetitionTime": 0.484,
    "SAR": 0.202698,
    "ScanOptions": "FS",
    "ScanningSequence": "EP",
    "SequenceName": "epfid2d1_78",
    "SequenceVariant": "SK_SS",
    "SeriesDescription": "cmrr_mbep2d_bold_2p5mm_MB8_verschachtelt",
    "SeriesNumber": 6,
    "ShimSetting": [
      -420,
      5631,
      1394,
      586,
      -52,
      -72,
      16,
      78
    ],
    "SliceThickness": 2.5,
    "SliceTiming": [
      0,
      0.265,
      0.065,
      0.33,
      0.1325,
      0.3975,
      0.1975,
      0,
      0.265,
      0.065,
      0.33,
      0.1325,
      0.3975,
      0.1975,
      0,
      0.265,
      0.065,
      0.33,
      0.1325,
      0.3975,
      0.1975,
      0,
      0.265,
      0.065,
      0.33,
      0.1325,
      0.3975,
      0.1975,
      0,
      0.265,
      0.065,
      0.33,
      0.1325,
      0.3975,
      0.1975,
      0,
      0.265,
      0.065,
      0.33,
      0.1325,
      0.3975,
      0.1975,
      0,
      0.265,
      0.065,
      0.33,
      0.1325,
      0.3975,
      0.1975,
      0,
      0.265,
      0.065,
      0.33,
      0.1325,
      0.3975,
      0.1975
    ],
    "SoftwareVersions": "syngo_MR_E11",
    "SpacingBetweenSlices": 2.5,
    "StationName": "AWP67036",
    "TaskName": "rest",
    "TotalReadoutTime": 0.0392704,
    "TxRefAmp": 270.103,
    "WipMemBlock": "0ff219e4-8ac5-4a38-8abb-3c1863c3a26e||Sequence: R016 ve11b/master r/b698769; Nov 21 2017 11:07:30 by eja",
    "dataset": "ds003357",
    "modality": "bold",
    "session_id": "02",
    "subject_id": "09",
    "task_id": "rest"
  },
  "dummy_trs": 2,
  "dvars_nstd": 58.133030979351574,
  "dvars_std": 1.047772771908275,
  "dvars_vstd": 0.9942194191723746,
  "efc": 0.6289632907291165,
  "fber": 172.37261962890625,
  "fd_mean": 0.1615054304705901,
  "fd_num": 323,
  "fd_perc": 17.017913593256058,
  "fwhm_avg": 3.0711506666666666,
  "fwhm_x": 2.840824,
  "fwhm_y": 3.197816,
  "fwhm_z": 3.174812,
  "gcor": 0.0602103,
  "gsr_x": -0.008146684616804123,
  "gsr_y": 0.09165750443935394,
  "provenance": {
    "md5sum": "837a2b8342321fb122f6ee71414b7590",
    "settings": {
      "fd_thres": 0.2,
      "testing": false
    },
    "software": "mriqc",
    "version": "22.0.6",
    "webapi_port": null,
    "webapi_url": "https://mriqc.nimh.nih.gov/api/v1"
  },
  "size_t": 1898,
  "size_x": 78,
  "size_y": 78,
  "size_z": 56,
  "snr": 2.722436848151414,
  "spacing_tr": 0.48399999737739563,
  "spacing_x": 2.5,
  "spacing_y": 2.5,
  "spacing_z": 2.5,
  "summary_bg_k": 13.98776782333709,
  "summary_bg_mad": 60.29770098447128,
  "summary_bg_mean": 159.59628295898438,
  "summary_bg_median": 81.44520568847656,
  "summary_bg_n": 188799.0,
  "summary_bg_p05": 33.030450439453126,
  "summary_bg_p95": 560.408630371094,
  "summary_bg_stdv": 195.01580810546875,
  "summary_fg_k": -0.09463979551894619,
  "summary_fg_mad": 452.5533778050094,
  "summary_fg_mean": 1208.6312255859375,
  "summary_fg_median": 1163.4052734375,
  "summary_fg_n": 80094.0,
  "summary_fg_p05": 602.9556762695313,
  "summary_fg_p95": 1972.2604980468743,
  "summary_fg_stdv": 427.3370056152344,
  "tsnr": 20.826947138644755
}