{
  "aor": 0.0006446526315789474,
  "aqi": 0.015190786615789474,
  "bids_meta": {
    "AcquisitionMatrixPE": 78,
    "AcquisitionNumber": 1,
    "AcquisitionTime": "17:23:51.855000",
    "BandwidthPerPixelPhaseEncode": 25.138,
    "BaseResolution": 78,
    "BodyPartExamined": "SKULL",
    "ConsistencyInfo": "N4_VE11B_LATEST_20150530",
    "ConversionSoftware": "dcm2niix",
    "ConversionSoftwareVersion": "v1.0.20190902",
    "DerivedVendorReportedEchoSpacing": 0.000510005,
    "DeviceSerialNumber": "67036",
    "DwellTime": 2.2e-06,
    "EchoTime": 0.03,
    "EchoTrainLength": 78,
    "EffectiveEchoSpacing": 0.000510005,
    "FlipAngle": 90,
    "ImageComments": "Unaliased_MB8_PE3_LB",
    "ImageOrientationPatientDICOM": [
      0.999123,
      -0.0371134,
      -0.0193755,
      0.025814,
      0.910449,
      -0.412815
    ],
    "ImageType": [
      "ORIGINAL",
      "PRIMARY",
      "M",
      "MB",
      "ND",
      "MOSAIC"
    ],
    "ImagingFrequency": 123.262,
    "InPlanePhaseEncodingDirectionDICOM": "COL",
    "InstitutionAddress": "Philosophenweg_3_Jena_Thueringen_DE_07743",
    "InstitutionName": "PFL",
    "InstitutionalDepartmentName": "Department",
    "MRAcquisitionType": "2D",
    "MagneticFieldStrength": 3,
    "Manufacturer": "Siemens",
    "ManufacturersModelName": "Prisma_fit",
    "Modality": "MR",
    "MultibandAccelerationFactor": 8,
    "PartialFourier": 1,
    "PatientPosition": "HFS",
    "PercentPhaseFOV": 100,
    "PhaseEncodingDirection": "j-",
    "PhaseEncodingSteps": 78,
    "PhaseResolution": 1,
    "PixelBandwidth": 2915,
    "ProcedureStepDescription": "FMRI",
    "ProtocolName": "cmrr_mbep2d_bold_2p5mm_MB8_verschachtelt",
    "PulseSequenceDetails": "%CustomerSeq%_cmrr_mbep2d_bold",
    "ReceiveCoilActiveElements": "HC1-7",
    "ReceiveCoilName": "HeadNeck_64",
    "ReconMatrixPE": 78,
    "RepetitionTime": 0.484,
    "SAR": 0.219102,
    "ScanOptions": "FS",
    "ScanningSequence": "EP",
    "SequenceName": "epfid2d1_78",
    "SequenceVariant": "SK_SS",
    "SeriesDescription": "cmrr_mbep2d_bold_2p5mm_MB8_verschachtelt",
    "SeriesNumber": 6,
    "ShimSetting": [
      -418,
      5696,
      1420,
      586,
      36,
      -86,
      49,
      -62
    ],
    "SliceThickness": 2.5,
    "SliceTiming": [
      0,
      0.265,
      0.065,
      0.33,
      0.1325,
      0.3975,
      0.1975,
      0,
      0.265,
      0.065,
      0.33,
      0.1325,
      0.3975,
      0.1975,
      0,
      0.265,
      0.065,
      0.33,
      0.1325,
      0.3975,
      0.1975,
      0,
      0.265,
      0.065,
      0.33,
      0.1325,
      0.3975,
      0.1975,
      0,
      0.265,
      0.065,
      0.33,
      0.1325,
      0.3975,
      0.1975,
      0,
      0.265,
      0.065,
      0.33,
      0.1325,
      0.3975,
      0.1975,
      0,
      0.265,
      0.065,
      0.33,
      0.1325,
      0.3975,
      0.1975,
      0,
      0.265,
      0.065,
      0.33,
      0.1325,
      0.3975,
      0.1975
    ],
    "SoftwareVersions": "syngo_MR_E11",
    "SpacingBetweenSlices": 2.5,
    "StationName": "AWP67036",
    "TaskName": "rest",
    "TotalReadoutTime": 0.0392704,
    "TxRefAmp": 260.474,
    "WipMemBlock": "ea060234-55ed-4c54-8b44-9fb199f15ac0||Sequence: R016 ve11b/master r/b698769; Nov 21 2017 11:07:30 by eja",
    "dataset": "ds003357",
    "modality": "bold",
    "session_id": "02",
    "subject_id": "26",
    "task_id": "rest"
  },
  "dummy_trs": 0,
  "dvars_nstd": 52.487919388188566,
  "dvars_std": 1.0095171102317015,
  "dvars_vstd": 0.9797094989836761,
  "efc": 0.6261464607800946,
  "fber": 114.29401397705078,
  "fd_mean": 0.19266401578311151,
  "fd_num": 641,
  "fd_perc": 33.73684210526316,
  "fwhm_avg": 3.390114666666667,
  "fwhm_x": 3.129768,
  "fwhm_y": 3.492376,
  "fwhm_z": 3.5482,
  "gcor": 0.020375,
  "gsr_x": -0.01169787347316742,
  "gsr_y": 0.05853067710995674,
  "provenance": {
    "md5sum": "d9ba7aa6c300e5343c0a50517ee881cf",
    "settings": {
      "fd_thres": 0.2,
      "testing": false
    },
    "software": "mriqc",
    "version": "22.0.6",
    "webapi_port": null,
    "webapi_url": "https://mriqc.nimh.nih.gov/api/v1"
  },
  "size_t": 1900,
  "size_x": 78,
  "size_y": 78,
  "size_z": 56,
  "snr": 2.303705026100628,
  "spacing_tr": 0.48399999737739563,
  "spacing_x": 2.5,
  "spacing_y": 2.5,
  "spacing_z": 2.5,
  "summary_bg_k": 13.797044756682425,
  "summary_bg_mad": 79.79482167299341,
  "summary_bg_mean": 174.02561950683594,
  "summary_bg_median": 103.08946990966797,
  "summary_bg_n": 184196.0,
  "summary_bg_p05": 38.06618309020996,
  "summary_bg_p95": 541.7588043212891,
  "summary_bg_stdv": 189.85952758789062,
  "summary_fg_k": -0.17328547640432568,
  "summary_fg_mad": 558.0568502024776,
  "summary_fg_mean": 1324.5584716796875,
  "summary_fg_median": 1230.92041015625,
  "summary_fg_n": 80175.0,
  "summary_fg_p05": 607.5282775878907,
  "summary_fg_p95": 2304.741137695313,
  "summary_fg_stdv": 534.3187255859375,
  "tsnr": 20.600513960584067
}