{
  "bids_meta": {
    "AcquisitionMatrixPE": 256,
    "AcquisitionNumber": 1,
    "AcquisitionTime": "09:56:15.480000",
    "BaseResolution": 256,
    "BodyPartExamined": "HEAD",
    "CoilString": "HC1-7;NC1_2",
    "ConsistencyInfo": "N4_VE11B_LATEST_20150530",
    "ConversionSoftware": "dcm2niix",
    "ConversionSoftwareVersion": "v1.0.20190902",
    "DeviceSerialNumber": "67036",
    "DwellTime": 8.5e-06,
    "EchoTime": 0.00207,
    "FlipAngle": 9,
    "ImageOrientationPatientDICOM": [
      -0.0693391,
      0.984303,
      -0.162292,
      0.00913484,
      -0.162051,
      -0.98674
    ],
    "ImageType": [
      "ORIGINAL",
      "PRIMARY",
      "M",
      "ND",
      "NORM"
    ],
    "ImagingFrequency": 123.255,
    "InPlanePhaseEncodingDirectionDICOM": "ROW",
    "InstitutionAddress": "Philosophenweg_3_Jena_Thueringen_DE_07743",
    "InstitutionalDepartmentName": "Department",
    "InversionTime": 0.9,
    "MRAcquisitionType": "3D",
    "MagneticFieldStrength": 3,
    "Manufacturer": "Siemens",
    "ManufacturersModelName": "Prisma_fit",
    "Modality": "MR",
    "ParallelReductionFactorInPlane": 2,
    "PartialFourier": 1,
    "PatientPosition": "HFS",
    "PercentPhaseFOV": 100,
    "PhaseEncodingSteps": 255,
    "PhaseResolution": 1,
    "PixelBandwidth": 230,
    "ProcedureStepDescription": "Psychiatrie_Wagner",
    "ProtocolName": "MPRAGE_Jena_BW230_64channel",
    "PulseSequenceDetails": "%SiemensSeq%_tfl",
    "ReceiveCoilActiveElements": "HC1-7;NC1,2",
    "ReceiveCoilName": "HeadNeck_64",
    "ReconMatrixPE": 256,
    "RefLinesPE": 24,
    "RepetitionTime": 2.3,
    "SAR": 0.0425964,
    "ScanOptions": "IR",
    "ScanningSequence": "GR_IR",
    "SequenceName": "_tfl3d1_16ns",
    "SequenceVariant": "SK_SP_MP",
    "SeriesDescription": "MPRAGE_Jena_BW230_64channel",
    "SeriesNumber": 5,
    "ShimSetting": [
      -378,
      5475,
      1175,
      38,
      21,
      -518,
      -78,
      31
    ],
    "SliceThickness": 1,
    "SoftwareVersions": "syngo_MR_E11",
    "StationName": "AWP67036",
    "TxRefAmp": 218.652,
    "dataset": "ds003357",
    "modality": "T1w",
    "session_id": "01",
    "subject_id": "22"
  },
  "cjv": 0.28044428597366966,
  "cnr": 4.865860609521976,
  "efc": 0.4635942684955715,
  "fber": -1.0,
  "fwhm_avg": 4.564679725257931,
  "fwhm_x": 4.309539175773794,
  "fwhm_y": 4.64493,
  "fwhm_z": 4.73957,
  "icvs_csf": 0.23520636028068886,
  "icvs_gm": 0.4385356016032516,
  "icvs_wm": 0.3262580381160595,
  "inu_med": 0.5066856443881989,
  "inu_range": 0.2008234724402428,
  "provenance": {
    "md5sum": "17f1e418f8d0d6321e52ad8cc6a6c54a",
    "settings": {
      "testing": false
    },
    "software": "mriqc",
    "version": "22.0.6",
    "warnings": {
      "large_rot_frame": true,
      "small_air_mask": false
    },
    "webapi_port": null,
    "webapi_url": "https://mriqc.nimh.nih.gov/api/v1"
  },
  "qi_1": 0.0,
  "qi_2": 0.014642663139150159,
  "rpve_csf": 26.256638246553237,
  "rpve_gm": 14.513781551084488,
  "rpve_wm": 22.536574953074393,
  "size_x": 192,
  "size_y": 256,
  "size_z": 256,
  "snr_csf": 2.18592531414496,
  "snr_gm": 11.919064008353638,
  "snr_total": 12.95453747796864,
  "snr_wm": 24.75862311140732,
  "snrd_csf": 32.07615679916548,
  "snrd_gm": 90.018526441178,
  "snrd_total": 85.87001016181927,
  "snrd_wm": 135.5153472451143,
  "spacing_x": 1.000007152557373,
  "spacing_y": 1.0,
  "spacing_z": 1.0,
  "summary_bg_k": 17.297461053790446,
  "summary_bg_mad": 0.0,
  "summary_bg_mean": 1.9503488788065593,
  "summary_bg_median": 0.0,
  "summary_bg_n": 3502765.0,
  "summary_bg_p05": 0.0,
  "summary_bg_p95": 12.308274582028389,
  "summary_bg_stdv": 4.83440727447086,
  "summary_csf_k": -0.25604022814884964,
  "summary_csf_mad": 110.61262198936633,
  "summary_csf_mean": 246.45088867239116,
  "summary_csf_median": 236.69758811593056,
  "summary_csf_n": 37630.0,
  "summary_csf_p05": 80.24048237130046,
  "summary_csf_p95": 436.16501259710617,
  "summary_csf_stdv": 108.2811208134394,
  "summary_gm_k": -0.03928137736454129,
  "summary_gm_mad": 56.46437461322665,
  "summary_gm_mean": 663.6354072424518,
  "summary_gm_median": 664.2681112885475,
  "summary_gm_n": 42216.0,
  "summary_gm_p05": 571.3761428324506,
  "summary_gm_p95": 753.467597370036,
  "summary_gm_stdv": 55.73090666214089,
  "summary_wm_k": 0.5660211972334475,
  "summary_wm_mad": 37.689706858051856,
  "summary_wm_mean": 999.7966293081757,
  "summary_wm_median": 999.9999702721834,
  "summary_wm_n": 162431.0,
  "summary_wm_p05": 932.8251947648823,
  "summary_wm_p95": 1065.2338255569339,
  "summary_wm_stdv": 40.389842663611475,
  "tpm_overlap_csf": 0.15366419433316908,
  "tpm_overlap_gm": 0.49370835288381903,
  "tpm_overlap_wm": 0.5204383533430931,
  "wm2max": 0.39440215926406347
}