{
  "bids_meta": {
    "AcquisitionMatrixPE": 256,
    "AcquisitionNumber": 1,
    "AcquisitionTime": "17:00:14.137500",
    "BaseResolution": 256,
    "BodyPartExamined": "HEAD",
    "CoilString": "HC1-7;NC1_2",
    "ConsistencyInfo": "N4_VE11B_LATEST_20150530",
    "ConversionSoftware": "dcm2niix",
    "ConversionSoftwareVersion": "v1.0.20190902",
    "DeviceSerialNumber": "67036",
    "DwellTime": 8.5e-06,
    "EchoTime": 0.00207,
    "FlipAngle": 9,
    "ImageOrientationPatientDICOM": [
      0.0734479,
      0.99399,
      -0.0811788,
      0.033685,
      -0.0838248,
      -0.995911
    ],
    "ImageType": [
      "ORIGINAL",
      "PRIMARY",
      "M",
      "ND",
      "NORM"
    ],
    "ImagingFrequency": 123.262,
    "InPlanePhaseEncodingDirectionDICOM": "ROW",
    "InstitutionAddress": "Philosophenweg_3_Jena_Thueringen_DE_07743",
    "InstitutionName": "FSU_Jena",
    "InstitutionalDepartmentName": "Department",
    "InversionTime": 0.9,
    "MRAcquisitionType": "3D",
    "MagneticFieldStrength": 3,
    "Manufacturer": "Siemens",
    "ManufacturersModelName": "Prisma_fit",
    "Modality": "MR",
    "ParallelReductionFactorInPlane": 2,
    "PartialFourier": 1,
    "PatientPosition": "HFS",
    "PercentPhaseFOV": 100,
    "PhaseEncodingSteps": 255,
    "PhaseResolution": 1,
    "PixelBandwidth": 230,
    "ProcedureStepDescription": "FMRI",
    "ProtocolName": "MPRAGE_Jena_BW230_64channel",
    "PulseSequenceDetails": "%SiemensSeq%_tfl",
    "ReceiveCoilActiveElements": "HC1-7;NC1,2",
    "ReceiveCoilName": "HeadNeck_64",
    "ReconMatrixPE": 256,
    "RefLinesPE": 24,
    "RepetitionTime": 2.3,
    "SAR": 0.0401829,
    "ScanOptions": "IR",
    "ScanningSequence": "GR_IR",
    "SequenceName": "_tfl3d1_16ns",
    "SequenceVariant": "SK_SP_MP",
    "SeriesDescription": "MPRAGE_Jena_BW230_64channel",
    "SeriesNumber": 5,
    "ShimSetting": [
      -431,
      5650,
      1315,
      113,
      -7,
      -428,
      75,
      2
    ],
    "SliceThickness": 1,
    "SoftwareVersions": "syngo_MR_E11",
    "StationName": "AWP67036",
    "TxRefAmp": 235.574,
    "dataset": "ds003357",
    "modality": "T1w",
    "session_id": "02",
    "subject_id": "03"
  },
  "cjv": 0.31108056299830233,
  "cnr": 4.3846572897590255,
  "efc": 0.456203117085148,
  "fber": -1.0,
  "fwhm_avg": 4.405177573046201,
  "fwhm_x": 4.09844245859655,
  "fwhm_y": 4.371170260542051,
  "fwhm_z": 4.74592,
  "icvs_csf": 0.21352399916388837,
  "icvs_gm": 0.4550881980306897,
  "icvs_wm": 0.33138780280542196,
  "inu_med": 0.48973605036735535,
  "inu_range": 0.17269928753376007,
  "provenance": {
    "md5sum": "5b2eccc28e1cfd9c315e3d35f7920c0c",
    "settings": {
      "testing": false
    },
    "software": "mriqc",
    "version": "22.0.6",
    "warnings": {
      "large_rot_frame": true,
      "small_air_mask": false
    },
    "webapi_port": null,
    "webapi_url": "https://mriqc.nimh.nih.gov/api/v1"
  },
  "qi_1": 9.124163705223818e-06,
  "qi_2": 0.016516352115267,
  "rpve_csf": 26.791997822303387,
  "rpve_gm": 13.488541545650868,
  "rpve_wm": 20.764744853145064,
  "size_x": 192,
  "size_y": 256,
  "size_z": 256,
  "snr_csf": 2.1506332182994106,
  "snr_gm": 12.761399506610143,
  "snr_total": 12.890931349577528,
  "snr_wm": 23.76076132382303,
  "snrd_csf": 26.524544395843378,
  "snrd_gm": 79.96762207823622,
  "snrd_total": 73.75674079602852,
  "snrd_wm": 114.77805591400599,
  "spacing_x": 0.9999969601631165,
  "spacing_y": 0.9999999403953552,
  "spacing_z": 1.0,
  "summary_bg_k": 9.009806735350148,
  "summary_bg_mad": 0.0,
  "summary_bg_mean": 2.640916172442219,
  "summary_bg_median": 0.0,
  "summary_bg_n": 3595362.0,
  "summary_bg_p05": 0.0,
  "summary_bg_p95": 13.203063048422337,
  "summary_bg_stdv": 5.708155543532817,
  "summary_csf_k": 0.3717762184665303,
  "summary_csf_mad": 109.07129023743114,
  "summary_csf_mean": 242.3313595016588,
  "summary_csf_median": 231.10641559958458,
  "summary_csf_n": 38013.0,
  "summary_csf_p05": 99.7940317451954,
  "summary_csf_p95": 446.6332168020308,
  "summary_csf_stdv": 107.45829357568857,
  "summary_gm_k": 0.06539905587527706,
  "summary_gm_mad": 54.33989621304897,
  "summary_gm_mean": 695.2322641265816,
  "summary_gm_median": 696.7520431913435,
  "summary_gm_n": 47887.0,
  "summary_gm_p05": 604.0665405914187,
  "summary_gm_p95": 783.1528877802193,
  "summary_gm_stdv": 54.59783371190689,
  "summary_wm_k": 0.42029417182696216,
  "summary_wm_mad": 40.011076318253636,
  "summary_wm_mean": 1000.4935193328249,
  "summary_wm_median": 1000.0528075397015,
  "summary_wm_n": 177025.0,
  "summary_wm_p05": 931.9778144620359,
  "summary_wm_p95": 1070.2402907051146,
  "summary_wm_stdv": 42.088297142401196,
  "tpm_overlap_csf": 0.1619660355831466,
  "tpm_overlap_gm": 0.4885603152182021,
  "tpm_overlap_wm": 0.5223544214990324,
  "wm2max": 0.35555889366656024
}