{
  "aor": 0.0003459936742224565,
  "aqi": 0.008573845577227202,
  "bids_meta": {
    "AcquisitionMatrixPE": 78,
    "AcquisitionNumber": 1,
    "AcquisitionTime": "19:00:24.880000",
    "BandwidthPerPixelPhaseEncode": 25.138,
    "BaseResolution": 78,
    "BodyPartExamined": "HEAD",
    "ConsistencyInfo": "N4_VE11B_LATEST_20150530",
    "ConversionSoftware": "dcm2niix",
    "ConversionSoftwareVersion": "v1.0.20190902",
    "DerivedVendorReportedEchoSpacing": 0.000510005,
    "DeviceSerialNumber": "67036",
    "DwellTime": 2.2e-06,
    "EchoTime": 0.03,
    "EchoTrainLength": 78,
    "EffectiveEchoSpacing": 0.000510005,
    "FlipAngle": 90,
    "ImageComments": "Unaliased_MB8_PE3_LB",
    "ImageOrientationPatientDICOM": [
      0.997466,
      -0.0096451,
      0.0704873,
      0.0106199,
      0.999853,
      -0.0134681
    ],
    "ImageType": [
      "ORIGINAL",
      "PRIMARY",
      "M",
      "MB",
      "ND",
      "MOSAIC"
    ],
    "ImagingFrequency": 123.262,
    "InPlanePhaseEncodingDirectionDICOM": "COL",
    "InstitutionAddress": "Philosophenweg_3_Jena_Thueringen_DE_07743",
    "InstitutionName": "FSU_Jena",
    "InstitutionalDepartmentName": "Department",
    "MRAcquisitionType": "2D",
    "MagneticFieldStrength": 3,
    "Manufacturer": "Siemens",
    "ManufacturersModelName": "Prisma_fit",
    "Modality": "MR",
    "MultibandAccelerationFactor": 8,
    "PartialFourier": 1,
    "PatientPosition": "HFS",
    "PercentPhaseFOV": 100,
    "PhaseEncodingDirection": "j-",
    "PhaseEncodingSteps": 78,
    "PhaseResolution": 1,
    "PixelBandwidth": 2915,
    "ProcedureStepDescription": "FMRI",
    "ProtocolName": "cmrr_mbep2d_bold_2p5mm_MB8_verschachtelt",
    "PulseSequenceDetails": "%CustomerSeq%_cmrr_mbep2d_bold",
    "ReceiveCoilActiveElements": "HC1-7",
    "ReceiveCoilName": "HeadNeck_64",
    "ReconMatrixPE": 78,
    "RepetitionTime": 0.484,
    "SAR": 0.187444,
    "ScanOptions": "FS",
    "ScanningSequence": "EP",
    "SequenceName": "epfid2d1_78",
    "SequenceVariant": "SK_SS",
    "SeriesDescription": "cmrr_mbep2d_bold_2p5mm_MB8_verschachtelt",
    "SeriesNumber": 7,
    "ShimSetting": [
      -392,
      5632,
      1497,
      660,
      18,
      -29,
      38,
      50
    ],
    "SliceThickness": 2.5,
    "SliceTiming": [
      0,
      0.265,
      0.0675,
      0.3325,
      0.1325,
      0.3975,
      0.2,
      0,
      0.265,
      0.0675,
      0.3325,
      0.1325,
      0.3975,
      0.2,
      0,
      0.265,
      0.0675,
      0.3325,
      0.1325,
      0.3975,
      0.2,
      0,
      0.265,
      0.0675,
      0.3325,
      0.1325,
      0.3975,
      0.2,
      0,
      0.265,
      0.0675,
      0.3325,
      0.1325,
      0.3975,
      0.2,
      0,
      0.265,
      0.0675,
      0.3325,
      0.1325,
      0.3975,
      0.2,
      0,
      0.265,
      0.0675,
      0.3325,
      0.1325,
      0.3975,
      0.2,
      0,
      0.265,
      0.0675,
      0.3325,
      0.1325,
      0.3975,
      0.2
    ],
    "SoftwareVersions": "syngo_MR_E11",
    "SpacingBetweenSlices": 2.5,
    "StationName": "AWP67036",
    "TaskName": "rest",
    "TotalReadoutTime": 0.0392704,
    "TxRefAmp": 215.718,
    "WipMemBlock": "7f014e03-6435-49cf-86f0-09aaac5f6611||Sequence: R016 ve11b/master r/b698769; Nov 21 2017 11:07:30 by eja",
    "dataset": "ds003357",
    "modality": "bold",
    "session_id": "01",
    "subject_id": "27",
    "task_id": "rest"
  },
  "dummy_trs": 3,
  "dvars_nstd": 51.32807391007385,
  "dvars_std": 1.0652801259282718,
  "dvars_vstd": 0.9960559267246836,
  "efc": 0.5807037932033879,
  "fber": 348.79461669921875,
  "fd_mean": 0.12298483853029854,
  "fd_num": 292,
  "fd_perc": 15.392725355824988,
  "fwhm_avg": 3.100456193244444,
  "fwhm_x": 2.8211402690449017,
  "fwhm_y": 3.222424,
  "fwhm_z": 3.2578043106884302,
  "gcor": 0.00723731,
  "gsr_x": -0.01868370920419693,
  "gsr_y": 0.07259118556976318,
  "provenance": {
    "md5sum": "f49afb220536eb4e6f35496fd48bdc1c",
    "settings": {
      "fd_thres": 0.2,
      "testing": false
    },
    "software": "mriqc",
    "version": "22.0.6",
    "webapi_port": null,
    "webapi_url": "https://mriqc.nimh.nih.gov/api/v1"
  },
  "size_t": 1897,
  "size_x": 78,
  "size_y": 78,
  "size_z": 56,
  "snr": 2.6819830279537475,
  "spacing_tr": 0.48399999737739563,
  "spacing_x": 2.499999761581421,
  "spacing_y": 2.5,
  "spacing_z": 2.499999761581421,
  "summary_bg_k": 17.980616826427486,
  "summary_bg_mad": 35.80089817549874,
  "summary_bg_mean": 121.19725036621094,
  "summary_bg_median": 62.60490417480469,
  "summary_bg_n": 198136.0,
  "summary_bg_p05": 34.055219650268555,
  "summary_bg_p95": 436.5743408203125,
  "summary_bg_stdv": 154.72900390625,
  "summary_fg_k": 0.768570513758172,
  "summary_fg_mad": 464.5328290679749,
  "summary_fg_mean": 1310.640380859375,
  "summary_fg_median": 1246.321533203125,
  "summary_fg_n": 74123.0,
  "summary_fg_p05": 683.8343078613282,
  "summary_fg_p95": 2150.395336914062,
  "summary_fg_stdv": 464.6983642578125,
  "tsnr": 26.268552778288722
}