{
  "bids_meta": {
    "AcquisitionMatrixPE": 256,
    "AcquisitionNumber": 1,
    "AcquisitionTime": "11:09:12.227500",
    "BaseResolution": 256,
    "BodyPartExamined": "HEAD",
    "CoilString": "HC1-7;NC1_2",
    "ConsistencyInfo": "N4_VE11B_LATEST_20150530",
    "ConversionSoftware": "dcm2niix",
    "ConversionSoftwareVersion": "v1.0.20190902",
    "DeviceSerialNumber": "67036",
    "DwellTime": 8.5e-06,
    "EchoTime": 0.00207,
    "FlipAngle": 9,
    "ImageOrientationPatientDICOM": [
      0.0162349,
      0.991982,
      0.125333,
      0.000477943,
      0.125342,
      -0.992113
    ],
    "ImageType": [
      "ORIGINAL",
      "PRIMARY",
      "M",
      "ND",
      "NORM"
    ],
    "ImagingFrequency": 123.262,
    "InPlanePhaseEncodingDirectionDICOM": "ROW",
    "InstitutionAddress": "Philosophenweg_3_Jena_Thueringen_DE_07743",
    "InstitutionName": "Psychologie",
    "InstitutionalDepartmentName": "Department",
    "InversionTime": 0.9,
    "MRAcquisitionType": "3D",
    "MagneticFieldStrength": 3,
    "Manufacturer": "Siemens",
    "ManufacturersModelName": "Prisma_fit",
    "Modality": "MR",
    "ParallelReductionFactorInPlane": 2,
    "PartialFourier": 1,
    "PatientPosition": "HFS",
    "PercentPhaseFOV": 100,
    "PhaseEncodingSteps": 255,
    "PhaseResolution": 1,
    "PixelBandwidth": 230,
    "ProcedureStepDescription": "FMRI",
    "ProtocolName": "MPRAGE_Jena_BW230_64channel",
    "PulseSequenceDetails": "%SiemensSeq%_tfl",
    "ReceiveCoilActiveElements": "HC1-7;NC1,2",
    "ReceiveCoilName": "HeadNeck_64",
    "ReconMatrixPE": 256,
    "RefLinesPE": 24,
    "RepetitionTime": 2.3,
    "SAR": 0.0398944,
    "ScanOptions": "IR",
    "ScanningSequence": "GR_IR",
    "SequenceName": "_tfl3d1_16ns",
    "SequenceVariant": "SK_SP_MP",
    "SeriesDescription": "MPRAGE_Jena_BW230_64channel",
    "SeriesNumber": 5,
    "ShimSetting": [
      -412,
      5631,
      1310,
      508,
      -5,
      -468,
      74,
      23
    ],
    "SliceThickness": 1,
    "SoftwareVersions": "syngo_MR_E11",
    "StationName": "AWP67036",
    "TxRefAmp": 211.616,
    "dataset": "ds003357",
    "modality": "T1w",
    "session_id": "02",
    "subject_id": "20"
  },
  "cjv": 0.2766277204250563,
  "cnr": 4.843487423565658,
  "efc": 0.45169417899751596,
  "fber": -1.0,
  "fwhm_avg": 4.80681307186348,
  "fwhm_x": 4.52330921559044,
  "fwhm_y": 4.96403,
  "fwhm_z": 4.9331,
  "icvs_csf": 0.2539080893580286,
  "icvs_gm": 0.41291383318702646,
  "icvs_wm": 0.33317807745494493,
  "inu_med": 0.47052714228630066,
  "inu_range": 0.13711077272891997,
  "provenance": {
    "md5sum": "b83f5aa3466e38bd0bc56b1fc6e11e9d",
    "settings": {
      "testing": false
    },
    "software": "mriqc",
    "version": "22.0.6",
    "warnings": {
      "large_rot_frame": true,
      "small_air_mask": false
    },
    "webapi_port": null,
    "webapi_url": "https://mriqc.nimh.nih.gov/api/v1"
  },
  "qi_1": 0.00047462846265856434,
  "qi_2": 0.00856419339455136,
  "rpve_csf": 22.176728442225343,
  "rpve_gm": 13.515163497369903,
  "rpve_wm": 20.38011243404559,
  "size_x": 192,
  "size_y": 256,
  "size_z": 256,
  "snr_csf": 1.7803140148983978,
  "snr_gm": 10.495640747202355,
  "snr_total": 14.269824826410868,
  "snr_wm": 30.533519717131853,
  "snrd_csf": 26.782243908232353,
  "snrd_gm": 98.3801092895735,
  "snrd_total": 91.62553658864981,
  "snrd_wm": 149.71425656814358,
  "spacing_x": 1.000002384185791,
  "spacing_y": 1.0,
  "spacing_z": 1.0,
  "summary_bg_k": 13.0021776389878,
  "summary_bg_mad": 0.0,
  "summary_bg_mean": 2.2417560289965413,
  "summary_bg_median": 0.0,
  "summary_bg_n": 3383693.0,
  "summary_bg_p05": 0.0,
  "summary_bg_p95": 8.893920183181763,
  "summary_bg_stdv": 4.375912112564914,
  "summary_csf_k": 0.16232898802511242,
  "summary_csf_mad": 103.69105556817665,
  "summary_csf_mean": 194.24190492792673,
  "summary_csf_median": 178.8890764117241,
  "summary_csf_n": 56597.0,
  "summary_csf_p05": 63.025552570819855,
  "summary_csf_p95": 384.58119410276413,
  "summary_csf_stdv": 100.48086715701797,
  "summary_gm_k": -0.020285217802813893,
  "summary_gm_mad": 63.982775617935594,
  "summary_gm_mean": 655.4341794252293,
  "summary_gm_median": 657.1192073523998,
  "summary_gm_n": 40802.0,
  "summary_gm_p05": 550.9783553481102,
  "summary_gm_p95": 754.6046579420564,
  "summary_gm_stdv": 62.60800751411815,
  "summary_wm_k": 0.5710798992104245,
  "summary_wm_mad": 30.86756856509305,
  "summary_wm_mean": 999.1636945842338,
  "summary_wm_median": 1000.0000438690186,
  "summary_wm_n": 205172.0,
  "summary_wm_p05": 944.1118622452021,
  "summary_wm_p95": 1051.018804192543,
  "summary_wm_stdv": 32.75081340606649,
  "tpm_overlap_csf": 0.1567683867314645,
  "tpm_overlap_gm": 0.4821288244955881,
  "tpm_overlap_wm": 0.5267369152820067,
  "wm2max": 0.4388772577268372
}