{
  "bids_meta": {
    "AcquisitionMatrixPE": 256,
    "AcquisitionNumber": 1,
    "AcquisitionTime": "18:23:45.950000",
    "BaseResolution": 256,
    "BodyPartExamined": "HEAD",
    "CoilString": "HC1-7;NC1_2",
    "ConsistencyInfo": "N4_VE11B_LATEST_20150530",
    "ConversionSoftware": "dcm2niix",
    "ConversionSoftwareVersion": "v1.0.20190902",
    "DeviceSerialNumber": "67036",
    "DwellTime": 8.5e-06,
    "EchoTime": 0.00207,
    "FlipAngle": 9,
    "ImageOrientationPatientDICOM": [
      0.118408,
      0.985881,
      -0.118399,
      -0.00469342,
      -0.118681,
      -0.992921
    ],
    "ImageType": [
      "ORIGINAL",
      "PRIMARY",
      "M",
      "ND",
      "NORM"
    ],
    "ImagingFrequency": 123.262,
    "InPlanePhaseEncodingDirectionDICOM": "ROW",
    "InstitutionAddress": "Philosophenweg_3_Jena_Thueringen_DE_07743",
    "InstitutionName": "FSU_Jena",
    "InstitutionalDepartmentName": "Department",
    "InversionTime": 0.9,
    "MRAcquisitionType": "3D",
    "MagneticFieldStrength": 3,
    "Manufacturer": "Siemens",
    "ManufacturersModelName": "Prisma_fit",
    "Modality": "MR",
    "ParallelReductionFactorInPlane": 2,
    "PartialFourier": 1,
    "PatientPosition": "HFS",
    "PercentPhaseFOV": 100,
    "PhaseEncodingSteps": 255,
    "PhaseResolution": 1,
    "PixelBandwidth": 230,
    "ProcedureStepDescription": "FMRI",
    "ProtocolName": "MPRAGE_Jena_BW230_64channel",
    "PulseSequenceDetails": "%SiemensSeq%_tfl",
    "ReceiveCoilActiveElements": "HC1-7;NC1,2",
    "ReceiveCoilName": "HeadNeck_64",
    "ReconMatrixPE": 256,
    "RefLinesPE": 24,
    "RepetitionTime": 2.3,
    "SAR": 0.0409274,
    "ScanOptions": "IR",
    "ScanningSequence": "GR_IR",
    "SequenceName": "_tfl3d1_16ns",
    "SequenceVariant": "SK_SP_MP",
    "SeriesDescription": "MPRAGE_Jena_BW230_64channel",
    "SeriesNumber": 5,
    "ShimSetting": [
      -424,
      5632,
      1326,
      56,
      7,
      -455,
      164,
      64
    ],
    "SliceThickness": 1,
    "SoftwareVersions": "syngo_MR_E11",
    "StationName": "AWP67036",
    "TxRefAmp": 219.966,
    "dataset": "ds003357",
    "modality": "T1w",
    "session_id": "02",
    "subject_id": "01"
  },
  "cjv": 0.28499830694264294,
  "cnr": 4.661526106475162,
  "efc": 0.4336259508801872,
  "fber": -1.0,
  "fwhm_avg": 4.577484780376814,
  "fwhm_x": 4.296504341130442,
  "fwhm_y": 4.5991,
  "fwhm_z": 4.83685,
  "icvs_csf": 0.2305866663832922,
  "icvs_gm": 0.43808506426703103,
  "icvs_wm": 0.33132826934967674,
  "inu_med": 0.4316500276327133,
  "inu_range": 0.14335179179906848,
  "provenance": {
    "md5sum": "dda44fe492d8a511d491a76b74a5a845",
    "settings": {
      "testing": false
    },
    "software": "mriqc",
    "version": "22.0.6",
    "warnings": {
      "large_rot_frame": true,
      "small_air_mask": false
    },
    "webapi_port": null,
    "webapi_url": "https://mriqc.nimh.nih.gov/api/v1"
  },
  "qi_1": 1.789723814934376e-06,
  "qi_2": 0.016900068583466262,
  "rpve_csf": 27.6814922710137,
  "rpve_gm": 15.183892122675305,
  "rpve_wm": 23.130991867635185,
  "size_x": 192,
  "size_y": 256,
  "size_z": 256,
  "snr_csf": 1.9491337498184886,
  "snr_gm": 12.247482453882428,
  "snr_total": 14.163664343265474,
  "snr_wm": 28.2943768260955,
  "snrd_csf": 30.81594375992738,
  "snrd_gm": 105.71171976035114,
  "snrd_total": 96.61454673132907,
  "snrd_wm": 153.31597667370872,
  "spacing_x": 0.9999966621398926,
  "spacing_y": 1.0,
  "spacing_z": 1.0,
  "summary_bg_k": 38.20963040513167,
  "summary_bg_mad": 0.0,
  "summary_bg_mean": 1.7168889633563618,
  "summary_bg_median": 0.0,
  "summary_bg_n": 3679853.0,
  "summary_bg_p05": 0.0,
  "summary_bg_p95": 10.740402285009623,
  "summary_bg_stdv": 4.273307727137487,
  "summary_csf_k": 0.7913809275422405,
  "summary_csf_mad": 98.99825683887802,
  "summary_csf_mean": 217.2953825126391,
  "summary_csf_median": 201.00548616796732,
  "summary_csf_n": 40560.0,
  "summary_csf_p05": 88.43692945316434,
  "summary_csf_p95": 421.61791948601604,
  "summary_csf_stdv": 103.12427676814447,
  "summary_gm_k": 0.1479761491328464,
  "summary_gm_mad": 54.81833660688044,
  "summary_gm_mean": 689.035309973312,
  "summary_gm_median": 689.5338266976178,
  "summary_gm_n": 52307.0,
  "summary_gm_p05": 594.3921439882367,
  "summary_gm_p95": 780.2102442868054,
  "summary_gm_stdv": 56.29950792280028,
  "summary_wm_k": 0.356748984971893,
  "summary_wm_mad": 33.677025084820244,
  "summary_wm_mean": 1000.4832222134863,
  "summary_wm_median": 1000.0457123331726,
  "summary_wm_n": 178193.0,
  "summary_wm_p05": 943.0987283028662,
  "summary_wm_p95": 1059.2321844995022,
  "summary_wm_stdv": 35.34422802103499,
  "tpm_overlap_csf": 0.14922160402375645,
  "tpm_overlap_gm": 0.47478904050357973,
  "tpm_overlap_wm": 0.5152508762100002,
  "wm2max": 0.4004868584815872
}