{
  "aor": 0.0003101790416008425,
  "aqi": 0.00856308925223802,
  "bids_meta": {
    "AcquisitionMatrixPE": 78,
    "AcquisitionNumber": 1,
    "AcquisitionTime": "12:36:0.055000",
    "BandwidthPerPixelPhaseEncode": 25.138,
    "BaseResolution": 78,
    "BodyPartExamined": "SKULL",
    "ConsistencyInfo": "N4_VE11B_LATEST_20150530",
    "ConversionSoftware": "dcm2niix",
    "ConversionSoftwareVersion": "v1.0.20190902",
    "DerivedVendorReportedEchoSpacing": 0.000510005,
    "DeviceSerialNumber": "67036",
    "DwellTime": 2.2e-06,
    "EchoTime": 0.03,
    "EchoTrainLength": 78,
    "EffectiveEchoSpacing": 0.000510005,
    "FlipAngle": 90,
    "ImageComments": "Unaliased_MB8_PE3_LB",
    "ImageOrientationPatientDICOM": [
      0.999302,
      -0.0329728,
      0.0175649,
      0.0359441,
      0.97674,
      -0.211395
    ],
    "ImageType": [
      "ORIGINAL",
      "PRIMARY",
      "M",
      "MB",
      "ND",
      "MOSAIC"
    ],
    "ImagingFrequency": 123.262,
    "InPlanePhaseEncodingDirectionDICOM": "COL",
    "InstitutionAddress": "Philosophenweg_3_Jena_Thueringen_DE_07743",
    "InstitutionName": "IDIR_FSU_Jena",
    "InstitutionalDepartmentName": "Department",
    "MRAcquisitionType": "2D",
    "MagneticFieldStrength": 3,
    "Manufacturer": "Siemens",
    "ManufacturersModelName": "Prisma_fit",
    "Modality": "MR",
    "MultibandAccelerationFactor": 8,
    "PartialFourier": 1,
    "PatientPosition": "HFS",
    "PercentPhaseFOV": 100,
    "PhaseEncodingDirection": "j-",
    "PhaseEncodingSteps": 78,
    "PhaseResolution": 1,
    "PixelBandwidth": 2915,
    "ProcedureStepDescription": "FMRI",
    "ProtocolName": "cmrr_mbep2d_bold_2p5mm_MB8_verschachtelt",
    "PulseSequenceDetails": "%CustomerSeq%_cmrr_mbep2d_bold",
    "ReceiveCoilActiveElements": "HC1-7",
    "ReceiveCoilName": "HeadNeck_64",
    "ReconMatrixPE": 78,
    "RepetitionTime": 0.484,
    "SAR": 0.189415,
    "ScanOptions": "FS",
    "ScanningSequence": "EP",
    "SequenceName": "epfid2d1_78",
    "SequenceVariant": "SK_SS",
    "SeriesDescription": "cmrr_mbep2d_bold_2p5mm_MB8_verschachtelt",
    "SeriesNumber": 8,
    "ShimSetting": [
      -426,
      5648,
      1397,
      554,
      -33,
      71,
      -17,
      26
    ],
    "SliceThickness": 2.5,
    "SliceTiming": [
      0,
      0.265,
      0.065,
      0.33,
      0.1325,
      0.3975,
      0.1975,
      0,
      0.265,
      0.065,
      0.33,
      0.1325,
      0.3975,
      0.1975,
      0,
      0.265,
      0.065,
      0.33,
      0.1325,
      0.3975,
      0.1975,
      0,
      0.265,
      0.065,
      0.33,
      0.1325,
      0.3975,
      0.1975,
      0,
      0.265,
      0.065,
      0.33,
      0.1325,
      0.3975,
      0.1975,
      0,
      0.265,
      0.065,
      0.33,
      0.1325,
      0.3975,
      0.1975,
      0,
      0.265,
      0.065,
      0.33,
      0.1325,
      0.3975,
      0.1975,
      0,
      0.265,
      0.065,
      0.33,
      0.1325,
      0.3975,
      0.1975
    ],
    "SoftwareVersions": "syngo_MR_E11",
    "SpacingBetweenSlices": 2.5,
    "StationName": "AWP67036",
    "TaskName": "rest",
    "TotalReadoutTime": 0.0392704,
    "TxRefAmp": 232.373,
    "WipMemBlock": "77c5919f-d10c-4f3e-9ae4-5510d568a178||Sequence: R016 ve11b/master r/b698769; Nov 21 2017 11:07:30 by eja",
    "dataset": "ds003357",
    "modality": "bold",
    "session_id": "01",
    "subject_id": "28",
    "task_id": "rest"
  },
  "dummy_trs": 1,
  "dvars_nstd": 51.39963964225493,
  "dvars_std": 1.1270680145995775,
  "dvars_vstd": 1.0004121370284491,
  "efc": 0.6344023762679353,
  "fber": 196.81216430664062,
  "fd_mean": 0.06891665652037028,
  "fd_num": 37,
  "fd_perc": 1.9483938915218537,
  "fwhm_avg": 2.9830439999999996,
  "fwhm_x": 2.756688,
  "fwhm_y": 3.0492,
  "fwhm_z": 3.143244,
  "gcor": 0.00416794,
  "gsr_x": 0.006831819657236338,
  "gsr_y": 0.049969062209129333,
  "provenance": {
    "md5sum": "14776e5cddc6d673819f043a93745d1c",
    "settings": {
      "fd_thres": 0.2,
      "testing": false
    },
    "software": "mriqc",
    "version": "22.0.6",
    "webapi_port": null,
    "webapi_url": "https://mriqc.nimh.nih.gov/api/v1"
  },
  "size_t": 1899,
  "size_x": 78,
  "size_y": 78,
  "size_z": 56,
  "snr": 2.598595358091955,
  "spacing_tr": 0.48399999737739563,
  "spacing_x": 2.5,
  "spacing_y": 2.5,
  "spacing_z": 2.5,
  "summary_bg_k": 10.352436075226377,
  "summary_bg_mad": 52.216256546145765,
  "summary_bg_mean": 188.0005645751953,
  "summary_bg_median": 84.47840881347656,
  "summary_bg_n": 186116.0,
  "summary_bg_p05": 40.85373878479004,
  "summary_bg_p95": 704.4981536865234,
  "summary_bg_stdv": 245.29177856445312,
  "summary_fg_k": 0.2502955725590268,
  "summary_fg_mad": 505.5123380687079,
  "summary_fg_mean": 1336.9879150390625,
  "summary_fg_median": 1277.28759765625,
  "summary_fg_n": 82760.0,
  "summary_fg_p05": 667.2568786621093,
  "summary_fg_p95": 2231.9836547851564,
  "summary_fg_stdv": 491.52703857421875,
  "tsnr": 27.64323931746185
}