{
  "aor": 0.0001535105263157895,
  "aqi": 0.008998529563157895,
  "bids_meta": {
    "AcquisitionMatrixPE": 78,
    "AcquisitionNumber": 1,
    "AcquisitionTime": "18:03:45.430000",
    "BandwidthPerPixelPhaseEncode": 25.138,
    "BaseResolution": 78,
    "BodyPartExamined": "SKULL",
    "ConsistencyInfo": "N4_VE11B_LATEST_20150530",
    "ConversionSoftware": "dcm2niix",
    "ConversionSoftwareVersion": "v1.0.20190902",
    "DerivedVendorReportedEchoSpacing": 0.000510005,
    "DeviceSerialNumber": "67036",
    "DwellTime": 2.2e-06,
    "EchoTime": 0.03,
    "EchoTrainLength": 78,
    "EffectiveEchoSpacing": 0.000510005,
    "FlipAngle": 90,
    "ImageComments": "Unaliased_MB8_PE3_LB",
    "ImageOrientationPatientDICOM": [
      0.997586,
      0.0194889,
      0.0666535,
      -0.00800926,
      0.985697,
      -0.168336
    ],
    "ImageType": [
      "ORIGINAL",
      "PRIMARY",
      "M",
      "MB",
      "ND",
      "MOSAIC"
    ],
    "ImagingFrequency": 123.262,
    "InPlanePhaseEncodingDirectionDICOM": "COL",
    "InstitutionAddress": "Philosophenweg_3_Jena_Thueringen_DE_07743",
    "InstitutionName": "PFL",
    "InstitutionalDepartmentName": "Department",
    "MRAcquisitionType": "2D",
    "MagneticFieldStrength": 3,
    "Manufacturer": "Siemens",
    "ManufacturersModelName": "Prisma_fit",
    "Modality": "MR",
    "MultibandAccelerationFactor": 8,
    "PartialFourier": 1,
    "PatientPosition": "HFS",
    "PercentPhaseFOV": 100,
    "PhaseEncodingDirection": "j-",
    "PhaseEncodingSteps": 78,
    "PhaseResolution": 1,
    "PixelBandwidth": 2915,
    "ProcedureStepDescription": "FMRI",
    "ProtocolName": "cmrr_mbep2d_bold_2p5mm_MB8_verschachtelt",
    "PulseSequenceDetails": "%CustomerSeq%_cmrr_mbep2d_bold",
    "ReceiveCoilActiveElements": "HC1-7",
    "ReceiveCoilName": "HeadNeck_64",
    "ReconMatrixPE": 78,
    "RepetitionTime": 0.484,
    "SAR": 0.178485,
    "ScanOptions": "FS",
    "ScanningSequence": "EP",
    "SequenceName": "epfid2d1_78",
    "SequenceVariant": "SK_SS",
    "SeriesDescription": "cmrr_mbep2d_bold_2p5mm_MB8_verschachtelt",
    "SeriesNumber": 6,
    "ShimSetting": [
      -384,
      5647,
      1415,
      700,
      10,
      -108,
      58,
      40
    ],
    "SliceThickness": 2.5,
    "SliceTiming": [
      0,
      0.265,
      0.065,
      0.33,
      0.1325,
      0.3975,
      0.1975,
      0,
      0.265,
      0.065,
      0.33,
      0.1325,
      0.3975,
      0.1975,
      0,
      0.265,
      0.065,
      0.33,
      0.1325,
      0.3975,
      0.1975,
      0,
      0.265,
      0.065,
      0.33,
      0.1325,
      0.3975,
      0.1975,
      0,
      0.265,
      0.065,
      0.33,
      0.1325,
      0.3975,
      0.1975,
      0,
      0.265,
      0.065,
      0.33,
      0.1325,
      0.3975,
      0.1975,
      0,
      0.265,
      0.065,
      0.33,
      0.1325,
      0.3975,
      0.1975,
      0,
      0.265,
      0.065,
      0.33,
      0.1325,
      0.3975,
      0.1975
    ],
    "SoftwareVersions": "syngo_MR_E11",
    "SpacingBetweenSlices": 2.5,
    "StationName": "AWP67036",
    "TaskName": "rest",
    "TotalReadoutTime": 0.0392704,
    "TxRefAmp": 220.318,
    "WipMemBlock": "4d89b59b-5b2d-4cc2-84b5-23c2e06fd7e1||Sequence: R016 ve11b/master r/b698769; Nov 21 2017 11:07:30 by eja",
    "dataset": "ds003357",
    "modality": "bold",
    "session_id": "01",
    "subject_id": "29",
    "task_id": "rest"
  },
  "dummy_trs": 0,
  "dvars_nstd": 52.77410455571366,
  "dvars_std": 1.0892137138862557,
  "dvars_vstd": 0.9916021239757769,
  "efc": 0.5588213684393674,
  "fber": 333.966796875,
  "fd_mean": 0.09770966125587476,
  "fd_num": 55,
  "fd_perc": 2.8947368421052633,
  "fwhm_avg": 3.3837999999999995,
  "fwhm_x": 3.1984839999999997,
  "fwhm_y": 3.498024,
  "fwhm_z": 3.454892,
  "gcor": 0.0073302,
  "gsr_x": -0.01322517916560173,
  "gsr_y": 0.07181785255670547,
  "provenance": {
    "md5sum": "20ddfbb1d1f11e10f11b8d5a1742f6f8",
    "settings": {
      "fd_thres": 0.2,
      "testing": false
    },
    "software": "mriqc",
    "version": "22.0.6",
    "webapi_port": null,
    "webapi_url": "https://mriqc.nimh.nih.gov/api/v1"
  },
  "size_t": 1900,
  "size_x": 78,
  "size_y": 78,
  "size_z": 56,
  "snr": 2.500266722265574,
  "spacing_tr": 0.48399999737739563,
  "spacing_x": 2.5,
  "spacing_y": 2.5,
  "spacing_z": 2.5,
  "summary_bg_k": 17.06724235733894,
  "summary_bg_mad": 41.97754115782874,
  "summary_bg_mean": 133.34280395507812,
  "summary_bg_median": 66.28131103515625,
  "summary_bg_n": 213296.0,
  "summary_bg_p05": 33.746315002441406,
  "summary_bg_p95": 485.7015609741211,
  "summary_bg_stdv": 177.3663330078125,
  "summary_fg_k": 0.4330980514707088,
  "summary_fg_mad": 503.7515669525164,
  "summary_fg_mean": 1351.601806640625,
  "summary_fg_median": 1266.30517578125,
  "summary_fg_n": 65033.0,
  "summary_fg_p05": 678.3235595703125,
  "summary_fg_p95": 2294.204736328124,
  "summary_fg_stdv": 506.4641418457031,
  "tsnr": 26.39319222641643
}