{
  "bids_meta": {
    "AcquisitionMatrixPE": 256,
    "AcquisitionNumber": 1,
    "AcquisitionTime": "11:40:52.472500",
    "BaseResolution": 256,
    "BodyPartExamined": "HEAD",
    "CoilString": "HC1-7;NC1_2",
    "ConsistencyInfo": "N4_VE11B_LATEST_20150530",
    "ConversionSoftware": "dcm2niix",
    "ConversionSoftwareVersion": "v1.0.20190902",
    "DeviceSerialNumber": "67036",
    "DwellTime": 8.5e-06,
    "EchoTime": 0.00207,
    "FlipAngle": 9,
    "ImageOrientationPatientDICOM": [
      0.00919802,
      0.999247,
      -0.0376888,
      0.00832784,
      -0.0377656,
      -0.999252
    ],
    "ImageType": [
      "ORIGINAL",
      "PRIMARY",
      "M",
      "ND",
      "NORM"
    ],
    "ImagingFrequency": 123.262,
    "InPlanePhaseEncodingDirectionDICOM": "ROW",
    "InstitutionAddress": "Philosophenweg_3_Jena_Thueringen_DE_07743",
    "InstitutionName": "FSU_Jena",
    "InstitutionalDepartmentName": "Department",
    "InversionTime": 0.9,
    "MRAcquisitionType": "3D",
    "MagneticFieldStrength": 3,
    "Manufacturer": "Siemens",
    "ManufacturersModelName": "Prisma_fit",
    "Modality": "MR",
    "ParallelReductionFactorInPlane": 2,
    "PartialFourier": 1,
    "PatientPosition": "HFS",
    "PercentPhaseFOV": 100,
    "PhaseEncodingSteps": 255,
    "PhaseResolution": 1,
    "PixelBandwidth": 230,
    "ProcedureStepDescription": "Psychiatrie_Wagner",
    "ProtocolName": "MPRAGE_Jena_BW230_64channel",
    "PulseSequenceDetails": "%SiemensSeq%_tfl",
    "ReceiveCoilActiveElements": "HC1-7;NC1,2",
    "ReceiveCoilName": "HeadNeck_64",
    "ReconMatrixPE": 256,
    "RefLinesPE": 24,
    "RepetitionTime": 2.3,
    "SAR": 0.0380383,
    "ScanOptions": "IR",
    "ScanningSequence": "GR_IR",
    "SequenceName": "_tfl3d1_16ns",
    "SequenceVariant": "SK_SP_MP",
    "SeriesDescription": "MPRAGE_Jena_BW230_64channel",
    "SeriesNumber": 5,
    "ShimSetting": [
      -417,
      5594,
      1318,
      294,
      -21,
      -337,
      80,
      51
    ],
    "SliceThickness": 1,
    "SoftwareVersions": "syngo_MR_E11",
    "StationName": "AWP67036",
    "TxRefAmp": 211.19,
    "dataset": "ds003357",
    "modality": "T1w",
    "session_id": "01",
    "subject_id": "02"
  },
  "cjv": 0.28999769910127404,
  "cnr": 4.703238746498325,
  "efc": 0.43596680571689433,
  "fber": -1.0,
  "fwhm_avg": 4.380195693113706,
  "fwhm_x": 4.083377079341116,
  "fwhm_y": 4.44138,
  "fwhm_z": 4.61583,
  "icvs_csf": 0.24542839808007128,
  "icvs_gm": 0.45192516250968456,
  "icvs_wm": 0.30264643941024416,
  "inu_med": 0.5226233005523682,
  "inu_range": 0.18304412364959716,
  "provenance": {
    "md5sum": "c499fdb5946e13655f3cd85e7898ea6f",
    "settings": {
      "testing": false
    },
    "software": "mriqc",
    "version": "22.0.6",
    "warnings": {
      "large_rot_frame": true,
      "small_air_mask": false
    },
    "webapi_port": null,
    "webapi_url": "https://mriqc.nimh.nih.gov/api/v1"
  },
  "qi_1": 0.0,
  "qi_2": 0.010548344560253546,
  "rpve_csf": 26.05532233320549,
  "rpve_gm": 14.610807144897265,
  "rpve_wm": 24.391966362114104,
  "size_x": 192,
  "size_y": 256,
  "size_z": 256,
  "snr_csf": 2.0175877067481127,
  "snr_gm": 12.142109781048786,
  "snr_total": 12.671012003775047,
  "snr_wm": 23.85333852352824,
  "snrd_csf": 25.420970065022956,
  "snrd_gm": 80.97875235756966,
  "snrd_total": 75.61379759227025,
  "snrd_wm": 120.44167035421813,
  "spacing_x": 1.0000007152557373,
  "spacing_y": 1.0,
  "spacing_z": 1.0,
  "summary_bg_k": 12.61109612729216,
  "summary_bg_mad": 0.0,
  "summary_bg_mean": 3.004567307471567,
  "summary_bg_median": 0.0,
  "summary_bg_n": 3640659.0,
  "summary_bg_p05": 0.0,
  "summary_bg_p95": 11.055374652147293,
  "summary_bg_stdv": 5.439714734130742,
  "summary_csf_k": 0.05480703464247538,
  "summary_csf_mad": 109.0308004774586,
  "summary_csf_mean": 224.43052312406752,
  "summary_csf_median": 211.07486230134964,
  "summary_csf_n": 40945.0,
  "summary_csf_p05": 84.94618708491326,
  "summary_csf_p95": 418.43862527012806,
  "summary_csf_stdv": 104.61616317262737,
  "summary_gm_k": 0.05106894739865453,
  "summary_gm_mad": 55.454076004429275,
  "summary_gm_mean": 670.2490735418772,
  "summary_gm_median": 672.3810680508614,
  "summary_gm_n": 43547.0,
  "summary_gm_p05": 576.4038573592901,
  "summary_gm_p95": 757.561025172472,
  "summary_gm_stdv": 55.375330972487696,
  "summary_wm_k": 0.5002589554691674,
  "summary_wm_mad": 39.56879381566047,
  "summary_wm_mean": 999.5791252352492,
  "summary_wm_median": 1000.0487361550331,
  "summary_wm_n": 141390.0,
  "summary_wm_p05": 929.3333000540733,
  "summary_wm_p95": 1067.2089196145535,
  "summary_wm_stdv": 41.92474771076729,
  "tpm_overlap_csf": 0.14387987890391615,
  "tpm_overlap_gm": 0.47926856840009185,
  "tpm_overlap_wm": 0.48754593657353995,
  "wm2max": 0.37670152265639334
}