{
  "aor": 0.00024185600000000004,
  "aqi": 0.01359299364,
  "bids_meta": {
    "AcquisitionMatrixPE": 78,
    "AcquisitionNumber": 1,
    "AcquisitionTime": "10:46:51.270000",
    "BandwidthPerPixelPhaseEncode": 25.138,
    "BaseResolution": 78,
    "BodyPartExamined": "HEAD",
    "ConsistencyInfo": "N4_VE11B_LATEST_20150530",
    "ConversionSoftware": "dcm2niix",
    "ConversionSoftwareVersion": "v1.0.20190902",
    "DerivedVendorReportedEchoSpacing": 0.000510005,
    "DeviceSerialNumber": "67036",
    "DwellTime": 2.2e-06,
    "EchoTime": 0.03,
    "EchoTrainLength": 78,
    "EffectiveEchoSpacing": 0.000510005,
    "FlipAngle": 90,
    "ImageComments": "Unaliased_MB8_PE3_LB",
    "ImageOrientationPatientDICOM": [
      0.998971,
      0.0291794,
      0.0347247,
      -0.0197045,
      0.968765,
      -0.247195
    ],
    "ImageType": [
      "ORIGINAL",
      "PRIMARY",
      "M",
      "MB",
      "ND",
      "MOSAIC"
    ],
    "ImagingFrequency": 123.255,
    "InPlanePhaseEncodingDirectionDICOM": "COL",
    "InstitutionAddress": "Philosophenweg_3_Jena_Thueringen_DE_07743",
    "InstitutionalDepartmentName": "Department",
    "MRAcquisitionType": "2D",
    "MagneticFieldStrength": 3,
    "Manufacturer": "Siemens",
    "ManufacturersModelName": "Prisma_fit",
    "Modality": "MR",
    "MultibandAccelerationFactor": 8,
    "PartialFourier": 1,
    "PatientPosition": "HFS",
    "PercentPhaseFOV": 100,
    "PhaseEncodingDirection": "j-",
    "PhaseEncodingSteps": 78,
    "PhaseResolution": 1,
    "PixelBandwidth": 2915,
    "ProcedureStepDescription": "FMRI",
    "ProtocolName": "cmrr_mbep2d_bold_2p5mm_MB8_verschachtelt",
    "PulseSequenceDetails": "%CustomerSeq%_cmrr_mbep2d_bold",
    "ReceiveCoilActiveElements": "HC1-7",
    "ReceiveCoilName": "HeadNeck_64",
    "ReconMatrixPE": 78,
    "RepetitionTime": 0.484,
    "SAR": 0.174877,
    "ScanOptions": "FS",
    "ScanningSequence": "EP",
    "SequenceName": "epfid2d1_78",
    "SequenceVariant": "SK_SS",
    "SeriesDescription": "cmrr_mbep2d_bold_2p5mm_MB8_verschachtelt",
    "SeriesNumber": 6,
    "ShimSetting": [
      -355,
      5466,
      1295,
      794,
      -89,
      -455,
      -133,
      99
    ],
    "SliceThickness": 2.5,
    "SliceTiming": [
      0,
      0.265,
      0.065,
      0.3325,
      0.1325,
      0.3975,
      0.1975,
      0,
      0.265,
      0.065,
      0.3325,
      0.1325,
      0.3975,
      0.1975,
      0,
      0.265,
      0.065,
      0.3325,
      0.1325,
      0.3975,
      0.1975,
      0,
      0.265,
      0.065,
      0.3325,
      0.1325,
      0.3975,
      0.1975,
      0,
      0.265,
      0.065,
      0.3325,
      0.1325,
      0.3975,
      0.1975,
      0,
      0.265,
      0.065,
      0.3325,
      0.1325,
      0.3975,
      0.1975,
      0,
      0.265,
      0.065,
      0.3325,
      0.1325,
      0.3975,
      0.1975,
      0,
      0.265,
      0.065,
      0.3325,
      0.1325,
      0.3975,
      0.1975
    ],
    "SoftwareVersions": "syngo_MR_E11",
    "SpacingBetweenSlices": 2.5,
    "StationName": "AWP67036",
    "TaskName": "rest",
    "TotalReadoutTime": 0.0392704,
    "TxRefAmp": 222.545,
    "WipMemBlock": "aa55d160-5777-443b-b801-c9337736418f||Sequence: R016 ve11b/master r/b698769; Nov 21 2017 11:07:30 by eja",
    "dataset": "ds003357",
    "modality": "bold",
    "session_id": "01",
    "subject_id": "15",
    "task_id": "rest"
  },
  "dummy_trs": 0,
  "dvars_nstd": 61.09024347164927,
  "dvars_std": 1.074142772674138,
  "dvars_vstd": 0.9881724919695752,
  "efc": 0.5733257935469604,
  "fber": 332.20440673828125,
  "fd_mean": 0.08386364303491346,
  "fd_num": 43,
  "fd_perc": 3.44,
  "fwhm_avg": 3.0110786666666667,
  "fwhm_x": 2.733252,
  "fwhm_y": 3.156644,
  "fwhm_z": 3.14334,
  "gcor": 0.00234108,
  "gsr_x": -0.02142619527876377,
  "gsr_y": 0.09369834512472153,
  "provenance": {
    "md5sum": "6dbc029622c642a6a877ae18aa861276",
    "settings": {
      "fd_thres": 0.2,
      "testing": false
    },
    "software": "mriqc",
    "version": "22.0.6",
    "webapi_port": null,
    "webapi_url": "https://mriqc.nimh.nih.gov/api/v1"
  },
  "size_t": 1250,
  "size_x": 78,
  "size_y": 78,
  "size_z": 56,
  "snr": 2.761694682101977,
  "spacing_tr": 0.48399999737739563,
  "spacing_x": 2.5,
  "spacing_y": 2.5,
  "spacing_z": 2.5,
  "summary_bg_k": 28.124959152622324,
  "summary_bg_mad": 28.61718526162396,
  "summary_bg_mean": 105.03421783447266,
  "summary_bg_median": 54.5635986328125,
  "summary_bg_n": 206334.0,
  "summary_bg_p05": 32.58879852294922,
  "summary_bg_p95": 358.3656326293941,
  "summary_bg_stdv": 137.252197265625,
  "summary_fg_k": 0.5552228618620436,
  "summary_fg_mad": 372.02402487008203,
  "summary_fg_mean": 1105.091796875,
  "summary_fg_median": 1064.841552734375,
  "summary_fg_n": 65835.0,
  "summary_fg_p05": 559.1827941894531,
  "summary_fg_p95": 1812.674816894531,
  "summary_fg_stdv": 385.5724792480469,
  "tsnr": 22.18655731435865
}