{
  "bids_meta": {
    "AcquisitionMatrixPE": 256,
    "AcquisitionNumber": 1,
    "AcquisitionTime": "18:30:15.257500",
    "BaseResolution": 256,
    "BodyPartExamined": "HEAD",
    "CoilString": "HC1-7;NC1_2",
    "ConsistencyInfo": "N4_VE11B_LATEST_20150530",
    "ConversionSoftware": "dcm2niix",
    "ConversionSoftwareVersion": "v1.0.20190902",
    "DeviceSerialNumber": "67036",
    "DwellTime": 8.5e-06,
    "EchoTime": 0.00207,
    "FlipAngle": 9,
    "ImageOrientationPatientDICOM": [
      -0.0306325,
      0.992941,
      -0.114586,
      0.059566,
      -0.112622,
      -0.991851
    ],
    "ImageType": [
      "ORIGINAL",
      "PRIMARY",
      "M",
      "ND",
      "NORM"
    ],
    "ImagingFrequency": 123.262,
    "InPlanePhaseEncodingDirectionDICOM": "ROW",
    "InstitutionAddress": "Philosophenweg_3_Jena_Thueringen_DE_07743",
    "InstitutionName": "FSU_Jena",
    "InstitutionalDepartmentName": "Department",
    "InversionTime": 0.9,
    "MRAcquisitionType": "3D",
    "MagneticFieldStrength": 3,
    "Manufacturer": "Siemens",
    "ManufacturersModelName": "Prisma_fit",
    "Modality": "MR",
    "ParallelReductionFactorInPlane": 2,
    "PartialFourier": 1,
    "PatientPosition": "HFS",
    "PercentPhaseFOV": 100,
    "PhaseEncodingSteps": 255,
    "PhaseResolution": 1,
    "PixelBandwidth": 230,
    "ProcedureStepDescription": "FMRI",
    "ProtocolName": "MPRAGE_Jena_BW230_64channel",
    "PulseSequenceDetails": "%SiemensSeq%_tfl",
    "ReceiveCoilActiveElements": "HC1-7;NC1,2",
    "ReceiveCoilName": "HeadNeck_64",
    "ReconMatrixPE": 256,
    "RefLinesPE": 24,
    "RepetitionTime": 2.3,
    "SAR": 0.0460867,
    "ScanOptions": "IR",
    "ScanningSequence": "GR_IR",
    "SequenceName": "_tfl3d1_16ns",
    "SequenceVariant": "SK_SP_MP",
    "SeriesDescription": "MPRAGE_Jena_BW230_64channel",
    "SeriesNumber": 5,
    "ShimSetting": [
      -399,
      5649,
      1356,
      87,
      -101,
      -392,
      169,
      -24
    ],
    "SliceThickness": 1,
    "SoftwareVersions": "syngo_MR_E11",
    "StationName": "AWP67036",
    "TxRefAmp": 222.725,
    "dataset": "ds003357",
    "modality": "T1w",
    "session_id": "02",
    "subject_id": "29"
  },
  "cjv": 0.3054824100321046,
  "cnr": 4.461653240216489,
  "efc": 0.4615770759660247,
  "fber": -1.0,
  "fwhm_avg": 4.703272486876684,
  "fwhm_x": 4.382827460630052,
  "fwhm_y": 4.75608,
  "fwhm_z": 4.97091,
  "icvs_csf": 0.23952067159860038,
  "icvs_gm": 0.42358963385837345,
  "icvs_wm": 0.3368896945430262,
  "inu_med": 0.46463510394096375,
  "inu_range": 0.1400117725133896,
  "provenance": {
    "md5sum": "d46def6a3b2548020a2a25c12b8877c5",
    "settings": {
      "testing": false
    },
    "software": "mriqc",
    "version": "22.0.6",
    "warnings": {
      "large_rot_frame": true,
      "small_air_mask": false
    },
    "webapi_port": null,
    "webapi_url": "https://mriqc.nimh.nih.gov/api/v1"
  },
  "qi_1": 4.092296238220184e-05,
  "qi_2": 0.011697807370437114,
  "rpve_csf": 25.923717407669322,
  "rpve_gm": 14.786794174362292,
  "rpve_wm": 21.726314254162066,
  "size_x": 192,
  "size_y": 256,
  "size_z": 256,
  "snr_csf": 2.311103971293159,
  "snr_gm": 11.66613180119114,
  "snr_total": 13.875952893377367,
  "snr_wm": 27.650622907647797,
  "snrd_csf": 25.64318637623658,
  "snrd_gm": 79.95531924932132,
  "snrd_total": 73.83934700783183,
  "snrd_wm": 115.91953539793761,
  "spacing_x": 1.0000028610229492,
  "spacing_y": 1.0,
  "spacing_z": 1.0,
  "summary_bg_k": 1113.6511888209513,
  "summary_bg_mad": 0.0,
  "summary_bg_mean": 2.617907677796319,
  "summary_bg_median": 0.0,
  "summary_bg_n": 3313539.0,
  "summary_bg_p05": 0.0,
  "summary_bg_p95": 10.99990962445736,
  "summary_bg_stdv": 5.651647801243733,
  "summary_csf_k": 0.2985512976992295,
  "summary_csf_mad": 91.43448723119522,
  "summary_csf_mean": 232.77157516199992,
  "summary_csf_median": 221.21539560332894,
  "summary_csf_n": 51312.0,
  "summary_csf_p05": 94.8967613093555,
  "summary_csf_p95": 413.1931215880437,
  "summary_csf_stdv": 95.71756301288626,
  "summary_gm_k": -0.0644776414614947,
  "summary_gm_mad": 60.22110599072141,
  "summary_gm_mean": 688.3968565725086,
  "summary_gm_median": 689.7484313696623,
  "summary_gm_n": 40997.0,
  "summary_gm_p05": 589.1263072639704,
  "summary_gm_p95": 782.9771735966206,
  "summary_gm_stdv": 59.12328361198339,
  "summary_wm_k": 0.4149844490919139,
  "summary_wm_mad": 34.55528501354381,
  "summary_wm_mean": 999.9534478879351,
  "summary_wm_median": 999.9999806955457,
  "summary_wm_n": 173497.0,
  "summary_wm_p05": 940.4471912942827,
  "summary_wm_p95": 1059.3724437095225,
  "summary_wm_stdv": 36.16544560812231,
  "tpm_overlap_csf": 0.15156152388631855,
  "tpm_overlap_gm": 0.4678838351046012,
  "tpm_overlap_wm": 0.5090861709181157,
  "wm2max": 0.41341487085271644
}