{
  "bids_meta": {
    "AcquisitionMatrixPE": 256,
    "AcquisitionNumber": 1,
    "AcquisitionTime": "12:24:5.152500",
    "BaseResolution": 256,
    "BodyPartExamined": "SKULL",
    "CoilString": "HC1-7;NC1_2",
    "ConsistencyInfo": "N4_VE11B_LATEST_20150530",
    "ConversionSoftware": "dcm2niix",
    "ConversionSoftwareVersion": "v1.0.20190902",
    "DeviceSerialNumber": "67036",
    "DwellTime": 8.5e-06,
    "EchoTime": 0.00207,
    "FlipAngle": 9,
    "ImageOrientationPatientDICOM": [
      0.0233968,
      0.981021,
      0.192486,
      0.0243224,
      0.191923,
      -0.981109
    ],
    "ImageType": [
      "ORIGINAL",
      "PRIMARY",
      "M",
      "ND",
      "NORM"
    ],
    "ImagingFrequency": 123.262,
    "InPlanePhaseEncodingDirectionDICOM": "ROW",
    "InstitutionAddress": "Philosophenweg_3_Jena_Thueringen_DE_07743",
    "InstitutionName": "IDIR_FSU_Jena",
    "InstitutionalDepartmentName": "Department",
    "InversionTime": 0.9,
    "MRAcquisitionType": "3D",
    "MagneticFieldStrength": 3,
    "Manufacturer": "Siemens",
    "ManufacturersModelName": "Prisma_fit",
    "Modality": "MR",
    "ParallelReductionFactorInPlane": 2,
    "PartialFourier": 1,
    "PatientPosition": "HFS",
    "PercentPhaseFOV": 100,
    "PhaseEncodingSteps": 255,
    "PhaseResolution": 1,
    "PixelBandwidth": 230,
    "ProcedureStepDescription": "FMRI",
    "ProtocolName": "MPRAGE_Jena_BW230_64channel",
    "PulseSequenceDetails": "%SiemensSeq%_tfl",
    "ReceiveCoilActiveElements": "HC1-7;NC1,2",
    "ReceiveCoilName": "HeadNeck_64",
    "ReconMatrixPE": 256,
    "RefLinesPE": 24,
    "RepetitionTime": 2.3,
    "SAR": 0.0509394,
    "ScanOptions": "IR",
    "ScanningSequence": "GR_IR",
    "SequenceName": "_tfl3d1_16ns",
    "SequenceVariant": "SK_SP_MP",
    "SeriesDescription": "MPRAGE_Jena_BW230_64channel",
    "SeriesNumber": 5,
    "ShimSetting": [
      -423,
      5582,
      1340,
      307,
      -33,
      -546,
      79,
      32
    ],
    "SliceThickness": 1,
    "SoftwareVersions": "syngo_MR_E11",
    "StationName": "AWP67036",
    "TxRefAmp": 242.366,
    "dataset": "ds003357",
    "modality": "T1w",
    "session_id": "01",
    "subject_id": "12"
  },
  "cjv": 0.29573976419935194,
  "cnr": 4.5271324631088685,
  "efc": 0.4924002272644649,
  "fber": -1.0,
  "fwhm_avg": 4.473806193760157,
  "fwhm_x": 4.232258305446251,
  "fwhm_y": 4.56143,
  "fwhm_z": 4.627730275834219,
  "icvs_csf": 0.22633997515531462,
  "icvs_gm": 0.4248056885453768,
  "icvs_wm": 0.34885433629930857,
  "inu_med": 0.4791245013475418,
  "inu_range": 0.182468019425869,
  "provenance": {
    "md5sum": "5f651fe472bd9db7b87b0eae222a23d9",
    "settings": {
      "testing": false
    },
    "software": "mriqc",
    "version": "22.0.6",
    "warnings": {
      "large_rot_frame": true,
      "small_air_mask": false
    },
    "webapi_port": null,
    "webapi_url": "https://mriqc.nimh.nih.gov/api/v1"
  },
  "qi_1": 0.0,
  "qi_2": 0.013728091073058158,
  "rpve_csf": 23.212729928637224,
  "rpve_gm": 12.932725722971824,
  "rpve_wm": 19.067295963797374,
  "size_x": 192,
  "size_y": 256,
  "size_z": 256,
  "snr_csf": 1.8495090832660028,
  "snr_gm": 10.86193835096191,
  "snr_total": 13.219784714856152,
  "snr_wm": 26.947906710340536,
  "snrd_csf": 31.71911119538024,
  "snrd_gm": 96.3046823885377,
  "snrd_total": 90.4057603812772,
  "snrd_wm": 143.19348755991365,
  "spacing_x": 1.0000051259994507,
  "spacing_y": 1.0,
  "spacing_z": 0.9999999403953552,
  "summary_bg_k": 13.27864162290475,
  "summary_bg_mad": 0.0,
  "summary_bg_mean": 1.9560594784713736,
  "summary_bg_median": 0.0,
  "summary_bg_n": 3430182.0,
  "summary_bg_p05": 0.0,
  "summary_bg_p95": 10.598914787173271,
  "summary_bg_stdv": 4.575182945267331,
  "summary_csf_k": 1.3467282927692157,
  "summary_csf_mad": 126.68922087371838,
  "summary_csf_mean": 230.93004795091898,
  "summary_csf_median": 221.51224780082703,
  "summary_csf_n": 33571.0,
  "summary_csf_p05": 61.919975861907005,
  "summary_csf_p95": 444.95157101750374,
  "summary_csf_stdv": 119.76634806486038,
  "summary_gm_k": 0.0591341794540412,
  "summary_gm_mad": 61.50254164670721,
  "summary_gm_mean": 670.8314662196647,
  "summary_gm_median": 672.5493201315403,
  "summary_gm_n": 46570.0,
  "summary_gm_p05": 566.1037596613169,
  "summary_gm_p95": 769.9173411428928,
  "summary_gm_stdv": 61.91731876200385,
  "summary_wm_k": 0.495847456358931,
  "summary_wm_mad": 35.3376461784259,
  "summary_wm_mean": 1000.2099886614812,
  "summary_wm_median": 1000.0000032931566,
  "summary_wm_n": 212926.0,
  "summary_wm_p05": 939.8549653142691,
  "summary_wm_p95": 1061.2607165127993,
  "summary_wm_stdv": 37.108546715912844,
  "tpm_overlap_csf": 0.1504458056101976,
  "tpm_overlap_gm": 0.47674327163693836,
  "tpm_overlap_wm": 0.5142435582293527,
  "wm2max": 0.4244935741502163
}