{
  "aor": 0.00024385600000000003,
  "aqi": 0.01008834636,
  "bids_meta": {
    "AcquisitionMatrixPE": 78,
    "AcquisitionNumber": 1,
    "AcquisitionTime": "10:18:30.940000",
    "BandwidthPerPixelPhaseEncode": 25.138,
    "BaseResolution": 78,
    "BodyPartExamined": "HEAD",
    "ConsistencyInfo": "N4_VE11B_LATEST_20150530",
    "ConversionSoftware": "dcm2niix",
    "ConversionSoftwareVersion": "v1.0.20190902",
    "DerivedVendorReportedEchoSpacing": 0.000510005,
    "DeviceSerialNumber": "67036",
    "DwellTime": 2.2e-06,
    "EchoTime": 0.03,
    "EchoTrainLength": 78,
    "EffectiveEchoSpacing": 0.000510005,
    "FlipAngle": 90,
    "ImageComments": "Unaliased_MB8_PE3_LB",
    "ImageOrientationPatientDICOM": [
      0.999962,
      0.00566796,
      -0.00658643,
      -0.00733023,
      0.957268,
      -0.289108
    ],
    "ImageType": [
      "ORIGINAL",
      "PRIMARY",
      "M",
      "MB",
      "ND",
      "MOSAIC"
    ],
    "ImagingFrequency": 123.255,
    "InPlanePhaseEncodingDirectionDICOM": "COL",
    "InstitutionAddress": "Philosophenweg_3_Jena_Thueringen_DE_07743",
    "InstitutionalDepartmentName": "Department",
    "MRAcquisitionType": "2D",
    "MagneticFieldStrength": 3,
    "Manufacturer": "Siemens",
    "ManufacturersModelName": "Prisma_fit",
    "Modality": "MR",
    "MultibandAccelerationFactor": 8,
    "PartialFourier": 1,
    "PatientPosition": "HFS",
    "PercentPhaseFOV": 100,
    "PhaseEncodingDirection": "j-",
    "PhaseEncodingSteps": 78,
    "PhaseResolution": 1,
    "PixelBandwidth": 2915,
    "ProcedureStepDescription": "FMRI",
    "ProtocolName": "cmrr_mbep2d_bold_2p5mm_MB8_verschachtelt",
    "PulseSequenceDetails": "%CustomerSeq%_cmrr_mbep2d_bold",
    "ReceiveCoilActiveElements": "HC1-7",
    "ReceiveCoilName": "HeadNeck_64",
    "ReconMatrixPE": 78,
    "RepetitionTime": 0.484,
    "SAR": 0.181367,
    "ScanOptions": "FS",
    "ScanningSequence": "EP",
    "SequenceName": "epfid2d1_78",
    "SequenceVariant": "SK_SS",
    "SeriesDescription": "cmrr_mbep2d_bold_2p5mm_MB8_verschachtelt",
    "SeriesNumber": 6,
    "ShimSetting": [
      -363,
      5520,
      1169,
      810,
      -57,
      -391,
      -181,
      78
    ],
    "SliceThickness": 2.5,
    "SliceTiming": [
      0,
      0.265,
      0.065,
      0.33,
      0.1325,
      0.3975,
      0.1975,
      0,
      0.265,
      0.065,
      0.33,
      0.1325,
      0.3975,
      0.1975,
      0,
      0.265,
      0.065,
      0.33,
      0.1325,
      0.3975,
      0.1975,
      0,
      0.265,
      0.065,
      0.33,
      0.1325,
      0.3975,
      0.1975,
      0,
      0.265,
      0.065,
      0.33,
      0.1325,
      0.3975,
      0.1975,
      0,
      0.265,
      0.065,
      0.33,
      0.1325,
      0.3975,
      0.1975,
      0,
      0.265,
      0.065,
      0.33,
      0.1325,
      0.3975,
      0.1975,
      0,
      0.265,
      0.065,
      0.33,
      0.1325,
      0.3975,
      0.1975
    ],
    "SoftwareVersions": "syngo_MR_E11",
    "SpacingBetweenSlices": 2.5,
    "StationName": "AWP67036",
    "TaskName": "rest",
    "TotalReadoutTime": 0.0392704,
    "TxRefAmp": 240.53,
    "WipMemBlock": "b5eb93b0-5e22-4186-a34d-75b14b5bd94a||Sequence: R016 ve11b/master r/b698769; Nov 21 2017 11:07:30 by eja",
    "dataset": "ds003357",
    "modality": "bold",
    "session_id": "02",
    "subject_id": "15",
    "task_id": "rest"
  },
  "dummy_trs": 0,
  "dvars_nstd": 55.742367902458035,
  "dvars_std": 1.0377373721457137,
  "dvars_vstd": 0.990697800016013,
  "efc": 0.5649219279979204,
  "fber": 326.3277282714844,
  "fd_mean": 0.08498890297821872,
  "fd_num": 14,
  "fd_perc": 1.12,
  "fwhm_avg": 3.0854239999999997,
  "fwhm_x": 2.877816,
  "fwhm_y": 3.198144,
  "fwhm_z": 3.180312,
  "gcor": 0.0103552,
  "gsr_x": -0.021350238472223282,
  "gsr_y": 0.09637396782636642,
  "provenance": {
    "md5sum": "635cf829f18b5444c688826883f172e3",
    "settings": {
      "fd_thres": 0.2,
      "testing": false
    },
    "software": "mriqc",
    "version": "22.0.6",
    "webapi_port": null,
    "webapi_url": "https://mriqc.nimh.nih.gov/api/v1"
  },
  "size_t": 1250,
  "size_x": 78,
  "size_y": 78,
  "size_z": 56,
  "snr": 2.5840109535468305,
  "spacing_tr": 0.48399999737739563,
  "spacing_x": 2.5,
  "spacing_y": 2.5,
  "spacing_z": 2.5,
  "summary_bg_k": 20.925854897821065,
  "summary_bg_mad": 26.662526170675008,
  "summary_bg_mean": 105.24535369873047,
  "summary_bg_median": 54.02199935913086,
  "summary_bg_n": 207742.0,
  "summary_bg_p05": 33.05120086669922,
  "summary_bg_p95": 368.5590438842773,
  "summary_bg_stdv": 138.8834228515625,
  "summary_fg_k": 0.6908922921581548,
  "summary_fg_mad": 395.8055653142094,
  "summary_fg_mean": 1113.6083984375,
  "summary_fg_median": 1055.48681640625,
  "summary_fg_n": 62846.0,
  "summary_fg_p05": 561.4483947753906,
  "summary_fg_p95": 1886.2277526855469,
  "summary_fg_stdv": 408.46514892578125,
  "tsnr": 23.865105485310778
}