{
  "aor": 0.00022226842105263156,
  "aqi": 0.009207387789473684,
  "bids_meta": {
    "AcquisitionMatrixPE": 78,
    "AcquisitionNumber": 1,
    "AcquisitionTime": "17:18:6.992500",
    "BandwidthPerPixelPhaseEncode": 25.138,
    "BaseResolution": 78,
    "BodyPartExamined": "HEAD",
    "ConsistencyInfo": "N4_VE11B_LATEST_20150530",
    "ConversionSoftware": "dcm2niix",
    "ConversionSoftwareVersion": "v1.0.20190902",
    "DerivedVendorReportedEchoSpacing": 0.000510005,
    "DeviceSerialNumber": "67036",
    "DwellTime": 2.2e-06,
    "EchoTime": 0.03,
    "EchoTrainLength": 78,
    "EffectiveEchoSpacing": 0.000510005,
    "FlipAngle": 90,
    "ImageComments": "Unaliased_MB8_PE3_LB",
    "ImageOrientationPatientDICOM": [
      0.999529,
      -0.00195638,
      0.030629,
      0.00314015,
      0.999248,
      -0.0386482
    ],
    "ImageType": [
      "ORIGINAL",
      "PRIMARY",
      "M",
      "MB",
      "ND",
      "MOSAIC"
    ],
    "ImagingFrequency": 123.262,
    "InPlanePhaseEncodingDirectionDICOM": "COL",
    "InstitutionAddress": "Philosophenweg_3_Jena_Thueringen_DE_07743",
    "InstitutionName": "FSU_Jena",
    "InstitutionalDepartmentName": "Department",
    "MRAcquisitionType": "2D",
    "MagneticFieldStrength": 3,
    "Manufacturer": "Siemens",
    "ManufacturersModelName": "Prisma_fit",
    "Modality": "MR",
    "MultibandAccelerationFactor": 8,
    "PartialFourier": 1,
    "PatientPosition": "HFS",
    "PercentPhaseFOV": 100,
    "PhaseEncodingDirection": "j-",
    "PhaseEncodingSteps": 78,
    "PhaseResolution": 1,
    "PixelBandwidth": 2915,
    "ProcedureStepDescription": "FMRI",
    "ProtocolName": "cmrr_mbep2d_bold_2p5mm_MB8_verschachtelt",
    "PulseSequenceDetails": "%CustomerSeq%_cmrr_mbep2d_bold",
    "ReceiveCoilActiveElements": "HC1-7",
    "ReceiveCoilName": "HeadNeck_64",
    "ReconMatrixPE": 78,
    "RepetitionTime": 0.484,
    "SAR": 0.192612,
    "ScanOptions": "FS",
    "ScanningSequence": "EP",
    "SequenceName": "epfid2d1_78",
    "SequenceVariant": "SK_SS",
    "SeriesDescription": "cmrr_mbep2d_bold_2p5mm_MB8_verschachtelt",
    "SeriesNumber": 6,
    "ShimSetting": [
      -411,
      5637,
      1442,
      612,
      -43,
      -53,
      30,
      52
    ],
    "SliceThickness": 2.5,
    "SliceTiming": [
      0,
      0.265,
      0.0675,
      0.3325,
      0.1325,
      0.3975,
      0.2,
      0,
      0.265,
      0.0675,
      0.3325,
      0.1325,
      0.3975,
      0.2,
      0,
      0.265,
      0.0675,
      0.3325,
      0.1325,
      0.3975,
      0.2,
      0,
      0.265,
      0.0675,
      0.3325,
      0.1325,
      0.3975,
      0.2,
      0,
      0.265,
      0.0675,
      0.3325,
      0.1325,
      0.3975,
      0.2,
      0,
      0.265,
      0.0675,
      0.3325,
      0.1325,
      0.3975,
      0.2,
      0,
      0.265,
      0.0675,
      0.3325,
      0.1325,
      0.3975,
      0.2,
      0,
      0.265,
      0.0675,
      0.3325,
      0.1325,
      0.3975,
      0.2
    ],
    "SoftwareVersions": "syngo_MR_E11",
    "SpacingBetweenSlices": 2.5,
    "StationName": "AWP67036",
    "TaskName": "rest",
    "TotalReadoutTime": 0.0392704,
    "TxRefAmp": 216.632,
    "WipMemBlock": "2d906218-5df4-4e33-82a8-760a15da6a38||Sequence: R016 ve11b/master r/b698769; Nov 21 2017 11:07:30 by eja",
    "dataset": "ds003357",
    "modality": "bold",
    "session_id": "02",
    "subject_id": "27",
    "task_id": "rest"
  },
  "dummy_trs": 0,
  "dvars_nstd": 51.718865384949986,
  "dvars_std": 1.0839296784992103,
  "dvars_vstd": 0.9861780067298586,
  "efc": 0.583430986297755,
  "fber": 361.2589416503906,
  "fd_mean": 0.10131963568250636,
  "fd_num": 153,
  "fd_perc": 8.052631578947368,
  "fwhm_avg": 3.1677346666666666,
  "fwhm_x": 2.907556,
  "fwhm_y": 3.300076,
  "fwhm_z": 3.295572,
  "gcor": 0.0148605,
  "gsr_x": -0.02145800180733204,
  "gsr_y": 0.07445882260799408,
  "provenance": {
    "md5sum": "afea9224cde7f1489230bff754ea6b3c",
    "settings": {
      "fd_thres": 0.2,
      "testing": false
    },
    "software": "mriqc",
    "version": "22.0.6",
    "webapi_port": null,
    "webapi_url": "https://mriqc.nimh.nih.gov/api/v1"
  },
  "size_t": 1900,
  "size_x": 78,
  "size_y": 78,
  "size_z": 56,
  "snr": 2.6121899898273298,
  "spacing_tr": 0.48399999737739563,
  "spacing_x": 2.5,
  "spacing_y": 2.5,
  "spacing_z": 2.5,
  "summary_bg_k": 13.825534293285823,
  "summary_bg_mad": 35.72759209694969,
  "summary_bg_mean": 131.10643005371094,
  "summary_bg_median": 62.536312103271484,
  "summary_bg_n": 197986.0,
  "summary_bg_p05": 33.9613151550293,
  "summary_bg_p95": 496.1604995727539,
  "summary_bg_stdv": 172.24070739746094,
  "summary_fg_k": 0.7592810686178844,
  "summary_fg_mad": 484.1952256530706,
  "summary_fg_mean": 1333.277587890625,
  "summary_fg_median": 1263.9051513671875,
  "summary_fg_n": 74451.0,
  "summary_fg_p05": 689.4305114746094,
  "summary_fg_p95": 2214.00830078125,
  "summary_fg_stdv": 483.8456115722656,
  "tsnr": 26.093372098635882
}