{
  "bids_meta": {
    "AcquisitionMatrixPE": 256,
    "AcquisitionNumber": 1,
    "AcquisitionTime": "18:07:42.417500",
    "BaseResolution": 256,
    "BodyPartExamined": "HEAD",
    "CoilString": "HC1-7;NC1_2",
    "ConsistencyInfo": "N4_VE11B_LATEST_20150530",
    "ConversionSoftware": "dcm2niix",
    "ConversionSoftwareVersion": "v1.0.20190902",
    "DeviceSerialNumber": "67036",
    "DwellTime": 8.5e-06,
    "EchoTime": 0.00207,
    "FlipAngle": 9,
    "ImageOrientationPatientDICOM": [
      -0.0949978,
      0.990609,
      -0.0983332,
      -0.0396193,
      -0.102464,
      -0.993947
    ],
    "ImageType": [
      "ORIGINAL",
      "PRIMARY",
      "M",
      "ND",
      "NORM"
    ],
    "ImagingFrequency": 123.262,
    "InPlanePhaseEncodingDirectionDICOM": "ROW",
    "InstitutionAddress": "Philosophenweg_3_Jena_Thueringen_DE_07743",
    "InstitutionName": "FSU_Jena",
    "InstitutionalDepartmentName": "Department",
    "InversionTime": 0.9,
    "MRAcquisitionType": "3D",
    "MagneticFieldStrength": 3,
    "Manufacturer": "Siemens",
    "ManufacturersModelName": "Prisma_fit",
    "Modality": "MR",
    "ParallelReductionFactorInPlane": 2,
    "PartialFourier": 1,
    "PatientPosition": "HFS",
    "PercentPhaseFOV": 100,
    "PhaseEncodingSteps": 255,
    "PhaseResolution": 1,
    "PixelBandwidth": 230,
    "ProcedureStepDescription": "FMRI",
    "ProtocolName": "MPRAGE_Jena_BW230_64channel",
    "PulseSequenceDetails": "%SiemensSeq%_tfl",
    "ReceiveCoilActiveElements": "HC1-7;NC1,2",
    "ReceiveCoilName": "HeadNeck_64",
    "ReconMatrixPE": 256,
    "RefLinesPE": 24,
    "RepetitionTime": 2.3,
    "SAR": 0.0472322,
    "ScanOptions": "IR",
    "ScanningSequence": "GR_IR",
    "SequenceName": "_tfl3d1_16ns",
    "SequenceVariant": "SK_SP_MP",
    "SeriesDescription": "MPRAGE_Jena_BW230_64channel",
    "SeriesNumber": 5,
    "ShimSetting": [
      -419,
      5669,
      1283,
      222,
      -21,
      -522,
      -66,
      -9
    ],
    "SliceThickness": 1,
    "SoftwareVersions": "syngo_MR_E11",
    "StationName": "AWP67036",
    "TxRefAmp": 217.268,
    "dataset": "ds003357",
    "modality": "T1w",
    "session_id": "02",
    "subject_id": "25"
  },
  "cjv": 0.29882080004866485,
  "cnr": 4.4930894653815034,
  "efc": 0.46172178403219016,
  "fber": -1.0,
  "fwhm_avg": 4.328941418311875,
  "fwhm_x": 4.189354007081022,
  "fwhm_y": 4.1583102478546055,
  "fwhm_z": 4.63916,
  "icvs_csf": 0.221915721120191,
  "icvs_gm": 0.448780247468336,
  "icvs_wm": 0.32930403141147296,
  "inu_med": 0.4722684621810913,
  "inu_range": 0.1638292253017425,
  "provenance": {
    "md5sum": "21325fb434c4df20536ee3d00d11f10d",
    "settings": {
      "testing": false
    },
    "software": "mriqc",
    "version": "22.0.6",
    "warnings": {
      "large_rot_frame": true,
      "small_air_mask": false
    },
    "webapi_port": null,
    "webapi_url": "https://mriqc.nimh.nih.gov/api/v1"
  },
  "qi_1": 0.00015788271783583583,
  "qi_2": 0.02160831277946671,
  "rpve_csf": 24.52426572644052,
  "rpve_gm": 12.820251789385852,
  "rpve_wm": 19.993888750311797,
  "size_x": 192,
  "size_y": 256,
  "size_z": 256,
  "snr_csf": 2.019690447041369,
  "snr_gm": 12.120464396794882,
  "snr_total": 13.747144548744657,
  "snr_wm": 27.101278802397722,
  "snrd_csf": 28.728547998097408,
  "snrd_gm": 88.27672110250775,
  "snrd_total": 81.44507714100816,
  "snrd_wm": 127.32996232241932,
  "spacing_x": 1.0000014305114746,
  "spacing_y": 0.9999999403953552,
  "spacing_z": 1.0,
  "summary_bg_k": 8.094750618456187,
  "summary_bg_mad": 0.0,
  "summary_bg_mean": 3.0348641358066657,
  "summary_bg_median": 0.0,
  "summary_bg_n": 3367027.0,
  "summary_bg_p05": 0.0,
  "summary_bg_p95": 11.990855634212494,
  "summary_bg_stdv": 5.145426710409414,
  "summary_csf_k": 0.7121784753633418,
  "summary_csf_mad": 101.54715305180434,
  "summary_csf_mean": 242.2308815475006,
  "summary_csf_median": 225.63337683677673,
  "summary_csf_n": 44333.0,
  "summary_csf_p05": 89.87076312303542,
  "summary_csf_p95": 454.92466449737555,
  "summary_csf_stdv": 111.71555145813812,
  "summary_gm_k": 0.0914345227723623,
  "summary_gm_mad": 56.584176564288796,
  "summary_gm_mean": 691.6823887991036,
  "summary_gm_median": 693.323403596878,
  "summary_gm_n": 49113.0,
  "summary_gm_p05": 595.0170502066612,
  "summary_gm_p95": 783.2034981250764,
  "summary_gm_stdv": 57.20212711431517,
  "summary_wm_k": 0.4692055938704671,
  "summary_wm_mad": 35.07112166026213,
  "summary_wm_mean": 1000.5441758514563,
  "summary_wm_median": 1000.0466912984848,
  "summary_wm_n": 184613.0,
  "summary_wm_p05": 940.9322395920753,
  "summary_wm_p95": 1061.6339653730392,
  "summary_wm_stdv": 36.90025072586489,
  "tpm_overlap_csf": 0.15160110459408535,
  "tpm_overlap_gm": 0.4619350513429993,
  "tpm_overlap_wm": 0.4950169200040649,
  "wm2max": 0.39867163148069024
}