{
  "bids_meta": {
    "AcquisitionMatrixPE": 256,
    "AcquisitionNumber": 1,
    "AcquisitionTime": "10:02:12.292500",
    "BaseResolution": 256,
    "BodyPartExamined": "SKULL",
    "CoilString": "HC1-7;NC1_2",
    "ConsistencyInfo": "N4_VE11B_LATEST_20150530",
    "ConversionSoftware": "dcm2niix",
    "ConversionSoftwareVersion": "v1.0.20190902",
    "DeviceSerialNumber": "67036",
    "DwellTime": 8.5e-06,
    "EchoTime": 0.00207,
    "FlipAngle": 9,
    "ImageOrientationPatientDICOM": [
      0.0340751,
      0.991112,
      0.128595,
      0.06067,
      0.126381,
      -0.990125
    ],
    "ImageType": [
      "ORIGINAL",
      "PRIMARY",
      "M",
      "ND",
      "NORM"
    ],
    "ImagingFrequency": 123.262,
    "InPlanePhaseEncodingDirectionDICOM": "ROW",
    "InstitutionAddress": "Philosophenweg_3_Jena_Thueringen_DE_07743",
    "InstitutionName": "FSU_Jena",
    "InstitutionalDepartmentName": "Department",
    "InversionTime": 0.9,
    "MRAcquisitionType": "3D",
    "MagneticFieldStrength": 3,
    "Manufacturer": "Siemens",
    "ManufacturersModelName": "Prisma_fit",
    "Modality": "MR",
    "ParallelReductionFactorInPlane": 2,
    "PartialFourier": 1,
    "PatientPosition": "HFS",
    "PercentPhaseFOV": 100,
    "PhaseEncodingSteps": 255,
    "PhaseResolution": 1,
    "PixelBandwidth": 230,
    "ProcedureStepDescription": "FMRI",
    "ProtocolName": "MPRAGE_Jena_BW230_64channel",
    "PulseSequenceDetails": "%SiemensSeq%_tfl",
    "ReceiveCoilActiveElements": "HC1-7;NC1,2",
    "ReceiveCoilName": "HeadNeck_64",
    "ReconMatrixPE": 256,
    "RefLinesPE": 24,
    "RepetitionTime": 2.3,
    "SAR": 0.0429013,
    "ScanOptions": "IR",
    "ScanningSequence": "GR_IR",
    "SequenceName": "_tfl3d1_16ns",
    "SequenceVariant": "SK_SP_MP",
    "SeriesDescription": "MPRAGE_Jena_BW230_64channel",
    "SeriesNumber": 5,
    "ShimSetting": [
      -424,
      5589,
      1332,
      307,
      -55,
      -353,
      261,
      14
    ],
    "SliceThickness": 1,
    "SoftwareVersions": "syngo_MR_E11",
    "StationName": "AWP67036",
    "TxRefAmp": 220.443,
    "dataset": "ds003357",
    "modality": "T1w",
    "session_id": "02",
    "subject_id": "19"
  },
  "cjv": 0.2956435349111297,
  "cnr": 4.5683170935343185,
  "efc": 0.5013466618870307,
  "fber": 8720.891632653062,
  "fwhm_avg": 4.3670188886935595,
  "fwhm_x": 4.1235964045921065,
  "fwhm_y": 4.3870502614885725,
  "fwhm_z": 4.59041,
  "icvs_csf": 0.24436409337130538,
  "icvs_gm": 0.42790594289198663,
  "icvs_wm": 0.32772996373670793,
  "inu_med": 0.5452888607978821,
  "inu_range": 0.18466193079948423,
  "provenance": {
    "md5sum": "93ed9b518b8806e30f92dc88de697952",
    "settings": {
      "testing": false
    },
    "software": "mriqc",
    "version": "22.0.6",
    "warnings": {
      "large_rot_frame": true,
      "small_air_mask": false
    },
    "webapi_port": null,
    "webapi_url": "https://mriqc.nimh.nih.gov/api/v1"
  },
  "qi_1": 0.0,
  "qi_2": 0.02176447204844172,
  "rpve_csf": 19.416264159407827,
  "rpve_gm": 11.311865819356182,
  "rpve_wm": 17.528224014650633,
  "size_x": 160,
  "size_y": 256,
  "size_z": 256,
  "snr_csf": 1.8687786341966128,
  "snr_gm": 9.838801116288142,
  "snr_total": 12.06177275977565,
  "snr_wm": 24.477738528842195,
  "snrd_csf": 19.9680058048758,
  "snrd_gm": 63.53902954146827,
  "snrd_total": 60.64248158994508,
  "snrd_wm": 98.42040942349115,
  "spacing_x": 1.0000057220458984,
  "spacing_y": 0.9999999403953552,
  "spacing_z": 1.0,
  "summary_bg_k": 3.946462625168799,
  "summary_bg_mad": 0.0,
  "summary_bg_mean": 4.937578482479628,
  "summary_bg_median": 0.0,
  "summary_bg_n": 2457009.0,
  "summary_bg_p05": 0.0,
  "summary_bg_p95": 19.115591909736395,
  "summary_bg_stdv": 6.656509589710275,
  "summary_csf_k": -0.29548074777870337,
  "summary_csf_mad": 111.6613468169587,
  "summary_csf_mean": 217.51154136422605,
  "summary_csf_median": 202.88480708375573,
  "summary_csf_n": 45193.0,
  "summary_csf_p05": 56.94749443605542,
  "summary_csf_p95": 410.5609896853566,
  "summary_csf_stdv": 108.56425619932872,
  "summary_gm_k": -0.0020149841745991104,
  "summary_gm_mad": 65.48727099602945,
  "summary_gm_mean": 644.1624302222397,
  "summary_gm_median": 645.5879408679903,
  "summary_gm_n": 39939.0,
  "summary_gm_p05": 532.386703242734,
  "summary_gm_p95": 749.0017957948148,
  "summary_gm_stdv": 65.61570368304976,
  "summary_wm_k": 0.3643520773339999,
  "summary_wm_mad": 39.29236259761767,
  "summary_wm_mean": 999.3818720238947,
  "summary_wm_median": 999.999998703599,
  "summary_wm_n": 187369.0,
  "summary_wm_p05": 930.9742451496422,
  "summary_wm_p95": 1064.9331190027297,
  "summary_wm_stdv": 40.85333818688608,
  "tpm_overlap_csf": 0.14878994301863752,
  "tpm_overlap_gm": 0.46696151396618596,
  "tpm_overlap_wm": 0.49203367781807067,
  "wm2max": 0.38317077835150126
}