{
  "bids_meta": {
    "AcquisitionMatrixPE": 256,
    "AcquisitionNumber": 1,
    "AcquisitionTime": "15:14:13.835000",
    "BaseResolution": 256,
    "BodyPartExamined": "SKULL",
    "CoilString": "HC1-7;NC1_2",
    "ConsistencyInfo": "N4_VE11B_LATEST_20150530",
    "ConversionSoftware": "dcm2niix",
    "ConversionSoftwareVersion": "v1.0.20190902",
    "DeviceSerialNumber": "67036",
    "DwellTime": 8.5e-06,
    "EchoTime": 0.00207,
    "FlipAngle": 9,
    "ImageOrientationPatientDICOM": [
      0.0244179,
      0.998827,
      0.0418234,
      -0.0489484,
      0.0429802,
      -0.997876
    ],
    "ImageType": [
      "ORIGINAL",
      "PRIMARY",
      "M",
      "ND",
      "NORM"
    ],
    "ImagingFrequency": 123.262,
    "InPlanePhaseEncodingDirectionDICOM": "ROW",
    "InstitutionAddress": "Philosophenweg_3_Jena_Thueringen_DE_07743",
    "InstitutionName": "PFL",
    "InstitutionalDepartmentName": "Department",
    "InversionTime": 0.9,
    "MRAcquisitionType": "3D",
    "MagneticFieldStrength": 3,
    "Manufacturer": "Siemens",
    "ManufacturersModelName": "Prisma_fit",
    "Modality": "MR",
    "ParallelReductionFactorInPlane": 2,
    "PartialFourier": 1,
    "PatientPosition": "HFS",
    "PercentPhaseFOV": 100,
    "PhaseEncodingSteps": 255,
    "PhaseResolution": 1,
    "PixelBandwidth": 230,
    "ProcedureStepDescription": "FMRI",
    "ProtocolName": "MPRAGE_Jena_BW230_64channel",
    "PulseSequenceDetails": "%SiemensSeq%_tfl",
    "ReceiveCoilActiveElements": "HC1-7;NC1,2",
    "ReceiveCoilName": "HeadNeck_64",
    "ReconMatrixPE": 256,
    "RefLinesPE": 24,
    "RepetitionTime": 2.3,
    "SAR": 0.052856,
    "ScanOptions": "IR",
    "ScanningSequence": "GR_IR",
    "SequenceName": "_tfl3d1_16ns",
    "SequenceVariant": "SK_SP_MP",
    "SeriesDescription": "MPRAGE_Jena_BW230_64channel",
    "SeriesNumber": 5,
    "ShimSetting": [
      -438,
      5621,
      1332,
      328,
      -20,
      -385,
      -3,
      12
    ],
    "SliceThickness": 1,
    "SoftwareVersions": "syngo_MR_E11",
    "StationName": "AWP67036",
    "TxRefAmp": 259.453,
    "dataset": "ds003357",
    "modality": "T1w",
    "session_id": "02",
    "subject_id": "11"
  },
  "cjv": 0.32396058328359567,
  "cnr": 4.206643243414893,
  "efc": 0.5341582176340084,
  "fber": -1.0,
  "fwhm_avg": 4.600680400734327,
  "fwhm_x": 4.341251202202983,
  "fwhm_y": 4.64779,
  "fwhm_z": 4.813,
  "icvs_csf": 0.22309578466079613,
  "icvs_gm": 0.41228567669916394,
  "icvs_wm": 0.36461853864003996,
  "inu_med": 0.46645501255989075,
  "inu_range": 0.16511087417602544,
  "provenance": {
    "md5sum": "c409d810b4616e38a914151a53f5326c",
    "settings": {
      "testing": false
    },
    "software": "mriqc",
    "version": "22.0.6",
    "warnings": {
      "large_rot_frame": true,
      "small_air_mask": false
    },
    "webapi_port": null,
    "webapi_url": "https://mriqc.nimh.nih.gov/api/v1"
  },
  "qi_1": 2.4509761012323157e-06,
  "qi_2": 0.01191668072480254,
  "rpve_csf": 19.774154466639143,
  "rpve_gm": 11.079109399636252,
  "rpve_wm": 15.485574968013252,
  "size_x": 192,
  "size_y": 256,
  "size_z": 256,
  "snr_csf": 2.219081616501573,
  "snr_gm": 11.569350136481829,
  "snr_total": 13.290765602679954,
  "snr_wm": 26.08386505505646,
  "snrd_csf": 21.89356171243439,
  "snrd_gm": 61.92008843799063,
  "snrd_total": 57.51778389538259,
  "snrd_wm": 88.73970153572276,
  "spacing_x": 1.0000020265579224,
  "spacing_y": 1.0,
  "spacing_z": 1.0,
  "summary_bg_k": 7.377796466293162,
  "summary_bg_mad": 0.0,
  "summary_bg_mean": 4.405940482448033,
  "summary_bg_median": 0.0,
  "summary_bg_n": 2620573.0,
  "summary_bg_p05": 0.0,
  "summary_bg_p95": 19.77986888587475,
  "summary_bg_stdv": 7.382675153693242,
  "summary_csf_k": 0.09609710557903028,
  "summary_csf_mad": 107.68514906989445,
  "summary_csf_mean": 262.81968313698064,
  "summary_csf_median": 246.71664416790009,
  "summary_csf_n": 36792.0,
  "summary_csf_p05": 104.43451741598548,
  "summary_csf_p95": 469.55919927731156,
  "summary_csf_stdv": 111.17810604770195,
  "summary_gm_k": -0.05562292531391799,
  "summary_gm_mad": 61.01632897518178,
  "summary_gm_mean": 696.4690400268946,
  "summary_gm_median": 697.7720951326191,
  "summary_gm_n": 42850.0,
  "summary_gm_p05": 596.4800246283412,
  "summary_gm_p95": 793.8001682721078,
  "summary_gm_stdv": 60.31142154245951,
  "summary_wm_k": 0.4399967960317892,
  "summary_wm_mad": 36.8935942640634,
  "summary_wm_mean": 1000.7658597849487,
  "summary_wm_median": 999.9999842382967,
  "summary_wm_n": 275275.0,
  "summary_wm_p05": 939.3842570073903,
  "summary_wm_p95": 1064.406853005662,
  "summary_wm_stdv": 38.33780637035498,
  "tpm_overlap_csf": 0.15529612758563108,
  "tpm_overlap_gm": 0.4525752499907934,
  "tpm_overlap_wm": 0.5053619878150236,
  "wm2max": 0.3790816737885995
}