{
  "bids_meta": {
    "AcquisitionMatrixPE": 256,
    "AcquisitionNumber": 1,
    "AcquisitionTime": "11:49:15.232500",
    "BaseResolution": 256,
    "BodyPartExamined": "HEAD",
    "CoilString": "HC1-7;NC1_2",
    "ConsistencyInfo": "N4_VE11B_LATEST_20150530",
    "ConversionSoftware": "dcm2niix",
    "ConversionSoftwareVersion": "v1.0.20190902",
    "DeviceSerialNumber": "67036",
    "DwellTime": 8.5e-06,
    "EchoTime": 0.00207,
    "FlipAngle": 9,
    "ImageOrientationPatientDICOM": [
      0.0466797,
      0.997686,
      0.0494257,
      0.0722588,
      0.0459775,
      -0.996326
    ],
    "ImageType": [
      "ORIGINAL",
      "PRIMARY",
      "M",
      "ND",
      "NORM"
    ],
    "ImagingFrequency": 123.262,
    "InPlanePhaseEncodingDirectionDICOM": "ROW",
    "InstitutionAddress": "Philosophenweg_3_Jena_Thueringen_DE_07743",
    "InstitutionName": "FSU_Jena",
    "InstitutionalDepartmentName": "Department",
    "InversionTime": 0.9,
    "MRAcquisitionType": "3D",
    "MagneticFieldStrength": 3,
    "Manufacturer": "Siemens",
    "ManufacturersModelName": "Prisma_fit",
    "Modality": "MR",
    "ParallelReductionFactorInPlane": 2,
    "PartialFourier": 1,
    "PatientPosition": "HFS",
    "PercentPhaseFOV": 100,
    "PhaseEncodingSteps": 255,
    "PhaseResolution": 1,
    "PixelBandwidth": 230,
    "ProcedureStepDescription": "FMRI",
    "ProtocolName": "MPRAGE_Jena_BW230_64channel",
    "PulseSequenceDetails": "%SiemensSeq%_tfl",
    "ReceiveCoilActiveElements": "HC1-7;NC1,2",
    "ReceiveCoilName": "HeadNeck_64",
    "ReconMatrixPE": 256,
    "RefLinesPE": 24,
    "RepetitionTime": 2.3,
    "SAR": 0.0526495,
    "ScanOptions": "IR",
    "ScanningSequence": "GR_IR",
    "SequenceName": "_tfl3d1_16ns",
    "SequenceVariant": "SK_SP_MP",
    "SeriesDescription": "MPRAGE_Jena_BW230_64channel",
    "SeriesNumber": 5,
    "ShimSetting": [
      -395,
      5598,
      1342,
      269,
      -25,
      -445,
      137,
      2
    ],
    "SliceThickness": 1,
    "SoftwareVersions": "syngo_MR_E11",
    "StationName": "AWP67036",
    "TxRefAmp": 257.712,
    "dataset": "ds003357",
    "modality": "T1w",
    "session_id": "01",
    "subject_id": "18"
  },
  "cjv": 0.2979462243666328,
  "cnr": 4.55439215514313,
  "efc": 0.5294744692818829,
  "fber": -1.0,
  "fwhm_avg": 4.443907723187034,
  "fwhm_x": 4.090493169561101,
  "fwhm_y": 4.59977,
  "fwhm_z": 4.64146,
  "icvs_csf": 0.22443957985219945,
  "icvs_gm": 0.44895867560903374,
  "icvs_wm": 0.3266017445387668,
  "inu_med": 0.5304547548294067,
  "inu_range": 0.2011323377490044,
  "provenance": {
    "md5sum": "aa7f67f8e30426dfaa7fd5c84e5a0c6e",
    "settings": {
      "testing": false
    },
    "software": "mriqc",
    "version": "22.0.6",
    "warnings": {
      "large_rot_frame": true,
      "small_air_mask": false
    },
    "webapi_port": null,
    "webapi_url": "https://mriqc.nimh.nih.gov/api/v1"
  },
  "qi_1": 0.0,
  "qi_2": 0.014417148800575364,
  "rpve_csf": 20.85392814778007,
  "rpve_gm": 11.163508692808984,
  "rpve_wm": 17.946845977288852,
  "size_x": 192,
  "size_y": 256,
  "size_z": 256,
  "snr_csf": 2.186993106962533,
  "snr_gm": 11.212625349497968,
  "snr_total": 13.067877748503923,
  "snr_wm": 25.80401478905127,
  "snrd_csf": 25.672716756629057,
  "snrd_gm": 76.34269025324325,
  "snrd_total": 71.79424373289685,
  "snrd_wm": 113.3673241888182,
  "spacing_x": 0.9999992251396179,
  "spacing_y": 1.0,
  "spacing_z": 1.0,
  "summary_bg_k": 6.195672394371734,
  "summary_bg_mad": 0.0,
  "summary_bg_mean": 3.455505062940054,
  "summary_bg_median": 0.0,
  "summary_bg_n": 2866788.0,
  "summary_bg_p05": 0.0,
  "summary_bg_p95": 12.101058021187782,
  "summary_bg_stdv": 5.778882254947118,
  "summary_csf_k": 0.3361430056038688,
  "summary_csf_mad": 96.14214457153868,
  "summary_csf_mean": 237.65299402831468,
  "summary_csf_median": 226.45605907589197,
  "summary_csf_n": 36751.0,
  "summary_csf_p05": 84.79978063702583,
  "summary_csf_p95": 433.6058500111103,
  "summary_csf_stdv": 103.5453552107748,
  "summary_gm_k": -0.02349164383888125,
  "summary_gm_mad": 60.46546556742781,
  "summary_gm_mean": 671.9221795972401,
  "summary_gm_median": 673.4100227057934,
  "summary_gm_n": 52309.0,
  "summary_gm_p05": 570.3200933039188,
  "summary_gm_p95": 766.43113283813,
  "summary_gm_stdv": 60.057619410117155,
  "summary_wm_k": 0.520183680693822,
  "summary_wm_mad": 36.840793290233485,
  "summary_wm_mean": 999.8750299178721,
  "summary_wm_median": 1000.0000275447965,
  "summary_wm_n": 212792.0,
  "summary_wm_p05": 936.3540048226714,
  "summary_wm_p95": 1062.9070543572307,
  "summary_wm_stdv": 38.753569396258385,
  "tpm_overlap_csf": 0.1588105700056398,
  "tpm_overlap_gm": 0.4724022333974688,
  "tpm_overlap_wm": 0.5014586577998907,
  "wm2max": 0.4302958443420069
}