{
  "aor": 0.00023906315789473686,
  "aqi": 0.011129298357894737,
  "bids_meta": {
    "AcquisitionMatrixPE": 78,
    "AcquisitionNumber": 1,
    "AcquisitionTime": "10:20:55.202500",
    "BandwidthPerPixelPhaseEncode": 25.138,
    "BaseResolution": 78,
    "BodyPartExamined": "SKULL",
    "ConsistencyInfo": "N4_VE11B_LATEST_20150530",
    "ConversionSoftware": "dcm2niix",
    "ConversionSoftwareVersion": "v1.0.20190902",
    "DerivedVendorReportedEchoSpacing": 0.000510005,
    "DeviceSerialNumber": "67036",
    "DwellTime": 2.2e-06,
    "EchoTime": 0.03,
    "EchoTrainLength": 78,
    "EffectiveEchoSpacing": 0.000510005,
    "FlipAngle": 90,
    "ImageComments": "Unaliased_MB8_PE3_LB",
    "ImageOrientationPatientDICOM": [
      0.99736,
      0.0397323,
      -0.0607783,
      -0.0466854,
      0.99196,
      -0.117628
    ],
    "ImageType": [
      "ORIGINAL",
      "PRIMARY",
      "M",
      "MB",
      "ND",
      "MOSAIC"
    ],
    "ImagingFrequency": 123.262,
    "InPlanePhaseEncodingDirectionDICOM": "COL",
    "InstitutionAddress": "Philosophenweg_3_Jena_Thueringen_DE_07743",
    "InstitutionName": "FSU_Jena",
    "InstitutionalDepartmentName": "Department",
    "MRAcquisitionType": "2D",
    "MagneticFieldStrength": 3,
    "Manufacturer": "Siemens",
    "ManufacturersModelName": "Prisma_fit",
    "Modality": "MR",
    "MultibandAccelerationFactor": 8,
    "PartialFourier": 1,
    "PatientPosition": "HFS",
    "PercentPhaseFOV": 100,
    "PhaseEncodingDirection": "j-",
    "PhaseEncodingSteps": 78,
    "PhaseResolution": 1,
    "PixelBandwidth": 2915,
    "ProcedureStepDescription": "FMRI",
    "ProtocolName": "cmrr_mbep2d_bold_2p5mm_MB8_verschachtelt",
    "PulseSequenceDetails": "%CustomerSeq%_cmrr_mbep2d_bold",
    "ReceiveCoilActiveElements": "HC1-7",
    "ReceiveCoilName": "HeadNeck_64",
    "ReconMatrixPE": 78,
    "RepetitionTime": 0.484,
    "SAR": 0.198457,
    "ScanOptions": "FS",
    "ScanningSequence": "EP",
    "SequenceName": "epfid2d1_78",
    "SequenceVariant": "SK_SS",
    "SeriesDescription": "cmrr_mbep2d_bold_2p5mm_MB8_verschachtelt",
    "SeriesNumber": 6,
    "ShimSetting": [
      -393,
      5672,
      1355,
      435,
      73,
      -301,
      -50,
      34
    ],
    "SliceThickness": 2.5,
    "SliceTiming": [
      0,
      0.265,
      0.0675,
      0.3325,
      0.1325,
      0.3975,
      0.2,
      0,
      0.265,
      0.0675,
      0.3325,
      0.1325,
      0.3975,
      0.2,
      0,
      0.265,
      0.0675,
      0.3325,
      0.1325,
      0.3975,
      0.2,
      0,
      0.265,
      0.0675,
      0.3325,
      0.1325,
      0.3975,
      0.2,
      0,
      0.265,
      0.0675,
      0.3325,
      0.1325,
      0.3975,
      0.2,
      0,
      0.265,
      0.0675,
      0.3325,
      0.1325,
      0.3975,
      0.2,
      0,
      0.265,
      0.0675,
      0.3325,
      0.1325,
      0.3975,
      0.2,
      0,
      0.265,
      0.0675,
      0.3325,
      0.1325,
      0.3975,
      0.2
    ],
    "SoftwareVersions": "syngo_MR_E11",
    "SpacingBetweenSlices": 2.5,
    "StationName": "AWP67036",
    "TaskName": "rest",
    "TotalReadoutTime": 0.0392704,
    "TxRefAmp": 233.519,
    "WipMemBlock": "bd381430-b9a9-4a0b-94f1-afcf6a225bd1||Sequence: ve11b/master r/93e61f0; Jul 21 2016 00:18:29 by eja",
    "dataset": "ds003357",
    "modality": "bold",
    "session_id": "01",
    "subject_id": "17",
    "task_id": "rest"
  },
  "dummy_trs": 0,
  "dvars_nstd": 58.475445759979024,
  "dvars_std": 1.1086303326540292,
  "dvars_vstd": 0.9949612480147438,
  "efc": 0.6282365426921466,
  "fber": 145.4086151123047,
  "fd_mean": 0.16628541207557582,
  "fd_num": 607,
  "fd_perc": 31.94736842105263,
  "fwhm_avg": 3.270344311884338,
  "fwhm_x": 3.0990082955444618,
  "fwhm_y": 3.229312307971221,
  "fwhm_z": 3.4827123321373303,
  "gcor": 0.0153096,
  "gsr_x": 0.005219957325607538,
  "gsr_y": 0.09971202164888382,
  "provenance": {
    "md5sum": "1df1ac796ef4285cb5b3a3d3b4dd25d2",
    "settings": {
      "fd_thres": 0.2,
      "testing": false
    },
    "software": "mriqc",
    "version": "22.0.6",
    "webapi_port": null,
    "webapi_url": "https://mriqc.nimh.nih.gov/api/v1"
  },
  "size_t": 1900,
  "size_x": 78,
  "size_y": 78,
  "size_z": 56,
  "snr": 2.3209249569210786,
  "spacing_tr": 0.48399999737739563,
  "spacing_x": 2.499999761581421,
  "spacing_y": 2.499999761581421,
  "spacing_z": 2.499999761581421,
  "summary_bg_k": 17.375926357999123,
  "summary_bg_mad": 61.15773175518147,
  "summary_bg_mean": 209.89230346679688,
  "summary_bg_median": 90.20999908447266,
  "summary_bg_n": 184768.0,
  "summary_bg_p05": 39.391078567504884,
  "summary_bg_p95": 818.6099304199215,
  "summary_bg_stdv": 305.4754638671875,
  "summary_fg_k": -0.06927655090058815,
  "summary_fg_mad": 547.6428907840034,
  "summary_fg_mean": 1320.05810546875,
  "summary_fg_median": 1230.4984130859375,
  "summary_fg_n": 76887.0,
  "summary_fg_p05": 606.0032043457031,
  "summary_fg_p95": 2291.589819335937,
  "summary_fg_stdv": 530.1724243164062,
  "tsnr": 23.6714104085695
}