{
  "aor": 0.00027079473684210527,
  "aqi": 0.01515158612631579,
  "bids_meta": {
    "AcquisitionMatrixPE": 78,
    "AcquisitionNumber": 1,
    "AcquisitionTime": "15:20:55.185000",
    "BandwidthPerPixelPhaseEncode": 25.138,
    "BaseResolution": 78,
    "BodyPartExamined": "SKULL",
    "ConsistencyInfo": "N4_VE11B_LATEST_20150530",
    "ConversionSoftware": "dcm2niix",
    "ConversionSoftwareVersion": "v1.0.20190902",
    "DerivedVendorReportedEchoSpacing": 0.000510005,
    "DeviceSerialNumber": "67036",
    "DwellTime": 2.2e-06,
    "EchoTime": 0.03,
    "EchoTrainLength": 78,
    "EffectiveEchoSpacing": 0.000510005,
    "FlipAngle": 90,
    "ImageComments": "Unaliased_MB8_PE3_LB",
    "ImageOrientationPatientDICOM": [
      0.997488,
      -0.0320061,
      -0.063188,
      0.0195011,
      0.981704,
      -0.189411
    ],
    "ImageType": [
      "ORIGINAL",
      "PRIMARY",
      "M",
      "MB",
      "ND",
      "MOSAIC"
    ],
    "ImagingFrequency": 123.262,
    "InPlanePhaseEncodingDirectionDICOM": "COL",
    "InstitutionAddress": "Philosophenweg_3_Jena_Thueringen_DE_07743",
    "InstitutionName": "PFL",
    "InstitutionalDepartmentName": "Department",
    "MRAcquisitionType": "2D",
    "MagneticFieldStrength": 3,
    "Manufacturer": "Siemens",
    "ManufacturersModelName": "Prisma_fit",
    "Modality": "MR",
    "MultibandAccelerationFactor": 8,
    "PartialFourier": 1,
    "PatientPosition": "HFS",
    "PercentPhaseFOV": 100,
    "PhaseEncodingDirection": "j-",
    "PhaseEncodingSteps": 78,
    "PhaseResolution": 1,
    "PixelBandwidth": 2915,
    "ProcedureStepDescription": "FMRI",
    "ProtocolName": "cmrr_mbep2d_bold_2p5mm_MB8_verschachtelt",
    "PulseSequenceDetails": "%CustomerSeq%_cmrr_mbep2d_bold",
    "ReceiveCoilActiveElements": "HC1-7",
    "ReceiveCoilName": "HeadNeck_64",
    "ReconMatrixPE": 78,
    "RepetitionTime": 0.484,
    "SAR": 0.207001,
    "ScanOptions": "FS",
    "ScanningSequence": "EP",
    "SequenceName": "epfid2d1_78",
    "SequenceVariant": "SK_SS",
    "SeriesDescription": "cmrr_mbep2d_bold_2p5mm_MB8_verschachtelt",
    "SeriesNumber": 6,
    "ShimSetting": [
      -433,
      5651,
      1350,
      527,
      -2,
      -104,
      -60,
      -1
    ],
    "SliceThickness": 2.5,
    "SliceTiming": [
      0,
      0.265,
      0.0675,
      0.3325,
      0.1325,
      0.3975,
      0.2,
      0,
      0.265,
      0.0675,
      0.3325,
      0.1325,
      0.3975,
      0.2,
      0,
      0.265,
      0.0675,
      0.3325,
      0.1325,
      0.3975,
      0.2,
      0,
      0.265,
      0.0675,
      0.3325,
      0.1325,
      0.3975,
      0.2,
      0,
      0.265,
      0.0675,
      0.3325,
      0.1325,
      0.3975,
      0.2,
      0,
      0.265,
      0.0675,
      0.3325,
      0.1325,
      0.3975,
      0.2,
      0,
      0.265,
      0.0675,
      0.3325,
      0.1325,
      0.3975,
      0.2,
      0,
      0.265,
      0.0675,
      0.3325,
      0.1325,
      0.3975,
      0.2
    ],
    "SoftwareVersions": "syngo_MR_E11",
    "SpacingBetweenSlices": 2.5,
    "StationName": "AWP67036",
    "TaskName": "rest",
    "TotalReadoutTime": 0.0392704,
    "TxRefAmp": 259.453,
    "WipMemBlock": "94d16e72-d9c1-4a3c-94d0-0a0143a86ea4||Sequence: R016 ve11b/master r/b698769; Nov 21 2017 11:07:30 by eja",
    "dataset": "ds003357",
    "modality": "bold",
    "session_id": "02",
    "subject_id": "11",
    "task_id": "rest"
  },
  "dummy_trs": 0,
  "dvars_nstd": 60.98800301599778,
  "dvars_std": 1.084129334992102,
  "dvars_vstd": 0.9874977636229587,
  "efc": 0.6566887907241433,
  "fber": 125.97669219970703,
  "fd_mean": 0.11168423094987144,
  "fd_num": 155,
  "fd_perc": 8.157894736842104,
  "fwhm_avg": 2.9805134198780148,
  "fwhm_x": 2.7224602596340426,
  "fwhm_y": 3.0706040000000003,
  "fwhm_z": 3.148476,
  "gcor": 0.0106275,
  "gsr_x": -0.009011834859848022,
  "gsr_y": 0.07687819749116898,
  "provenance": {
    "md5sum": "550914a5fb8a987a364c2c14a5a8cbc4",
    "settings": {
      "fd_thres": 0.2,
      "testing": false
    },
    "software": "mriqc",
    "version": "22.0.6",
    "webapi_port": null,
    "webapi_url": "https://mriqc.nimh.nih.gov/api/v1"
  },
  "size_t": 1900,
  "size_x": 78,
  "size_y": 78,
  "size_z": 56,
  "snr": 2.582763959407692,
  "spacing_tr": 0.48399999737739563,
  "spacing_x": 2.499999761581421,
  "spacing_y": 2.5,
  "spacing_z": 2.5,
  "summary_bg_k": 10.435237305226835,
  "summary_bg_mad": 68.29567891759085,
  "summary_bg_mean": 191.1008758544922,
  "summary_bg_median": 94.19841766357422,
  "summary_bg_n": 176599.0,
  "summary_bg_p05": 38.19941787719726,
  "summary_bg_p95": 682.7578857421876,
  "summary_bg_stdv": 234.7995147705078,
  "summary_fg_k": 0.09739449795718791,
  "summary_fg_mad": 464.0688824386855,
  "summary_fg_mean": 1213.836669921875,
  "summary_fg_median": 1155.301513671875,
  "summary_fg_n": 88116.0,
  "summary_fg_p05": 605.8336486816406,
  "summary_fg_p95": 2030.5667724609375,
  "summary_fg_stdv": 447.3095397949219,
  "tsnr": 21.229908789740875
}