{
  "bids_meta": {
    "AcquisitionMatrixPE": 256,
    "AcquisitionNumber": 1,
    "AcquisitionTime": "11:37:32.190000",
    "BaseResolution": 256,
    "BodyPartExamined": "HEAD",
    "CoilString": "HC1-7;NC1_2",
    "ConsistencyInfo": "N4_VE11B_LATEST_20150530",
    "ConversionSoftware": "dcm2niix",
    "ConversionSoftwareVersion": "v1.0.20190902",
    "DeviceSerialNumber": "67036",
    "DwellTime": 8.5e-06,
    "EchoTime": 0.00207,
    "FlipAngle": 9,
    "ImageOrientationPatientDICOM": [
      -0.0503035,
      0.980634,
      -0.189278,
      0.0698178,
      -0.185601,
      -0.980142
    ],
    "ImageType": [
      "ORIGINAL",
      "PRIMARY",
      "M",
      "ND",
      "NORM"
    ],
    "ImagingFrequency": 123.262,
    "InPlanePhaseEncodingDirectionDICOM": "ROW",
    "InstitutionAddress": "Philosophenweg_3_Jena_Thueringen_DE_07743",
    "InstitutionName": "FSU_Jena",
    "InstitutionalDepartmentName": "Department",
    "InversionTime": 0.9,
    "MRAcquisitionType": "3D",
    "MagneticFieldStrength": 3,
    "Manufacturer": "Siemens",
    "ManufacturersModelName": "Prisma_fit",
    "Modality": "MR",
    "ParallelReductionFactorInPlane": 2,
    "PartialFourier": 1,
    "PatientPosition": "HFS",
    "PercentPhaseFOV": 100,
    "PhaseEncodingSteps": 255,
    "PhaseResolution": 1,
    "PixelBandwidth": 230,
    "ProcedureStepDescription": "FMRI",
    "ProtocolName": "MPRAGE_Jena_BW230_64channel",
    "PulseSequenceDetails": "%SiemensSeq%_tfl",
    "ReceiveCoilActiveElements": "HC1-7;NC1,2",
    "ReceiveCoilName": "HeadNeck_64",
    "ReconMatrixPE": 256,
    "RefLinesPE": 24,
    "RepetitionTime": 2.3,
    "SAR": 0.0435869,
    "ScanOptions": "IR",
    "ScanningSequence": "GR_IR",
    "SequenceName": "_tfl3d1_16ns",
    "SequenceVariant": "SK_SP_MP",
    "SeriesDescription": "MPRAGE_Jena_BW230_64channel",
    "SeriesNumber": 5,
    "ShimSetting": [
      -402,
      5630,
      1325,
      240,
      -18,
      -385,
      109,
      -34
    ],
    "SliceThickness": 1,
    "SoftwareVersions": "syngo_MR_E11",
    "StationName": "AWP67036",
    "TxRefAmp": 225.448,
    "dataset": "ds003357",
    "modality": "T1w",
    "session_id": "01",
    "subject_id": "16"
  },
  "cjv": 0.28927637973793513,
  "cnr": 4.703578362176474,
  "efc": 0.4902043415894114,
  "fber": -1.0,
  "fwhm_avg": 4.708553118204471,
  "fwhm_x": 4.3705190588640885,
  "fwhm_y": 4.79329,
  "fwhm_z": 4.961850295749325,
  "icvs_csf": 0.2195389153927439,
  "icvs_gm": 0.43117106813495876,
  "icvs_wm": 0.34929001647229735,
  "inu_med": 0.45171254873275757,
  "inu_range": 0.17064007222652422,
  "provenance": {
    "md5sum": "6dc74384769065b890174e528b985423",
    "settings": {
      "testing": false
    },
    "software": "mriqc",
    "version": "22.0.6",
    "warnings": {
      "large_rot_frame": true,
      "small_air_mask": false
    },
    "webapi_port": null,
    "webapi_url": "https://mriqc.nimh.nih.gov/api/v1"
  },
  "qi_1": 7.505929684450716e-06,
  "qi_2": 0.015961627363789543,
  "rpve_csf": 23.209674120788,
  "rpve_gm": 12.49477182385781,
  "rpve_wm": 18.204398298804183,
  "size_x": 192,
  "size_y": 256,
  "size_z": 256,
  "snr_csf": 1.9579980305411608,
  "snr_gm": 11.918513106160948,
  "snr_total": 14.098111939803458,
  "snr_wm": 28.41782468270826,
  "snrd_csf": 36.26931990563823,
  "snrd_gm": 116.43195494122,
  "snrd_total": 107.71291433239388,
  "snrd_wm": 170.43746815032338,
  "spacing_x": 1.0000025033950806,
  "spacing_y": 1.0,
  "spacing_z": 0.9999999403953552,
  "summary_bg_k": 21.096391793938306,
  "summary_bg_mad": 0.0,
  "summary_bg_mean": 1.3973434329342744,
  "summary_bg_median": 0.0,
  "summary_bg_n": 3228992.0,
  "summary_bg_p05": 0.0,
  "summary_bg_p95": 9.403574422001839,
  "summary_bg_stdv": 3.8438519935085087,
  "summary_csf_k": 0.26779817456050914,
  "summary_csf_mad": 112.45839799953586,
  "summary_csf_mean": 219.91141616463935,
  "summary_csf_median": 212.80133056640625,
  "summary_csf_n": 43909.0,
  "summary_csf_p05": 67.38362444937229,
  "summary_csf_p95": 420.56317649781704,
  "summary_csf_stdv": 108.68188017800037,
  "summary_gm_k": 0.04830009616349695,
  "summary_gm_mad": 57.53864609976252,
  "summary_gm_mean": 683.42549948729,
  "summary_gm_median": 683.1359120160341,
  "summary_gm_n": 63335.0,
  "summary_gm_p05": 589.8119300588966,
  "summary_gm_p95": 777.1716562360525,
  "summary_gm_stdv": 57.31675695396014,
  "summary_wm_k": 0.3395223537650591,
  "summary_wm_mad": 34.12265089985917,
  "summary_wm_mean": 999.9330107726543,
  "summary_wm_median": 1000.0000026226044,
  "summary_wm_n": 233159.0,
  "summary_wm_p05": 942.0199525952339,
  "summary_wm_p95": 1057.0968440026045,
  "summary_wm_stdv": 35.189106461390054,
  "tpm_overlap_csf": 0.16702645408009612,
  "tpm_overlap_gm": 0.4814184178844609,
  "tpm_overlap_wm": 0.5323554566541471,
  "wm2max": 0.38881706528765353
}