{
  "bids_meta": {
    "AcquisitionMatrixPE": 256,
    "AcquisitionNumber": 1,
    "AcquisitionTime": "11:43:13.442500",
    "BaseResolution": 256,
    "BodyPartExamined": "SKULL",
    "CoilString": "HC1-7;NC1_2",
    "ConsistencyInfo": "N4_VE11B_LATEST_20150530",
    "ConversionSoftware": "dcm2niix",
    "ConversionSoftwareVersion": "v1.0.20190902",
    "DeviceSerialNumber": "67036",
    "DwellTime": 8.5e-06,
    "EchoTime": 0.00207,
    "FlipAngle": 9,
    "ImageOrientationPatientDICOM": [
      0.0451174,
      0.991094,
      0.125287,
      0.0331018,
      0.123862,
      -0.991747
    ],
    "ImageType": [
      "ORIGINAL",
      "PRIMARY",
      "M",
      "ND",
      "NORM"
    ],
    "ImagingFrequency": 123.262,
    "InPlanePhaseEncodingDirectionDICOM": "ROW",
    "InstitutionAddress": "Philosophenweg_3_Jena_Thueringen_DE_07743",
    "InstitutionName": "IDIR_FSU_Jena",
    "InstitutionalDepartmentName": "Department",
    "InversionTime": 0.9,
    "MRAcquisitionType": "3D",
    "MagneticFieldStrength": 3,
    "Manufacturer": "Siemens",
    "ManufacturersModelName": "Prisma_fit",
    "Modality": "MR",
    "ParallelReductionFactorInPlane": 2,
    "PartialFourier": 1,
    "PatientPosition": "HFS",
    "PercentPhaseFOV": 100,
    "PhaseEncodingSteps": 255,
    "PhaseResolution": 1,
    "PixelBandwidth": 230,
    "ProcedureStepDescription": "FMRI",
    "ProtocolName": "MPRAGE_Jena_BW230_64channel",
    "PulseSequenceDetails": "%SiemensSeq%_tfl",
    "ReceiveCoilActiveElements": "HC1-7;NC1,2",
    "ReceiveCoilName": "HeadNeck_64",
    "ReconMatrixPE": 256,
    "RefLinesPE": 24,
    "RepetitionTime": 2.3,
    "SAR": 0.0483655,
    "ScanOptions": "IR",
    "ScanningSequence": "GR_IR",
    "SequenceName": "_tfl3d1_16ns",
    "SequenceVariant": "SK_SP_MP",
    "SeriesDescription": "MPRAGE_Jena_BW230_64channel",
    "SeriesNumber": 5,
    "ShimSetting": [
      -430,
      5603,
      1350,
      371,
      -36,
      -304,
      63,
      27
    ],
    "SliceThickness": 1,
    "SoftwareVersions": "syngo_MR_E11",
    "StationName": "AWP67036",
    "TxRefAmp": 232.373,
    "dataset": "ds003357",
    "modality": "T1w",
    "session_id": "01",
    "subject_id": "28"
  },
  "cjv": 0.31128055470038807,
  "cnr": 4.432758505303106,
  "efc": 0.5185865814673911,
  "fber": -1.0,
  "fwhm_avg": 4.5855428183347895,
  "fwhm_x": 4.315638167324322,
  "fwhm_y": 4.61452,
  "fwhm_z": 4.8264702876800465,
  "icvs_csf": 0.24586818175662656,
  "icvs_gm": 0.43221044344922965,
  "icvs_wm": 0.3219213747941438,
  "inu_med": 0.5702371597290039,
  "inu_range": 0.22992148250341415,
  "provenance": {
    "md5sum": "861eaa3feaf01f0ea402958f20cc2f81",
    "settings": {
      "testing": false
    },
    "software": "mriqc",
    "version": "22.0.6",
    "warnings": {
      "large_rot_frame": true,
      "small_air_mask": false
    },
    "webapi_port": null,
    "webapi_url": "https://mriqc.nimh.nih.gov/api/v1"
  },
  "qi_1": 0.0,
  "qi_2": 0.025832820619300787,
  "rpve_csf": 19.87516944009506,
  "rpve_gm": 11.452023988005998,
  "rpve_wm": 17.739823961310677,
  "size_x": 192,
  "size_y": 256,
  "size_z": 256,
  "snr_csf": 2.451206032646193,
  "snr_gm": 11.956320515981796,
  "snr_total": 13.253543832198643,
  "snr_wm": 25.353104947967935,
  "snrd_csf": 28.357794963762924,
  "snrd_gm": 93.33898294421228,
  "snrd_total": 85.68669981530707,
  "snrd_wm": 135.363321537946,
  "spacing_x": 1.0000027418136597,
  "spacing_y": 1.0,
  "spacing_z": 0.9999999403953552,
  "summary_bg_k": 7.73730201978338,
  "summary_bg_mad": 0.0,
  "summary_bg_mean": 2.6682613150053265,
  "summary_bg_median": 0.0,
  "summary_bg_n": 3001095.0,
  "summary_bg_p05": 0.0,
  "summary_bg_p95": 12.254287362098694,
  "summary_bg_stdv": 4.839837090040927,
  "summary_csf_k": 1.7223630225502262,
  "summary_csf_mad": 72.73494214031876,
  "summary_csf_mean": 215.55666969513948,
  "summary_csf_median": 209.4939433336258,
  "summary_csf_n": 68974.0,
  "summary_csf_p05": 90.17147970199585,
  "summary_csf_p95": 369.9435519397258,
  "summary_csf_stdv": 85.46504124651996,
  "summary_gm_k": -0.11767800458552236,
  "summary_gm_mad": 59.12426882420626,
  "summary_gm_mean": 688.6247348532235,
  "summary_gm_median": 689.5441492795944,
  "summary_gm_n": 48566.0,
  "summary_gm_p05": 594.1865547895432,
  "summary_gm_p95": 782.015921831131,
  "summary_gm_stdv": 57.67134205538747,
  "summary_wm_k": 0.4680434165798313,
  "summary_wm_mad": 37.51461210135793,
  "summary_wm_mean": 1000.1118260338867,
  "summary_wm_median": 1000.0000369548798,
  "summary_wm_n": 209658.0,
  "summary_wm_p05": 935.759131193161,
  "summary_wm_p95": 1064.9937658309937,
  "summary_wm_stdv": 39.442808057158345,
  "tpm_overlap_csf": 0.16130893716906927,
  "tpm_overlap_gm": 0.43609024459855855,
  "tpm_overlap_wm": 0.4801342821483646,
  "wm2max": 0.4631069328918763
}