{
  "aor": 0.00027409162717219587,
  "aqi": 0.008543273507109005,
  "bids_meta": {
    "AcquisitionMatrixPE": 78,
    "AcquisitionNumber": 1,
    "AcquisitionTime": "11:46:33.735000",
    "BandwidthPerPixelPhaseEncode": 25.138,
    "BaseResolution": 78,
    "BodyPartExamined": "SKULL",
    "ConsistencyInfo": "N4_VE11B_LATEST_20150530",
    "ConversionSoftware": "dcm2niix",
    "ConversionSoftwareVersion": "v1.0.20190902",
    "DerivedVendorReportedEchoSpacing": 0.000510005,
    "DeviceSerialNumber": "67036",
    "DwellTime": 2.2e-06,
    "EchoTime": 0.03,
    "EchoTrainLength": 78,
    "EffectiveEchoSpacing": 0.000510005,
    "FlipAngle": 90,
    "ImageComments": "Unaliased_MB8_PE3_LB",
    "ImageOrientationPatientDICOM": [
      0.998047,
      -0.0201509,
      0.0591197,
      0.0252633,
      0.995884,
      -0.0870445
    ],
    "ImageType": [
      "ORIGINAL",
      "PRIMARY",
      "M",
      "MB",
      "ND",
      "MOSAIC"
    ],
    "ImagingFrequency": 123.262,
    "InPlanePhaseEncodingDirectionDICOM": "COL",
    "InstitutionAddress": "Philosophenweg_3_Jena_Thueringen_DE_07743",
    "InstitutionName": "FSU_Jena",
    "InstitutionalDepartmentName": "Department",
    "MRAcquisitionType": "2D",
    "MagneticFieldStrength": 3,
    "Manufacturer": "Siemens",
    "ManufacturersModelName": "Prisma_fit",
    "Modality": "MR",
    "MultibandAccelerationFactor": 8,
    "PartialFourier": 1,
    "PatientPosition": "HFS",
    "PercentPhaseFOV": 100,
    "PhaseEncodingDirection": "j-",
    "PhaseEncodingSteps": 78,
    "PhaseResolution": 1,
    "PixelBandwidth": 2915,
    "ProcedureStepDescription": "FMRI",
    "ProtocolName": "cmrr_mbep2d_bold_2p5mm_MB8_verschachtelt",
    "PulseSequenceDetails": "%CustomerSeq%_cmrr_mbep2d_bold",
    "ReceiveCoilActiveElements": "HC1-7",
    "ReceiveCoilName": "HeadNeck_64",
    "ReconMatrixPE": 78,
    "RepetitionTime": 0.484,
    "SAR": 0.180423,
    "ScanOptions": "FS",
    "ScanningSequence": "EP",
    "SequenceName": "epfid2d1_78",
    "SequenceVariant": "SK_SS",
    "SeriesDescription": "cmrr_mbep2d_bold_2p5mm_MB8_verschachtelt",
    "SeriesNumber": 6,
    "ShimSetting": [
      -451,
      5632,
      1416,
      588,
      -195,
      -63,
      -50,
      58
    ],
    "SliceThickness": 2.5,
    "SliceTiming": [
      0,
      0.265,
      0.0675,
      0.3325,
      0.1325,
      0.3975,
      0.2,
      0,
      0.265,
      0.0675,
      0.3325,
      0.1325,
      0.3975,
      0.2,
      0,
      0.265,
      0.0675,
      0.3325,
      0.1325,
      0.3975,
      0.2,
      0,
      0.265,
      0.0675,
      0.3325,
      0.1325,
      0.3975,
      0.2,
      0,
      0.265,
      0.0675,
      0.3325,
      0.1325,
      0.3975,
      0.2,
      0,
      0.265,
      0.0675,
      0.3325,
      0.1325,
      0.3975,
      0.2,
      0,
      0.265,
      0.0675,
      0.3325,
      0.1325,
      0.3975,
      0.2,
      0,
      0.265,
      0.0675,
      0.3325,
      0.1325,
      0.3975,
      0.2
    ],
    "SoftwareVersions": "syngo_MR_E11",
    "SpacingBetweenSlices": 2.5,
    "StationName": "AWP67036",
    "TaskName": "rest",
    "TotalReadoutTime": 0.0392704,
    "TxRefAmp": 209.38,
    "WipMemBlock": "fe35b778-b15f-4a86-962f-71bab36616b4||Sequence: R016 ve11b/master r/b698769; Nov 21 2017 11:07:30 by eja",
    "dataset": "ds003357",
    "modality": "bold",
    "session_id": "01",
    "subject_id": "23",
    "task_id": "rest"
  },
  "dummy_trs": 1,
  "dvars_nstd": 50.24102745421503,
  "dvars_std": 1.0861418050210747,
  "dvars_vstd": 0.9770138632086419,
  "efc": 0.5704365317659356,
  "fber": 396.7401123046875,
  "fd_mean": 0.07639338062194051,
  "fd_num": 16,
  "fd_perc": 0.842548709847288,
  "fwhm_avg": 3.6832786666666664,
  "fwhm_x": 3.5311399999999997,
  "fwhm_y": 3.745924,
  "fwhm_z": 3.772772,
  "gcor": 0.0230233,
  "gsr_x": -0.029334656894207,
  "gsr_y": 0.08849381655454636,
  "provenance": {
    "md5sum": "d8f8fb22329d417715995bfd254d0fdd",
    "settings": {
      "fd_thres": 0.2,
      "testing": false
    },
    "software": "mriqc",
    "version": "22.0.6",
    "webapi_port": null,
    "webapi_url": "https://mriqc.nimh.nih.gov/api/v1"
  },
  "size_t": 1899,
  "size_x": 78,
  "size_y": 78,
  "size_z": 56,
  "snr": 2.2381043406359407,
  "spacing_tr": 0.48399999737739563,
  "spacing_x": 2.5,
  "spacing_y": 2.5,
  "spacing_z": 2.5,
  "summary_bg_k": 19.981843555286538,
  "summary_bg_mad": 39.8866056624761,
  "summary_bg_mean": 135.52748107910156,
  "summary_bg_median": 66.18852233886719,
  "summary_bg_n": 193027.0,
  "summary_bg_p05": 34.82759399414063,
  "summary_bg_p95": 522.7641418457027,
  "summary_bg_stdv": 174.14285278320312,
  "summary_fg_k": 0.3860299579384998,
  "summary_fg_mad": 636.6211036637069,
  "summary_fg_mean": 1558.5164794921875,
  "summary_fg_median": 1435.2264404296875,
  "summary_fg_n": 77603.0,
  "summary_fg_p05": 740.9360107421875,
  "summary_fg_p95": 2774.6697021484374,
  "summary_fg_stdv": 641.2646484375,
  "tsnr": 25.403783295303583
}