{
  "bids_meta": {
    "AcquisitionMatrixPE": 256,
    "AcquisitionNumber": 1,
    "AcquisitionTime": "18:37:17.902500",
    "BaseResolution": 256,
    "BodyPartExamined": "HEAD",
    "CoilString": "HC1-7;NC1_2",
    "ConsistencyInfo": "N4_VE11B_LATEST_20150530",
    "ConversionSoftware": "dcm2niix",
    "ConversionSoftwareVersion": "v1.0.20190902",
    "DeviceSerialNumber": "67036",
    "DwellTime": 8.5e-06,
    "EchoTime": 0.00207,
    "FlipAngle": 9,
    "ImageOrientationPatientDICOM": [
      0.00327535,
      0.999949,
      0.00959842,
      0.0125223,
      0.0095567,
      -0.999876
    ],
    "ImageType": [
      "ORIGINAL",
      "PRIMARY",
      "M",
      "ND",
      "NORM"
    ],
    "ImagingFrequency": 123.262,
    "InPlanePhaseEncodingDirectionDICOM": "ROW",
    "InstitutionAddress": "Philosophenweg_3_Jena_Thueringen_DE_07743",
    "InstitutionName": "FSU_Jena",
    "InstitutionalDepartmentName": "Department",
    "InversionTime": 0.9,
    "MRAcquisitionType": "3D",
    "MagneticFieldStrength": 3,
    "Manufacturer": "Siemens",
    "ManufacturersModelName": "Prisma_fit",
    "Modality": "MR",
    "ParallelReductionFactorInPlane": 2,
    "PartialFourier": 1,
    "PatientPosition": "HFS",
    "PercentPhaseFOV": 100,
    "PhaseEncodingSteps": 255,
    "PhaseResolution": 1,
    "PixelBandwidth": 230,
    "ProcedureStepDescription": "FMRI",
    "ProtocolName": "MPRAGE_Jena_BW230_64channel",
    "PulseSequenceDetails": "%SiemensSeq%_tfl",
    "ReceiveCoilActiveElements": "HC1-7;NC1,2",
    "ReceiveCoilName": "HeadNeck_64",
    "ReconMatrixPE": 256,
    "RefLinesPE": 24,
    "RepetitionTime": 2.3,
    "SAR": 0.0424691,
    "ScanOptions": "IR",
    "ScanningSequence": "GR_IR",
    "SequenceName": "_tfl3d1_16ns",
    "SequenceVariant": "SK_SP_MP",
    "SeriesDescription": "MPRAGE_Jena_BW230_64channel",
    "SeriesNumber": 5,
    "ShimSetting": [
      -425,
      5613,
      1296,
      239,
      -39,
      -588,
      59,
      27
    ],
    "SliceThickness": 1,
    "SoftwareVersions": "syngo_MR_E11",
    "StationName": "AWP67036",
    "TxRefAmp": 225.915,
    "dataset": "ds003357",
    "modality": "T1w",
    "session_id": "02",
    "subject_id": "05"
  },
  "cjv": 0.30899275095771783,
  "cnr": 4.427354186277646,
  "efc": 0.4481317698468385,
  "fber": -1.0,
  "fwhm_avg": 4.5860536762262205,
  "fwhm_x": 4.314591028678662,
  "fwhm_y": 4.66024,
  "fwhm_z": 4.78333,
  "icvs_csf": 0.24013629341915796,
  "icvs_gm": 0.4341682175812196,
  "icvs_wm": 0.3256954889996224,
  "inu_med": 0.5025008618831635,
  "inu_range": 0.1550856694579124,
  "provenance": {
    "md5sum": "243d83d4fad4ea27d910d4daef55b557",
    "settings": {
      "testing": false
    },
    "software": "mriqc",
    "version": "22.0.6",
    "warnings": {
      "large_rot_frame": true,
      "small_air_mask": false
    },
    "webapi_port": null,
    "webapi_url": "https://mriqc.nimh.nih.gov/api/v1"
  },
  "qi_1": 4.9717635397693735e-05,
  "qi_2": 0.019973870554638857,
  "rpve_csf": 24.44539429412041,
  "rpve_gm": 13.748256407191725,
  "rpve_wm": 21.04743619729662,
  "size_x": 192,
  "size_y": 256,
  "size_z": 256,
  "snr_csf": 1.7847526639653275,
  "snr_gm": 11.03319296905282,
  "snr_total": 12.999704784178638,
  "snr_wm": 26.18116871951776,
  "snrd_csf": 23.682982820962142,
  "snrd_gm": 94.75813289670539,
  "snrd_total": 86.01661980734735,
  "snrd_wm": 139.60874370437455,
  "spacing_x": 0.9999997615814209,
  "spacing_y": 1.0,
  "spacing_z": 1.0,
  "summary_bg_k": 13.726801402239104,
  "summary_bg_mad": 0.0,
  "summary_bg_mean": 1.9196224121933032,
  "summary_bg_median": 0.0,
  "summary_bg_n": 3563961.0,
  "summary_bg_p05": 0.0,
  "summary_bg_p95": 10.885375529527664,
  "summary_bg_stdv": 4.692660409897067,
  "summary_csf_k": 1.1396563089961873,
  "summary_csf_mad": 91.30181037075174,
  "summary_csf_mean": 180.908980152435,
  "summary_csf_median": 169.63825528882444,
  "summary_csf_n": 63104.0,
  "summary_csf_p05": 57.19514125213027,
  "summary_csf_p95": 364.8946788497269,
  "summary_csf_stdv": 95.04785430049623,
  "summary_gm_k": 0.0008277065814512596,
  "summary_gm_mad": 62.18957597824918,
  "summary_gm_mean": 678.1505752705393,
  "summary_gm_median": 678.7407000437379,
  "summary_gm_n": 50240.0,
  "summary_gm_p05": 577.3002608418465,
  "summary_gm_p95": 777.8351531401277,
  "summary_gm_stdv": 61.51745436981244,
  "summary_wm_k": 0.3423262022382474,
  "summary_wm_mad": 37.0772304210367,
  "summary_wm_mean": 1000.2995277300383,
  "summary_wm_median": 1000.0000373311341,
  "summary_wm_n": 182898.0,
  "summary_wm_p05": 938.2067633122206,
  "summary_wm_p95": 1062.8255452364683,
  "summary_wm_stdv": 38.19528892221049,
  "tpm_overlap_csf": 0.15318978596923258,
  "tpm_overlap_gm": 0.4685652405245586,
  "tpm_overlap_wm": 0.5017217665317365,
  "wm2max": 0.3968088473497049
}