{
  "bids_meta": {
    "AcquisitionMatrixPE": 256,
    "AcquisitionNumber": 1,
    "AcquisitionTime": "14:06:17.735000",
    "BaseResolution": 256,
    "BodyPartExamined": "HEAD",
    "CoilString": "HC1-7;NC1_2",
    "ConsistencyInfo": "N4_VE11B_LATEST_20150530",
    "ConversionSoftware": "dcm2niix",
    "ConversionSoftwareVersion": "v1.0.20190902",
    "DeviceSerialNumber": "67036",
    "DwellTime": 8.5e-06,
    "EchoTime": 0.00207,
    "FlipAngle": 9,
    "ImageOrientationPatientDICOM": [
      0.0810697,
      0.995144,
      0.0558205,
      0.0103112,
      0.0551645,
      -0.998424
    ],
    "ImageType": [
      "ORIGINAL",
      "PRIMARY",
      "M",
      "ND",
      "NORM"
    ],
    "ImagingFrequency": 123.262,
    "InPlanePhaseEncodingDirectionDICOM": "ROW",
    "InstitutionAddress": "Philosophenweg_3_Jena_Thueringen_DE_07743",
    "InstitutionName": "FSU_Jena",
    "InstitutionalDepartmentName": "Department",
    "InversionTime": 0.9,
    "MRAcquisitionType": "3D",
    "MagneticFieldStrength": 3,
    "Manufacturer": "Siemens",
    "ManufacturersModelName": "Prisma_fit",
    "Modality": "MR",
    "ParallelReductionFactorInPlane": 2,
    "PartialFourier": 1,
    "PatientPosition": "HFS",
    "PercentPhaseFOV": 100,
    "PhaseEncodingSteps": 255,
    "PhaseResolution": 1,
    "PixelBandwidth": 230,
    "ProcedureStepDescription": "FMRI",
    "ProtocolName": "MPRAGE_Jena_BW230_64channel",
    "PulseSequenceDetails": "%SiemensSeq%_tfl",
    "ReceiveCoilActiveElements": "HC1-7;NC1,2",
    "ReceiveCoilName": "HeadNeck_64",
    "ReconMatrixPE": 256,
    "RefLinesPE": 24,
    "RepetitionTime": 2.3,
    "SAR": 0.0484234,
    "ScanOptions": "IR",
    "ScanningSequence": "GR_IR",
    "SequenceName": "_tfl3d1_16ns",
    "SequenceVariant": "SK_SP_MP",
    "SeriesDescription": "MPRAGE_Jena_BW230_64channel",
    "SeriesNumber": 5,
    "ShimSetting": [
      -420,
      5588,
      1321,
      -50,
      -31,
      -247,
      1,
      -8
    ],
    "SliceThickness": 1,
    "SoftwareVersions": "syngo_MR_E11",
    "StationName": "AWP67036",
    "TxRefAmp": 218.88,
    "dataset": "ds003357",
    "modality": "T1w",
    "session_id": "01",
    "subject_id": "13"
  },
  "cjv": 0.32504303509101223,
  "cnr": 4.10571195895816,
  "efc": 0.4733170100309203,
  "fber": 4673.733010380623,
  "fwhm_avg": 4.625373668414579,
  "fwhm_x": 4.416811587523829,
  "fwhm_y": 4.57479,
  "fwhm_z": 4.88451941771991,
  "icvs_csf": 0.26948662695818115,
  "icvs_gm": 0.40394392937258466,
  "icvs_wm": 0.3265694436692342,
  "inu_med": 0.6526733338832855,
  "inu_range": 0.2474109053611756,
  "provenance": {
    "md5sum": "74502abb08d2b51c92edd4bed3819f40",
    "settings": {
      "testing": false
    },
    "software": "mriqc",
    "version": "22.0.6",
    "warnings": {
      "large_rot_frame": true,
      "small_air_mask": false
    },
    "webapi_port": null,
    "webapi_url": "https://mriqc.nimh.nih.gov/api/v1"
  },
  "qi_1": 0.0006148560035174536,
  "qi_2": 0.007311919813815214,
  "rpve_csf": 22.47648086601804,
  "rpve_gm": 14.582573692856698,
  "rpve_wm": 21.254873009508145,
  "size_x": 192,
  "size_y": 256,
  "size_z": 256,
  "snr_csf": 2.08776527665744,
  "snr_gm": 10.57900642691214,
  "snr_total": 11.128420377838355,
  "snr_wm": 20.718489429945485,
  "snrd_csf": 9.29163523883197,
  "snrd_gm": 31.04238579209541,
  "snrd_total": 28.924426276243754,
  "snrd_wm": 46.43925779780389,
  "spacing_x": 0.9999951124191284,
  "spacing_y": 1.0,
  "spacing_z": 1.0000001192092896,
  "summary_bg_k": 21.130107474185206,
  "summary_bg_mad": 0.0,
  "summary_bg_mean": 7.031271975769844,
  "summary_bg_median": 0.0,
  "summary_bg_n": 3204012.0,
  "summary_bg_p05": 0.0,
  "summary_bg_p95": 30.96083326637745,
  "summary_bg_stdv": 14.107383033756571,
  "summary_csf_k": 0.42740131340825327,
  "summary_csf_mad": 88.00874452869081,
  "summary_csf_mean": 212.00323319667126,
  "summary_csf_median": 200.08147513121367,
  "summary_csf_n": 74796.0,
  "summary_csf_p05": 69.9528601244092,
  "summary_csf_p95": 392.7137272208929,
  "summary_csf_stdv": 95.83459397913519,
  "summary_gm_k": 0.03809573557898638,
  "summary_gm_mad": 63.07293357889508,
  "summary_gm_mean": 667.7653995267215,
  "summary_gm_median": 668.4513738676906,
  "summary_gm_n": 34814.0,
  "summary_gm_p05": 562.5123647766188,
  "summary_gm_p95": 769.4814613685012,
  "summary_gm_stdv": 63.18568554548569,
  "summary_wm_k": 0.949780509035679,
  "summary_wm_mad": 44.69463692731553,
  "summary_wm_mean": 1001.3518183462826,
  "summary_wm_median": 999.9999962709844,
  "summary_wm_n": 182349.0,
  "summary_wm_p05": 924.7512041404843,
  "summary_wm_p95": 1082.290632057935,
  "summary_wm_stdv": 48.265934524509404,
  "tpm_overlap_csf": 0.154406547793407,
  "tpm_overlap_gm": 0.4445323736324009,
  "tpm_overlap_wm": 0.5030641160823559,
  "wm2max": 0.36919702997823195
}