{
  "bids_meta": {
    "AcquisitionMatrixPE": 256,
    "AcquisitionNumber": 1,
    "AcquisitionTime": "17:11:27.382500",
    "BaseResolution": 256,
    "BodyPartExamined": "HEAD",
    "CoilString": "HC1-7;NC1_2",
    "ConsistencyInfo": "N4_VE11B_LATEST_20150530",
    "ConversionSoftware": "dcm2niix",
    "ConversionSoftwareVersion": "v1.0.20190902",
    "DeviceSerialNumber": "67036",
    "DwellTime": 8.5e-06,
    "EchoTime": 0.00207,
    "FlipAngle": 9,
    "ImageOrientationPatientDICOM": [
      -0.000676191,
      0.994144,
      -0.108062,
      0.045545,
      -0.10792,
      -0.993116
    ],
    "ImageType": [
      "ORIGINAL",
      "PRIMARY",
      "M",
      "ND",
      "NORM"
    ],
    "ImagingFrequency": 123.262,
    "InPlanePhaseEncodingDirectionDICOM": "ROW",
    "InstitutionAddress": "Philosophenweg_3_Jena_Thueringen_DE_07743",
    "InstitutionName": "FSU_Jena",
    "InstitutionalDepartmentName": "Department",
    "InversionTime": 0.9,
    "MRAcquisitionType": "3D",
    "MagneticFieldStrength": 3,
    "Manufacturer": "Siemens",
    "ManufacturersModelName": "Prisma_fit",
    "Modality": "MR",
    "ParallelReductionFactorInPlane": 2,
    "PartialFourier": 1,
    "PatientPosition": "HFS",
    "PercentPhaseFOV": 100,
    "PhaseEncodingSteps": 255,
    "PhaseResolution": 1,
    "PixelBandwidth": 230,
    "ProcedureStepDescription": "FMRI",
    "ProtocolName": "MPRAGE_Jena_BW230_64channel",
    "PulseSequenceDetails": "%SiemensSeq%_tfl",
    "ReceiveCoilActiveElements": "HC1-7;NC1,2",
    "ReceiveCoilName": "HeadNeck_64",
    "ReconMatrixPE": 256,
    "RefLinesPE": 24,
    "RepetitionTime": 2.3,
    "SAR": 0.0491819,
    "ScanOptions": "IR",
    "ScanningSequence": "GR_IR",
    "SequenceName": "_tfl3d1_16ns",
    "SequenceVariant": "SK_SP_MP",
    "SeriesDescription": "MPRAGE_Jena_BW230_64channel",
    "SeriesNumber": 5,
    "ShimSetting": [
      -413,
      5613,
      1311,
      5,
      -60,
      -245,
      52,
      33
    ],
    "SliceThickness": 1,
    "SoftwareVersions": "syngo_MR_E11",
    "StationName": "AWP67036",
    "TxRefAmp": 216.632,
    "dataset": "ds003357",
    "modality": "T1w",
    "session_id": "02",
    "subject_id": "27"
  },
  "cjv": 0.297785822550485,
  "cnr": 4.50930282616702,
  "efc": 0.48285735327169815,
  "fber": -1.0,
  "fwhm_avg": 4.92660296166111,
  "fwhm_x": 4.676718884983329,
  "fwhm_y": 4.9308,
  "fwhm_z": 5.17229,
  "icvs_csf": 0.25633928058952776,
  "icvs_gm": 0.4081719443887256,
  "icvs_wm": 0.3354887750217466,
  "inu_med": 0.49467378854751587,
  "inu_range": 0.1736716330051422,
  "provenance": {
    "md5sum": "f6fc172df1cc330cc1025cd8c5a2b8d9",
    "settings": {
      "testing": false
    },
    "software": "mriqc",
    "version": "22.0.6",
    "warnings": {
      "large_rot_frame": true,
      "small_air_mask": false
    },
    "webapi_port": null,
    "webapi_url": "https://mriqc.nimh.nih.gov/api/v1"
  },
  "qi_1": 2.037769178391845e-06,
  "qi_2": 0.010652388881575284,
  "rpve_csf": 22.154277351545524,
  "rpve_gm": 13.639447704021382,
  "rpve_wm": 19.84832321668248,
  "size_x": 192,
  "size_y": 256,
  "size_z": 256,
  "snr_csf": 1.6480332179799133,
  "snr_gm": 10.56578599689287,
  "snr_total": 13.229423008755836,
  "snr_wm": 27.474449811394724,
  "snrd_csf": 22.00243718261324,
  "snrd_gm": 85.40254083766168,
  "snrd_total": 78.31413194599622,
  "snrd_wm": 127.53741781771373,
  "spacing_x": 1.000000238418579,
  "spacing_y": 1.0,
  "spacing_z": 1.0,
  "summary_bg_k": 7.863898351748672,
  "summary_bg_mad": 0.0,
  "summary_bg_mean": 2.365650969343639,
  "summary_bg_median": 0.0,
  "summary_bg_n": 3206763.0,
  "summary_bg_p05": 0.0,
  "summary_bg_p95": 11.84266184270382,
  "summary_bg_stdv": 5.136817215857045,
  "summary_csf_k": 0.06914580613925114,
  "summary_csf_mad": 103.32718181448179,
  "summary_csf_mean": 191.88412904199058,
  "summary_csf_median": 172.51750644668937,
  "summary_csf_n": 74873.0,
  "summary_csf_p05": 60.529160529375076,
  "summary_csf_p95": 395.5261076703665,
  "summary_csf_stdv": 104.6801438788725,
  "summary_gm_k": 0.001995043263192109,
  "summary_gm_mad": 63.40373260362672,
  "summary_gm_mean": 669.4367867247488,
  "summary_gm_median": 669.6273357011378,
  "summary_gm_n": 50867.0,
  "summary_gm_p05": 564.7351879514754,
  "summary_gm_p95": 772.9075655888764,
  "summary_gm_stdv": 63.37633127593543,
  "summary_wm_k": 0.41002633312595327,
  "summary_wm_mad": 34.976564579143535,
  "summary_wm_mean": 1000.1366431996695,
  "summary_wm_median": 1000.0000053606927,
  "summary_wm_n": 213768.0,
  "summary_wm_p05": 940.5047280080616,
  "summary_wm_p95": 1059.5422774031758,
  "summary_wm_stdv": 36.39736821804845,
  "tpm_overlap_csf": 0.14791703238466342,
  "tpm_overlap_gm": 0.45079542088767044,
  "tpm_overlap_wm": 0.503859156313625,
  "wm2max": 0.40949503502424756
}