{
  "aor": 0.0002780684210526316,
  "aqi": 0.014348012710526315,
  "bids_meta": {
    "AcquisitionMatrixPE": 78,
    "AcquisitionNumber": 1,
    "AcquisitionTime": "18:53:52.625000",
    "BandwidthPerPixelPhaseEncode": 25.138,
    "BaseResolution": 78,
    "BodyPartExamined": "HEAD",
    "ConsistencyInfo": "N4_VE11B_LATEST_20150530",
    "ConversionSoftware": "dcm2niix",
    "ConversionSoftwareVersion": "v1.0.20190902",
    "DerivedVendorReportedEchoSpacing": 0.000510005,
    "DeviceSerialNumber": "67036",
    "DwellTime": 2.2e-06,
    "EchoTime": 0.03,
    "EchoTrainLength": 78,
    "EffectiveEchoSpacing": 0.000510005,
    "FlipAngle": 90,
    "ImageComments": "Unaliased_MB8_PE3_LB",
    "ImageOrientationPatientDICOM": [
      0.999373,
      -0.0316342,
      0.0159071,
      0.0347243,
      0.963481,
      -0.265515
    ],
    "ImageType": [
      "ORIGINAL",
      "PRIMARY",
      "M",
      "MB",
      "ND",
      "MOSAIC"
    ],
    "ImagingFrequency": 123.262,
    "InPlanePhaseEncodingDirectionDICOM": "COL",
    "InstitutionAddress": "Philosophenweg_3_Jena_Thueringen_DE_07743",
    "InstitutionName": "FSU_Jena",
    "InstitutionalDepartmentName": "Department",
    "MRAcquisitionType": "2D",
    "MagneticFieldStrength": 3,
    "Manufacturer": "Siemens",
    "ManufacturersModelName": "Prisma_fit",
    "Modality": "MR",
    "MultibandAccelerationFactor": 8,
    "PartialFourier": 1,
    "PatientPosition": "HFS",
    "PercentPhaseFOV": 100,
    "PhaseEncodingDirection": "j-",
    "PhaseEncodingSteps": 78,
    "PhaseResolution": 1,
    "PixelBandwidth": 2915,
    "ProcedureStepDescription": "FMRI",
    "ProtocolName": "cmrr_mbep2d_bold_2p5mm_MB8_verschachtelt",
    "PulseSequenceDetails": "%CustomerSeq%_cmrr_mbep2d_bold",
    "ReceiveCoilActiveElements": "HC1-7",
    "ReceiveCoilName": "HeadNeck_64",
    "ReconMatrixPE": 78,
    "RepetitionTime": 0.484,
    "SAR": 0.18848,
    "ScanOptions": "FS",
    "ScanningSequence": "EP",
    "SequenceName": "epfid2d1_78",
    "SequenceVariant": "SK_SS",
    "SeriesDescription": "cmrr_mbep2d_bold_2p5mm_MB8_verschachtelt",
    "SeriesNumber": 6,
    "ShimSetting": [
      -405,
      5684,
      1293,
      796,
      -22,
      -531,
      18,
      2
    ],
    "SliceThickness": 2.5,
    "SliceTiming": [
      0,
      0.265,
      0.065,
      0.3325,
      0.1325,
      0.3975,
      0.2,
      0,
      0.265,
      0.065,
      0.3325,
      0.1325,
      0.3975,
      0.2,
      0,
      0.265,
      0.065,
      0.3325,
      0.1325,
      0.3975,
      0.2,
      0,
      0.265,
      0.065,
      0.3325,
      0.1325,
      0.3975,
      0.2,
      0,
      0.265,
      0.065,
      0.3325,
      0.1325,
      0.3975,
      0.2,
      0,
      0.265,
      0.065,
      0.3325,
      0.1325,
      0.3975,
      0.2,
      0,
      0.265,
      0.065,
      0.3325,
      0.1325,
      0.3975,
      0.2,
      0,
      0.265,
      0.065,
      0.3325,
      0.1325,
      0.3975,
      0.2
    ],
    "SoftwareVersions": "syngo_MR_E11",
    "SpacingBetweenSlices": 2.5,
    "StationName": "AWP67036",
    "TaskName": "rest",
    "TotalReadoutTime": 0.0392704,
    "TxRefAmp": 238.096,
    "WipMemBlock": "aad3390d-015d-4f4e-be04-e68c9cd9f310||Sequence: R016 ve11b/master r/b698769; Nov 21 2017 11:07:30 by eja",
    "dataset": "ds003357",
    "modality": "bold",
    "session_id": "01",
    "subject_id": "24",
    "task_id": "rest"
  },
  "dummy_trs": 0,
  "dvars_nstd": 60.80841744823074,
  "dvars_std": 1.0611821715797796,
  "dvars_vstd": 0.9932067449815694,
  "efc": 0.5707353212814513,
  "fber": 310.69049072265625,
  "fd_mean": 0.11260463190721567,
  "fd_num": 211,
  "fd_perc": 11.105263157894736,
  "fwhm_avg": 3.0532559999999997,
  "fwhm_x": 2.878604,
  "fwhm_y": 3.20668,
  "fwhm_z": 3.074484,
  "gcor": 0.00285684,
  "gsr_x": -0.013808001764118671,
  "gsr_y": 0.08261983096599579,
  "provenance": {
    "md5sum": "8ff69eeb6500f8493e53ee4fd04c15a7",
    "settings": {
      "fd_thres": 0.2,
      "testing": false
    },
    "software": "mriqc",
    "version": "22.0.6",
    "webapi_port": null,
    "webapi_url": "https://mriqc.nimh.nih.gov/api/v1"
  },
  "size_t": 1900,
  "size_x": 78,
  "size_y": 78,
  "size_z": 56,
  "snr": 2.7631366378115443,
  "spacing_tr": 0.48399999737739563,
  "spacing_x": 2.5,
  "spacing_y": 2.5,
  "spacing_z": 2.5,
  "summary_bg_k": 17.732581521889305,
  "summary_bg_mad": 28.682112452284223,
  "summary_bg_mean": 112.32421112060547,
  "summary_bg_median": 55.11684036254883,
  "summary_bg_n": 213180.0,
  "summary_bg_p05": 33.13947296142578,
  "summary_bg_p95": 400.53516845703075,
  "summary_bg_stdv": 145.380615234375,
  "summary_fg_k": -0.050627504566718606,
  "summary_fg_mad": 386.8131720304773,
  "summary_fg_mean": 1079.0677490234375,
  "summary_fg_median": 1029.6572265625,
  "summary_fg_n": 60982.0,
  "summary_fg_p05": 557.487646484375,
  "summary_fg_p95": 1754.4219177246093,
  "summary_fg_stdv": 372.6376647949219,
  "tsnr": 20.84038578963373
}