{
  "bids_meta": {
    "AcquisitionMatrixPE": 256,
    "AcquisitionNumber": 1,
    "AcquisitionTime": "11:40:53.190000",
    "BaseResolution": 256,
    "BodyPartExamined": "HEAD",
    "CoilString": "HC1-7;NC1_2",
    "ConsistencyInfo": "N4_VE11B_LATEST_20150530",
    "ConversionSoftware": "dcm2niix",
    "ConversionSoftwareVersion": "v1.0.20190902",
    "DeviceSerialNumber": "67036",
    "DwellTime": 8.5e-06,
    "EchoTime": 0.00207,
    "FlipAngle": 9,
    "ImageOrientationPatientDICOM": [
      -0.0169138,
      0.998431,
      0.0533765,
      0.0810054,
      0.054577,
      -0.995218
    ],
    "ImageType": [
      "ORIGINAL",
      "PRIMARY",
      "M",
      "ND",
      "NORM"
    ],
    "ImagingFrequency": 123.262,
    "InPlanePhaseEncodingDirectionDICOM": "ROW",
    "InstitutionAddress": "Philosophenweg_3_Jena_Thueringen_DE_07743",
    "InstitutionName": "FSU_Jena",
    "InstitutionalDepartmentName": "Department",
    "InversionTime": 0.9,
    "MRAcquisitionType": "3D",
    "MagneticFieldStrength": 3,
    "Manufacturer": "Siemens",
    "ManufacturersModelName": "Prisma_fit",
    "Modality": "MR",
    "ParallelReductionFactorInPlane": 2,
    "PartialFourier": 1,
    "PatientPosition": "HFS",
    "PercentPhaseFOV": 100,
    "PhaseEncodingSteps": 255,
    "PhaseResolution": 1,
    "PixelBandwidth": 230,
    "ProcedureStepDescription": "FMRI",
    "ProtocolName": "MPRAGE_Jena_BW230_64channel",
    "PulseSequenceDetails": "%SiemensSeq%_tfl",
    "ReceiveCoilActiveElements": "HC1-7;NC1,2",
    "ReceiveCoilName": "HeadNeck_64",
    "ReconMatrixPE": 256,
    "RefLinesPE": 24,
    "RepetitionTime": 2.3,
    "SAR": 0.0554715,
    "ScanOptions": "IR",
    "ScanningSequence": "GR_IR",
    "SequenceName": "_tfl3d1_16ns",
    "SequenceVariant": "SK_SP_MP",
    "SeriesDescription": "MPRAGE_Jena_BW230_64channel",
    "SeriesNumber": 5,
    "ShimSetting": [
      -429,
      5559,
      1351,
      247,
      -95,
      -381,
      183,
      22
    ],
    "SliceThickness": 1,
    "SoftwareVersions": "syngo_MR_E11",
    "StationName": "AWP67036",
    "TxRefAmp": 265.911,
    "dataset": "ds003357",
    "modality": "T1w",
    "session_id": "02",
    "subject_id": "18"
  },
  "cjv": 0.2964642951603703,
  "cnr": 4.627955450144874,
  "efc": 0.5372189408518432,
  "fber": -1.0,
  "fwhm_avg": 4.523755666134366,
  "fwhm_x": 4.186216717703348,
  "fwhm_y": 4.67569,
  "fwhm_z": 4.709360280699747,
  "icvs_csf": 0.2195501804984251,
  "icvs_gm": 0.45120801397061794,
  "icvs_wm": 0.32924180553095694,
  "inu_med": 0.5545175075531006,
  "inu_range": 0.2531709522008896,
  "provenance": {
    "md5sum": "769f27826101c51dd83694aef0022261",
    "settings": {
      "testing": false
    },
    "software": "mriqc",
    "version": "22.0.6",
    "warnings": {
      "large_rot_frame": true,
      "small_air_mask": false
    },
    "webapi_port": null,
    "webapi_url": "https://mriqc.nimh.nih.gov/api/v1"
  },
  "qi_1": 0.0,
  "qi_2": 0.012516344327217604,
  "rpve_csf": 21.39809639877785,
  "rpve_gm": 11.218863046987664,
  "rpve_wm": 17.950710478297726,
  "size_x": 192,
  "size_y": 256,
  "size_z": 256,
  "snr_csf": 2.192030494069862,
  "snr_gm": 11.496395852986742,
  "snr_total": 13.311070677343947,
  "snr_wm": 26.244785684975238,
  "snrd_csf": 31.325055637129942,
  "snrd_gm": 87.77412526580099,
  "snrd_total": 83.03372012216043,
  "snrd_wm": 130.00197946355038,
  "spacing_x": 0.9999960064888,
  "spacing_y": 1.0,
  "spacing_z": 0.9999999403953552,
  "summary_bg_k": 19.34494130893887,
  "summary_bg_mad": 0.0,
  "summary_bg_mean": 1.970663154202647,
  "summary_bg_median": 0.0,
  "summary_bg_n": 2567225.0,
  "summary_bg_p05": 0.0,
  "summary_bg_p95": 12.424652852118015,
  "summary_bg_stdv": 5.039434186995202,
  "summary_csf_k": 0.05194322953159647,
  "summary_csf_mad": 108.47308352220827,
  "summary_csf_mean": 245.41013100076142,
  "summary_csf_median": 240.9583046939224,
  "summary_csf_n": 34768.0,
  "summary_csf_p05": 75.88264467157425,
  "summary_csf_p95": 441.2381729336456,
  "summary_csf_stdv": 109.92312382963537,
  "summary_gm_k": -0.08645259901347435,
  "summary_gm_mad": 60.2780228736273,
  "summary_gm_mean": 673.635937238576,
  "summary_gm_median": 675.1753186024725,
  "summary_gm_n": 61332.0,
  "summary_gm_p05": 574.7324566841125,
  "summary_gm_p95": 766.6379858851433,
  "summary_gm_stdv": 58.728824489663964,
  "summary_wm_k": 0.5216133340686686,
  "summary_wm_mad": 36.02090625579846,
  "summary_wm_mean": 999.5129526978218,
  "summary_wm_median": 1000.0000300481915,
  "summary_wm_n": 211439.0,
  "summary_wm_p05": 936.2160448618233,
  "summary_wm_p95": 1060.9546388424933,
  "summary_wm_stdv": 38.102717899867756,
  "tpm_overlap_csf": 0.15871906816329195,
  "tpm_overlap_gm": 0.4685321050118691,
  "tpm_overlap_wm": 0.4957925039381848,
  "wm2max": 0.39108398278357503
}