{
  "aor": 0.000773522906793049,
  "aqi": 0.012170019589257505,
  "bids_meta": {
    "AcquisitionMatrixPE": 78,
    "AcquisitionNumber": 1,
    "AcquisitionTime": "19:52:41.887500",
    "BandwidthPerPixelPhaseEncode": 25.138,
    "BaseResolution": 78,
    "BodyPartExamined": "HEAD",
    "ConsistencyInfo": "N4_VE11B_LATEST_20150530",
    "ConversionSoftware": "dcm2niix",
    "ConversionSoftwareVersion": "v1.0.20190902",
    "DerivedVendorReportedEchoSpacing": 0.000510005,
    "DeviceSerialNumber": "67036",
    "DwellTime": 2.2e-06,
    "EchoTime": 0.03,
    "EchoTrainLength": 78,
    "EffectiveEchoSpacing": 0.000510005,
    "FlipAngle": 90,
    "ImageComments": "Unaliased_MB8_PE3_LB",
    "ImageOrientationPatientDICOM": [
      0.998169,
      -0.0589875,
      0.0133554,
      0.0603513,
      0.985877,
      -0.156218
    ],
    "ImageType": [
      "ORIGINAL",
      "PRIMARY",
      "M",
      "MB",
      "ND",
      "MOSAIC"
    ],
    "ImagingFrequency": 123.262,
    "InPlanePhaseEncodingDirectionDICOM": "COL",
    "InstitutionAddress": "Philosophenweg_3_Jena_Thueringen_DE_07743",
    "InstitutionName": "FSU_Jena",
    "InstitutionalDepartmentName": "Department",
    "MRAcquisitionType": "2D",
    "MagneticFieldStrength": 3,
    "Manufacturer": "Siemens",
    "ManufacturersModelName": "Prisma_fit",
    "Modality": "MR",
    "MultibandAccelerationFactor": 8,
    "PartialFourier": 1,
    "PatientPosition": "HFS",
    "PercentPhaseFOV": 100,
    "PhaseEncodingDirection": "j-",
    "PhaseEncodingSteps": 78,
    "PhaseResolution": 1,
    "PixelBandwidth": 2915,
    "ProcedureStepDescription": "FMRI",
    "ProtocolName": "cmrr_mbep2d_bold_2p5mm_MB8_verschachtelt",
    "PulseSequenceDetails": "%CustomerSeq%_cmrr_mbep2d_bold",
    "ReceiveCoilActiveElements": "HC1-7",
    "ReceiveCoilName": "HeadNeck_64",
    "ReconMatrixPE": 78,
    "RepetitionTime": 0.484,
    "SAR": 0.181352,
    "ScanOptions": "FS",
    "ScanningSequence": "EP",
    "SequenceName": "epfid2d1_78",
    "SequenceVariant": "SK_SS",
    "SeriesDescription": "cmrr_mbep2d_bold_2p5mm_MB8_verschachtelt",
    "SeriesNumber": 5,
    "ShimSetting": [
      -413,
      5608,
      1359,
      614,
      -11,
      -283,
      19,
      9
    ],
    "SliceThickness": 2.5,
    "SliceTiming": [
      0,
      0.265,
      0.065,
      0.33,
      0.1325,
      0.3975,
      0.1975,
      0,
      0.265,
      0.065,
      0.33,
      0.1325,
      0.3975,
      0.1975,
      0,
      0.265,
      0.065,
      0.33,
      0.1325,
      0.3975,
      0.1975,
      0,
      0.265,
      0.065,
      0.33,
      0.1325,
      0.3975,
      0.1975,
      0,
      0.265,
      0.065,
      0.33,
      0.1325,
      0.3975,
      0.1975,
      0,
      0.265,
      0.065,
      0.33,
      0.1325,
      0.3975,
      0.1975,
      0,
      0.265,
      0.065,
      0.33,
      0.1325,
      0.3975,
      0.1975,
      0,
      0.265,
      0.065,
      0.33,
      0.1325,
      0.3975,
      0.1975
    ],
    "SoftwareVersions": "syngo_MR_E11",
    "SpacingBetweenSlices": 2.5,
    "StationName": "AWP67036",
    "TaskName": "rest",
    "TotalReadoutTime": 0.0392704,
    "TxRefAmp": 216.088,
    "WipMemBlock": "f57fb1a3-0acd-4dd9-85b7-6e269d1fc550||Sequence: R016 ve11b/master r/b698769; Nov 21 2017 11:07:30 by eja",
    "dataset": "ds003357",
    "modality": "bold",
    "session_id": "01",
    "subject_id": "14",
    "task_id": "rest"
  },
  "dummy_trs": 1,
  "dvars_nstd": 55.32050756815064,
  "dvars_std": 1.0598124300368805,
  "dvars_vstd": 1.0063504964805063,
  "efc": 0.5580445813670517,
  "fber": 379.82305908203125,
  "fd_mean": 0.10900137467945337,
  "fd_num": 178,
  "fd_perc": 9.373354397051079,
  "fwhm_avg": 3.0098946666666664,
  "fwhm_x": 2.7895879999999997,
  "fwhm_y": 3.07688,
  "fwhm_z": 3.163216,
  "gcor": 0.00822858,
  "gsr_x": -0.010840578004717827,
  "gsr_y": 0.060479458421468735,
  "provenance": {
    "md5sum": "6b49b9bdbd096b2e11d82df08b515271",
    "settings": {
      "fd_thres": 0.2,
      "testing": false
    },
    "software": "mriqc",
    "version": "22.0.6",
    "webapi_port": null,
    "webapi_url": "https://mriqc.nimh.nih.gov/api/v1"
  },
  "size_t": 1899,
  "size_x": 78,
  "size_y": 78,
  "size_z": 56,
  "snr": 2.8356904643362566,
  "spacing_tr": 0.48399999737739563,
  "spacing_x": 2.5,
  "spacing_y": 2.5,
  "spacing_z": 2.5,
  "summary_bg_k": 18.78176765115829,
  "summary_bg_mad": 28.08902971286013,
  "summary_bg_mean": 105.14291381835938,
  "summary_bg_median": 53.77409362792969,
  "summary_bg_n": 215220.0,
  "summary_bg_p05": 32.195892333984375,
  "summary_bg_p95": 369.8880050659179,
  "summary_bg_stdv": 135.37355041503906,
  "summary_fg_k": 0.9639713779818262,
  "summary_fg_mad": 374.4604912234306,
  "summary_fg_mean": 1141.6810302734375,
  "summary_fg_median": 1095.0712890625,
  "summary_fg_n": 61822.0,
  "summary_fg_p05": 604.0387634277344,
  "summary_fg_p95": 1845.1096374511717,
  "summary_fg_stdv": 386.1713562011719,
  "tsnr": 23.112891004187986
}