{
  "bids_meta": {
    "AcquisitionMatrixPE": 256,
    "AcquisitionNumber": 1,
    "AcquisitionTime": "18:51:40.855000",
    "BaseResolution": 256,
    "BodyPartExamined": "SKULL",
    "CoilString": "HC1-7;NC1_2",
    "ConsistencyInfo": "N4_VE11B_LATEST_20150530",
    "ConversionSoftware": "dcm2niix",
    "ConversionSoftwareVersion": "v1.0.20190902",
    "DeviceSerialNumber": "67036",
    "DwellTime": 8.5e-06,
    "EchoTime": 0.00207,
    "FlipAngle": 9,
    "ImageOrientationPatientDICOM": [
      0.0125033,
      0.999847,
      -0.0122169,
      -0.00346786,
      -0.0121745,
      -0.99992
    ],
    "ImageType": [
      "ORIGINAL",
      "PRIMARY",
      "M",
      "ND",
      "NORM"
    ],
    "ImagingFrequency": 123.262,
    "InPlanePhaseEncodingDirectionDICOM": "ROW",
    "InstitutionAddress": "Philosophenweg_3_Jena_Thueringen_DE_07743",
    "InstitutionName": "PFL",
    "InstitutionalDepartmentName": "Department",
    "InversionTime": 0.9,
    "MRAcquisitionType": "3D",
    "MagneticFieldStrength": 3,
    "Manufacturer": "Siemens",
    "ManufacturersModelName": "Prisma_fit",
    "Modality": "MR",
    "ParallelReductionFactorInPlane": 2,
    "PartialFourier": 1,
    "PatientPosition": "HFS",
    "PercentPhaseFOV": 100,
    "PhaseEncodingSteps": 255,
    "PhaseResolution": 1,
    "PixelBandwidth": 230,
    "ProcedureStepDescription": "FMRI",
    "ProtocolName": "MPRAGE_Jena_BW230_64channel",
    "PulseSequenceDetails": "%SiemensSeq%_tfl",
    "ReceiveCoilActiveElements": "HC1-7;NC1,2",
    "ReceiveCoilName": "HeadNeck_64",
    "ReconMatrixPE": 256,
    "RefLinesPE": 24,
    "RepetitionTime": 2.3,
    "SAR": 0.040519,
    "ScanOptions": "IR",
    "ScanningSequence": "GR_IR",
    "SequenceName": "_tfl3d1_16ns",
    "SequenceVariant": "SK_SP_MP",
    "SeriesDescription": "MPRAGE_Jena_BW230_64channel",
    "SeriesNumber": 5,
    "ShimSetting": [
      -421,
      5604,
      1289,
      13,
      45,
      -363,
      109,
      20
    ],
    "SliceThickness": 1,
    "SoftwareVersions": "syngo_MR_E11",
    "StationName": "AWP67036",
    "TxRefAmp": 211.288,
    "dataset": "ds003357",
    "modality": "T1w",
    "session_id": "01",
    "subject_id": "01"
  },
  "cjv": 0.275963354116799,
  "cnr": 4.852733211134591,
  "efc": 0.44106233176051185,
  "fber": -1.0,
  "fwhm_avg": 4.70066298385549,
  "fwhm_x": 4.397448951566469,
  "fwhm_y": 4.76775,
  "fwhm_z": 4.93679,
  "icvs_csf": 0.23837760888542692,
  "icvs_gm": 0.432721472332499,
  "icvs_wm": 0.3289009187820741,
  "inu_med": 0.5011231303215027,
  "inu_range": 0.2024533390998841,
  "provenance": {
    "md5sum": "21284553460c3718c313d3f0dd87ab88",
    "settings": {
      "testing": false
    },
    "software": "mriqc",
    "version": "22.0.6",
    "warnings": {
      "large_rot_frame": true,
      "small_air_mask": false
    },
    "webapi_port": null,
    "webapi_url": "https://mriqc.nimh.nih.gov/api/v1"
  },
  "qi_1": 6.279874832791064e-05,
  "qi_2": 0.016880504016527017,
  "rpve_csf": 26.996644012672416,
  "rpve_gm": 15.256787560698521,
  "rpve_wm": 23.47656198719091,
  "size_x": 192,
  "size_y": 256,
  "size_z": 256,
  "snr_csf": 1.621576764438965,
  "snr_gm": 11.447936523377365,
  "snr_total": 13.588815045412872,
  "snr_wm": 27.69693184842228,
  "snrd_csf": 25.85576945422816,
  "snrd_gm": 96.44853548861451,
  "snrd_total": 88.986742946029,
  "snrd_wm": 144.65592389524437,
  "spacing_x": 1.000000238418579,
  "spacing_y": 1.0,
  "spacing_z": 1.0,
  "summary_bg_k": 14.072267895573749,
  "summary_bg_mad": 0.0,
  "summary_bg_mean": 1.8093734039385079,
  "summary_bg_median": 0.0,
  "summary_bg_n": 3211327.0,
  "summary_bg_p05": 0.0,
  "summary_bg_p95": 10.782300274819136,
  "summary_bg_stdv": 4.529140355946432,
  "summary_csf_k": 0.20322072788041678,
  "summary_csf_mad": 116.50302682071876,
  "summary_csf_mean": 190.76256267297703,
  "summary_csf_median": 178.74813377670944,
  "summary_csf_n": 40952.0,
  "summary_csf_p05": 43.782673843204975,
  "summary_csf_p95": 402.5392102599144,
  "summary_csf_stdv": 110.22971916776456,
  "summary_gm_k": 0.11670962828282638,
  "summary_gm_mad": 57.85359692433673,
  "summary_gm_mean": 665.5162601993061,
  "summary_gm_median": 666.7755819298327,
  "summary_gm_n": 57315.0,
  "summary_gm_p05": 567.5270751144737,
  "summary_gm_p95": 758.5885024517775,
  "summary_gm_stdv": 58.243663718743974,
  "summary_wm_k": 0.4545027719176149,
  "summary_wm_mad": 34.11701349724642,
  "summary_wm_mean": 999.4939036230913,
  "summary_wm_median": 1000.0466813333333,
  "summary_wm_n": 174003.0,
  "summary_wm_p05": 938.8536265268922,
  "summary_wm_p95": 1057.7389892973006,
  "summary_wm_stdv": 36.10666384111986,
  "tpm_overlap_csf": 0.15360817356315778,
  "tpm_overlap_gm": 0.47803079522662817,
  "tpm_overlap_wm": 0.5206076578820648,
  "wm2max": 0.4029107779046755
}