{
  "bids_meta": {
    "AcquisitionMatrixPE": 256,
    "AcquisitionNumber": 1,
    "AcquisitionTime": "11:56:1.032500",
    "BaseResolution": 256,
    "BodyPartExamined": "HEAD",
    "CoilString": "HC1-7;NC1_2",
    "ConsistencyInfo": "N4_VE11B_LATEST_20150530",
    "ConversionSoftware": "dcm2niix",
    "ConversionSoftwareVersion": "v1.0.20190902",
    "DeviceSerialNumber": "67036",
    "DwellTime": 8.5e-06,
    "EchoTime": 0.00207,
    "FlipAngle": 9,
    "ImageOrientationPatientDICOM": [
      9.42602e-05,
      0.996395,
      -0.0848307,
      0.0390954,
      -0.0847696,
      -0.995633
    ],
    "ImageType": [
      "ORIGINAL",
      "PRIMARY",
      "M",
      "ND",
      "NORM"
    ],
    "ImagingFrequency": 123.262,
    "InPlanePhaseEncodingDirectionDICOM": "ROW",
    "InstitutionAddress": "Philosophenweg_3_Jena_Thueringen_DE_07743",
    "InstitutionName": "FSU_Jena",
    "InstitutionalDepartmentName": "Department",
    "InversionTime": 0.9,
    "MRAcquisitionType": "3D",
    "MagneticFieldStrength": 3,
    "Manufacturer": "Siemens",
    "ManufacturersModelName": "Prisma_fit",
    "Modality": "MR",
    "ParallelReductionFactorInPlane": 2,
    "PartialFourier": 1,
    "PatientPosition": "HFS",
    "PercentPhaseFOV": 100,
    "PhaseEncodingSteps": 255,
    "PhaseResolution": 1,
    "PixelBandwidth": 230,
    "ProcedureStepDescription": "FMRI",
    "ProtocolName": "MPRAGE_Jena_BW230_64channel",
    "PulseSequenceDetails": "%SiemensSeq%_tfl",
    "ReceiveCoilActiveElements": "HC1-7;NC1,2",
    "ReceiveCoilName": "HeadNeck_64",
    "ReconMatrixPE": 256,
    "RefLinesPE": 24,
    "RepetitionTime": 2.3,
    "SAR": 0.0449027,
    "ScanOptions": "IR",
    "ScanningSequence": "GR_IR",
    "SequenceName": "_tfl3d1_16ns",
    "SequenceVariant": "SK_SP_MP",
    "SeriesDescription": "MPRAGE_Jena_BW230_64channel",
    "SeriesNumber": 5,
    "ShimSetting": [
      -415,
      5678,
      1318,
      205,
      -80,
      -632,
      77,
      3
    ],
    "SliceThickness": 1,
    "SoftwareVersions": "syngo_MR_E11",
    "StationName": "AWP67036",
    "TxRefAmp": 245.278,
    "dataset": "ds003357",
    "modality": "T1w",
    "session_id": "02",
    "subject_id": "12"
  },
  "cjv": 0.3078587150313378,
  "cnr": 4.405307459833368,
  "efc": 0.49519487539364426,
  "fber": -1.0,
  "fwhm_avg": 4.350495087479452,
  "fwhm_x": 4.071704997330589,
  "fwhm_y": 4.447770265107767,
  "fwhm_z": 4.53201,
  "icvs_csf": 0.21245685569359768,
  "icvs_gm": 0.4326985039876463,
  "icvs_wm": 0.354844640318756,
  "inu_med": 0.4174658954143524,
  "inu_range": 0.1258651971817017,
  "provenance": {
    "md5sum": "80e6d357d0e6d05b0cbc2c46ebb76736",
    "settings": {
      "testing": false
    },
    "software": "mriqc",
    "version": "22.0.6",
    "warnings": {
      "large_rot_frame": true,
      "small_air_mask": false
    },
    "webapi_port": null,
    "webapi_url": "https://mriqc.nimh.nih.gov/api/v1"
  },
  "qi_1": 0.0,
  "qi_2": 0.0181337591673889,
  "rpve_csf": 24.6645366149566,
  "rpve_gm": 12.97404557793597,
  "rpve_wm": 18.8474131732736,
  "size_x": 192,
  "size_y": 256,
  "size_z": 256,
  "snr_csf": 2.2013320750082888,
  "snr_gm": 11.695813623912063,
  "snr_total": 13.776023868249956,
  "snr_wm": 27.43092590582952,
  "snrd_csf": 33.46161672806142,
  "snrd_gm": 91.55713846972192,
  "snrd_total": 85.72373977563403,
  "snrd_wm": 132.15246412911875,
  "spacing_x": 0.9999938607215881,
  "spacing_y": 0.9999999403953552,
  "spacing_z": 1.0,
  "summary_bg_k": 9.700066170797447,
  "summary_bg_mad": 0.0,
  "summary_bg_mean": 2.2914591774133055,
  "summary_bg_median": 0.0,
  "summary_bg_n": 3330971.0,
  "summary_bg_p05": 0.0,
  "summary_bg_p95": 11.38917262852192,
  "summary_bg_stdv": 4.957681750254554,
  "summary_csf_k": -0.0493400540251403,
  "summary_csf_mad": 112.74743125703553,
  "summary_csf_mean": 265.03664315540914,
  "summary_csf_median": 253.21756902337074,
  "summary_csf_n": 29408.0,
  "summary_csf_p05": 97.13993874192238,
  "summary_csf_p95": 472.5051073931156,
  "summary_csf_stdv": 115.02729034467549,
  "summary_gm_k": -0.03078934359226171,
  "summary_gm_mad": 60.121867305632115,
  "summary_gm_mean": 691.876939803352,
  "summary_gm_median": 692.8498469889164,
  "summary_gm_n": 40749.0,
  "summary_gm_p05": 592.4106232613325,
  "summary_gm_p95": 786.3125640749931,
  "summary_gm_stdv": 59.238405106465216,
  "summary_wm_k": 0.5750266036049689,
  "summary_wm_mad": 34.452707335091446,
  "summary_wm_mean": 1000.2080509569622,
  "summary_wm_median": 1000.0510728210211,
  "summary_wm_n": 215518.0,
  "summary_wm_p05": 940.7558736205101,
  "summary_wm_p95": 1059.9080697745085,
  "summary_wm_stdv": 36.456981296992275,
  "tpm_overlap_csf": 0.1506801698568644,
  "tpm_overlap_gm": 0.48177866576752804,
  "tpm_overlap_wm": 0.515087976072031,
  "wm2max": 0.4210465700492911
}