{
  "aor": 0.0003162105263157895,
  "aqi": 0.012033866615789472,
  "bids_meta": {
    "AcquisitionMatrixPE": 78,
    "AcquisitionNumber": 1,
    "AcquisitionTime": "18:31:0.640000",
    "BandwidthPerPixelPhaseEncode": 25.138,
    "BaseResolution": 78,
    "BodyPartExamined": "HEAD",
    "ConsistencyInfo": "N4_VE11B_LATEST_20150530",
    "ConversionSoftware": "dcm2niix",
    "ConversionSoftwareVersion": "v1.0.20190902",
    "DerivedVendorReportedEchoSpacing": 0.000510005,
    "DeviceSerialNumber": "67036",
    "DwellTime": 2.2e-06,
    "EchoTime": 0.03,
    "EchoTrainLength": 78,
    "EffectiveEchoSpacing": 0.000510005,
    "FlipAngle": 90,
    "ImageComments": "Unaliased_MB8_PE3_LB",
    "ImageOrientationPatientDICOM": [
      0.991911,
      -0.126859,
      -0.0044506,
      0.125307,
      0.984177,
      -0.125273
    ],
    "ImageType": [
      "ORIGINAL",
      "PRIMARY",
      "M",
      "MB",
      "ND",
      "MOSAIC"
    ],
    "ImagingFrequency": 123.262,
    "InPlanePhaseEncodingDirectionDICOM": "COL",
    "InstitutionAddress": "Philosophenweg_3_Jena_Thueringen_DE_07743",
    "InstitutionName": "FSU_Jena",
    "InstitutionalDepartmentName": "Department",
    "MRAcquisitionType": "2D",
    "MagneticFieldStrength": 3,
    "Manufacturer": "Siemens",
    "ManufacturersModelName": "Prisma_fit",
    "Modality": "MR",
    "MultibandAccelerationFactor": 8,
    "PartialFourier": 1,
    "PatientPosition": "HFS",
    "PercentPhaseFOV": 100,
    "PhaseEncodingDirection": "j-",
    "PhaseEncodingSteps": 78,
    "PhaseResolution": 1,
    "PixelBandwidth": 2915,
    "ProcedureStepDescription": "FMRI",
    "ProtocolName": "cmrr_mbep2d_bold_2p5mm_MB8_verschachtelt",
    "PulseSequenceDetails": "%CustomerSeq%_cmrr_mbep2d_bold",
    "ReceiveCoilActiveElements": "HC1-7",
    "ReceiveCoilName": "HeadNeck_64",
    "ReconMatrixPE": 78,
    "RepetitionTime": 0.484,
    "SAR": 0.160285,
    "ScanOptions": "FS",
    "ScanningSequence": "EP",
    "SequenceName": "epfid2d1_78",
    "SequenceVariant": "SK_SS",
    "SeriesDescription": "cmrr_mbep2d_bold_2p5mm_MB8_verschachtelt",
    "SeriesNumber": 6,
    "ShimSetting": [
      -416,
      5633,
      1330,
      654,
      4,
      -228,
      79,
      32
    ],
    "SliceThickness": 2.5,
    "SliceTiming": [
      0,
      0.265,
      0.0675,
      0.3325,
      0.1325,
      0.3975,
      0.2,
      0,
      0.265,
      0.0675,
      0.3325,
      0.1325,
      0.3975,
      0.2,
      0,
      0.265,
      0.0675,
      0.3325,
      0.1325,
      0.3975,
      0.2,
      0,
      0.265,
      0.0675,
      0.3325,
      0.1325,
      0.3975,
      0.2,
      0,
      0.265,
      0.0675,
      0.3325,
      0.1325,
      0.3975,
      0.2,
      0,
      0.265,
      0.0675,
      0.3325,
      0.1325,
      0.3975,
      0.2,
      0,
      0.265,
      0.0675,
      0.3325,
      0.1325,
      0.3975,
      0.2,
      0,
      0.265,
      0.0675,
      0.3325,
      0.1325,
      0.3975,
      0.2
    ],
    "SoftwareVersions": "syngo_MR_E11",
    "SpacingBetweenSlices": 2.5,
    "StationName": "AWP67036",
    "TaskName": "rest",
    "TotalReadoutTime": 0.0392704,
    "TxRefAmp": 219.966,
    "WipMemBlock": "a1cffe43-ed82-4379-9257-5807a3ea16ad||Sequence: R016 ve11b/master r/b698769; Nov 21 2017 11:07:30 by eja",
    "dataset": "ds003357",
    "modality": "bold",
    "session_id": "02",
    "subject_id": "01",
    "task_id": "rest"
  },
  "dummy_trs": 0,
  "dvars_nstd": 49.72312347107964,
  "dvars_std": 1.0145761920958385,
  "dvars_vstd": 0.9692730030437055,
  "efc": 0.5559298082774539,
  "fber": 369.6253662109375,
  "fd_mean": 0.08910902044823439,
  "fd_num": 56,
  "fd_perc": 2.9473684210526314,
  "fwhm_avg": 3.1966186666666663,
  "fwhm_x": 3.02942,
  "fwhm_y": 3.3572960000000003,
  "fwhm_z": 3.20314,
  "gcor": 0.00531754,
  "gsr_x": -0.011890873312950134,
  "gsr_y": 0.0570991151034832,
  "provenance": {
    "md5sum": "b4a0494055df6d603c846c4804212947",
    "settings": {
      "fd_thres": 0.2,
      "testing": false
    },
    "software": "mriqc",
    "version": "22.0.6",
    "webapi_port": null,
    "webapi_url": "https://mriqc.nimh.nih.gov/api/v1"
  },
  "size_t": 1900,
  "size_x": 78,
  "size_y": 78,
  "size_z": 56,
  "snr": 2.707617431142466,
  "spacing_tr": 0.48399999737739563,
  "spacing_x": 2.5,
  "spacing_y": 2.5,
  "spacing_z": 2.5,
  "summary_bg_k": 15.961717204585074,
  "summary_bg_mad": 32.385105822119655,
  "summary_bg_mean": 114.2006607055664,
  "summary_bg_median": 58.82736587524414,
  "summary_bg_n": 213472.0,
  "summary_bg_p05": 33.96736526489258,
  "summary_bg_p95": 410.27113189697235,
  "summary_bg_stdv": 144.0419921875,
  "summary_fg_k": 0.3711206872280117,
  "summary_fg_mad": 448.27886114268335,
  "summary_fg_mean": 1250.18798828125,
  "summary_fg_median": 1193.29736328125,
  "summary_fg_n": 62745.0,
  "summary_fg_p05": 641.3016723632812,
  "summary_fg_p95": 2048.999072265624,
  "summary_fg_stdv": 440.715087890625,
  "tsnr": 23.141851736058015
}