{
  "bids_meta": {
    "AcquisitionMatrixPE": 256,
    "AcquisitionNumber": 1,
    "AcquisitionTime": "13:49:3.872500",
    "BaseResolution": 256,
    "BodyPartExamined": "HEAD",
    "CoilString": "HC1-7;NC1_2",
    "ConsistencyInfo": "N4_VE11B_LATEST_20150530",
    "ConversionSoftware": "dcm2niix",
    "ConversionSoftwareVersion": "v1.0.20190902",
    "DeviceSerialNumber": "67036",
    "DwellTime": 8.5e-06,
    "EchoTime": 0.00207,
    "FlipAngle": 9,
    "ImageOrientationPatientDICOM": [
      -0.0273846,
      0.983449,
      -0.179102,
      0.0274223,
      -0.178363,
      -0.983583
    ],
    "ImageType": [
      "ORIGINAL",
      "PRIMARY",
      "M",
      "ND",
      "NORM"
    ],
    "ImagingFrequency": 123.262,
    "InPlanePhaseEncodingDirectionDICOM": "ROW",
    "InstitutionAddress": "Philosophenweg_3_Jena_Thueringen_DE_07743",
    "InstitutionName": "FSU_Jena",
    "InstitutionalDepartmentName": "Department",
    "InversionTime": 0.9,
    "MRAcquisitionType": "3D",
    "MagneticFieldStrength": 3,
    "Manufacturer": "Siemens",
    "ManufacturersModelName": "Prisma_fit",
    "Modality": "MR",
    "ParallelReductionFactorInPlane": 2,
    "PartialFourier": 1,
    "PatientPosition": "HFS",
    "PercentPhaseFOV": 100,
    "PhaseEncodingSteps": 255,
    "PhaseResolution": 1,
    "PixelBandwidth": 230,
    "ProcedureStepDescription": "FMRI",
    "ProtocolName": "MPRAGE_Jena_BW230_64channel",
    "PulseSequenceDetails": "%SiemensSeq%_tfl",
    "ReceiveCoilActiveElements": "HC1-7;NC1,2",
    "ReceiveCoilName": "HeadNeck_64",
    "ReconMatrixPE": 256,
    "RefLinesPE": 24,
    "RepetitionTime": 2.3,
    "SAR": 0.0504797,
    "ScanOptions": "IR",
    "ScanningSequence": "GR_IR",
    "SequenceName": "_tfl3d1_16ns",
    "SequenceVariant": "SK_SP_MP",
    "SeriesDescription": "MPRAGE_Jena_BW230_64channel",
    "SeriesNumber": 6,
    "ShimSetting": [
      -401,
      5695,
      1316,
      227,
      -135,
      -553,
      135,
      26
    ],
    "SliceThickness": 1,
    "SoftwareVersions": "syngo_MR_E11",
    "StationName": "AWP67036",
    "TxRefAmp": 257.159,
    "dataset": "ds003357",
    "modality": "T1w",
    "session_id": "01",
    "subject_id": "26"
  },
  "cjv": 0.3326462287524265,
  "cnr": 4.076070374796312,
  "efc": 0.5309470386557092,
  "fber": -1.0,
  "fwhm_avg": 4.504751729776764,
  "fwhm_x": 4.217294917778071,
  "fwhm_y": 4.555890271552221,
  "fwhm_z": 4.74107,
  "icvs_csf": 0.22208723910251657,
  "icvs_gm": 0.41707562673449927,
  "icvs_wm": 0.36083713416298413,
  "inu_med": 0.4800901710987091,
  "inu_range": 0.16946365684270864,
  "provenance": {
    "md5sum": "d7c390affa020f6557acf7fe5e009cb6",
    "settings": {
      "testing": false
    },
    "software": "mriqc",
    "version": "22.0.6",
    "warnings": {
      "large_rot_frame": true,
      "small_air_mask": false
    },
    "webapi_port": null,
    "webapi_url": "https://mriqc.nimh.nih.gov/api/v1"
  },
  "qi_1": 0.0,
  "qi_2": 0.008123217442069071,
  "rpve_csf": 21.85363188748888,
  "rpve_gm": 12.059342032406953,
  "rpve_wm": 16.533943992610688,
  "size_x": 192,
  "size_y": 256,
  "size_z": 256,
  "snr_csf": 2.0526057504233224,
  "snr_gm": 11.05241702589222,
  "snr_total": 12.867374180535657,
  "snr_wm": 25.497099765291434,
  "snrd_csf": 17.96755442212288,
  "snrd_gm": 61.330853255526364,
  "snrd_total": 55.802776517284606,
  "snrd_wm": 88.10992187420457,
  "spacing_x": 1.0000035762786865,
  "spacing_y": 0.9999999403953552,
  "spacing_z": 1.0,
  "summary_bg_k": 110.8063370997456,
  "summary_bg_mad": 0.0,
  "summary_bg_mean": 3.9042989996999657,
  "summary_bg_median": 0.0,
  "summary_bg_n": 2988856.0,
  "summary_bg_p05": 0.0,
  "summary_bg_p95": 15.581492226570845,
  "summary_bg_stdv": 7.4354443203403555,
  "summary_csf_k": 1.0178754226588058,
  "summary_csf_mad": 93.98568740963364,
  "summary_csf_mean": 219.49048738694827,
  "summary_csf_median": 203.92203895002604,
  "summary_csf_n": 51770.0,
  "summary_csf_p05": 91.94857770204544,
  "summary_csf_p95": 412.16897878423333,
  "summary_csf_stdv": 99.34692495057703,
  "summary_gm_k": -0.06596833185004147,
  "summary_gm_mad": 63.94540227496569,
  "summary_gm_mean": 695.9347606740962,
  "summary_gm_median": 696.0720614828169,
  "summary_gm_n": 43685.0,
  "summary_gm_p05": 594.0636458337307,
  "summary_gm_p95": 799.7985884420572,
  "summary_gm_stdv": 62.978450130925395,
  "summary_wm_k": 0.6398565609210283,
  "summary_wm_mad": 37.15508950866825,
  "summary_wm_mean": 999.9770149274367,
  "summary_wm_median": 1000.0000277273357,
  "summary_wm_n": 246426.0,
  "summary_wm_p05": 936.0744379460812,
  "summary_wm_p95": 1063.3924105502665,
  "summary_wm_stdv": 39.22006847538847,
  "tpm_overlap_csf": 0.1632352135098899,
  "tpm_overlap_gm": 0.454211801547739,
  "tpm_overlap_wm": 0.5218490087623284,
  "wm2max": 0.32079263585999557
}