{
  "bids_meta": {
    "AcquisitionMatrixPE": 256,
    "AcquisitionNumber": 1,
    "AcquisitionTime": "11:51:18.495000",
    "BaseResolution": 256,
    "BodyPartExamined": "SKULL",
    "CoilString": "HC1-7;NC1_2",
    "ConsistencyInfo": "N4_VE11B_LATEST_20150530",
    "ConversionSoftware": "dcm2niix",
    "ConversionSoftwareVersion": "v1.0.20190902",
    "DeviceSerialNumber": "67036",
    "DwellTime": 8.5e-06,
    "EchoTime": 0.00207,
    "FlipAngle": 9,
    "ImageOrientationPatientDICOM": [
      -0.038018,
      0.99582,
      0.0830458,
      0.0484474,
      0.084845,
      -0.995216
    ],
    "ImageType": [
      "ORIGINAL",
      "PRIMARY",
      "M",
      "ND",
      "NORM"
    ],
    "ImagingFrequency": 123.262,
    "InPlanePhaseEncodingDirectionDICOM": "ROW",
    "InstitutionAddress": "Philosophenweg_3_Jena_Thueringen_DE_07743",
    "InstitutionName": "PFL",
    "InstitutionalDepartmentName": "Department",
    "InversionTime": 0.9,
    "MRAcquisitionType": "3D",
    "MagneticFieldStrength": 3,
    "Manufacturer": "Siemens",
    "ManufacturersModelName": "Prisma_fit",
    "Modality": "MR",
    "ParallelReductionFactorInPlane": 2,
    "PartialFourier": 1,
    "PatientPosition": "HFS",
    "PercentPhaseFOV": 100,
    "PhaseEncodingSteps": 255,
    "PhaseResolution": 1,
    "PixelBandwidth": 230,
    "ProcedureStepDescription": "FMRI",
    "ProtocolName": "MPRAGE_Jena_BW230_64channel",
    "PulseSequenceDetails": "%SiemensSeq%_tfl",
    "ReceiveCoilActiveElements": "HC1-7;NC1,2",
    "ReceiveCoilName": "HeadNeck_64",
    "ReconMatrixPE": 256,
    "RefLinesPE": 24,
    "RepetitionTime": 2.3,
    "SAR": 0.0517572,
    "ScanOptions": "IR",
    "ScanningSequence": "GR_IR",
    "SequenceName": "_tfl3d1_16ns",
    "SequenceVariant": "SK_SP_MP",
    "SeriesDescription": "MPRAGE_Jena_BW230_64channel",
    "SeriesNumber": 5,
    "ShimSetting": [
      -428,
      5592,
      1334,
      350,
      -102,
      -423,
      108,
      0
    ],
    "SliceThickness": 1,
    "SoftwareVersions": "syngo_MR_E11",
    "StationName": "AWP67036",
    "TxRefAmp": 270.103,
    "dataset": "ds003357",
    "modality": "T1w",
    "session_id": "02",
    "subject_id": "09"
  },
  "cjv": 0.32083228457833285,
  "cnr": 4.2604543976278855,
  "efc": 0.5248028083101397,
  "fber": -1.0,
  "fwhm_avg": 4.694039015309465,
  "fwhm_x": 4.4169876349163895,
  "fwhm_y": 4.72434,
  "fwhm_z": 4.9407894110120045,
  "icvs_csf": 0.2471936253692132,
  "icvs_gm": 0.41311286939516845,
  "icvs_wm": 0.33969350523561836,
  "inu_med": 0.5006096363067627,
  "inu_range": 0.17310188412666322,
  "provenance": {
    "md5sum": "17a1d394d2ebee16394fa6611242ef40",
    "settings": {
      "testing": false
    },
    "software": "mriqc",
    "version": "22.0.6",
    "warnings": {
      "large_rot_frame": true,
      "small_air_mask": false
    },
    "webapi_port": null,
    "webapi_url": "https://mriqc.nimh.nih.gov/api/v1"
  },
  "qi_1": 0.0,
  "qi_2": 0.0136773324295938,
  "rpve_csf": 20.13624365089097,
  "rpve_gm": 12.008203718075794,
  "rpve_wm": 17.24864425424667,
  "size_x": 192,
  "size_y": 256,
  "size_z": 256,
  "snr_csf": 1.8059070383938403,
  "snr_gm": 10.911073725379264,
  "snr_total": 12.583465252711596,
  "snr_wm": 25.03341499436168,
  "snrd_csf": 16.252463998675157,
  "snrd_gm": 59.30217453624324,
  "snrd_total": 54.15857699227493,
  "snrd_wm": 86.9210924419064,
  "spacing_x": 0.9999982714653015,
  "spacing_y": 1.0,
  "spacing_z": 1.0000001192092896,
  "summary_bg_k": 1526.4940374642947,
  "summary_bg_mad": 0.0,
  "summary_bg_mean": 4.25994971199296,
  "summary_bg_median": 0.0,
  "summary_bg_n": 2783069.0,
  "summary_bg_p05": 0.0,
  "summary_bg_p95": 18.962412368506193,
  "summary_bg_stdv": 7.5371393436814715,
  "summary_csf_k": 0.6456425490516362,
  "summary_csf_mad": 100.52530014287017,
  "summary_csf_mean": 205.06050032739716,
  "summary_csf_median": 186.97951424494386,
  "summary_csf_n": 73020.0,
  "summary_csf_p05": 75.51203975826502,
  "summary_csf_p95": 407.3261220641434,
  "summary_csf_stdv": 103.53702041940569,
  "summary_gm_k": -0.05101714039912064,
  "summary_gm_mad": 63.2350020815731,
  "summary_gm_mean": 680.2794209108985,
  "summary_gm_median": 682.2529672645032,
  "summary_gm_n": 44621.0,
  "summary_gm_p05": 573.2050290741026,
  "summary_gm_p95": 778.696809399873,
  "summary_gm_stdv": 62.52778960319432,
  "summary_wm_k": 0.3118771256260602,
  "summary_wm_mad": 38.70849731642469,
  "summary_wm_mean": 1000.1940303003478,
  "summary_wm_median": 999.9999780803919,
  "summary_wm_n": 240898.0,
  "summary_wm_p05": 934.9538395106792,
  "summary_wm_p95": 1065.9464092254639,
  "summary_wm_stdv": 39.94652358602541,
  "tpm_overlap_csf": 0.15546161598106514,
  "tpm_overlap_gm": 0.4665012273805366,
  "tpm_overlap_wm": 0.5204490339324113,
  "wm2max": 0.3548863772514877
}