{
  "aor": 0.00039412105263157893,
  "aqi": 0.01397511692631579,
  "bids_meta": {
    "AcquisitionMatrixPE": 78,
    "AcquisitionNumber": 1,
    "AcquisitionTime": "17:28:55.152500",
    "BandwidthPerPixelPhaseEncode": 25.138,
    "BaseResolution": 78,
    "BodyPartExamined": "HEAD",
    "ConsistencyInfo": "N4_VE11B_LATEST_20150530",
    "ConversionSoftware": "dcm2niix",
    "ConversionSoftwareVersion": "v1.0.20190902",
    "DerivedVendorReportedEchoSpacing": 0.000510005,
    "DeviceSerialNumber": "67036",
    "DwellTime": 2.2e-06,
    "EchoTime": 0.03,
    "EchoTrainLength": 78,
    "EffectiveEchoSpacing": 0.000510005,
    "FlipAngle": 90,
    "ImageComments": "Unaliased_MB8_PE3_LB",
    "ImageOrientationPatientDICOM": [
      0.999099,
      -0.000734608,
      -0.0424239,
      -0.00941649,
      0.971078,
      -0.238577
    ],
    "ImageType": [
      "ORIGINAL",
      "PRIMARY",
      "M",
      "MB",
      "ND",
      "MOSAIC"
    ],
    "ImagingFrequency": 123.262,
    "InPlanePhaseEncodingDirectionDICOM": "COL",
    "InstitutionAddress": "Philosophenweg_3_Jena_Thueringen_DE_07743",
    "InstitutionName": "FSU_Jena",
    "InstitutionalDepartmentName": "Department",
    "MRAcquisitionType": "2D",
    "MagneticFieldStrength": 3,
    "Manufacturer": "Siemens",
    "ManufacturersModelName": "Prisma_fit",
    "Modality": "MR",
    "MultibandAccelerationFactor": 8,
    "PartialFourier": 1,
    "PatientPosition": "HFS",
    "PercentPhaseFOV": 100,
    "PhaseEncodingDirection": "j-",
    "PhaseEncodingSteps": 78,
    "PhaseResolution": 1,
    "PixelBandwidth": 2915,
    "ProcedureStepDescription": "FMRI",
    "ProtocolName": "cmrr_mbep2d_bold_2p5mm_MB8_verschachtelt",
    "PulseSequenceDetails": "%CustomerSeq%_cmrr_mbep2d_bold",
    "ReceiveCoilActiveElements": "HC1-7",
    "ReceiveCoilName": "HeadNeck_64",
    "ReconMatrixPE": 78,
    "RepetitionTime": 0.484,
    "SAR": 0.193279,
    "ScanOptions": "FS",
    "ScanningSequence": "EP",
    "SequenceName": "epfid2d1_78",
    "SequenceVariant": "SK_SS",
    "SeriesDescription": "cmrr_mbep2d_bold_2p5mm_MB8_verschachtelt",
    "SeriesNumber": 7,
    "ShimSetting": [
      -414,
      5643,
      1283,
      507,
      11,
      -53,
      -29,
      37
    ],
    "SliceThickness": 2.5,
    "SliceTiming": [
      0,
      0.265,
      0.065,
      0.3325,
      0.1325,
      0.3975,
      0.1975,
      0,
      0.265,
      0.065,
      0.3325,
      0.1325,
      0.3975,
      0.1975,
      0,
      0.265,
      0.065,
      0.3325,
      0.1325,
      0.3975,
      0.1975,
      0,
      0.265,
      0.065,
      0.3325,
      0.1325,
      0.3975,
      0.1975,
      0,
      0.265,
      0.065,
      0.3325,
      0.1325,
      0.3975,
      0.1975,
      0,
      0.265,
      0.065,
      0.3325,
      0.1325,
      0.3975,
      0.1975,
      0,
      0.265,
      0.065,
      0.3325,
      0.1325,
      0.3975,
      0.1975,
      0,
      0.265,
      0.065,
      0.3325,
      0.1325,
      0.3975,
      0.1975
    ],
    "SoftwareVersions": "syngo_MR_E11",
    "SpacingBetweenSlices": 2.5,
    "StationName": "AWP67036",
    "TaskName": "rest",
    "TotalReadoutTime": 0.0392704,
    "TxRefAmp": 260.665,
    "WipMemBlock": "79d9c628-2424-4e69-b3e7-6e90ae68cffb||Sequence: R016 ve11b/master r/b698769; Nov 21 2017 11:07:30 by eja",
    "dataset": "ds003357",
    "modality": "bold",
    "session_id": "02",
    "subject_id": "30",
    "task_id": "rest"
  },
  "dummy_trs": 0,
  "dvars_nstd": 56.766728500136836,
  "dvars_std": 1.0258472584676146,
  "dvars_vstd": 0.9775426689889407,
  "efc": 0.6233287114787173,
  "fber": 191.30706787109375,
  "fd_mean": 0.1734981229216605,
  "fd_num": 706,
  "fd_perc": 37.1578947368421,
  "fwhm_avg": 3.0775706666666665,
  "fwhm_x": 2.818472,
  "fwhm_y": 3.130008,
  "fwhm_z": 3.2842320000000003,
  "gcor": 0.015918,
  "gsr_x": -0.010267980396747589,
  "gsr_y": 0.0934864729642868,
  "provenance": {
    "md5sum": "cf2fabb5218f3400f39252d90517638a",
    "settings": {
      "fd_thres": 0.2,
      "testing": false
    },
    "software": "mriqc",
    "version": "22.0.6",
    "webapi_port": null,
    "webapi_url": "https://mriqc.nimh.nih.gov/api/v1"
  },
  "size_t": 1900,
  "size_x": 78,
  "size_y": 78,
  "size_z": 56,
  "snr": 2.527166754896703,
  "spacing_tr": 0.48399999737739563,
  "spacing_x": 2.5,
  "spacing_y": 2.5,
  "spacing_z": 2.5,
  "summary_bg_k": 13.30944555800643,
  "summary_bg_mad": 48.94537399059746,
  "summary_bg_mean": 162.7021942138672,
  "summary_bg_median": 76.94104766845703,
  "summary_bg_n": 189937.0,
  "summary_bg_p05": 36.64810256958008,
  "summary_bg_p95": 601.0008178710912,
  "summary_bg_stdv": 209.45565795898438,
  "summary_fg_k": 0.48498181831347553,
  "summary_fg_mad": 459.2609674135066,
  "summary_fg_mean": 1207.655517578125,
  "summary_fg_median": 1143.866455078125,
  "summary_fg_n": 79248.0,
  "summary_fg_p05": 602.4227996826172,
  "summary_fg_p95": 2035.8386291503905,
  "summary_fg_stdv": 452.6251525878906,
  "tsnr": 21.993522976525128
}