{
  "bids_meta": {
    "AcquisitionMatrixPE": 256,
    "AcquisitionNumber": 1,
    "AcquisitionTime": "17:14:33.480000",
    "BaseResolution": 256,
    "BodyPartExamined": "SKULL",
    "CoilString": "HC1-7;NC1_2",
    "ConsistencyInfo": "N4_VE11B_LATEST_20150530",
    "ConversionSoftware": "dcm2niix",
    "ConversionSoftwareVersion": "v1.0.20190902",
    "DeviceSerialNumber": "67036",
    "DwellTime": 8.5e-06,
    "EchoTime": 0.00207,
    "FlipAngle": 9,
    "ImageOrientationPatientDICOM": [
      0.0223351,
      0.979252,
      -0.201412,
      -0.0135028,
      -0.201149,
      -0.979468
    ],
    "ImageType": [
      "ORIGINAL",
      "PRIMARY",
      "M",
      "ND",
      "NORM"
    ],
    "ImagingFrequency": 123.262,
    "InPlanePhaseEncodingDirectionDICOM": "ROW",
    "InstitutionAddress": "Philosophenweg_3_Jena_Thueringen_DE_07743",
    "InstitutionName": "PFL",
    "InstitutionalDepartmentName": "Department",
    "InversionTime": 0.9,
    "MRAcquisitionType": "3D",
    "MagneticFieldStrength": 3,
    "Manufacturer": "Siemens",
    "ManufacturersModelName": "Prisma_fit",
    "Modality": "MR",
    "ParallelReductionFactorInPlane": 2,
    "PartialFourier": 1,
    "PatientPosition": "HFS",
    "PercentPhaseFOV": 100,
    "PhaseEncodingSteps": 255,
    "PhaseResolution": 1,
    "PixelBandwidth": 230,
    "ProcedureStepDescription": "FMRI",
    "ProtocolName": "MPRAGE_Jena_BW230_64channel",
    "PulseSequenceDetails": "%SiemensSeq%_tfl",
    "ReceiveCoilActiveElements": "HC1-7;NC1,2",
    "ReceiveCoilName": "HeadNeck_64",
    "ReconMatrixPE": 256,
    "RefLinesPE": 24,
    "RepetitionTime": 2.3,
    "SAR": 0.0559459,
    "ScanOptions": "IR",
    "ScanningSequence": "GR_IR",
    "SequenceName": "_tfl3d1_16ns",
    "SequenceVariant": "SK_SP_MP",
    "SeriesDescription": "MPRAGE_Jena_BW230_64channel",
    "SeriesNumber": 5,
    "ShimSetting": [
      -438,
      5652,
      1281,
      52,
      13,
      -293,
      105,
      -91
    ],
    "SliceThickness": 1,
    "SoftwareVersions": "syngo_MR_E11",
    "StationName": "AWP67036",
    "TxRefAmp": 260.474,
    "dataset": "ds003357",
    "modality": "T1w",
    "session_id": "02",
    "subject_id": "26"
  },
  "cjv": 0.33287470624495524,
  "cnr": 4.08341942744897,
  "efc": 0.5499418255578956,
  "fber": 7644.899248295555,
  "fwhm_avg": 4.786997342620715,
  "fwhm_x": 4.484312027862147,
  "fwhm_y": 4.90876,
  "fwhm_z": 4.96792,
  "icvs_csf": 0.23143470131486388,
  "icvs_gm": 0.4104914459573956,
  "icvs_wm": 0.3580738527277405,
  "inu_med": 0.4925536513328552,
  "inu_range": 0.19007544815540312,
  "provenance": {
    "md5sum": "8f7a13872bb6b0e754b42cb394a3591b",
    "settings": {
      "testing": false
    },
    "software": "mriqc",
    "version": "22.0.6",
    "warnings": {
      "large_rot_frame": true,
      "small_air_mask": false
    },
    "webapi_port": null,
    "webapi_url": "https://mriqc.nimh.nih.gov/api/v1"
  },
  "qi_1": 1.0715677360696194e-05,
  "qi_2": 0.010500455992560298,
  "rpve_csf": 21.05885232480609,
  "rpve_gm": 12.036779978131454,
  "rpve_wm": 16.521456213348007,
  "size_x": 192,
  "size_y": 256,
  "size_z": 256,
  "snr_csf": 1.6457222679437729,
  "snr_gm": 11.057264006457105,
  "snr_total": 12.684199141386179,
  "snr_wm": 25.34961114975766,
  "snrd_csf": 15.115502287139396,
  "snrd_gm": 55.727222892063395,
  "snrd_total": 50.33760709397768,
  "snrd_wm": 80.17009610273027,
  "spacing_x": 0.9999973177909851,
  "spacing_y": 1.0,
  "spacing_z": 1.0,
  "summary_bg_k": 38.86045044608622,
  "summary_bg_mad": 0.0,
  "summary_bg_mean": 4.612262724242465,
  "summary_bg_median": 0.0,
  "summary_bg_n": 2844338.0,
  "summary_bg_p05": 0.0,
  "summary_bg_p95": 16.752069890499115,
  "summary_bg_stdv": 8.171830296772713,
  "summary_csf_k": 3.0460847976925933,
  "summary_csf_mad": 121.16392174260123,
  "summary_csf_mean": 203.31079203600706,
  "summary_csf_median": 188.54290425777435,
  "summary_csf_n": 59394.0,
  "summary_csf_p05": 58.468008637428284,
  "summary_csf_p95": 415.9341870635747,
  "summary_csf_stdv": 114.56448071572544,
  "summary_gm_k": -0.032639622380707056,
  "summary_gm_mad": 63.89351500252927,
  "summary_gm_mean": 693.8397552099743,
  "summary_gm_median": 695.1123588681221,
  "summary_gm_n": 43141.0,
  "summary_gm_p05": 589.6071657538414,
  "summary_gm_p95": 795.0335286855698,
  "summary_gm_stdv": 62.86404142388103,
  "summary_wm_k": 0.4833545823388281,
  "summary_wm_mad": 37.59587925453704,
  "summary_wm_mean": 999.8102253287184,
  "summary_wm_median": 1000.000030875206,
  "summary_wm_n": 244340.0,
  "summary_wm_p05": 935.0282774567604,
  "summary_wm_p95": 1063.7892852425575,
  "summary_wm_stdv": 39.44825735734107,
  "tpm_overlap_csf": 0.1669071173295527,
  "tpm_overlap_gm": 0.45571490581397855,
  "tpm_overlap_wm": 0.5230788827646713,
  "wm2max": 0.309283377694699
}