{
  "bids_meta": {
    "AcquisitionMatrixPE": 256,
    "AcquisitionNumber": 1,
    "AcquisitionTime": "12:03:53.662500",
    "BaseResolution": 256,
    "BodyPartExamined": "HEADNECK",
    "CoilString": "HC1-7;NC1_2",
    "ConsistencyInfo": "N4_VE11B_LATEST_20150530",
    "ConversionSoftware": "dcm2niix",
    "ConversionSoftwareVersion": "v1.0.20190902",
    "DeviceSerialNumber": "67036",
    "DwellTime": 8.5e-06,
    "EchoTime": 0.00207,
    "FlipAngle": 9,
    "ImageOrientationPatientDICOM": [
      0.00607707,
      0.991737,
      -0.12814,
      0.0456055,
      -0.128284,
      -0.990688
    ],
    "ImageType": [
      "ORIGINAL",
      "PRIMARY",
      "M",
      "ND",
      "NORM"
    ],
    "ImagingFrequency": 123.262,
    "InPlanePhaseEncodingDirectionDICOM": "ROW",
    "InstitutionAddress": "Philosophenweg_3_Jena_Thueringen_DE_07743",
    "InstitutionName": "IDIR_FSU_Jena",
    "InstitutionalDepartmentName": "Department",
    "InversionTime": 0.9,
    "MRAcquisitionType": "3D",
    "MagneticFieldStrength": 3,
    "Manufacturer": "Siemens",
    "ManufacturersModelName": "Prisma_fit",
    "Modality": "MR",
    "ParallelReductionFactorInPlane": 2,
    "PartialFourier": 1,
    "PatientPosition": "HFS",
    "PercentPhaseFOV": 100,
    "PhaseEncodingSteps": 255,
    "PhaseResolution": 1,
    "PixelBandwidth": 230,
    "ProcedureStepDescription": "FMRI",
    "ProtocolName": "MPRAGE_Jena_BW230_64channel",
    "PulseSequenceDetails": "%SiemensSeq%_tfl",
    "ReceiveCoilActiveElements": "HC1-7;NC1,2",
    "ReceiveCoilName": "HeadNeck_64",
    "ReconMatrixPE": 256,
    "RefLinesPE": 24,
    "RepetitionTime": 2.3,
    "SAR": 0.0455722,
    "ScanOptions": "IR",
    "ScanningSequence": "GR_IR",
    "SequenceName": "_tfl3d1_16ns",
    "SequenceVariant": "SK_SP_MP",
    "SeriesDescription": "MPRAGE_Jena_BW230_64channel",
    "SeriesNumber": 7,
    "ShimSetting": [
      -428,
      5600,
      1320,
      137,
      -14,
      -426,
      168,
      -25
    ],
    "SliceThickness": 1,
    "SoftwareVersions": "syngo_MR_E11",
    "StationName": "AWP67036",
    "TxRefAmp": 247.984,
    "dataset": "ds003357",
    "modality": "T1w",
    "session_id": "02",
    "subject_id": "07"
  },
  "cjv": 0.33334205981980236,
  "cnr": 4.078967879035106,
  "efc": 0.5226233537088739,
  "fber": -1.0,
  "fwhm_avg": 4.730749060984475,
  "fwhm_x": 4.303927182953425,
  "fwhm_y": 4.80532,
  "fwhm_z": 5.083,
  "icvs_csf": 0.2515326896088438,
  "icvs_gm": 0.3804165469551992,
  "icvs_wm": 0.368050763435957,
  "inu_med": 0.5158785581588745,
  "inu_range": 0.21428164839744568,
  "provenance": {
    "md5sum": "8476c69977c16d806556362cc7d03895",
    "settings": {
      "testing": false
    },
    "software": "mriqc",
    "version": "22.0.6",
    "warnings": {
      "large_rot_frame": true,
      "small_air_mask": false
    },
    "webapi_port": null,
    "webapi_url": "https://mriqc.nimh.nih.gov/api/v1"
  },
  "qi_1": 0.00010159019439129772,
  "qi_2": 0.011266917915940707,
  "rpve_csf": 21.44646895859542,
  "rpve_gm": 13.554654494139458,
  "rpve_wm": 17.603067039043232,
  "size_x": 192,
  "size_y": 256,
  "size_z": 256,
  "snr_csf": 1.980964480575105,
  "snr_gm": 10.426055014983799,
  "snr_total": 12.581647499018805,
  "snr_wm": 25.33792300149751,
  "snrd_csf": 21.078321884115503,
  "snrd_gm": 76.02967175190541,
  "snrd_total": 69.30820031671355,
  "snrd_wm": 110.81660731411974,
  "spacing_x": 0.9999983310699463,
  "spacing_y": 1.0,
  "spacing_z": 1.0,
  "summary_bg_k": 105.09564463305152,
  "summary_bg_mad": 0.0,
  "summary_bg_mean": 2.554937601333907,
  "summary_bg_median": 0.0,
  "summary_bg_n": 3012243.0,
  "summary_bg_p05": 0.0,
  "summary_bg_p95": 13.041810154914856,
  "summary_bg_stdv": 5.911897124746696,
  "summary_csf_k": 1.001908833057528,
  "summary_csf_mad": 81.1819949853105,
  "summary_csf_mean": 204.7606311959337,
  "summary_csf_median": 190.20904736965895,
  "summary_csf_n": 66327.0,
  "summary_csf_p05": 69.04487729072571,
  "summary_csf_p95": 395.47371381521225,
  "summary_csf_stdv": 96.01767995133041,
  "summary_gm_k": -0.07300878967077251,
  "summary_gm_mad": 66.75122004483937,
  "summary_gm_mean": 684.4051247890544,
  "summary_gm_median": 686.0855202451348,
  "summary_gm_n": 41292.0,
  "summary_gm_p05": 573.8180702921003,
  "summary_gm_p95": 789.9141518626361,
  "summary_gm_stdv": 65.80410437883694,
  "summary_wm_k": 0.37858201260472013,
  "summary_wm_mad": 37.88967016389711,
  "summary_wm_mean": 999.8109844509044,
  "summary_wm_median": 999.9999727606773,
  "summary_wm_n": 246563.0,
  "summary_wm_p05": 934.6950263231993,
  "summary_wm_p95": 1063.9623799175024,
  "summary_wm_stdv": 39.46645290619482,
  "tpm_overlap_csf": 0.16979871926026635,
  "tpm_overlap_gm": 0.4415721050141974,
  "tpm_overlap_wm": 0.5095193328710137,
  "wm2max": 0.3938546549985846
}