{
  "bids_meta": {
    "AcquisitionMatrixPE": 256,
    "AcquisitionNumber": 1,
    "AcquisitionTime": "12:09:43.427500",
    "BaseResolution": 256,
    "BodyPartExamined": "SKULL",
    "CoilString": "HC1-7;NC1_2",
    "ConsistencyInfo": "N4_VE11B_LATEST_20150530",
    "ConversionSoftware": "dcm2niix",
    "ConversionSoftwareVersion": "v1.0.20190902",
    "DeviceSerialNumber": "67036",
    "DwellTime": 8.5e-06,
    "EchoTime": 0.00207,
    "FlipAngle": 9,
    "ImageOrientationPatientDICOM": [
      0.101245,
      0.994795,
      0.0115159,
      0.0239465,
      0.00913515,
      -0.999672
    ],
    "ImageType": [
      "ORIGINAL",
      "PRIMARY",
      "M",
      "ND",
      "NORM"
    ],
    "ImagingFrequency": 123.262,
    "InPlanePhaseEncodingDirectionDICOM": "ROW",
    "InstitutionAddress": "Philosophenweg_3_Jena_Thueringen_DE_07743",
    "InstitutionName": "IDIR_FSU_Jena",
    "InstitutionalDepartmentName": "Department",
    "InversionTime": 0.9,
    "MRAcquisitionType": "3D",
    "MagneticFieldStrength": 3,
    "Manufacturer": "Siemens",
    "ManufacturersModelName": "Prisma_fit",
    "Modality": "MR",
    "ParallelReductionFactorInPlane": 2,
    "PartialFourier": 1,
    "PatientPosition": "HFS",
    "PercentPhaseFOV": 100,
    "PhaseEncodingSteps": 255,
    "PhaseResolution": 1,
    "PixelBandwidth": 230,
    "ProcedureStepDescription": "FMRI",
    "ProtocolName": "MPRAGE_Jena_BW230_64channel",
    "PulseSequenceDetails": "%SiemensSeq%_tfl",
    "ReceiveCoilActiveElements": "HC1-7;NC1,2",
    "ReceiveCoilName": "HeadNeck_64",
    "ReconMatrixPE": 256,
    "RefLinesPE": 24,
    "RepetitionTime": 2.3,
    "SAR": 0.0402755,
    "ScanOptions": "IR",
    "ScanningSequence": "GR_IR",
    "SequenceName": "_tfl3d1_16ns",
    "SequenceVariant": "SK_SP_MP",
    "SeriesDescription": "MPRAGE_Jena_BW230_64channel",
    "SeriesNumber": 5,
    "ShimSetting": [
      -398,
      5544,
      1319,
      326,
      5,
      -342,
      109,
      63
    ],
    "SliceThickness": 1,
    "SoftwareVersions": "syngo_MR_E11",
    "StationName": "AWP67036",
    "TxRefAmp": 210.359,
    "dataset": "ds003357",
    "modality": "T1w",
    "session_id": "02",
    "subject_id": "02"
  },
  "cjv": 0.2798789902280983,
  "cnr": 4.861688303094338,
  "efc": 0.4469625229740129,
  "fber": 11667.51245951484,
  "fwhm_avg": 4.583600558248816,
  "fwhm_x": 4.2471513929016975,
  "fwhm_y": 4.728570281844752,
  "fwhm_z": 4.77508,
  "icvs_csf": 0.25831226821401904,
  "icvs_gm": 0.44382503366853104,
  "icvs_wm": 0.2978626981174499,
  "inu_med": 0.5633384585380554,
  "inu_range": 0.22935468554496763,
  "provenance": {
    "md5sum": "930acb310aa45d37fe1b416840233635",
    "settings": {
      "testing": false
    },
    "software": "mriqc",
    "version": "22.0.6",
    "warnings": {
      "large_rot_frame": true,
      "small_air_mask": false
    },
    "webapi_port": null,
    "webapi_url": "https://mriqc.nimh.nih.gov/api/v1"
  },
  "qi_1": 0.00025429423783074524,
  "qi_2": 0.007087849469624772,
  "rpve_csf": 24.85913534971043,
  "rpve_gm": 14.603425991855074,
  "rpve_wm": 24.286836843637776,
  "size_x": 192,
  "size_y": 256,
  "size_z": 256,
  "snr_csf": 1.9852394348443316,
  "snr_gm": 12.180017856000598,
  "snr_total": 12.598767262531013,
  "snr_wm": 23.631044496748107,
  "snrd_csf": 12.403769953679403,
  "snrd_gm": 37.96497761028247,
  "snrd_total": 35.93771259003203,
  "snrd_wm": 57.44439020613421,
  "spacing_x": 1.0000020265579224,
  "spacing_y": 0.9999999403953552,
  "spacing_z": 1.0,
  "summary_bg_k": 224.3683362464117,
  "summary_bg_mad": 0.0,
  "summary_bg_mean": 4.3164696456432985,
  "summary_bg_median": 0.0,
  "summary_bg_n": 3529341.0,
  "summary_bg_p05": 0.0,
  "summary_bg_p95": 11.102032955735922,
  "summary_bg_stdv": 11.405254423842178,
  "summary_csf_k": -0.16161358400707382,
  "summary_csf_mad": 118.21199968341948,
  "summary_csf_mean": 225.69116272624373,
  "summary_csf_median": 215.9369440265,
  "summary_csf_n": 53444.0,
  "summary_csf_p05": 72.04306234046817,
  "summary_csf_p95": 418.94554664567113,
  "summary_csf_stdv": 108.77021683637955,
  "summary_gm_k": 0.07878499160955021,
  "summary_gm_mad": 54.15377924014395,
  "summary_gm_mean": 659.2602259169076,
  "summary_gm_median": 660.9314164817333,
  "summary_gm_n": 47658.0,
  "summary_gm_p05": 568.3664144352078,
  "summary_gm_p95": 745.2299697473645,
  "summary_gm_stdv": 54.26301423786298,
  "summary_wm_k": 0.35917778041887827,
  "summary_wm_mad": 40.75784437547676,
  "summary_wm_mean": 997.9445296752912,
  "summary_wm_median": 1000.0480594933033,
  "summary_wm_n": 143249.0,
  "summary_wm_p05": 924.4196652978659,
  "summary_wm_p95": 1063.344065565616,
  "summary_wm_stdv": 42.31910142741758,
  "tpm_overlap_csf": 0.14109910184517313,
  "tpm_overlap_gm": 0.48258248368267653,
  "tpm_overlap_wm": 0.48614840289500516,
  "wm2max": 0.3823837068522369
}