{
  "aor": 0.00045457894736842104,
  "aqi": 0.011825706494736844,
  "bids_meta": {
    "AcquisitionMatrixPE": 78,
    "AcquisitionNumber": 1,
    "AcquisitionTime": "11:05:50.922500",
    "BandwidthPerPixelPhaseEncode": 25.138,
    "BaseResolution": 78,
    "BodyPartExamined": "HEAD",
    "ConsistencyInfo": "N4_VE11B_LATEST_20150530",
    "ConversionSoftware": "dcm2niix",
    "ConversionSoftwareVersion": "v1.0.20190902",
    "DerivedVendorReportedEchoSpacing": 0.000510005,
    "DeviceSerialNumber": "67036",
    "DwellTime": 2.2e-06,
    "EchoTime": 0.03,
    "EchoTrainLength": 78,
    "EffectiveEchoSpacing": 0.000510005,
    "FlipAngle": 90,
    "ImageComments": "Unaliased_MB8_PE3_LB",
    "ImageOrientationPatientDICOM": [
      0.999215,
      -0.017652,
      0.0354568,
      0.0252928,
      0.973276,
      -0.228242
    ],
    "ImageType": [
      "ORIGINAL",
      "PRIMARY",
      "M",
      "MB",
      "ND",
      "MOSAIC"
    ],
    "ImagingFrequency": 123.262,
    "InPlanePhaseEncodingDirectionDICOM": "COL",
    "InstitutionAddress": "Philosophenweg_3_Jena_Thueringen_DE_07743",
    "InstitutionName": "IDIR_FSU_Jena",
    "InstitutionalDepartmentName": "Department",
    "MRAcquisitionType": "2D",
    "MagneticFieldStrength": 3,
    "Manufacturer": "Siemens",
    "ManufacturersModelName": "Prisma_fit",
    "Modality": "MR",
    "MultibandAccelerationFactor": 8,
    "PartialFourier": 1,
    "PatientPosition": "HFS",
    "PercentPhaseFOV": 100,
    "PhaseEncodingDirection": "j-",
    "PhaseEncodingSteps": 78,
    "PhaseResolution": 1,
    "PixelBandwidth": 2915,
    "ProcedureStepDescription": "FMRI",
    "ProtocolName": "cmrr_mbep2d_bold_2p5mm_MB8_verschachtelt",
    "PulseSequenceDetails": "%CustomerSeq%_cmrr_mbep2d_bold",
    "ReceiveCoilActiveElements": "HC1-7",
    "ReceiveCoilName": "HeadNeck_64",
    "ReconMatrixPE": 78,
    "RepetitionTime": 0.484,
    "SAR": 0.177829,
    "ScanOptions": "FS",
    "ScanningSequence": "EP",
    "SequenceName": "epfid2d1_78",
    "SequenceVariant": "SK_SS",
    "SeriesDescription": "cmrr_mbep2d_bold_2p5mm_MB8_verschachtelt",
    "SeriesNumber": 11,
    "ShimSetting": [
      -405,
      5661,
      1384,
      515,
      44,
      -159,
      -83,
      39
    ],
    "SliceThickness": 2.5,
    "SliceTiming": [
      0,
      0.265,
      0.0675,
      0.3325,
      0.1325,
      0.3975,
      0.2,
      0,
      0.265,
      0.0675,
      0.3325,
      0.1325,
      0.3975,
      0.2,
      0,
      0.265,
      0.0675,
      0.3325,
      0.1325,
      0.3975,
      0.2,
      0,
      0.265,
      0.0675,
      0.3325,
      0.1325,
      0.3975,
      0.2,
      0,
      0.265,
      0.0675,
      0.3325,
      0.1325,
      0.3975,
      0.2,
      0,
      0.265,
      0.0675,
      0.3325,
      0.1325,
      0.3975,
      0.2,
      0,
      0.265,
      0.0675,
      0.3325,
      0.1325,
      0.3975,
      0.2,
      0,
      0.265,
      0.0675,
      0.3325,
      0.1325,
      0.3975,
      0.2
    ],
    "SoftwareVersions": "syngo_MR_E11",
    "SpacingBetweenSlices": 2.5,
    "StationName": "AWP67036",
    "TaskName": "rest",
    "TotalReadoutTime": 0.0392704,
    "TxRefAmp": 237.91,
    "WipMemBlock": "7ffe7fcb-bb28-4510-bbf3-e58fdb296301||Sequence: R016 ve11b/master r/b698769; Nov 21 2017 11:07:30 by eja",
    "dataset": "ds003357",
    "modality": "bold",
    "session_id": "01",
    "subject_id": "31",
    "task_id": "rest"
  },
  "dummy_trs": 0,
  "dvars_nstd": 58.63040517494469,
  "dvars_std": 1.1393161884992087,
  "dvars_vstd": 0.9928014838283324,
  "efc": 0.6306208830259625,
  "fber": 173.66993713378906,
  "fd_mean": 0.08051452941895547,
  "fd_num": 33,
  "fd_perc": 1.736842105263158,
  "fwhm_avg": 3.2023880000000005,
  "fwhm_x": 2.919492,
  "fwhm_y": 3.28332,
  "fwhm_z": 3.4043520000000003,
  "gcor": 0.00468269,
  "gsr_x": -0.019168464466929436,
  "gsr_y": 0.09351719170808792,
  "provenance": {
    "md5sum": "2e093192e3eda7ae9ca183d98bc90239",
    "settings": {
      "fd_thres": 0.2,
      "testing": false
    },
    "software": "mriqc",
    "version": "22.0.6",
    "webapi_port": null,
    "webapi_url": "https://mriqc.nimh.nih.gov/api/v1"
  },
  "size_t": 1900,
  "size_x": 78,
  "size_y": 78,
  "size_z": 56,
  "snr": 2.325030397804597,
  "spacing_tr": 0.48399999737739563,
  "spacing_x": 2.5,
  "spacing_y": 2.5,
  "spacing_z": 2.5,
  "summary_bg_k": 13.858852817689574,
  "summary_bg_mad": 49.17166900389873,
  "summary_bg_mean": 175.43914794921875,
  "summary_bg_median": 81.32867431640625,
  "summary_bg_n": 176102.0,
  "summary_bg_p05": 39.67210388183594,
  "summary_bg_p95": 660.1561462402334,
  "summary_bg_stdv": 237.1531524658203,
  "summary_fg_k": 0.24704179912452062,
  "summary_fg_mad": 519.7776788972051,
  "summary_fg_mean": 1310.0975341796875,
  "summary_fg_median": 1218.260986328125,
  "summary_fg_n": 81243.0,
  "summary_fg_p05": 617.5566040039063,
  "summary_fg_p95": 2293.176025390624,
  "summary_fg_stdv": 523.97314453125,
  "tsnr": 23.410504696075805
}