{
  "aor": 0.00021924210526315792,
  "aqi": 0.010807732084210526,
  "bids_meta": {
    "AcquisitionMatrixPE": 78,
    "AcquisitionNumber": 1,
    "AcquisitionTime": "11:55:24.425000",
    "BandwidthPerPixelPhaseEncode": 25.138,
    "BaseResolution": 78,
    "BodyPartExamined": "HEAD",
    "ConsistencyInfo": "N4_VE11B_LATEST_20150530",
    "ConversionSoftware": "dcm2niix",
    "ConversionSoftwareVersion": "v1.0.20190902",
    "DerivedVendorReportedEchoSpacing": 0.000510005,
    "DeviceSerialNumber": "67036",
    "DwellTime": 2.2e-06,
    "EchoTime": 0.03,
    "EchoTrainLength": 78,
    "EffectiveEchoSpacing": 0.000510005,
    "FlipAngle": 90,
    "ImageComments": "Unaliased_MB8_PE3_LB",
    "ImageOrientationPatientDICOM": [
      0.995949,
      -0.0707984,
      0.0554303,
      0.07174,
      0.997308,
      -0.0151835
    ],
    "ImageType": [
      "ORIGINAL",
      "PRIMARY",
      "M",
      "MB",
      "ND",
      "MOSAIC"
    ],
    "ImagingFrequency": 123.262,
    "InPlanePhaseEncodingDirectionDICOM": "COL",
    "InstitutionAddress": "Philosophenweg_3_Jena_Thueringen_DE_07743",
    "InstitutionName": "FSU_Jena",
    "InstitutionalDepartmentName": "Department",
    "MRAcquisitionType": "2D",
    "MagneticFieldStrength": 3,
    "Manufacturer": "Siemens",
    "ManufacturersModelName": "Prisma_fit",
    "Modality": "MR",
    "MultibandAccelerationFactor": 8,
    "PartialFourier": 1,
    "PatientPosition": "HFS",
    "PercentPhaseFOV": 100,
    "PhaseEncodingDirection": "j-",
    "PhaseEncodingSteps": 78,
    "PhaseResolution": 1,
    "PixelBandwidth": 2915,
    "ProcedureStepDescription": "FMRI",
    "ProtocolName": "cmrr_mbep2d_bold_2p5mm_MB8_verschachtelt",
    "PulseSequenceDetails": "%CustomerSeq%_cmrr_mbep2d_bold",
    "ReceiveCoilActiveElements": "HC1-7",
    "ReceiveCoilName": "HeadNeck_64",
    "ReconMatrixPE": 78,
    "RepetitionTime": 0.484,
    "SAR": 0.206192,
    "ScanOptions": "FS",
    "ScanningSequence": "EP",
    "SequenceName": "epfid2d1_78",
    "SequenceVariant": "SK_SS",
    "SeriesDescription": "cmrr_mbep2d_bold_2p5mm_MB8_verschachtelt",
    "SeriesNumber": 6,
    "ShimSetting": [
      -399,
      5645,
      1398,
      478,
      1,
      -88,
      75,
      53
    ],
    "SliceThickness": 2.5,
    "SliceTiming": [
      0,
      0.265,
      0.065,
      0.3325,
      0.1325,
      0.3975,
      0.1975,
      0,
      0.265,
      0.065,
      0.3325,
      0.1325,
      0.3975,
      0.1975,
      0,
      0.265,
      0.065,
      0.3325,
      0.1325,
      0.3975,
      0.1975,
      0,
      0.265,
      0.065,
      0.3325,
      0.1325,
      0.3975,
      0.1975,
      0,
      0.265,
      0.065,
      0.3325,
      0.1325,
      0.3975,
      0.1975,
      0,
      0.265,
      0.065,
      0.3325,
      0.1325,
      0.3975,
      0.1975,
      0,
      0.265,
      0.065,
      0.3325,
      0.1325,
      0.3975,
      0.1975,
      0,
      0.265,
      0.065,
      0.3325,
      0.1325,
      0.3975,
      0.1975
    ],
    "SoftwareVersions": "syngo_MR_E11",
    "SpacingBetweenSlices": 2.5,
    "StationName": "AWP67036",
    "TaskName": "rest",
    "TotalReadoutTime": 0.0392704,
    "TxRefAmp": 257.712,
    "WipMemBlock": "a18f939c-fca9-450b-a93c-c3f0546599e3||Sequence: ve11b/master r/93e61f0; Jul 21 2016 00:18:29 by eja",
    "dataset": "ds003357",
    "modality": "bold",
    "session_id": "01",
    "subject_id": "18",
    "task_id": "rest"
  },
  "dummy_trs": 0,
  "dvars_nstd": 57.13963601715635,
  "dvars_std": 1.1050402413322802,
  "dvars_vstd": 0.9914717334281187,
  "efc": 0.6278183687064752,
  "fber": 190.23753356933594,
  "fd_mean": 0.08537769263215975,
  "fd_num": 42,
  "fd_perc": 2.210526315789474,
  "fwhm_avg": 3.0579013333333336,
  "fwhm_x": 2.7738880000000004,
  "fwhm_y": 3.202668,
  "fwhm_z": 3.197148,
  "gcor": 0.0145658,
  "gsr_x": -0.01769161969423294,
  "gsr_y": 0.10126274079084396,
  "provenance": {
    "md5sum": "30c186da6c4682d6144b6cbf85bd5628",
    "settings": {
      "fd_thres": 0.2,
      "testing": false
    },
    "software": "mriqc",
    "version": "22.0.6",
    "webapi_port": null,
    "webapi_url": "https://mriqc.nimh.nih.gov/api/v1"
  },
  "size_t": 1900,
  "size_x": 78,
  "size_y": 78,
  "size_z": 56,
  "snr": 2.551625181427598,
  "spacing_tr": 0.48399999737739563,
  "spacing_x": 2.5,
  "spacing_y": 2.5,
  "spacing_z": 2.5,
  "summary_bg_k": 11.852201944130007,
  "summary_bg_mad": 51.4806280825578,
  "summary_bg_mean": 170.47056579589844,
  "summary_bg_median": 78.72894287109375,
  "summary_bg_n": 183318.0,
  "summary_bg_p05": 36.56684112548828,
  "summary_bg_p95": 642.45315246582,
  "summary_bg_stdv": 228.34518432617188,
  "summary_fg_k": 0.1363158567732583,
  "summary_fg_mad": 487.66021109916426,
  "summary_fg_mean": 1281.9896240234375,
  "summary_fg_median": 1218.6104736328125,
  "summary_fg_n": 80046.0,
  "summary_fg_p05": 634.0153656005859,
  "summary_fg_p95": 2166.8222045898438,
  "summary_fg_stdv": 477.5791015625,
  "tsnr": 24.20081280870363
}