{
  "bids_meta": {
    "AcquisitionMatrixPE": 256,
    "AcquisitionNumber": 1,
    "AcquisitionTime": "10:40:59.247500",
    "BaseResolution": 256,
    "BodyPartExamined": "HEAD",
    "CoilString": "HC1-7;NC1_2",
    "ConsistencyInfo": "N4_VE11B_LATEST_20150530",
    "ConversionSoftware": "dcm2niix",
    "ConversionSoftwareVersion": "v1.0.20190902",
    "DeviceSerialNumber": "67036",
    "DwellTime": 8.5e-06,
    "EchoTime": 0.00207,
    "FlipAngle": 9,
    "ImageOrientationPatientDICOM": [
      -0.0389573,
      0.987388,
      -0.153452,
      0.0927979,
      -0.14933,
      -0.984423
    ],
    "ImageType": [
      "ORIGINAL",
      "PRIMARY",
      "M",
      "ND",
      "NORM"
    ],
    "ImagingFrequency": 123.262,
    "InPlanePhaseEncodingDirectionDICOM": "ROW",
    "InstitutionAddress": "Philosophenweg_3_Jena_Thueringen_DE_07743",
    "InstitutionName": "FSU_Jena",
    "InstitutionalDepartmentName": "Department",
    "InversionTime": 0.9,
    "MRAcquisitionType": "3D",
    "MagneticFieldStrength": 3,
    "Manufacturer": "Siemens",
    "ManufacturersModelName": "Prisma_fit",
    "Modality": "MR",
    "ParallelReductionFactorInPlane": 2,
    "PartialFourier": 1,
    "PatientPosition": "HFS",
    "PercentPhaseFOV": 100,
    "PhaseEncodingSteps": 255,
    "PhaseResolution": 1,
    "PixelBandwidth": 230,
    "ProcedureStepDescription": "FMRI",
    "ProtocolName": "MPRAGE_Jena_BW230_64channel",
    "PulseSequenceDetails": "%SiemensSeq%_tfl",
    "ReceiveCoilActiveElements": "HC1-7;NC1,2",
    "ReceiveCoilName": "HeadNeck_64",
    "ReconMatrixPE": 256,
    "RefLinesPE": 24,
    "RepetitionTime": 2.3,
    "SAR": 0.0449408,
    "ScanOptions": "IR",
    "ScanningSequence": "GR_IR",
    "SequenceName": "_tfl3d1_16ns",
    "SequenceVariant": "SK_SP_MP",
    "SeriesDescription": "MPRAGE_Jena_BW230_64channel",
    "SeriesNumber": 5,
    "ShimSetting": [
      -388,
      5617,
      1328,
      359,
      13,
      -335,
      96,
      -57
    ],
    "SliceThickness": 1,
    "SoftwareVersions": "syngo_MR_E11",
    "StationName": "AWP67036",
    "TxRefAmp": 227.503,
    "dataset": "ds003357",
    "modality": "T1w",
    "session_id": "02",
    "subject_id": "16"
  },
  "cjv": 0.3074978803284465,
  "cnr": 4.488136285445283,
  "efc": 0.49176369390328206,
  "fber": -1.0,
  "fwhm_avg": 4.674518886082446,
  "fwhm_x": 4.304566658247338,
  "fwhm_y": 4.80957,
  "fwhm_z": 4.90942,
  "icvs_csf": 0.22512389647392342,
  "icvs_gm": 0.4239852648368082,
  "icvs_wm": 0.3508908386892684,
  "inu_med": 0.4590873271226883,
  "inu_range": 0.15083041042089462,
  "provenance": {
    "md5sum": "7c4504d91af2b4d0789d096721dd9b5e",
    "settings": {
      "testing": false
    },
    "software": "mriqc",
    "version": "22.0.6",
    "warnings": {
      "large_rot_frame": true,
      "small_air_mask": false
    },
    "webapi_port": null,
    "webapi_url": "https://mriqc.nimh.nih.gov/api/v1"
  },
  "qi_1": 0.0,
  "qi_2": 0.010229066756771635,
  "rpve_csf": 22.604049404179797,
  "rpve_gm": 12.51478188209008,
  "rpve_wm": 17.95149620725353,
  "size_x": 192,
  "size_y": 256,
  "size_z": 256,
  "snr_csf": 1.9843334505093309,
  "snr_gm": 11.747283908701688,
  "snr_total": 13.546140259932109,
  "snr_wm": 26.906803420585305,
  "snrd_csf": 27.917792634961828,
  "snrd_gm": 89.08479852835889,
  "snrd_total": 82.16867939912377,
  "snrd_wm": 129.50344703405062,
  "spacing_x": 1.0000030994415283,
  "spacing_y": 1.0,
  "spacing_z": 1.0,
  "summary_bg_k": 9.387249873760583,
  "summary_bg_mad": 0.0,
  "summary_bg_mean": 2.964732190809506,
  "summary_bg_median": 0.0,
  "summary_bg_n": 3182975.0,
  "summary_bg_p05": 0.0,
  "summary_bg_p95": 10.280671052634716,
  "summary_bg_stdv": 5.0588334989459085,
  "summary_csf_k": 4.990965372410714,
  "summary_csf_mad": 107.50433744388455,
  "summary_csf_mean": 227.01927826284074,
  "summary_csf_median": 215.5756642408669,
  "summary_csf_n": 47956.0,
  "summary_csf_p05": 78.5152134373784,
  "summary_csf_p95": 429.88898944761604,
  "summary_csf_stdv": 108.63769722454882,
  "summary_gm_k": -0.04352646042734554,
  "summary_gm_mad": 59.68716351181796,
  "summary_gm_mean": 687.6984273484092,
  "summary_gm_median": 687.8951666280627,
  "summary_gm_n": 58873.0,
  "summary_gm_p05": 592.0938691198826,
  "summary_gm_p95": 783.8784229159355,
  "summary_gm_stdv": 58.55730820450136,
  "summary_wm_k": 0.2465376859502606,
  "summary_wm_mad": 36.28439996537634,
  "summary_wm_mean": 1000.6869120990775,
  "summary_wm_median": 999.9999634958804,
  "summary_wm_n": 239239.0,
  "summary_wm_p05": 940.7723807059228,
  "summary_wm_p95": 1062.7302527949214,
  "summary_wm_stdv": 37.165242481701334,
  "tpm_overlap_csf": 0.1624312793383314,
  "tpm_overlap_gm": 0.477173699349794,
  "tpm_overlap_wm": 0.5301768401387994,
  "wm2max": 0.41016885903535777
}