{
  "aor": 0.00012172995780590719,
  "aqi": 0.007218109367088607,
  "bids_meta": {
    "AcquisitionMatrixPE": 78,
    "AcquisitionNumber": 1,
    "AcquisitionTime": "17:44:1.257500",
    "BandwidthPerPixelPhaseEncode": 25.138,
    "BaseResolution": 78,
    "BodyPartExamined": "HEAD",
    "ConsistencyInfo": "N4_VE11B_LATEST_20150530",
    "ConversionSoftware": "dcm2niix",
    "ConversionSoftwareVersion": "v1.0.20190902",
    "DerivedVendorReportedEchoSpacing": 0.000510005,
    "DeviceSerialNumber": "67036",
    "DwellTime": 2.2e-06,
    "EchoTime": 0.03,
    "EchoTrainLength": 78,
    "EffectiveEchoSpacing": 0.000510005,
    "FlipAngle": 90,
    "ImageComments": "Unaliased_MB8_PE3_LB",
    "ImageOrientationPatientDICOM": [
      0.999811,
      -0.0164904,
      0.010311,
      0.0188482,
      0.95228,
      -0.304642
    ],
    "ImageType": [
      "ORIGINAL",
      "PRIMARY",
      "M",
      "MB",
      "ND",
      "MOSAIC"
    ],
    "ImagingFrequency": 123.262,
    "InPlanePhaseEncodingDirectionDICOM": "COL",
    "InstitutionAddress": "Philosophenweg_3_Jena_Thueringen_DE_07743",
    "InstitutionName": "FSU_Jena",
    "InstitutionalDepartmentName": "Department",
    "MRAcquisitionType": "2D",
    "MagneticFieldStrength": 3,
    "Manufacturer": "Siemens",
    "ManufacturersModelName": "Prisma_fit",
    "Modality": "MR",
    "MultibandAccelerationFactor": 8,
    "PartialFourier": 1,
    "PatientPosition": "HFS",
    "PercentPhaseFOV": 100,
    "PhaseEncodingDirection": "j-",
    "PhaseEncodingSteps": 78,
    "PhaseResolution": 1,
    "PixelBandwidth": 2915,
    "ProcedureStepDescription": "FMRI",
    "ProtocolName": "cmrr_mbep2d_bold_2p5mm_MB8_verschachtelt",
    "PulseSequenceDetails": "%CustomerSeq%_cmrr_mbep2d_bold",
    "ReceiveCoilActiveElements": "HC1-7",
    "ReceiveCoilName": "HeadNeck_64",
    "ReconMatrixPE": 78,
    "RepetitionTime": 0.484,
    "SAR": 0.180661,
    "ScanOptions": "FS",
    "ScanningSequence": "EP",
    "SequenceName": "epfid2d1_78",
    "SequenceVariant": "SK_SS",
    "SeriesDescription": "cmrr_mbep2d_bold_2p5mm_MB8_verschachtelt",
    "SeriesNumber": 7,
    "ShimSetting": [
      -405,
      5676,
      1293,
      736,
      -21,
      -206,
      -103,
      -33
    ],
    "SliceThickness": 2.5,
    "SliceTiming": [
      0,
      0.265,
      0.0675,
      0.3325,
      0.1325,
      0.3975,
      0.2,
      0,
      0.265,
      0.0675,
      0.3325,
      0.1325,
      0.3975,
      0.2,
      0,
      0.265,
      0.0675,
      0.3325,
      0.1325,
      0.3975,
      0.2,
      0,
      0.265,
      0.0675,
      0.3325,
      0.1325,
      0.3975,
      0.2,
      0,
      0.265,
      0.0675,
      0.3325,
      0.1325,
      0.3975,
      0.2,
      0,
      0.265,
      0.0675,
      0.3325,
      0.1325,
      0.3975,
      0.2,
      0,
      0.265,
      0.0675,
      0.3325,
      0.1325,
      0.3975,
      0.2,
      0,
      0.265,
      0.0675,
      0.3325,
      0.1325,
      0.3975,
      0.2
    ],
    "SoftwareVersions": "syngo_MR_E11",
    "SpacingBetweenSlices": 2.5,
    "StationName": "AWP67036",
    "TaskName": "rest",
    "TotalReadoutTime": 0.0392704,
    "TxRefAmp": 219.748,
    "WipMemBlock": "77758b7c-c390-452f-9dd9-146062550941||Sequence: R016 ve11b/master r/b698769; Nov 21 2017 11:07:30 by eja",
    "dataset": "ds003357",
    "modality": "bold",
    "session_id": "01",
    "subject_id": "10",
    "task_id": "rest"
  },
  "dummy_trs": 4,
  "dvars_nstd": 50.20424587284435,
  "dvars_std": 1.0523245146965705,
  "dvars_vstd": 0.9904845875408959,
  "efc": 0.5846836038820328,
  "fber": 400.04193115234375,
  "fd_mean": 0.07447054543140202,
  "fd_num": 29,
  "fd_perc": 1.529535864978903,
  "fwhm_avg": 3.263490666666667,
  "fwhm_x": 3.004484,
  "fwhm_y": 3.3448839999999995,
  "fwhm_z": 3.441104,
  "gcor": 0.00868552,
  "gsr_x": -0.02306261472404003,
  "gsr_y": 0.08094467967748642,
  "provenance": {
    "md5sum": "ed8bf0f5eaf5a544584c55cfbbdbec9a",
    "settings": {
      "fd_thres": 0.2,
      "testing": false
    },
    "software": "mriqc",
    "version": "22.0.6",
    "webapi_port": null,
    "webapi_url": "https://mriqc.nimh.nih.gov/api/v1"
  },
  "size_t": 1896,
  "size_x": 78,
  "size_y": 78,
  "size_z": 56,
  "snr": 2.663716518723436,
  "spacing_tr": 0.48399999737739563,
  "spacing_x": 2.5,
  "spacing_y": 2.5,
  "spacing_z": 2.5,
  "summary_bg_k": 14.454376101675045,
  "summary_bg_mad": 25.591306704281454,
  "summary_bg_mean": 114.00678253173828,
  "summary_bg_median": 54.32172775268555,
  "summary_bg_n": 196377.0,
  "summary_bg_p05": 33.88290786743164,
  "summary_bg_p95": 437.45883178710926,
  "summary_bg_stdv": 153.46141052246094,
  "summary_fg_k": 0.02655571089621933,
  "summary_fg_mad": 447.4588329869157,
  "summary_fg_mean": 1211.4075927734375,
  "summary_fg_median": 1148.95458984375,
  "summary_fg_n": 76391.0,
  "summary_fg_p05": 621.9416809082031,
  "summary_fg_p95": 1994.474609375,
  "summary_fg_stdv": 431.33233642578125,
  "tsnr": 27.24410845595412
}