{
  "bids_meta": {
    "AcquisitionMatrixPE": 256,
    "AcquisitionNumber": 1,
    "AcquisitionTime": "11:25:34.295000",
    "BaseResolution": 256,
    "BodyPartExamined": "SKULL",
    "CoilString": "HC1-7;NC1_2",
    "ConsistencyInfo": "N4_VE11B_LATEST_20150530",
    "ConversionSoftware": "dcm2niix",
    "ConversionSoftwareVersion": "v1.0.20190902",
    "DeviceSerialNumber": "67036",
    "DwellTime": 8.5e-06,
    "EchoTime": 0.00207,
    "FlipAngle": 9,
    "ImageOrientationPatientDICOM": [
      0.0541252,
      0.994588,
      -0.0886877,
      0.0224201,
      -0.090006,
      -0.995689
    ],
    "ImageType": [
      "ORIGINAL",
      "PRIMARY",
      "M",
      "ND",
      "NORM"
    ],
    "ImagingFrequency": 123.262,
    "InPlanePhaseEncodingDirectionDICOM": "ROW",
    "InstitutionAddress": "Philosophenweg_3_Jena_Thueringen_DE_07743",
    "InstitutionName": "FSU_Jena",
    "InstitutionalDepartmentName": "Department",
    "InversionTime": 0.9,
    "MRAcquisitionType": "3D",
    "MagneticFieldStrength": 3,
    "Manufacturer": "Siemens",
    "ManufacturersModelName": "Prisma_fit",
    "Modality": "MR",
    "ParallelReductionFactorInPlane": 2,
    "PartialFourier": 1,
    "PatientPosition": "HFS",
    "PercentPhaseFOV": 100,
    "PhaseEncodingSteps": 255,
    "PhaseResolution": 1,
    "PixelBandwidth": 230,
    "ProcedureStepDescription": "MR-Med.Physik_Proband",
    "ProtocolName": "MPRAGE_Jena_BW230_64channel",
    "PulseSequenceDetails": "%SiemensSeq%_tfl",
    "ReceiveCoilActiveElements": "HC1-7;NC1,2",
    "ReceiveCoilName": "HeadNeck_64",
    "ReconMatrixPE": 256,
    "RefLinesPE": 24,
    "RepetitionTime": 2.3,
    "SAR": 0.0518706,
    "ScanOptions": "IR",
    "ScanningSequence": "GR_IR",
    "SequenceName": "_tfl3d1_16ns",
    "SequenceVariant": "SK_SP_MP",
    "SeriesDescription": "MPRAGE_Jena_BW230_64channel",
    "SeriesNumber": 5,
    "ShimSetting": [
      -429,
      5611,
      1350,
      276,
      -30,
      -272,
      63,
      36
    ],
    "SliceThickness": 1,
    "SoftwareVersions": "syngo_MR_E11",
    "StationName": "AWP67036",
    "TxRefAmp": 234.281,
    "dataset": "ds003357",
    "modality": "T1w",
    "session_id": "02",
    "subject_id": "28"
  },
  "cjv": 0.3091572185965929,
  "cnr": 4.428907738718256,
  "efc": 0.5276393855639069,
  "fber": -1.0,
  "fwhm_avg": 4.561508188786785,
  "fwhm_x": 4.304324868844904,
  "fwhm_y": 4.561850271907464,
  "fwhm_z": 4.8183494256079875,
  "icvs_csf": 0.24687982911967402,
  "icvs_gm": 0.43018804916654574,
  "icvs_wm": 0.3229321217137803,
  "inu_med": 0.5915452837944031,
  "inu_range": 0.24333437085151666,
  "provenance": {
    "md5sum": "b7424fa528aef8b1921d7dca3b51aa35",
    "settings": {
      "testing": false
    },
    "software": "mriqc",
    "version": "22.0.6",
    "warnings": {
      "large_rot_frame": true,
      "small_air_mask": false
    },
    "webapi_port": null,
    "webapi_url": "https://mriqc.nimh.nih.gov/api/v1"
  },
  "qi_1": 0.0,
  "qi_2": 0.014179438163498228,
  "rpve_csf": 19.856846159355133,
  "rpve_gm": 11.519241819855505,
  "rpve_wm": 17.76023529813149,
  "size_x": 192,
  "size_y": 256,
  "size_z": 256,
  "snr_csf": 2.433534337715036,
  "snr_gm": 11.770079617601773,
  "snr_total": 12.923897686947411,
  "snr_wm": 24.568079105525424,
  "snrd_csf": 24.978808259969117,
  "snrd_gm": 83.09722346016805,
  "snrd_total": 76.48203059056279,
  "snrd_wm": 121.37006005155118,
  "spacing_x": 1.0000011920928955,
  "spacing_y": 0.9999999403953552,
  "spacing_z": 1.0000001192092896,
  "summary_bg_k": 6.135589556234063,
  "summary_bg_mad": 0.0,
  "summary_bg_mean": 3.1742496422387156,
  "summary_bg_median": 0.0,
  "summary_bg_n": 2894431.0,
  "summary_bg_p05": 0.0,
  "summary_bg_p95": 14.832793436944485,
  "summary_bg_stdv": 5.398084368102425,
  "summary_csf_k": 1.4032225068388842,
  "summary_csf_mad": 73.23713505884211,
  "summary_csf_mean": 211.7789318932225,
  "summary_csf_median": 205.81624590232968,
  "summary_csf_n": 68638.0,
  "summary_csf_p05": 84.23228757828474,
  "summary_csf_p95": 360.84141124784946,
  "summary_csf_stdv": 84.57441648520862,
  "summary_gm_k": -0.060329820676744195,
  "summary_gm_mad": 58.7762994739752,
  "summary_gm_mean": 683.3295658667512,
  "summary_gm_median": 684.6907346211374,
  "summary_gm_n": 43490.0,
  "summary_gm_p05": 585.13122715801,
  "summary_gm_p95": 776.2045753411949,
  "summary_gm_stdv": 58.171472496575795,
  "summary_wm_k": 0.3757901754159487,
  "summary_wm_mad": 38.71772108206303,
  "summary_wm_mean": 1000.1169640605368,
  "summary_wm_median": 1000.0449126623571,
  "summary_wm_n": 208297.0,
  "summary_wm_p05": 933.0726029016078,
  "summary_wm_p95": 1067.206003430485,
  "summary_wm_stdv": 40.704953278505265,
  "tpm_overlap_csf": 0.16145089727438958,
  "tpm_overlap_gm": 0.4341419526265119,
  "tpm_overlap_wm": 0.48126578498949757,
  "wm2max": 0.458903120681476
}