{
  "bids_meta": {
    "AcquisitionMatrixPE": 256,
    "AcquisitionNumber": 1,
    "AcquisitionTime": "18:00:32.970000",
    "BaseResolution": 256,
    "BodyPartExamined": "HEAD",
    "CoilString": "HC1-7;NC1_2",
    "ConsistencyInfo": "N4_VE11B_LATEST_20150530",
    "ConversionSoftware": "dcm2niix",
    "ConversionSoftwareVersion": "v1.0.20190902",
    "DeviceSerialNumber": "67036",
    "DwellTime": 8.5e-06,
    "EchoTime": 0.00207,
    "FlipAngle": 9,
    "ImageOrientationPatientDICOM": [
      0.0208415,
      0.995962,
      -0.0873232,
      -0.0139845,
      -0.0870432,
      -0.996106
    ],
    "ImageType": [
      "ORIGINAL",
      "PRIMARY",
      "M",
      "ND",
      "NORM"
    ],
    "ImagingFrequency": 123.262,
    "InPlanePhaseEncodingDirectionDICOM": "ROW",
    "InstitutionAddress": "Philosophenweg_3_Jena_Thueringen_DE_07743",
    "InstitutionName": "FSU_Jena",
    "InstitutionalDepartmentName": "Department",
    "InversionTime": 0.9,
    "MRAcquisitionType": "3D",
    "MagneticFieldStrength": 3,
    "Manufacturer": "Siemens",
    "ManufacturersModelName": "Prisma_fit",
    "Modality": "MR",
    "ParallelReductionFactorInPlane": 2,
    "PartialFourier": 1,
    "PatientPosition": "HFS",
    "PercentPhaseFOV": 100,
    "PhaseEncodingSteps": 255,
    "PhaseResolution": 1,
    "PixelBandwidth": 230,
    "ProcedureStepDescription": "FMRI",
    "ProtocolName": "MPRAGE_Jena_BW230_64channel",
    "PulseSequenceDetails": "%SiemensSeq%_tfl",
    "ReceiveCoilActiveElements": "HC1-7;NC1,2",
    "ReceiveCoilName": "HeadNeck_64",
    "ReconMatrixPE": 256,
    "RefLinesPE": 24,
    "RepetitionTime": 2.3,
    "SAR": 0.044387,
    "ScanOptions": "IR",
    "ScanningSequence": "GR_IR",
    "SequenceName": "_tfl3d1_16ns",
    "SequenceVariant": "SK_SP_MP",
    "SeriesDescription": "MPRAGE_Jena_BW230_64channel",
    "SeriesNumber": 6,
    "ShimSetting": [
      -415,
      5668,
      1304,
      383,
      -1,
      -449,
      -61,
      -17
    ],
    "SliceThickness": 1,
    "SoftwareVersions": "syngo_MR_E11",
    "StationName": "AWP67036",
    "TxRefAmp": 218.466,
    "dataset": "ds003357",
    "modality": "T1w",
    "session_id": "01",
    "subject_id": "08"
  },
  "cjv": 0.29513267251375164,
  "cnr": 4.568442916545039,
  "efc": 0.48372196352430724,
  "fber": -1.0,
  "fwhm_avg": 4.5671674906130635,
  "fwhm_x": 4.23612247183919,
  "fwhm_y": 4.63978,
  "fwhm_z": 4.8256,
  "icvs_csf": 0.21880645708774002,
  "icvs_gm": 0.449858242452364,
  "icvs_wm": 0.331335300459896,
  "inu_med": 0.5293340086936951,
  "inu_range": 0.18490317463874817,
  "provenance": {
    "md5sum": "88a47ae620777a648f348178aaa9bdd4",
    "settings": {
      "testing": false
    },
    "software": "mriqc",
    "version": "22.0.6",
    "warnings": {
      "large_rot_frame": true,
      "small_air_mask": false
    },
    "webapi_port": null,
    "webapi_url": "https://mriqc.nimh.nih.gov/api/v1"
  },
  "qi_1": 0.0,
  "qi_2": 0.022935366898100468,
  "rpve_csf": 23.146677346920992,
  "rpve_gm": 12.078266196221572,
  "rpve_wm": 18.877064849096147,
  "size_x": 192,
  "size_y": 256,
  "size_z": 256,
  "snr_csf": 2.2052872704518847,
  "snr_gm": 11.71977611712804,
  "snr_total": 12.975575969944463,
  "snr_wm": 25.001664522253467,
  "snrd_csf": 23.078080700600434,
  "snrd_gm": 75.50941820878661,
  "snrd_total": 70.00369821968165,
  "snrd_wm": 111.42359574965788,
  "spacing_x": 0.999994695186615,
  "spacing_y": 1.0,
  "spacing_z": 1.0,
  "summary_bg_k": 5.616202360342356,
  "summary_bg_mad": 0.0,
  "summary_bg_mean": 3.859078482188431,
  "summary_bg_median": 0.0,
  "summary_bg_n": 2994473.0,
  "summary_bg_p05": 0.0,
  "summary_bg_p95": 15.386936523020267,
  "summary_bg_stdv": 5.87969190721174,
  "summary_csf_k": 1.6338149613018125,
  "summary_csf_mad": 86.03223197284336,
  "summary_csf_mean": 219.22060907186136,
  "summary_csf_median": 207.12023378536105,
  "summary_csf_n": 46551.0,
  "summary_csf_p05": 97.04832512885332,
  "summary_csf_p95": 401.9460035841912,
  "summary_csf_stdv": 93.91883401731782,
  "summary_gm_k": 0.15298488634337026,
  "summary_gm_mad": 56.80811157998843,
  "summary_gm_mean": 677.7347897197383,
  "summary_gm_median": 677.6789003945887,
  "summary_gm_n": 48165.0,
  "summary_gm_p05": 582.3402348794043,
  "summary_gm_p95": 772.3135884217918,
  "summary_gm_stdv": 57.82293608793305,
  "summary_wm_k": 0.41276430778213324,
  "summary_wm_mad": 38.31938235185571,
  "summary_wm_mean": 1001.2039347872893,
  "summary_wm_median": 1000.0000216774642,
  "summary_wm_n": 211940.0,
  "summary_wm_p05": 937.5974457785487,
  "summary_wm_p95": 1068.6881108619273,
  "summary_wm_stdv": 39.99724344858322,
  "tpm_overlap_csf": 0.16289878483262044,
  "tpm_overlap_gm": 0.4762915978890291,
  "tpm_overlap_wm": 0.5280941049571565,
  "wm2max": 0.3871963001424091
}