{
  "bids_meta": {
    "AcquisitionMatrixPE": 256,
    "AcquisitionNumber": 1,
    "AcquisitionTime": "17:56:38.157500",
    "BaseResolution": 256,
    "BodyPartExamined": "SKULL",
    "CoilString": "HC1-7;NC1_2",
    "ConsistencyInfo": "N4_VE11B_LATEST_20150530",
    "ConversionSoftware": "dcm2niix",
    "ConversionSoftwareVersion": "v1.0.20190902",
    "DeviceSerialNumber": "67036",
    "DwellTime": 8.5e-06,
    "EchoTime": 0.00207,
    "FlipAngle": 9,
    "ImageOrientationPatientDICOM": [
      -0.032216,
      0.99868,
      0.0400029,
      0.0788155,
      0.0424375,
      -0.995986
    ],
    "ImageType": [
      "ORIGINAL",
      "PRIMARY",
      "M",
      "ND",
      "NORM"
    ],
    "ImagingFrequency": 123.262,
    "InPlanePhaseEncodingDirectionDICOM": "ROW",
    "InstitutionAddress": "Philosophenweg_3_Jena_Thueringen_DE_07743",
    "InstitutionName": "PFL",
    "InstitutionalDepartmentName": "Department",
    "InversionTime": 0.9,
    "MRAcquisitionType": "3D",
    "MagneticFieldStrength": 3,
    "Manufacturer": "Siemens",
    "ManufacturersModelName": "Prisma_fit",
    "Modality": "MR",
    "ParallelReductionFactorInPlane": 2,
    "PartialFourier": 1,
    "PatientPosition": "HFS",
    "PercentPhaseFOV": 100,
    "PhaseEncodingSteps": 255,
    "PhaseResolution": 1,
    "PixelBandwidth": 230,
    "ProcedureStepDescription": "FMRI",
    "ProtocolName": "MPRAGE_Jena_BW230_64channel",
    "PulseSequenceDetails": "%SiemensSeq%_tfl",
    "ReceiveCoilActiveElements": "HC1-7;NC1,2",
    "ReceiveCoilName": "HeadNeck_64",
    "ReconMatrixPE": 256,
    "RefLinesPE": 24,
    "RepetitionTime": 2.3,
    "SAR": 0.0455747,
    "ScanOptions": "IR",
    "ScanningSequence": "GR_IR",
    "SequenceName": "_tfl3d1_16ns",
    "SequenceVariant": "SK_SP_MP",
    "SeriesDescription": "MPRAGE_Jena_BW230_64channel",
    "SeriesNumber": 5,
    "ShimSetting": [
      -401,
      5617,
      1319,
      85,
      -62,
      -367,
      174,
      -50
    ],
    "SliceThickness": 1,
    "SoftwareVersions": "syngo_MR_E11",
    "StationName": "AWP67036",
    "TxRefAmp": 220.318,
    "dataset": "ds003357",
    "modality": "T1w",
    "session_id": "01",
    "subject_id": "29"
  },
  "cjv": 0.3042266725678352,
  "cnr": 4.492873689266828,
  "efc": 0.44775003995118723,
  "fber": -1.0,
  "fwhm_avg": 4.813103333333333,
  "fwhm_x": 4.49624,
  "fwhm_y": 4.88383,
  "fwhm_z": 5.05924,
  "icvs_csf": 0.24806425402050783,
  "icvs_gm": 0.41636040349582465,
  "icvs_wm": 0.33557534248366755,
  "inu_med": 0.48124586045742035,
  "inu_range": 0.16891319900751117,
  "provenance": {
    "md5sum": "db8bb847b1cf4ce4bbbd3482ebac3a72",
    "settings": {
      "testing": false
    },
    "software": "mriqc",
    "version": "22.0.6",
    "warnings": {
      "large_rot_frame": true,
      "small_air_mask": false
    },
    "webapi_port": null,
    "webapi_url": "https://mriqc.nimh.nih.gov/api/v1"
  },
  "qi_1": 1.2328117840019326e-05,
  "qi_2": 0.015434427816876725,
  "rpve_csf": 25.222292857373503,
  "rpve_gm": 14.86222209464898,
  "rpve_wm": 21.84826065243432,
  "size_x": 192,
  "size_y": 256,
  "size_z": 256,
  "snr_csf": 2.11142887721696,
  "snr_gm": 11.129840436328744,
  "snr_total": 14.006407704559829,
  "snr_wm": 28.777953800133783,
  "snrd_csf": 31.197251866532653,
  "snrd_gm": 101.90516031424856,
  "snrd_total": 94.12614044293188,
  "snrd_wm": 149.27600914801442,
  "spacing_x": 1.0,
  "spacing_y": 1.0,
  "spacing_z": 1.0,
  "summary_bg_k": 17.554165253791027,
  "summary_bg_mad": 0.0,
  "summary_bg_mean": 1.6713287521491316,
  "summary_bg_median": 0.0,
  "summary_bg_n": 3571661.0,
  "summary_bg_p05": 0.0,
  "summary_bg_p95": 10.694218069314957,
  "summary_bg_stdv": 4.388758889153576,
  "summary_csf_k": -0.06251611261777068,
  "summary_csf_mad": 100.84221365914544,
  "summary_csf_mean": 216.10248528459908,
  "summary_csf_median": 208.9903971850872,
  "summary_csf_n": 55905.0,
  "summary_csf_p05": 73.31883405148983,
  "summary_csf_p95": 397.72522031515837,
  "summary_csf_stdv": 98.97966740684778,
  "summary_gm_k": -0.15725866423004176,
  "summary_gm_mad": 63.219535678384986,
  "summary_gm_mean": 681.8374476819515,
  "summary_gm_median": 682.6626915857196,
  "summary_gm_n": 39261.0,
  "summary_gm_p05": 579.7534999102354,
  "summary_gm_p95": 779.952887326479,
  "summary_gm_stdv": 61.335470309044716,
  "summary_wm_k": 0.4221403854115424,
  "summary_wm_mad": 33.32294335438783,
  "summary_wm_mean": 998.696448970237,
  "summary_wm_median": 1000.0000184476376,
  "summary_wm_n": 172212.0,
  "summary_wm_p05": 939.1879817992449,
  "summary_wm_p95": 1052.8820205107331,
  "summary_wm_stdv": 34.74872195536651,
  "tpm_overlap_csf": 0.15395881470556017,
  "tpm_overlap_gm": 0.4667118594326377,
  "tpm_overlap_wm": 0.5095942827914244,
  "wm2max": 0.4121470192738682
}