{
  "bids_meta": {
    "AcquisitionMatrixPE": 256,
    "AcquisitionNumber": 1,
    "AcquisitionTime": "11:29:13.197500",
    "BaseResolution": 256,
    "BodyPartExamined": "HEAD",
    "CoilString": "HC1-7;NC1_2",
    "ConsistencyInfo": "N4_VE11B_LATEST_20150530",
    "ConversionSoftware": "dcm2niix",
    "ConversionSoftwareVersion": "v1.0.20190902",
    "DeviceSerialNumber": "67036",
    "DwellTime": 8.5e-06,
    "EchoTime": 0.00207,
    "FlipAngle": 9,
    "ImageOrientationPatientDICOM": [
      0.00874043,
      0.999756,
      -0.0203101,
      0.102962,
      -0.0211027,
      -0.994461
    ],
    "ImageType": [
      "ORIGINAL",
      "PRIMARY",
      "M",
      "ND",
      "NORM"
    ],
    "ImagingFrequency": 123.262,
    "InPlanePhaseEncodingDirectionDICOM": "ROW",
    "InstitutionAddress": "Philosophenweg_3_Jena_Thueringen_DE_07743",
    "InstitutionName": "FSU_Jena",
    "InstitutionalDepartmentName": "Department",
    "InversionTime": 0.9,
    "MRAcquisitionType": "3D",
    "MagneticFieldStrength": 3,
    "Manufacturer": "Siemens",
    "ManufacturersModelName": "Prisma_fit",
    "Modality": "MR",
    "ParallelReductionFactorInPlane": 2,
    "PartialFourier": 1,
    "PatientPosition": "HFS",
    "PercentPhaseFOV": 100,
    "PhaseEncodingSteps": 255,
    "PhaseResolution": 1,
    "PixelBandwidth": 230,
    "ProcedureStepDescription": "FMRI",
    "ProtocolName": "MPRAGE_Jena_BW230_64channel",
    "PulseSequenceDetails": "%SiemensSeq%_tfl",
    "ReceiveCoilActiveElements": "HC1-7;NC1,2",
    "ReceiveCoilName": "HeadNeck_64",
    "ReconMatrixPE": 256,
    "RefLinesPE": 24,
    "RepetitionTime": 2.3,
    "SAR": 0.0469076,
    "ScanOptions": "IR",
    "ScanningSequence": "GR_IR",
    "SequenceName": "_tfl3d1_16ns",
    "SequenceVariant": "SK_SP_MP",
    "SeriesDescription": "MPRAGE_Jena_BW230_64channel",
    "SeriesNumber": 5,
    "ShimSetting": [
      -418,
      5572,
      1337,
      281,
      -83,
      -281,
      248,
      -44
    ],
    "SliceThickness": 1,
    "SoftwareVersions": "syngo_MR_E11",
    "StationName": "AWP67036",
    "TxRefAmp": 220.135,
    "dataset": "ds003357",
    "modality": "T1w",
    "session_id": "01",
    "subject_id": "19"
  },
  "cjv": 0.2859830836807384,
  "cnr": 4.752796622784641,
  "efc": 0.4480729060397102,
  "fber": -1.0,
  "fwhm_avg": 4.58460768943257,
  "fwhm_x": 4.3849930682977085,
  "fwhm_y": 4.57697,
  "fwhm_z": 4.79186,
  "icvs_csf": 0.23079957819278374,
  "icvs_gm": 0.43856784024364415,
  "icvs_wm": 0.3306325815635721,
  "inu_med": 0.5280346274375916,
  "inu_range": 0.22140696942806243,
  "provenance": {
    "md5sum": "fa8bbc6d52678fe5b17fb8d4e6b9b107",
    "settings": {
      "testing": false
    },
    "software": "mriqc",
    "version": "22.0.6",
    "warnings": {
      "large_rot_frame": true,
      "small_air_mask": false
    },
    "webapi_port": null,
    "webapi_url": "https://mriqc.nimh.nih.gov/api/v1"
  },
  "qi_1": 8.050881571532082e-06,
  "qi_2": 0.02164557236223318,
  "rpve_csf": 24.82614866557204,
  "rpve_gm": 13.646956213975123,
  "rpve_wm": 21.1417791515762,
  "size_x": 192,
  "size_y": 256,
  "size_z": 256,
  "snr_csf": 2.273668243808745,
  "snr_gm": 11.545063610635356,
  "snr_total": 13.504453518138861,
  "snr_wm": 26.694628699972483,
  "snrd_csf": 35.45333294094227,
  "snrd_gm": 96.76036987996196,
  "snrd_total": 92.1573640096254,
  "snrd_wm": 144.25838920797202,
  "spacing_x": 0.9999970197677612,
  "spacing_y": 1.0,
  "spacing_z": 1.0,
  "summary_bg_k": 17.277687272525565,
  "summary_bg_mad": 0.0,
  "summary_bg_mean": 1.706797234817036,
  "summary_bg_median": 0.0,
  "summary_bg_n": 3615750.0,
  "summary_bg_p05": 0.0,
  "summary_bg_p95": 10.930277302861214,
  "summary_bg_stdv": 4.541409347389659,
  "summary_csf_k": -0.09285803016238159,
  "summary_csf_mad": 105.29845256697183,
  "summary_csf_mean": 251.0198964967595,
  "summary_csf_median": 245.76271080970764,
  "summary_csf_n": 41466.0,
  "summary_csf_p05": 78.87134018540382,
  "summary_csf_p95": 440.9668702185154,
  "summary_csf_stdv": 108.08953682520269,
  "summary_gm_k": -0.026767605010806328,
  "summary_gm_mad": 58.18185684208952,
  "summary_gm_mean": 670.1095791193272,
  "summary_gm_median": 670.7434485852718,
  "summary_gm_n": 50834.0,
  "summary_gm_p05": 573.3652710370719,
  "summary_gm_p95": 764.4934481829405,
  "summary_gm_stdv": 58.09728502014663,
  "summary_wm_k": 0.3504848769133271,
  "summary_wm_mad": 35.97994582627377,
  "summary_wm_mean": 999.3420883423169,
  "summary_wm_median": 999.9999957084656,
  "summary_wm_n": 186256.0,
  "summary_wm_p05": 936.5369759500027,
  "summary_wm_p95": 1059.4664823561907,
  "summary_wm_stdv": 37.46061885583095,
  "tpm_overlap_csf": 0.14791867399880726,
  "tpm_overlap_gm": 0.47180154236888394,
  "tpm_overlap_wm": 0.4912346588064069,
  "wm2max": 0.3912437361064014
}