{
  "bids_meta": {
    "AcquisitionMatrixPE": 256,
    "AcquisitionNumber": 1,
    "AcquisitionTime": "18:27:18.837500",
    "BaseResolution": 256,
    "BodyPartExamined": "HEAD",
    "CoilString": "HC1-7;NC1_2",
    "ConsistencyInfo": "N4_VE11B_LATEST_20150530",
    "ConversionSoftware": "dcm2niix",
    "ConversionSoftwareVersion": "v1.0.20190902",
    "DeviceSerialNumber": "67036",
    "DwellTime": 8.5e-06,
    "EchoTime": 0.00207,
    "FlipAngle": 9,
    "ImageOrientationPatientDICOM": [
      0.0194206,
      0.999809,
      -0.00225163,
      0.123242,
      -0.00462875,
      -0.992366
    ],
    "ImageType": [
      "ORIGINAL",
      "PRIMARY",
      "M",
      "ND",
      "NORM"
    ],
    "ImagingFrequency": 123.262,
    "InPlanePhaseEncodingDirectionDICOM": "ROW",
    "InstitutionAddress": "Philosophenweg_3_Jena_Thueringen_DE_07743",
    "InstitutionName": "FSU_Jena",
    "InstitutionalDepartmentName": "Department",
    "InversionTime": 0.9,
    "MRAcquisitionType": "3D",
    "MagneticFieldStrength": 3,
    "Manufacturer": "Siemens",
    "ManufacturersModelName": "Prisma_fit",
    "Modality": "MR",
    "ParallelReductionFactorInPlane": 2,
    "PartialFourier": 1,
    "PatientPosition": "HFS",
    "PercentPhaseFOV": 100,
    "PhaseEncodingSteps": 255,
    "PhaseResolution": 1,
    "PixelBandwidth": 230,
    "ProcedureStepDescription": "FMRI",
    "ProtocolName": "MPRAGE_Jena_BW230_64channel",
    "PulseSequenceDetails": "%SiemensSeq%_tfl",
    "ReceiveCoilActiveElements": "HC1-7;NC1,2",
    "ReceiveCoilName": "HeadNeck_64",
    "ReconMatrixPE": 256,
    "RefLinesPE": 24,
    "RepetitionTime": 2.3,
    "SAR": 0.0499429,
    "ScanOptions": "IR",
    "ScanningSequence": "GR_IR",
    "SequenceName": "_tfl3d1_16ns",
    "SequenceVariant": "SK_SP_MP",
    "SeriesDescription": "MPRAGE_Jena_BW230_64channel",
    "SeriesNumber": 5,
    "ShimSetting": [
      -418,
      5614,
      1299,
      -99,
      -15,
      -215,
      47,
      58
    ],
    "SliceThickness": 1,
    "SoftwareVersions": "syngo_MR_E11",
    "StationName": "AWP67036",
    "TxRefAmp": 215.662,
    "dataset": "ds003357",
    "modality": "T1w",
    "session_id": "02",
    "subject_id": "23"
  },
  "cjv": 0.3043263892129962,
  "cnr": 4.4102841206579555,
  "efc": 0.4696944204982534,
  "fber": -1.0,
  "fwhm_avg": 4.686302401105112,
  "fwhm_x": 4.3159469129942085,
  "fwhm_y": 4.870780290321129,
  "fwhm_z": 4.87218,
  "icvs_csf": 0.26616035171163377,
  "icvs_gm": 0.4207461212006776,
  "icvs_wm": 0.3130935270876886,
  "inu_med": 0.5700310468673706,
  "inu_range": 0.20282762646675107,
  "provenance": {
    "md5sum": "0edba8391801aa7d54631a8f1e9d043b",
    "settings": {
      "testing": false
    },
    "software": "mriqc",
    "version": "22.0.6",
    "warnings": {
      "large_rot_frame": true,
      "small_air_mask": false
    },
    "webapi_port": null,
    "webapi_url": "https://mriqc.nimh.nih.gov/api/v1"
  },
  "qi_1": 2.3702074405551972e-05,
  "qi_2": 0.02287821692989553,
  "rpve_csf": 19.722019137727127,
  "rpve_gm": 12.277721848109996,
  "rpve_wm": 19.301681110898343,
  "size_x": 192,
  "size_y": 256,
  "size_z": 256,
  "snr_csf": 2.4489418458434216,
  "snr_gm": 12.01191469261098,
  "snr_total": 13.35745240771304,
  "snr_wm": 25.611500684684717,
  "snrd_csf": 25.794479761569654,
  "snrd_gm": 84.94435375364223,
  "snrd_total": 77.82253239164554,
  "snrd_wm": 122.72876365972472,
  "spacing_x": 1.0000007152557373,
  "spacing_y": 0.9999999403953552,
  "spacing_z": 1.0,
  "summary_bg_k": 12.511202476289077,
  "summary_bg_mad": 0.0,
  "summary_bg_mean": 2.2388547255609135,
  "summary_bg_median": 0.0,
  "summary_bg_n": 2933367.0,
  "summary_bg_p05": 0.0,
  "summary_bg_p95": 13.143483102321625,
  "summary_bg_stdv": 5.338375965361244,
  "summary_csf_k": 0.8095084203636476,
  "summary_csf_mad": 75.59160316313259,
  "summary_csf_mean": 219.99104280205532,
  "summary_csf_median": 210.18620061129332,
  "summary_csf_n": 78232.0,
  "summary_csf_p05": 97.3713039830327,
  "summary_csf_p95": 383.3515904843807,
  "summary_csf_stdv": 85.82680622323355,
  "summary_gm_k": 0.07838955816747095,
  "summary_gm_mad": 56.99817982869933,
  "summary_gm_mean": 689.3562746720413,
  "summary_gm_median": 692.1686788760126,
  "summary_gm_n": 49495.0,
  "summary_gm_p05": 590.470978371799,
  "summary_gm_p95": 779.353783454746,
  "summary_gm_stdv": 57.62292725549909,
  "summary_wm_k": 0.577237889450668,
  "summary_wm_mad": 36.69968273870669,
  "summary_wm_mean": 1000.7948283818224,
  "summary_wm_median": 1000.0547705478966,
  "summary_wm_n": 187389.0,
  "summary_wm_p05": 938.0613419152796,
  "summary_wm_p95": 1065.9364795982838,
  "summary_wm_stdv": 39.04699355434266,
  "tpm_overlap_csf": 0.14557483740326602,
  "tpm_overlap_gm": 0.4396242944704638,
  "tpm_overlap_wm": 0.4621915449968321,
  "wm2max": 0.37330927984906437
}