{
  "bids_meta": {
    "AcquisitionMatrixPE": 256,
    "AcquisitionNumber": 1,
    "AcquisitionTime": "19:05:28.775000",
    "BaseResolution": 256,
    "BodyPartExamined": "HEAD",
    "CoilString": "HC1-7;NC1_2",
    "ConsistencyInfo": "N4_VE11B_LATEST_20150530",
    "ConversionSoftware": "dcm2niix",
    "ConversionSoftwareVersion": "v1.0.20190902",
    "DeviceSerialNumber": "67036",
    "DwellTime": 8.5e-06,
    "EchoTime": 0.00207,
    "FlipAngle": 9,
    "ImageOrientationPatientDICOM": [
      0.0142683,
      0.999239,
      0.0362947,
      -0.00244282,
      0.0363331,
      -0.999337
    ],
    "ImageType": [
      "ORIGINAL",
      "PRIMARY",
      "M",
      "ND",
      "NORM"
    ],
    "ImagingFrequency": 123.262,
    "InPlanePhaseEncodingDirectionDICOM": "ROW",
    "InstitutionAddress": "Philosophenweg_3_Jena_Thueringen_DE_07743",
    "InstitutionName": "FSU_Jena",
    "InstitutionalDepartmentName": "Department",
    "InversionTime": 0.9,
    "MRAcquisitionType": "3D",
    "MagneticFieldStrength": 3,
    "Manufacturer": "Siemens",
    "ManufacturersModelName": "Prisma_fit",
    "Modality": "MR",
    "ParallelReductionFactorInPlane": 2,
    "PartialFourier": 1,
    "PatientPosition": "HFS",
    "PercentPhaseFOV": 100,
    "PhaseEncodingSteps": 255,
    "PhaseResolution": 1,
    "PixelBandwidth": 230,
    "ProcedureStepDescription": "FMRI",
    "ProtocolName": "MPRAGE_Jena_BW230_64channel",
    "PulseSequenceDetails": "%SiemensSeq%_tfl",
    "ReceiveCoilActiveElements": "HC1-7;NC1,2",
    "ReceiveCoilName": "HeadNeck_64",
    "ReconMatrixPE": 256,
    "RefLinesPE": 24,
    "RepetitionTime": 2.3,
    "SAR": 0.0413359,
    "ScanOptions": "IR",
    "ScanningSequence": "GR_IR",
    "SequenceName": "_tfl3d1_16ns",
    "SequenceVariant": "SK_SP_MP",
    "SeriesDescription": "MPRAGE_Jena_BW230_64channel",
    "SeriesNumber": 5,
    "ShimSetting": [
      -427,
      5561,
      1305,
      278,
      18,
      -563,
      142,
      38
    ],
    "SliceThickness": 1,
    "SoftwareVersions": "syngo_MR_E11",
    "StationName": "AWP67036",
    "TxRefAmp": 228.959,
    "dataset": "ds003357",
    "modality": "T1w",
    "session_id": "01",
    "subject_id": "05"
  },
  "cjv": 0.31603135277403266,
  "cnr": 4.3257607259862105,
  "efc": 0.4671412795519362,
  "fber": -1.0,
  "fwhm_avg": 4.658338511877052,
  "fwhm_x": 4.366425535631159,
  "fwhm_y": 4.71676,
  "fwhm_z": 4.89183,
  "icvs_csf": 0.24471179058597936,
  "icvs_gm": 0.4274454599413402,
  "icvs_wm": 0.32784274947268044,
  "inu_med": 0.5787724852561951,
  "inu_range": 0.2004926562309265,
  "provenance": {
    "md5sum": "1384d0953fc1bae5761f0973b404a58f",
    "settings": {
      "testing": false
    },
    "software": "mriqc",
    "version": "22.0.6",
    "warnings": {
      "large_rot_frame": true,
      "small_air_mask": false
    },
    "webapi_port": null,
    "webapi_url": "https://mriqc.nimh.nih.gov/api/v1"
  },
  "qi_1": 0.00021287361366059104,
  "qi_2": 0.013565743404986374,
  "rpve_csf": 23.890409361197683,
  "rpve_gm": 13.747298525522444,
  "rpve_wm": 20.618296633993126,
  "size_x": 192,
  "size_y": 256,
  "size_z": 256,
  "snr_csf": 1.6101199372746142,
  "snr_gm": 10.987670897107614,
  "snr_total": 12.148646119159892,
  "snr_wm": 23.848147523097445,
  "snrd_csf": 13.735962557247118,
  "snrd_gm": 57.95947589863765,
  "snrd_total": 52.4704708651964,
  "snrd_wm": 85.71597413970443,
  "spacing_x": 1.0000056028366089,
  "spacing_y": 1.0,
  "spacing_z": 1.0,
  "summary_bg_k": 24.0410828177877,
  "summary_bg_mad": 0.0,
  "summary_bg_mean": 3.790179483855315,
  "summary_bg_median": 0.0,
  "summary_bg_n": 3426864.0,
  "summary_bg_p05": 0.0,
  "summary_bg_p95": 19.326064959168434,
  "summary_bg_stdv": 7.643486011637308,
  "summary_csf_k": 0.8233804192840548,
  "summary_csf_mad": 96.39118261508155,
  "summary_csf_mean": 175.6324569460968,
  "summary_csf_median": 160.25767712295055,
  "summary_csf_n": 68451.0,
  "summary_csf_p05": 44.84638150781393,
  "summary_csf_p95": 369.35083377733827,
  "summary_csf_stdv": 99.53078823960396,
  "summary_gm_k": -0.03996140831928008,
  "summary_gm_mad": 62.52202469926402,
  "summary_gm_mean": 675.039550996625,
  "summary_gm_median": 676.2140575200319,
  "summary_gm_n": 44482.0,
  "summary_gm_p05": 572.5966169312596,
  "summary_gm_p95": 774.6754030857234,
  "summary_gm_stdv": 61.54229252261292,
  "summary_wm_k": 0.5160467321599276,
  "summary_wm_mad": 39.820137940071795,
  "summary_wm_mean": 1000.7053353757406,
  "summary_wm_median": 1000.0495306178927,
  "summary_wm_n": 182365.0,
  "summary_wm_p05": 933.1516134515405,
  "summary_wm_p95": 1070.1189045980573,
  "summary_wm_stdv": 41.93394005784273,
  "tpm_overlap_csf": 0.15493164637913376,
  "tpm_overlap_gm": 0.46714101821901577,
  "tpm_overlap_wm": 0.49981890518133537,
  "wm2max": 0.38653514652365445
}