{
  "bids_meta": {
    "AcquisitionMatrixPE": 256,
    "AcquisitionNumber": 1,
    "AcquisitionTime": "13:45:49.512500",
    "BaseResolution": 256,
    "BodyPartExamined": "HEAD",
    "CoilString": "HC1-7;NC1_2",
    "ConsistencyInfo": "N4_VE11B_LATEST_20150530",
    "ConversionSoftware": "dcm2niix",
    "ConversionSoftwareVersion": "v1.0.20190902",
    "DeviceSerialNumber": "67036",
    "DwellTime": 8.5e-06,
    "EchoTime": 0.00207,
    "FlipAngle": 9,
    "ImageOrientationPatientDICOM": [
      0.0893625,
      0.995652,
      -0.0263097,
      0.0536823,
      -0.0311918,
      -0.998071
    ],
    "ImageType": [
      "ORIGINAL",
      "PRIMARY",
      "M",
      "ND",
      "NORM"
    ],
    "ImagingFrequency": 123.262,
    "InPlanePhaseEncodingDirectionDICOM": "ROW",
    "InstitutionAddress": "Philosophenweg_3_Jena_Thueringen_DE_07743",
    "InstitutionalDepartmentName": "Department",
    "InversionTime": 0.9,
    "MRAcquisitionType": "3D",
    "MagneticFieldStrength": 3,
    "Manufacturer": "Siemens",
    "ManufacturersModelName": "Prisma_fit",
    "Modality": "MR",
    "ParallelReductionFactorInPlane": 2,
    "PartialFourier": 1,
    "PatientPosition": "HFS",
    "PercentPhaseFOV": 100,
    "PhaseEncodingSteps": 255,
    "PhaseResolution": 1,
    "PixelBandwidth": 230,
    "ProcedureStepDescription": "FMRI",
    "ProtocolName": "MPRAGE_Jena_BW230_64channel",
    "PulseSequenceDetails": "%SiemensSeq%_tfl",
    "ReceiveCoilActiveElements": "HC1-7;NC1,2",
    "ReceiveCoilName": "HeadNeck_64",
    "ReconMatrixPE": 256,
    "RefLinesPE": 24,
    "RepetitionTime": 2.3,
    "SAR": 0.0475505,
    "ScanOptions": "IR",
    "ScanningSequence": "GR_IR",
    "SequenceName": "_tfl3d1_16ns",
    "SequenceVariant": "SK_SP_MP",
    "SeriesDescription": "MPRAGE_Jena_BW230_64channel",
    "SeriesNumber": 5,
    "ShimSetting": [
      -411,
      5602,
      1294,
      -45,
      9,
      -301,
      40,
      -43
    ],
    "SliceThickness": 1,
    "SoftwareVersions": "syngo_MR_E11",
    "StationName": "AWP67036",
    "TxRefAmp": 243.451,
    "dataset": "ds003357",
    "modality": "T1w",
    "session_id": "01",
    "subject_id": "21"
  },
  "cjv": 0.2852868357313858,
  "cnr": 4.561690546440924,
  "efc": 0.493737465420877,
  "fber": -1.0,
  "fwhm_avg": 4.71113613119065,
  "fwhm_x": 4.491898393571952,
  "fwhm_y": 4.76174,
  "fwhm_z": 4.87977,
  "icvs_csf": 0.24768258662568451,
  "icvs_gm": 0.43104814136761055,
  "icvs_wm": 0.3212692720067049,
  "inu_med": 0.5347591042518616,
  "inu_range": 0.20664678812026976,
  "provenance": {
    "md5sum": "7cf4613edcee83ffc6004165d731a328",
    "settings": {
      "testing": false
    },
    "software": "mriqc",
    "version": "22.0.6",
    "warnings": {
      "large_rot_frame": true,
      "small_air_mask": false
    },
    "webapi_port": null,
    "webapi_url": "https://mriqc.nimh.nih.gov/api/v1"
  },
  "qi_1": 0.00023990301429742283,
  "qi_2": 0.009109276142028305,
  "rpve_csf": 22.37286109363602,
  "rpve_gm": 12.975070747438185,
  "rpve_wm": 20.307009280523893,
  "size_x": 192,
  "size_y": 256,
  "size_z": 256,
  "snr_csf": 2.036546603270095,
  "snr_gm": 11.428198228092716,
  "snr_total": 12.96853653191778,
  "snr_wm": 25.440864764390525,
  "snrd_csf": 6.233994615856006,
  "snrd_gm": 19.686298786913703,
  "snrd_total": 18.51726126724424,
  "snrd_wm": 29.63149039896301,
  "spacing_x": 1.0000003576278687,
  "spacing_y": 1.0,
  "spacing_z": 1.0,
  "summary_bg_k": 1711.7033050640853,
  "summary_bg_mad": 0.0,
  "summary_bg_mean": 4.010097867567809,
  "summary_bg_median": 0.0,
  "summary_bg_n": 3273333.0,
  "summary_bg_p05": 0.0,
  "summary_bg_p95": 15.099337734282017,
  "summary_bg_stdv": 22.109464983671018,
  "summary_csf_k": -0.21430996471792785,
  "summary_csf_mad": 110.04639503003307,
  "summary_csf_mean": 215.71314965224212,
  "summary_csf_median": 210.38410576432943,
  "summary_csf_n": 48907.0,
  "summary_csf_p05": 55.89403968304396,
  "summary_csf_p95": 398.00794664919346,
  "summary_csf_stdv": 103.3032853540849,
  "summary_gm_k": 0.011912374908191747,
  "summary_gm_mad": 58.832797913986276,
  "summary_gm_mean": 663.1916442451501,
  "summary_gm_median": 664.3708603084087,
  "summary_gm_n": 41963.0,
  "summary_gm_p05": 566.887416690588,
  "summary_gm_p95": 755.9205290973186,
  "summary_gm_stdv": 58.13365596664698,
  "summary_wm_k": 0.5185164011617935,
  "summary_wm_mad": 36.917777062180974,
  "summary_wm_mean": 999.3379106777144,
  "summary_wm_median": 999.9999990686774,
  "summary_wm_n": 181561.0,
  "summary_wm_p05": 933.2450322434306,
  "summary_wm_p95": 1062.357614904642,
  "summary_wm_stdv": 39.30673168662078,
  "tpm_overlap_csf": 0.14794300495306487,
  "tpm_overlap_gm": 0.47778950564769884,
  "tpm_overlap_wm": 0.4997207556606101,
  "wm2max": 0.37018844867102224
}