{
  "bids_meta": {
    "AcquisitionMatrixPE": 256,
    "AcquisitionNumber": 1,
    "AcquisitionTime": "11:38:46.367500",
    "BaseResolution": 256,
    "BodyPartExamined": "SKULL",
    "CoilString": "HC1-7;NC1_2",
    "ConsistencyInfo": "N4_VE11B_LATEST_20150530",
    "ConversionSoftware": "dcm2niix",
    "ConversionSoftwareVersion": "v1.0.20190902",
    "DeviceSerialNumber": "67036",
    "DwellTime": 8.5e-06,
    "EchoTime": 0.00207,
    "FlipAngle": 9,
    "ImageOrientationPatientDICOM": [
      0.00471023,
      0.995242,
      0.0973205,
      0.0740982,
      0.0967066,
      -0.992551
    ],
    "ImageType": [
      "ORIGINAL",
      "PRIMARY",
      "M",
      "ND",
      "NORM"
    ],
    "ImagingFrequency": 123.262,
    "InPlanePhaseEncodingDirectionDICOM": "ROW",
    "InstitutionAddress": "Philosophenweg_3_Jena_Thueringen_DE_07743",
    "InstitutionName": "FSU_Jena",
    "InstitutionalDepartmentName": "Department",
    "InversionTime": 0.9,
    "MRAcquisitionType": "3D",
    "MagneticFieldStrength": 3,
    "Manufacturer": "Siemens",
    "ManufacturersModelName": "Prisma_fit",
    "Modality": "MR",
    "ParallelReductionFactorInPlane": 2,
    "PartialFourier": 1,
    "PatientPosition": "HFS",
    "PercentPhaseFOV": 100,
    "PhaseEncodingSteps": 255,
    "PhaseResolution": 1,
    "PixelBandwidth": 230,
    "ProcedureStepDescription": "FMRI",
    "ProtocolName": "MPRAGE_Jena_BW230_64channel",
    "PulseSequenceDetails": "%SiemensSeq%_tfl",
    "ReceiveCoilActiveElements": "HC1-7;NC1,2",
    "ReceiveCoilName": "HeadNeck_64",
    "ReconMatrixPE": 256,
    "RefLinesPE": 24,
    "RepetitionTime": 2.3,
    "SAR": 0.0460696,
    "ScanOptions": "IR",
    "ScanningSequence": "GR_IR",
    "SequenceName": "_tfl3d1_16ns",
    "SequenceVariant": "SK_SP_MP",
    "SeriesDescription": "MPRAGE_Jena_BW230_64channel",
    "SeriesNumber": 5,
    "ShimSetting": [
      -429,
      5617,
      1306,
      19,
      46,
      -185,
      47,
      53
    ],
    "SliceThickness": 1,
    "SoftwareVersions": "syngo_MR_E11",
    "StationName": "AWP67036",
    "TxRefAmp": 209.38,
    "dataset": "ds003357",
    "modality": "T1w",
    "session_id": "01",
    "subject_id": "23"
  },
  "cjv": 0.29412877888454547,
  "cnr": 4.594566840643937,
  "efc": 0.4686356507221774,
  "fber": -1.0,
  "fwhm_avg": 4.623672707004412,
  "fwhm_x": 4.240777835871751,
  "fwhm_y": 4.783880285141485,
  "fwhm_z": 4.84636,
  "icvs_csf": 0.2606988202554443,
  "icvs_gm": 0.4277276587332095,
  "icvs_wm": 0.3115735210113462,
  "inu_med": 0.5804343223571777,
  "inu_range": 0.23118373304605483,
  "provenance": {
    "md5sum": "c8788802fd4b879f76d3be3da71df5e5",
    "settings": {
      "testing": false
    },
    "software": "mriqc",
    "version": "22.0.6",
    "warnings": {
      "large_rot_frame": true,
      "small_air_mask": false
    },
    "webapi_port": null,
    "webapi_url": "https://mriqc.nimh.nih.gov/api/v1"
  },
  "qi_1": 1.0502520127443308e-05,
  "qi_2": 0.022743160635214484,
  "rpve_csf": 20.147534895736626,
  "rpve_gm": 12.238086025029268,
  "rpve_wm": 19.44301616111658,
  "size_x": 192,
  "size_y": 256,
  "size_z": 256,
  "snr_csf": 2.2008524033669947,
  "snr_gm": 11.714178932914471,
  "snr_total": 13.048798152148871,
  "snr_wm": 25.23136312016515,
  "snrd_csf": 28.3907863333821,
  "snrd_gm": 97.41287048042771,
  "snrd_total": 89.87895566932902,
  "snrd_wm": 143.83321019417724,
  "spacing_x": 0.999998152256012,
  "spacing_y": 0.9999999403953552,
  "spacing_z": 1.0,
  "summary_bg_k": 15.551577786346147,
  "summary_bg_mad": 0.0,
  "summary_bg_mean": 1.712360946008684,
  "summary_bg_median": 0.0,
  "summary_bg_n": 2907256.0,
  "summary_bg_p05": 0.0,
  "summary_bg_p95": 11.41426782310009,
  "summary_bg_stdv": 4.55506204903298,
  "summary_csf_k": 1.3127230697652568,
  "summary_csf_mad": 77.4886965974548,
  "summary_csf_mean": 209.49240286503291,
  "summary_csf_median": 197.39674573019147,
  "summary_csf_n": 73385.0,
  "summary_csf_p05": 82.25281593576074,
  "summary_csf_p95": 383.47934879362583,
  "summary_csf_stdv": 89.69043107311086,
  "summary_gm_k": 0.12878423784760606,
  "summary_gm_mad": 56.706287548328994,
  "summary_gm_mean": 674.7035684893422,
  "summary_gm_median": 677.2966200821102,
  "summary_gm_n": 52077.0,
  "summary_gm_p05": 575.4593235656619,
  "summary_gm_p95": 764.8060067258775,
  "summary_gm_stdv": 57.81797606911624,
  "summary_wm_k": 0.3756652133539955,
  "summary_wm_mad": 38.22478807249925,
  "summary_wm_mean": 1000.2287007780197,
  "summary_wm_median": 1000.0500615537167,
  "summary_wm_n": 188880.0,
  "summary_wm_p05": 935.319147977978,
  "summary_wm_p95": 1065.1314131766558,
  "summary_wm_stdv": 39.635092621494,
  "tpm_overlap_csf": 0.14697979923107274,
  "tpm_overlap_gm": 0.4419943973651436,
  "tpm_overlap_wm": 0.46184992836771577,
  "wm2max": 0.38383242709380994
}