{
  "bids_meta": {
    "AcquisitionMatrixPE": 256,
    "AcquisitionNumber": 1,
    "AcquisitionTime": "10:41:52.177500",
    "BaseResolution": 256,
    "BodyPartExamined": "HEAD",
    "CoilString": "HC1-7;NC1_2",
    "ConsistencyInfo": "N4_VE11B_LATEST_20150530",
    "ConversionSoftware": "dcm2niix",
    "ConversionSoftwareVersion": "v1.0.20190902",
    "DeviceSerialNumber": "67036",
    "DwellTime": 8.5e-06,
    "EchoTime": 0.00207,
    "FlipAngle": 9,
    "ImageOrientationPatientDICOM": [
      0.0171137,
      0.99985,
      -0.00261776,
      0.0137478,
      -0.0028532,
      -0.999901
    ],
    "ImageType": [
      "ORIGINAL",
      "PRIMARY",
      "M",
      "ND",
      "NORM"
    ],
    "ImagingFrequency": 123.262,
    "InPlanePhaseEncodingDirectionDICOM": "ROW",
    "InstitutionAddress": "Philosophenweg_3_Jena_Thueringen_DE_07743",
    "InstitutionName": "FSU_Jena",
    "InstitutionalDepartmentName": "Department",
    "InversionTime": 0.9,
    "MRAcquisitionType": "3D",
    "MagneticFieldStrength": 3,
    "Manufacturer": "Siemens",
    "ManufacturersModelName": "Prisma_fit",
    "Modality": "MR",
    "ParallelReductionFactorInPlane": 2,
    "PartialFourier": 1,
    "PatientPosition": "HFS",
    "PercentPhaseFOV": 100,
    "PhaseEncodingSteps": 255,
    "PhaseResolution": 1,
    "PixelBandwidth": 230,
    "ProcedureStepDescription": "FMRI",
    "ProtocolName": "MPRAGE_Jena_BW230_64channel",
    "PulseSequenceDetails": "%SiemensSeq%_tfl",
    "ReceiveCoilActiveElements": "HC1-7;NC1,2",
    "ReceiveCoilName": "HeadNeck_64",
    "ReconMatrixPE": 256,
    "RefLinesPE": 24,
    "RepetitionTime": 2.3,
    "SAR": 0.0434733,
    "ScanOptions": "IR",
    "ScanningSequence": "GR_IR",
    "SequenceName": "_tfl3d1_16ns",
    "SequenceVariant": "SK_SP_MP",
    "SeriesDescription": "MPRAGE_Jena_BW230_64channel",
    "SeriesNumber": 5,
    "ShimSetting": [
      -429,
      5653,
      1317,
      341,
      -22,
      -430,
      7,
      20
    ],
    "SliceThickness": 1,
    "SoftwareVersions": "syngo_MR_E11",
    "StationName": "AWP67036",
    "TxRefAmp": 239.334,
    "dataset": "ds003357",
    "modality": "T1w",
    "session_id": "02",
    "subject_id": "31"
  },
  "cjv": 0.2808968132808225,
  "cnr": 4.786663722626929,
  "efc": 0.5174899598678124,
  "fber": -1.0,
  "fwhm_avg": 4.394257467392335,
  "fwhm_x": 4.079882402177006,
  "fwhm_y": 4.47616,
  "fwhm_z": 4.62673,
  "icvs_csf": 0.1916271795980852,
  "icvs_gm": 0.46027002067555883,
  "icvs_wm": 0.34810279972635594,
  "inu_med": 0.43432605266571045,
  "inu_range": 0.13749755620956422,
  "provenance": {
    "md5sum": "ceeda33e3731316f489bf71d15df1c21",
    "settings": {
      "testing": false
    },
    "software": "mriqc",
    "version": "22.0.6",
    "warnings": {
      "large_rot_frame": true,
      "small_air_mask": false
    },
    "webapi_port": null,
    "webapi_url": "https://mriqc.nimh.nih.gov/api/v1"
  },
  "qi_1": 0.0,
  "qi_2": 0.011574151234374446,
  "rpve_csf": 23.867867712751405,
  "rpve_gm": 11.252624837622522,
  "rpve_wm": 17.145114765076723,
  "size_x": 192,
  "size_y": 256,
  "size_z": 256,
  "snr_csf": 2.4108890326805392,
  "snr_gm": 12.429982722223134,
  "snr_total": 13.391675597053151,
  "snr_wm": 25.334155036255776,
  "snrd_csf": 27.65987931108477,
  "snrd_gm": 77.12406459720293,
  "snrd_total": 72.90762879201218,
  "snrd_wm": 113.93894246774883,
  "spacing_x": 0.9999969601631165,
  "spacing_y": 1.0,
  "spacing_z": 1.0,
  "summary_bg_k": 8.923348877809252,
  "summary_bg_mad": 0.0,
  "summary_bg_mean": 3.4727518113475613,
  "summary_bg_median": 0.0,
  "summary_bg_n": 2954703.0,
  "summary_bg_p05": 0.0,
  "summary_bg_p95": 15.076176047325134,
  "summary_bg_stdv": 5.750118690626833,
  "summary_csf_k": 1.1481959171713427,
  "summary_csf_mad": 84.04105587715567,
  "summary_csf_mean": 258.76882721096916,
  "summary_csf_median": 242.77019107341766,
  "summary_csf_n": 25985.0,
  "summary_csf_p05": 114.16523814201355,
  "summary_csf_p95": 450.6304821491241,
  "summary_csf_stdv": 100.69543491432462,
  "summary_gm_k": 0.07693705288253572,
  "summary_gm_mad": 53.84525194094254,
  "summary_gm_mean": 676.4608026454395,
  "summary_gm_median": 676.9163266420364,
  "summary_gm_n": 63079.0,
  "summary_gm_p05": 586.4194915294647,
  "summary_gm_p95": 764.350191950798,
  "summary_gm_stdv": 54.45791648503807,
  "summary_wm_k": 0.6782940743783961,
  "summary_wm_mad": 36.919088406385576,
  "summary_wm_mean": 1000.9540517877026,
  "summary_wm_median": 1000.0397515296936,
  "summary_wm_n": 229598.0,
  "summary_wm_p05": 937.9052212238312,
  "summary_wm_p95": 1066.5559198081492,
  "summary_wm_stdv": 39.473887022885904,
  "tpm_overlap_csf": 0.16543779764909267,
  "tpm_overlap_gm": 0.483432211427339,
  "tpm_overlap_wm": 0.5272649992071744,
  "wm2max": 0.44485339656362255
}