{
  "aor": 0.00018597368421052632,
  "aqi": 0.0097352854,
  "bids_meta": {
    "AcquisitionMatrixPE": 78,
    "AcquisitionNumber": 1,
    "AcquisitionTime": "17:02:2.457500",
    "BandwidthPerPixelPhaseEncode": 25.138,
    "BaseResolution": 78,
    "BodyPartExamined": "SKULL",
    "ConsistencyInfo": "N4_VE11B_LATEST_20150530",
    "ConversionSoftware": "dcm2niix",
    "ConversionSoftwareVersion": "v1.0.20190902",
    "DerivedVendorReportedEchoSpacing": 0.000510005,
    "DeviceSerialNumber": "67036",
    "DwellTime": 2.2e-06,
    "EchoTime": 0.03,
    "EchoTrainLength": 78,
    "EffectiveEchoSpacing": 0.000510005,
    "FlipAngle": 90,
    "ImageComments": "Unaliased_MB8_PE3_LB",
    "ImageOrientationPatientDICOM": [
      0.998808,
      -0.0451908,
      -0.01845,
      0.0392433,
      0.968212,
      -0.247033
    ],
    "ImageType": [
      "ORIGINAL",
      "PRIMARY",
      "M",
      "MB",
      "ND",
      "MOSAIC"
    ],
    "ImagingFrequency": 123.262,
    "InPlanePhaseEncodingDirectionDICOM": "COL",
    "InstitutionAddress": "Philosophenweg_3_Jena_Thueringen_DE_07743",
    "InstitutionName": "PFL",
    "InstitutionalDepartmentName": "Department",
    "MRAcquisitionType": "2D",
    "MagneticFieldStrength": 3,
    "Manufacturer": "Siemens",
    "ManufacturersModelName": "Prisma_fit",
    "Modality": "MR",
    "MultibandAccelerationFactor": 8,
    "PartialFourier": 1,
    "PatientPosition": "HFS",
    "PercentPhaseFOV": 100,
    "PhaseEncodingDirection": "j-",
    "PhaseEncodingSteps": 78,
    "PhaseResolution": 1,
    "PixelBandwidth": 2915,
    "ProcedureStepDescription": "FMRI",
    "ProtocolName": "cmrr_mbep2d_bold_2p5mm_MB8_verschachtelt",
    "PulseSequenceDetails": "%CustomerSeq%_cmrr_mbep2d_bold",
    "ReceiveCoilActiveElements": "HC1-7",
    "ReceiveCoilName": "HeadNeck_64",
    "ReconMatrixPE": 78,
    "RepetitionTime": 0.484,
    "SAR": 0.188796,
    "ScanOptions": "FS",
    "ScanningSequence": "EP",
    "SequenceName": "epfid2d1_78",
    "SequenceVariant": "SK_SS",
    "SeriesDescription": "cmrr_mbep2d_bold_2p5mm_MB8_verschachtelt",
    "SeriesNumber": 6,
    "ShimSetting": [
      -403,
      5645,
      1327,
      580,
      -61,
      -83,
      45,
      17
    ],
    "SliceThickness": 2.5,
    "SliceTiming": [
      0,
      0.265,
      0.0675,
      0.3325,
      0.1325,
      0.3975,
      0.2,
      0,
      0.265,
      0.0675,
      0.3325,
      0.1325,
      0.3975,
      0.2,
      0,
      0.265,
      0.0675,
      0.3325,
      0.1325,
      0.3975,
      0.2,
      0,
      0.265,
      0.0675,
      0.3325,
      0.1325,
      0.3975,
      0.2,
      0,
      0.265,
      0.0675,
      0.3325,
      0.1325,
      0.3975,
      0.2,
      0,
      0.265,
      0.0675,
      0.3325,
      0.1325,
      0.3975,
      0.2,
      0,
      0.265,
      0.0675,
      0.3325,
      0.1325,
      0.3975,
      0.2,
      0,
      0.265,
      0.0675,
      0.3325,
      0.1325,
      0.3975,
      0.2
    ],
    "SoftwareVersions": "syngo_MR_E11",
    "SpacingBetweenSlices": 2.5,
    "StationName": "AWP67036",
    "TaskName": "rest",
    "TotalReadoutTime": 0.0392704,
    "TxRefAmp": 251.701,
    "WipMemBlock": "03b90cac-0025-4d4f-89f2-278ef493e0c4||Sequence: R016 ve11b/master r/b698769; Nov 21 2017 11:07:30 by eja",
    "dataset": "ds003357",
    "modality": "bold",
    "session_id": "01",
    "subject_id": "30",
    "task_id": "rest"
  },
  "dummy_trs": 0,
  "dvars_nstd": 54.880692639104815,
  "dvars_std": 1.0635939732227484,
  "dvars_vstd": 0.9952826369510251,
  "efc": 0.6230540877965444,
  "fber": 179.70008850097656,
  "fd_mean": 0.14008886169663773,
  "fd_num": 400,
  "fd_perc": 21.05263157894737,
  "fwhm_avg": 3.2508693333333327,
  "fwhm_x": 2.970452,
  "fwhm_y": 3.338868,
  "fwhm_z": 3.443288,
  "gcor": 0.0114371,
  "gsr_x": -0.023152772337198257,
  "gsr_y": 0.08334037661552429,
  "provenance": {
    "md5sum": "ea2c1bd9a205243fb45a5c70fc9b76c9",
    "settings": {
      "fd_thres": 0.2,
      "testing": false
    },
    "software": "mriqc",
    "version": "22.0.6",
    "webapi_port": null,
    "webapi_url": "https://mriqc.nimh.nih.gov/api/v1"
  },
  "size_t": 1900,
  "size_x": 78,
  "size_y": 78,
  "size_z": 56,
  "snr": 2.427391037899062,
  "spacing_tr": 0.48399999737739563,
  "spacing_x": 2.5,
  "spacing_y": 2.5,
  "spacing_z": 2.5,
  "summary_bg_k": 14.574868082852564,
  "summary_bg_mad": 53.931997149093654,
  "summary_bg_mean": 173.30023193359375,
  "summary_bg_median": 83.18683624267578,
  "summary_bg_n": 187188.0,
  "summary_bg_p05": 39.20755119323731,
  "summary_bg_p95": 628.8057006835936,
  "summary_bg_stdv": 221.97889709472656,
  "summary_fg_k": 0.35008523563660177,
  "summary_fg_mad": 514.8414025898637,
  "summary_fg_mean": 1319.9710693359375,
  "summary_fg_median": 1239.3704833984375,
  "summary_fg_n": 80279.0,
  "summary_fg_p05": 645.98427734375,
  "summary_fg_p95": 2263.957788085937,
  "summary_fg_stdv": 510.5740051269531,
  "tsnr": 24.851502860197797
}