{
  "aor": 0.0005497839831401475,
  "aqi": 0.010110094035827187,
  "bids_meta": {
    "AcquisitionMatrixPE": 78,
    "AcquisitionNumber": 1,
    "AcquisitionTime": "18:44:55.050000",
    "BandwidthPerPixelPhaseEncode": 25.138,
    "BaseResolution": 78,
    "BodyPartExamined": "SKULL",
    "ConsistencyInfo": "N4_VE11B_LATEST_20150530",
    "ConversionSoftware": "dcm2niix",
    "ConversionSoftwareVersion": "v1.0.20190902",
    "DerivedVendorReportedEchoSpacing": 0.000510005,
    "DeviceSerialNumber": "67036",
    "DwellTime": 2.2e-06,
    "EchoTime": 0.03,
    "EchoTrainLength": 78,
    "EffectiveEchoSpacing": 0.000510005,
    "FlipAngle": 90,
    "ImageComments": "Unaliased_MB8_PE3_LB",
    "ImageOrientationPatientDICOM": [
      0.999743,
      -0.022633,
      0.000914198,
      0.0223382,
      0.978423,
      -0.205402
    ],
    "ImageType": [
      "ORIGINAL",
      "PRIMARY",
      "M",
      "MB",
      "ND",
      "MOSAIC"
    ],
    "ImagingFrequency": 123.262,
    "InPlanePhaseEncodingDirectionDICOM": "COL",
    "InstitutionAddress": "Philosophenweg_3_Jena_Thueringen_DE_07743",
    "InstitutionName": "FSU_Jena",
    "InstitutionalDepartmentName": "Department",
    "MRAcquisitionType": "2D",
    "MagneticFieldStrength": 3,
    "Manufacturer": "Siemens",
    "ManufacturersModelName": "Prisma_fit",
    "Modality": "MR",
    "MultibandAccelerationFactor": 8,
    "PartialFourier": 1,
    "PatientPosition": "HFS",
    "PercentPhaseFOV": 100,
    "PhaseEncodingDirection": "j-",
    "PhaseEncodingSteps": 78,
    "PhaseResolution": 1,
    "PixelBandwidth": 2915,
    "ProcedureStepDescription": "FMRI",
    "ProtocolName": "cmrr_mbep2d_bold_2p5mm_MB8_verschachtelt",
    "PulseSequenceDetails": "%CustomerSeq%_cmrr_mbep2d_bold",
    "ReceiveCoilActiveElements": "HC1-7",
    "ReceiveCoilName": "HeadNeck_64",
    "ReconMatrixPE": 78,
    "RepetitionTime": 0.484,
    "SAR": 0.186227,
    "ScanOptions": "FS",
    "ScanningSequence": "EP",
    "SequenceName": "epfid2d1_78",
    "SequenceVariant": "SK_SS",
    "SeriesDescription": "cmrr_mbep2d_bold_2p5mm_MB8_verschachtelt",
    "SeriesNumber": 6,
    "ShimSetting": [
      -405,
      5646,
      1355,
      559,
      34,
      -66,
      40,
      6
    ],
    "SliceThickness": 2.5,
    "SliceTiming": [
      0,
      0.265,
      0.0675,
      0.3325,
      0.1325,
      0.3975,
      0.2,
      0,
      0.265,
      0.0675,
      0.3325,
      0.1325,
      0.3975,
      0.2,
      0,
      0.265,
      0.0675,
      0.3325,
      0.1325,
      0.3975,
      0.2,
      0,
      0.265,
      0.0675,
      0.3325,
      0.1325,
      0.3975,
      0.2,
      0,
      0.265,
      0.0675,
      0.3325,
      0.1325,
      0.3975,
      0.2,
      0,
      0.265,
      0.0675,
      0.3325,
      0.1325,
      0.3975,
      0.2,
      0,
      0.265,
      0.0675,
      0.3325,
      0.1325,
      0.3975,
      0.2,
      0,
      0.265,
      0.0675,
      0.3325,
      0.1325,
      0.3975,
      0.2
    ],
    "SoftwareVersions": "syngo_MR_E11",
    "SpacingBetweenSlices": 2.5,
    "StationName": "AWP67036",
    "TaskName": "rest",
    "TotalReadoutTime": 0.0392704,
    "TxRefAmp": 230.347,
    "WipMemBlock": "6db40028-9434-4ea9-a49c-e18291d78b8b||Sequence: R016 ve11b/master r/b698769; Nov 21 2017 11:07:30 by eja",
    "dataset": "ds003357",
    "modality": "bold",
    "session_id": "01",
    "subject_id": "06",
    "task_id": "rest"
  },
  "dummy_trs": 2,
  "dvars_nstd": 51.25097677559295,
  "dvars_std": 1.096332685571956,
  "dvars_vstd": 0.9999649491512935,
  "efc": 0.6169493254843664,
  "fber": 206.17100524902344,
  "fd_mean": 0.05915995954235396,
  "fd_num": 4,
  "fd_perc": 0.2107481559536354,
  "fwhm_avg": 3.112849333333333,
  "fwhm_x": 2.92844,
  "fwhm_y": 3.2470640000000004,
  "fwhm_z": 3.163044,
  "gcor": 0.00896016,
  "gsr_x": -0.020197352394461632,
  "gsr_y": 0.11782752722501755,
  "provenance": {
    "md5sum": "aca2284abb41a7a3466e6f9d8b127f1b",
    "settings": {
      "fd_thres": 0.2,
      "testing": false
    },
    "software": "mriqc",
    "version": "22.0.6",
    "webapi_port": null,
    "webapi_url": "https://mriqc.nimh.nih.gov/api/v1"
  },
  "size_t": 1898,
  "size_x": 78,
  "size_y": 78,
  "size_z": 56,
  "snr": 2.3918968816788198,
  "spacing_tr": 0.48399999737739563,
  "spacing_x": 2.5,
  "spacing_y": 2.5,
  "spacing_z": 2.5,
  "summary_bg_k": 15.269150260499952,
  "summary_bg_mad": 49.729669568787486,
  "summary_bg_mean": 174.2871551513672,
  "summary_bg_median": 78.76448822021484,
  "summary_bg_n": 187539.0,
  "summary_bg_p05": 37.58693313598633,
  "summary_bg_p95": 664.5115295410158,
  "summary_bg_stdv": 239.3003692626953,
  "summary_fg_k": 0.4051839454330062,
  "summary_fg_mad": 526.5777049172137,
  "summary_fg_mean": 1347.2821044921875,
  "summary_fg_median": 1258.59423828125,
  "summary_fg_n": 77273.0,
  "summary_fg_p05": 651.2810180664062,
  "summary_fg_p95": 2322.8311523437496,
  "summary_fg_stdv": 526.1874389648438,
  "tsnr": 25.7491273812484
}