{
  "bids_meta": {
    "AcquisitionMatrixPE": 256,
    "AcquisitionNumber": 1,
    "AcquisitionTime": "17:29:23.862500",
    "BaseResolution": 256,
    "BodyPartExamined": "HEAD",
    "CoilString": "HC1-7;NC1_2",
    "ConsistencyInfo": "N4_VE11B_LATEST_20150530",
    "ConversionSoftware": "dcm2niix",
    "ConversionSoftwareVersion": "v1.0.20190902",
    "DeviceSerialNumber": "67036",
    "DwellTime": 8.5e-06,
    "EchoTime": 0.00207,
    "FlipAngle": 9,
    "ImageOrientationPatientDICOM": [
      0.0271209,
      0.984586,
      -0.172786,
      0.0009384,
      -0.172875,
      -0.984943
    ],
    "ImageType": [
      "ORIGINAL",
      "PRIMARY",
      "M",
      "ND",
      "NORM"
    ],
    "ImagingFrequency": 123.262,
    "InPlanePhaseEncodingDirectionDICOM": "ROW",
    "InstitutionAddress": "Philosophenweg_3_Jena_Thueringen_DE_07743",
    "InstitutionName": "FSU_Jena",
    "InstitutionalDepartmentName": "Department",
    "InversionTime": 0.9,
    "MRAcquisitionType": "3D",
    "MagneticFieldStrength": 3,
    "Manufacturer": "Siemens",
    "ManufacturersModelName": "Prisma_fit",
    "Modality": "MR",
    "ParallelReductionFactorInPlane": 2,
    "PartialFourier": 1,
    "PatientPosition": "HFS",
    "PercentPhaseFOV": 100,
    "PhaseEncodingSteps": 255,
    "PhaseResolution": 1,
    "PixelBandwidth": 230,
    "ProcedureStepDescription": "FMRI",
    "ProtocolName": "MPRAGE_Jena_BW230_64channel",
    "PulseSequenceDetails": "%SiemensSeq%_tfl",
    "ReceiveCoilActiveElements": "HC1-7;NC1,2",
    "ReceiveCoilName": "HeadNeck_64",
    "ReconMatrixPE": 256,
    "RefLinesPE": 24,
    "RepetitionTime": 2.3,
    "SAR": 0.0479012,
    "ScanOptions": "IR",
    "ScanningSequence": "GR_IR",
    "SequenceName": "_tfl3d1_16ns",
    "SequenceVariant": "SK_SP_MP",
    "SeriesDescription": "MPRAGE_Jena_BW230_64channel",
    "SeriesNumber": 5,
    "ShimSetting": [
      -434,
      5686,
      1318,
      122,
      7,
      -596,
      188,
      18
    ],
    "SliceThickness": 1,
    "SoftwareVersions": "syngo_MR_E11",
    "StationName": "AWP67036",
    "TxRefAmp": 240.606,
    "dataset": "ds003357",
    "modality": "T1w",
    "session_id": "02",
    "subject_id": "24"
  },
  "cjv": 0.3000993888705679,
  "cnr": 4.527121140742693,
  "efc": 0.4410584160057932,
  "fber": -1.0,
  "fwhm_avg": 4.3283676020878445,
  "fwhm_x": 4.023822544820262,
  "fwhm_y": 4.386290261443273,
  "fwhm_z": 4.57499,
  "icvs_csf": 0.2382466125714779,
  "icvs_gm": 0.4467455645470732,
  "icvs_wm": 0.3150078228814489,
  "inu_med": 0.4715064764022827,
  "inu_range": 0.15113361477851867,
  "provenance": {
    "md5sum": "c1d204afae7625088fd711d369102c81",
    "settings": {
      "testing": false
    },
    "software": "mriqc",
    "version": "22.0.6",
    "warnings": {
      "large_rot_frame": true,
      "small_air_mask": false
    },
    "webapi_port": null,
    "webapi_url": "https://mriqc.nimh.nih.gov/api/v1"
  },
  "qi_1": 1.7794820131229171e-06,
  "qi_2": 0.009368871980130108,
  "rpve_csf": 28.515765380678488,
  "rpve_gm": 15.7240317051567,
  "rpve_wm": 25.13756493695568,
  "size_x": 192,
  "size_y": 256,
  "size_z": 256,
  "snr_csf": 2.1701872951740135,
  "snr_gm": 12.11809242098435,
  "snr_total": 12.89480978192793,
  "snr_wm": 24.396149629625427,
  "snrd_csf": 24.706216187194347,
  "snrd_gm": 72.9871082759765,
  "snrd_total": 68.17392228061603,
  "snrd_wm": 106.82844237867724,
  "spacing_x": 0.9999943971633911,
  "spacing_y": 0.9999999403953552,
  "spacing_z": 1.0,
  "summary_bg_k": 7.060392195189943,
  "summary_bg_mad": 0.0,
  "summary_bg_mean": 3.0838159256974995,
  "summary_bg_median": 0.0,
  "summary_bg_n": 3703999.0,
  "summary_bg_p05": 0.0,
  "summary_bg_p95": 14.158011756837368,
  "summary_bg_stdv": 6.132919670083221,
  "summary_csf_k": 0.20447880223713222,
  "summary_csf_mad": 108.01783391549205,
  "summary_csf_mean": 244.31707808829952,
  "summary_csf_median": 231.28197307884693,
  "summary_csf_n": 37964.0,
  "summary_csf_p05": 102.78251491282136,
  "summary_csf_p95": 445.19454596769054,
  "summary_csf_stdv": 106.57095242585339,
  "summary_gm_k": 0.07279365365018142,
  "summary_gm_mad": 56.15395195748629,
  "summary_gm_mean": 681.9894613136277,
  "summary_gm_median": 683.2532462067902,
  "summary_gm_n": 36954.0,
  "summary_gm_p05": 587.1260302511976,
  "summary_gm_p95": 771.9216702021658,
  "summary_gm_stdv": 56.382141492483306,
  "summary_wm_k": 0.38809329425404426,
  "summary_wm_mad": 38.91706356671629,
  "summary_wm_mean": 999.993355213974,
  "summary_wm_median": 1000.051677159965,
  "summary_wm_n": 140298.0,
  "summary_wm_p05": 932.0002118907869,
  "summary_wm_p95": 1067.0697109140456,
  "summary_wm_stdv": 40.99204703648646,
  "tpm_overlap_csf": 0.14834163821436486,
  "tpm_overlap_gm": 0.4682394267554736,
  "tpm_overlap_wm": 0.48305969946618427,
  "wm2max": 0.38589914860526786
}