{
  "bids_meta": {
    "AcquisitionMatrixPE": 256,
    "AcquisitionNumber": 1,
    "AcquisitionTime": "18:20:38.170000",
    "BaseResolution": 256,
    "BodyPartExamined": "HEAD",
    "CoilString": "HC1-7;NC1_2",
    "ConsistencyInfo": "N4_VE11B_LATEST_20150530",
    "ConversionSoftware": "dcm2niix",
    "ConversionSoftwareVersion": "v1.0.20190902",
    "DeviceSerialNumber": "67036",
    "DwellTime": 8.5e-06,
    "EchoTime": 0.00207,
    "FlipAngle": 9,
    "ImageOrientationPatientDICOM": [
      0.0644911,
      0.981011,
      -0.182917,
      -0.0190925,
      -0.182053,
      -0.983103
    ],
    "ImageType": [
      "ORIGINAL",
      "PRIMARY",
      "M",
      "ND",
      "NORM"
    ],
    "ImagingFrequency": 123.262,
    "InPlanePhaseEncodingDirectionDICOM": "ROW",
    "InstitutionAddress": "Philosophenweg_3_Jena_Thueringen_DE_07743",
    "InstitutionName": "FSU_Jena",
    "InstitutionalDepartmentName": "Department",
    "InversionTime": 0.9,
    "MRAcquisitionType": "3D",
    "MagneticFieldStrength": 3,
    "Manufacturer": "Siemens",
    "ManufacturersModelName": "Prisma_fit",
    "Modality": "MR",
    "ParallelReductionFactorInPlane": 2,
    "PartialFourier": 1,
    "PatientPosition": "HFS",
    "PercentPhaseFOV": 100,
    "PhaseEncodingSteps": 255,
    "PhaseResolution": 1,
    "PixelBandwidth": 230,
    "ProcedureStepDescription": "FMRI",
    "ProtocolName": "MPRAGE_Jena_BW230_64channel",
    "PulseSequenceDetails": "%SiemensSeq%_tfl",
    "ReceiveCoilActiveElements": "HC1-7;NC1,2",
    "ReceiveCoilName": "HeadNeck_64",
    "ReconMatrixPE": 256,
    "RefLinesPE": 24,
    "RepetitionTime": 2.3,
    "SAR": 0.0440476,
    "ScanOptions": "IR",
    "ScanningSequence": "GR_IR",
    "SequenceName": "_tfl3d1_16ns",
    "SequenceVariant": "SK_SP_MP",
    "SeriesDescription": "MPRAGE_Jena_BW230_64channel",
    "SeriesNumber": 5,
    "ShimSetting": [
      -427,
      5684,
      1345,
      92,
      13,
      -496,
      176,
      13
    ],
    "SliceThickness": 1,
    "SoftwareVersions": "syngo_MR_E11",
    "StationName": "AWP67036",
    "TxRefAmp": 251.491,
    "dataset": "ds003357",
    "modality": "T1w",
    "session_id": "01",
    "subject_id": "32"
  },
  "cjv": 0.34109982703659636,
  "cnr": 4.038915585954776,
  "efc": 0.5124729502138119,
  "fber": -1.0,
  "fwhm_avg": 4.48759243150458,
  "fwhm_x": 4.189186741764667,
  "fwhm_y": 4.654410277424471,
  "fwhm_z": 4.6191802753246,
  "icvs_csf": 0.2456015529617599,
  "icvs_gm": 0.4216060907601275,
  "icvs_wm": 0.3327923562781126,
  "inu_med": 0.5490766763687134,
  "inu_range": 0.19116699099540707,
  "provenance": {
    "md5sum": "513a8c1ec3e15bb2a38a27197f0d716b",
    "settings": {
      "testing": false
    },
    "software": "mriqc",
    "version": "22.0.6",
    "warnings": {
      "large_rot_frame": true,
      "small_air_mask": false
    },
    "webapi_port": null,
    "webapi_url": "https://mriqc.nimh.nih.gov/api/v1"
  },
  "qi_1": 5.4111376505193224e-05,
  "qi_2": 0.010143919893496616,
  "rpve_csf": 22.032691439375768,
  "rpve_gm": 12.854834247417061,
  "rpve_wm": 18.565665315121898,
  "size_x": 192,
  "size_y": 256,
  "size_z": 256,
  "snr_csf": 2.42111196728973,
  "snr_gm": 11.838692393196192,
  "snr_total": 12.035057858983732,
  "snr_wm": 21.845369216465276,
  "snrd_csf": 10.149726095516856,
  "snrd_gm": 30.628373450719696,
  "snrd_total": 28.309102706134922,
  "snrd_wm": 44.14920857216822,
  "spacing_x": 0.9999983906745911,
  "spacing_y": 0.9999999403953552,
  "spacing_z": 0.9999999403953552,
  "summary_bg_k": 1479.8606390337125,
  "summary_bg_mad": 0.0,
  "summary_bg_mean": 5.296524096616511,
  "summary_bg_median": 0.0,
  "summary_bg_n": 3164573.0,
  "summary_bg_p05": 0.0,
  "summary_bg_p95": 25.811769247055054,
  "summary_bg_stdv": 14.839141741158361,
  "summary_csf_k": 1.0125208987661427,
  "summary_csf_mad": 86.50392983120248,
  "summary_csf_mean": 239.04186677851325,
  "summary_csf_median": 229.89597916603088,
  "summary_csf_n": 67940.0,
  "summary_csf_p05": 100.07609796524048,
  "summary_csf_p95": 412.293863546848,
  "summary_csf_stdv": 94.95400888571366,
  "summary_gm_k": -0.07815784420590433,
  "summary_gm_mad": 60.17664683909739,
  "summary_gm_mean": 694.0714517908835,
  "summary_gm_median": 693.7467906475067,
  "summary_gm_n": 37264.0,
  "summary_gm_p05": 599.3150353431702,
  "summary_gm_p95": 790.3348116874695,
  "summary_gm_stdv": 58.5991644182601,
  "summary_wm_k": 0.36993006257299665,
  "summary_wm_mad": 44.28625103314823,
  "summary_wm_mean": 1000.7675376374162,
  "summary_wm_median": 999.9999446868896,
  "summary_wm_n": 192290.0,
  "summary_wm_p05": 927.1308467388153,
  "summary_wm_p95": 1076.8010566234589,
  "summary_wm_stdv": 45.77617043390201,
  "tpm_overlap_csf": 0.16246262296561326,
  "tpm_overlap_gm": 0.44919437486804953,
  "tpm_overlap_wm": 0.4962000850996328,
  "wm2max": 0.32385803483404535
}