{
  "bids_meta": {
    "AcquisitionMatrixPE": 256,
    "AcquisitionNumber": 1,
    "AcquisitionTime": "12:43:10.190000",
    "BaseResolution": 256,
    "BodyPartExamined": "HEAD",
    "CoilString": "HC1-7;NC1_2",
    "ConsistencyInfo": "N4_VE11B_LATEST_20150530",
    "ConversionSoftware": "dcm2niix",
    "ConversionSoftwareVersion": "v1.0.20190902",
    "DeviceSerialNumber": "67036",
    "DwellTime": 8.5e-06,
    "EchoTime": 0.00207,
    "FlipAngle": 9,
    "ImageOrientationPatientDICOM": [
      0.0202975,
      0.998505,
      -0.0507614,
      0.0142967,
      -0.0510565,
      -0.998593
    ],
    "ImageType": [
      "ORIGINAL",
      "PRIMARY",
      "M",
      "ND",
      "NORM"
    ],
    "ImagingFrequency": 123.262,
    "InPlanePhaseEncodingDirectionDICOM": "ROW",
    "InstitutionAddress": "Philosophenweg_3_Jena_Thueringen_DE_07743",
    "InstitutionName": "FSU_Jena",
    "InstitutionalDepartmentName": "Department",
    "InversionTime": 0.9,
    "MRAcquisitionType": "3D",
    "MagneticFieldStrength": 3,
    "Manufacturer": "Siemens",
    "ManufacturersModelName": "Prisma_fit",
    "Modality": "MR",
    "ParallelReductionFactorInPlane": 2,
    "PartialFourier": 1,
    "PatientPosition": "HFS",
    "PercentPhaseFOV": 100,
    "PhaseEncodingSteps": 255,
    "PhaseResolution": 1,
    "PixelBandwidth": 230,
    "ProcedureStepDescription": "FMRI",
    "ProtocolName": "MPRAGE_Jena_BW230_64channel",
    "PulseSequenceDetails": "%SiemensSeq%_tfl",
    "ReceiveCoilActiveElements": "HC1-7;NC1,2",
    "ReceiveCoilName": "HeadNeck_64",
    "ReconMatrixPE": 256,
    "RefLinesPE": 24,
    "RepetitionTime": 2.3,
    "SAR": 0.0427087,
    "ScanOptions": "IR",
    "ScanningSequence": "GR_IR",
    "SequenceName": "_tfl3d1_16ns",
    "SequenceVariant": "SK_SP_MP",
    "SeriesDescription": "MPRAGE_Jena_BW230_64channel",
    "SeriesNumber": 5,
    "ShimSetting": [
      -425,
      5586,
      1365,
      480,
      -53,
      -413,
      58,
      43
    ],
    "SliceThickness": 1,
    "SoftwareVersions": "syngo_MR_E11",
    "StationName": "AWP67036",
    "TxRefAmp": 215.396,
    "dataset": "ds003357",
    "modality": "T1w",
    "session_id": "01",
    "subject_id": "20"
  },
  "cjv": 0.2717158571716956,
  "cnr": 4.961471893289331,
  "efc": 0.4555784728536141,
  "fber": -1.0,
  "fwhm_avg": 4.931514531061783,
  "fwhm_x": 4.651853290853288,
  "fwhm_y": 5.0704,
  "fwhm_z": 5.072290302332061,
  "icvs_csf": 0.25068316243453725,
  "icvs_gm": 0.4156140420171948,
  "icvs_wm": 0.3337027955482679,
  "inu_med": 0.5011790990829468,
  "inu_range": 0.17660488933324814,
  "provenance": {
    "md5sum": "aaf98c7aa9ebf3711de4130cd13cd546",
    "settings": {
      "testing": false
    },
    "software": "mriqc",
    "version": "22.0.6",
    "warnings": {
      "large_rot_frame": true,
      "small_air_mask": false
    },
    "webapi_port": null,
    "webapi_url": "https://mriqc.nimh.nih.gov/api/v1"
  },
  "qi_1": 0.0002906335552009134,
  "qi_2": 0.023185881377857237,
  "rpve_csf": 22.597446206146266,
  "rpve_gm": 13.56289823710067,
  "rpve_wm": 20.37999397261613,
  "size_x": 192,
  "size_y": 256,
  "size_z": 256,
  "snr_csf": 1.7209182380006163,
  "snr_gm": 10.722443841524639,
  "snr_total": 13.898923115976901,
  "snr_wm": 29.253407268405446,
  "snrd_csf": 27.6936036055484,
  "snrd_gm": 98.49608767392526,
  "snrd_total": 92.3511663150095,
  "snrd_wm": 150.86380766555482,
  "spacing_x": 0.9999949932098389,
  "spacing_y": 1.0,
  "spacing_z": 0.9999999403953552,
  "summary_bg_k": 12.541458302964541,
  "summary_bg_mad": 0.0,
  "summary_bg_mean": 2.09532740289952,
  "summary_bg_median": 0.0,
  "summary_bg_n": 3612967.0,
  "summary_bg_p05": 0.0,
  "summary_bg_p95": 9.526426434516907,
  "summary_bg_stdv": 4.3425682651690884,
  "summary_csf_k": -0.33650276087664377,
  "summary_csf_mad": 117.88025037212321,
  "summary_csf_mean": 195.66203139868927,
  "summary_csf_median": 183.56690937280655,
  "summary_csf_n": 58103.0,
  "summary_csf_p05": 46.9909303933382,
  "summary_csf_p95": 389.8048816546798,
  "summary_csf_stdv": 106.66708367923047,
  "summary_gm_k": -0.022352148738438604,
  "summary_gm_mad": 61.99577683741273,
  "summary_gm_mean": 652.5160217020788,
  "summary_gm_median": 652.8808116540313,
  "summary_gm_n": 45912.0,
  "summary_gm_p05": 553.3365254323929,
  "summary_gm_p95": 751.1220842599869,
  "summary_gm_stdv": 60.888516753465,
  "summary_wm_k": 0.54906925649939,
  "summary_wm_mad": 32.322004134291845,
  "summary_wm_mean": 999.6879821512119,
  "summary_wm_median": 999.9999748617411,
  "summary_wm_n": 205660.0,
  "summary_wm_p05": 942.8872163817286,
  "summary_wm_p95": 1054.6395264789462,
  "summary_wm_stdv": 34.18396819510842,
  "tpm_overlap_csf": 0.15472709126647807,
  "tpm_overlap_gm": 0.48384293352525043,
  "tpm_overlap_wm": 0.5268437419092642,
  "wm2max": 0.42755595590107115
}