{
  "bids_meta": {
    "AcquisitionMatrixPE": 256,
    "AcquisitionNumber": 1,
    "AcquisitionTime": "18:48:2.220000",
    "BaseResolution": 256,
    "BodyPartExamined": "HEAD",
    "CoilString": "HC1-7;NC1_2",
    "ConsistencyInfo": "N4_VE11B_LATEST_20150530",
    "ConversionSoftware": "dcm2niix",
    "ConversionSoftwareVersion": "v1.0.20190902",
    "DeviceSerialNumber": "67036",
    "DwellTime": 8.5e-06,
    "EchoTime": 0.00207,
    "FlipAngle": 9,
    "ImageOrientationPatientDICOM": [
      0.0250379,
      0.988107,
      -0.151717,
      0.0248695,
      -0.152333,
      -0.988016
    ],
    "ImageType": [
      "ORIGINAL",
      "PRIMARY",
      "M",
      "ND",
      "NORM"
    ],
    "ImagingFrequency": 123.262,
    "InPlanePhaseEncodingDirectionDICOM": "ROW",
    "InstitutionAddress": "Philosophenweg_3_Jena_Thueringen_DE_07743",
    "InstitutionName": "FSU_Jena",
    "InstitutionalDepartmentName": "Department",
    "InversionTime": 0.9,
    "MRAcquisitionType": "3D",
    "MagneticFieldStrength": 3,
    "Manufacturer": "Siemens",
    "ManufacturersModelName": "Prisma_fit",
    "Modality": "MR",
    "ParallelReductionFactorInPlane": 2,
    "PartialFourier": 1,
    "PatientPosition": "HFS",
    "PercentPhaseFOV": 100,
    "PhaseEncodingSteps": 255,
    "PhaseResolution": 1,
    "PixelBandwidth": 230,
    "ProcedureStepDescription": "FMRI",
    "ProtocolName": "MPRAGE_Jena_BW230_64channel",
    "PulseSequenceDetails": "%SiemensSeq%_tfl",
    "ReceiveCoilActiveElements": "HC1-7;NC1,2",
    "ReceiveCoilName": "HeadNeck_64",
    "ReconMatrixPE": 256,
    "RefLinesPE": 24,
    "RepetitionTime": 2.3,
    "SAR": 0.0481268,
    "ScanOptions": "IR",
    "ScanningSequence": "GR_IR",
    "SequenceName": "_tfl3d1_16ns",
    "SequenceVariant": "SK_SP_MP",
    "SeriesDescription": "MPRAGE_Jena_BW230_64channel",
    "SeriesNumber": 5,
    "ShimSetting": [
      -422,
      5675,
      1322,
      91,
      -36,
      -576,
      137,
      9
    ],
    "SliceThickness": 1,
    "SoftwareVersions": "syngo_MR_E11",
    "StationName": "AWP67036",
    "TxRefAmp": 238.096,
    "dataset": "ds003357",
    "modality": "T1w",
    "session_id": "01",
    "subject_id": "24"
  },
  "cjv": 0.30055884047663656,
  "cnr": 4.5113565617221445,
  "efc": 0.44738905251279965,
  "fber": -1.0,
  "fwhm_avg": 4.2948504673785095,
  "fwhm_x": 4.000261402135529,
  "fwhm_y": 4.36007,
  "fwhm_z": 4.52422,
  "icvs_csf": 0.24191326319275622,
  "icvs_gm": 0.4429918828734999,
  "icvs_wm": 0.3150948539337439,
  "inu_med": 0.48249562084674835,
  "inu_range": 0.1387951090931892,
  "provenance": {
    "md5sum": "4dde8743db271e6f19a7be84da8e0263",
    "settings": {
      "testing": false
    },
    "software": "mriqc",
    "version": "22.0.6",
    "warnings": {
      "large_rot_frame": true,
      "small_air_mask": false
    },
    "webapi_port": null,
    "webapi_url": "https://mriqc.nimh.nih.gov/api/v1"
  },
  "qi_1": 0.0,
  "qi_2": 0.015187745050987958,
  "rpve_csf": 28.028400852496194,
  "rpve_gm": 15.724621764094035,
  "rpve_wm": 25.03271344835103,
  "size_x": 192,
  "size_y": 256,
  "size_z": 256,
  "snr_csf": 2.0327356466544275,
  "snr_gm": 11.754817570610465,
  "snr_total": 12.464682516203963,
  "snr_wm": 23.606494331346997,
  "snrd_csf": 21.05248906639491,
  "snrd_gm": 65.22019076222597,
  "snrd_total": 60.90574210904017,
  "snrd_wm": 96.44454649849963,
  "spacing_x": 1.0000046491622925,
  "spacing_y": 1.0,
  "spacing_z": 1.0,
  "summary_bg_k": 8.226260987570535,
  "summary_bg_mad": 0.0,
  "summary_bg_mean": 3.5948549049788445,
  "summary_bg_median": 0.0,
  "summary_bg_n": 3509419.0,
  "summary_bg_p05": 0.0,
  "summary_bg_p95": 13.93816489726305,
  "summary_bg_stdv": 6.793225881668852,
  "summary_csf_k": 0.2020397280798596,
  "summary_csf_mad": 104.75151764661553,
  "summary_csf_mean": 233.3741774971194,
  "summary_csf_median": 218.2970044091344,
  "summary_csf_n": 39371.0,
  "summary_csf_p05": 89.05220263451338,
  "summary_csf_p95": 439.5843787416816,
  "summary_csf_stdv": 107.38938555228535,
  "summary_gm_k": 0.041719011337209455,
  "summary_gm_mad": 57.18501070952254,
  "summary_gm_mean": 674.3187473645372,
  "summary_gm_median": 676.2797608152032,
  "summary_gm_n": 34660.0,
  "summary_gm_p05": 577.2427636906505,
  "summary_gm_p95": 765.9401742815971,
  "summary_gm_stdv": 57.531305847272634,
  "summary_wm_k": 0.42981783654055405,
  "summary_wm_mad": 40.12719542560451,
  "summary_wm_mean": 999.0501398018624,
  "summary_wm_median": 1000.0506603196263,
  "summary_wm_n": 140369.0,
  "summary_wm_p05": 927.5215186178684,
  "summary_wm_p95": 1066.7511148825288,
  "summary_wm_stdv": 42.36321937750903,
  "tpm_overlap_csf": 0.14820404411115423,
  "tpm_overlap_gm": 0.46608921134474895,
  "tpm_overlap_wm": 0.4858252015257354,
  "wm2max": 0.39156155575972584
}