{
  "aor": 0.0005040368421052631,
  "aqi": 0.015476942768421053,
  "bids_meta": {
    "AcquisitionMatrixPE": 78,
    "AcquisitionNumber": 1,
    "AcquisitionTime": "12:10:55.067500",
    "BandwidthPerPixelPhaseEncode": 25.138,
    "BaseResolution": 78,
    "BodyPartExamined": "HEAD",
    "ConsistencyInfo": "N4_VE11B_LATEST_20150530",
    "ConversionSoftware": "dcm2niix",
    "ConversionSoftwareVersion": "v1.0.20190902",
    "DerivedVendorReportedEchoSpacing": 0.000510005,
    "DeviceSerialNumber": "67036",
    "DwellTime": 2.2e-06,
    "EchoTime": 0.03,
    "EchoTrainLength": 78,
    "EffectiveEchoSpacing": 0.000510005,
    "FlipAngle": 90,
    "ImageComments": "Unaliased_MB8_PE3_LB",
    "ImageOrientationPatientDICOM": [
      0.999635,
      -0.00701994,
      0.0260834,
      0.0127369,
      0.974047,
      -0.225988
    ],
    "ImageType": [
      "ORIGINAL",
      "PRIMARY",
      "M",
      "MB",
      "ND",
      "MOSAIC"
    ],
    "ImagingFrequency": 123.262,
    "InPlanePhaseEncodingDirectionDICOM": "COL",
    "InstitutionAddress": "Philosophenweg_3_Jena_Thueringen_DE_07743",
    "InstitutionName": "FSU_Jena",
    "InstitutionalDepartmentName": "Department",
    "MRAcquisitionType": "2D",
    "MagneticFieldStrength": 3,
    "Manufacturer": "Siemens",
    "ManufacturersModelName": "Prisma_fit",
    "Modality": "MR",
    "MultibandAccelerationFactor": 8,
    "PartialFourier": 1,
    "PatientPosition": "HFS",
    "PercentPhaseFOV": 100,
    "PhaseEncodingDirection": "j-",
    "PhaseEncodingSteps": 78,
    "PhaseResolution": 1,
    "PixelBandwidth": 2915,
    "ProcedureStepDescription": "FMRI",
    "ProtocolName": "cmrr_mbep2d_bold_2p5mm_MB8_verschachtelt",
    "PulseSequenceDetails": "%CustomerSeq%_cmrr_mbep2d_bold",
    "ReceiveCoilActiveElements": "HC1-7",
    "ReceiveCoilName": "HeadNeck_64",
    "ReconMatrixPE": 78,
    "RepetitionTime": 0.484,
    "SAR": 0.175853,
    "ScanOptions": "FS",
    "ScanningSequence": "EP",
    "SequenceName": "epfid2d1_78",
    "SequenceVariant": "SK_SS",
    "SeriesDescription": "cmrr_mbep2d_bold_2p5mm_MB8_verschachtelt",
    "SeriesNumber": 6,
    "ShimSetting": [
      -412,
      5679,
      1308,
      494,
      -57,
      -320,
      -67,
      8
    ],
    "SliceThickness": 2.5,
    "SliceTiming": [
      0,
      0.265,
      0.0675,
      0.3325,
      0.1325,
      0.3975,
      0.2,
      0,
      0.265,
      0.0675,
      0.3325,
      0.1325,
      0.3975,
      0.2,
      0,
      0.265,
      0.0675,
      0.3325,
      0.1325,
      0.3975,
      0.2,
      0,
      0.265,
      0.0675,
      0.3325,
      0.1325,
      0.3975,
      0.2,
      0,
      0.265,
      0.0675,
      0.3325,
      0.1325,
      0.3975,
      0.2,
      0,
      0.265,
      0.0675,
      0.3325,
      0.1325,
      0.3975,
      0.2,
      0,
      0.265,
      0.0675,
      0.3325,
      0.1325,
      0.3975,
      0.2,
      0,
      0.265,
      0.0675,
      0.3325,
      0.1325,
      0.3975,
      0.2
    ],
    "SoftwareVersions": "syngo_MR_E11",
    "SpacingBetweenSlices": 2.5,
    "StationName": "AWP67036",
    "TaskName": "rest",
    "TotalReadoutTime": 0.0392704,
    "TxRefAmp": 245.278,
    "WipMemBlock": "ff871590-c3fe-4be9-8de8-283f44641ccf||Sequence: R016 ve11b/master r/b698769; Nov 21 2017 11:07:30 by eja",
    "dataset": "ds003357",
    "modality": "bold",
    "session_id": "02",
    "subject_id": "12",
    "task_id": "rest"
  },
  "dummy_trs": 0,
  "dvars_nstd": 56.67191383802005,
  "dvars_std": 1.0822000617430234,
  "dvars_vstd": 0.9806907375934715,
  "efc": 0.6018695171383229,
  "fber": 209.7064971923828,
  "fd_mean": 0.10877132062842619,
  "fd_num": 171,
  "fd_perc": 9.0,
  "fwhm_avg": 3.456005333333333,
  "fwhm_x": 3.3289319999999996,
  "fwhm_y": 3.5515079999999997,
  "fwhm_z": 3.487576,
  "gcor": 0.0113194,
  "gsr_x": -0.01577528566122055,
  "gsr_y": 0.09750543534755707,
  "provenance": {
    "md5sum": "eecedebb8f4c63de2a60f8655a17ed1a",
    "settings": {
      "fd_thres": 0.2,
      "testing": false
    },
    "software": "mriqc",
    "version": "22.0.6",
    "webapi_port": null,
    "webapi_url": "https://mriqc.nimh.nih.gov/api/v1"
  },
  "size_t": 1900,
  "size_x": 78,
  "size_y": 78,
  "size_z": 56,
  "snr": 2.290809403010208,
  "spacing_tr": 0.48399999737739563,
  "spacing_x": 2.5,
  "spacing_y": 2.5,
  "spacing_z": 2.5,
  "summary_bg_k": 10.194861831616086,
  "summary_bg_mad": 47.7639819045121,
  "summary_bg_mean": 168.9774932861328,
  "summary_bg_median": 76.23578643798828,
  "summary_bg_n": 195846.0,
  "summary_bg_p05": 38.32960319519043,
  "summary_bg_p95": 648.0862884521484,
  "summary_bg_stdv": 218.50440979003906,
  "summary_fg_k": 0.01538697644674869,
  "summary_fg_mad": 540.7760825107441,
  "summary_fg_mean": 1305.15478515625,
  "summary_fg_median": 1210.5794677734375,
  "summary_fg_n": 72563.0,
  "summary_fg_p05": 609.5990234375,
  "summary_fg_p95": 2289.092993164062,
  "summary_fg_stdv": 528.4468994140625,
  "tsnr": 22.52058336068876
}