{
  "bids_meta": {
    "AcquisitionMatrixPE": 256,
    "AcquisitionNumber": 1,
    "AcquisitionTime": "17:48:37.655000",
    "BaseResolution": 256,
    "BodyPartExamined": "HEAD",
    "CoilString": "HC1-7;NC1_2",
    "ConsistencyInfo": "N4_VE11B_LATEST_20150530",
    "ConversionSoftware": "dcm2niix",
    "ConversionSoftwareVersion": "v1.0.20190902",
    "DeviceSerialNumber": "67036",
    "DwellTime": 8.5e-06,
    "EchoTime": 0.00207,
    "FlipAngle": 9,
    "ImageOrientationPatientDICOM": [
      0.0464529,
      0.998043,
      -0.0418499,
      0.033066,
      -0.0434085,
      -0.99851
    ],
    "ImageType": [
      "ORIGINAL",
      "PRIMARY",
      "M",
      "ND",
      "NORM"
    ],
    "ImagingFrequency": 123.262,
    "InPlanePhaseEncodingDirectionDICOM": "ROW",
    "InstitutionAddress": "Philosophenweg_3_Jena_Thueringen_DE_07743",
    "InstitutionName": "FSU_Jena",
    "InstitutionalDepartmentName": "Department",
    "InversionTime": 0.9,
    "MRAcquisitionType": "3D",
    "MagneticFieldStrength": 3,
    "Manufacturer": "Siemens",
    "ManufacturersModelName": "Prisma_fit",
    "Modality": "MR",
    "ParallelReductionFactorInPlane": 2,
    "PartialFourier": 1,
    "PatientPosition": "HFS",
    "PercentPhaseFOV": 100,
    "PhaseEncodingSteps": 255,
    "PhaseResolution": 1,
    "PixelBandwidth": 230,
    "ProcedureStepDescription": "FMRI",
    "ProtocolName": "MPRAGE_Jena_BW230_64channel",
    "PulseSequenceDetails": "%SiemensSeq%_tfl",
    "ReceiveCoilActiveElements": "HC1-7;NC1,2",
    "ReceiveCoilName": "HeadNeck_64",
    "ReconMatrixPE": 256,
    "RefLinesPE": 24,
    "RepetitionTime": 2.3,
    "SAR": 0.0459173,
    "ScanOptions": "IR",
    "ScanningSequence": "GR_IR",
    "SequenceName": "_tfl3d1_16ns",
    "SequenceVariant": "SK_SP_MP",
    "SeriesDescription": "MPRAGE_Jena_BW230_64channel",
    "SeriesNumber": 5,
    "ShimSetting": [
      -408,
      5659,
      1302,
      274,
      -6,
      -491,
      51,
      12
    ],
    "SliceThickness": 1,
    "SoftwareVersions": "syngo_MR_E11",
    "StationName": "AWP67036",
    "TxRefAmp": 234.633,
    "dataset": "ds003357",
    "modality": "T1w",
    "session_id": "02",
    "subject_id": "06"
  },
  "cjv": 0.29173417981355426,
  "cnr": 4.671576159382097,
  "efc": 0.520195297233516,
  "fber": -1.0,
  "fwhm_avg": 4.685600594460376,
  "fwhm_x": 4.273362358632639,
  "fwhm_y": 4.95788,
  "fwhm_z": 4.82555942474849,
  "icvs_csf": 0.22273719388751342,
  "icvs_gm": 0.4407016204307382,
  "icvs_wm": 0.3365611856817484,
  "inu_med": 0.4298144578933716,
  "inu_range": 0.12637878656387325,
  "provenance": {
    "md5sum": "f84f2a7c5287704c7b91c829d4c7743a",
    "settings": {
      "testing": false
    },
    "software": "mriqc",
    "version": "22.0.6",
    "warnings": {
      "large_rot_frame": true,
      "small_air_mask": false
    },
    "webapi_port": null,
    "webapi_url": "https://mriqc.nimh.nih.gov/api/v1"
  },
  "qi_1": 0.0,
  "qi_2": 0.005444203620402638,
  "rpve_csf": 21.975417400493132,
  "rpve_gm": 11.77948291890926,
  "rpve_wm": 17.959193292961576,
  "size_x": 192,
  "size_y": 256,
  "size_z": 256,
  "snr_csf": 2.1635746282580564,
  "snr_gm": 11.612163162222217,
  "snr_total": 13.777848015947235,
  "snr_wm": 27.55780625736143,
  "snrd_csf": 31.556510777560383,
  "snrd_gm": 103.19543653679737,
  "snrd_total": 95.63985844274002,
  "snrd_wm": 152.16762801386227,
  "spacing_x": 1.0000017881393433,
  "spacing_y": 1.0,
  "spacing_z": 1.0000001192092896,
  "summary_bg_k": 26.528388200183887,
  "summary_bg_mad": 0.0,
  "summary_bg_mean": 2.1432993471366903,
  "summary_bg_median": 0.0,
  "summary_bg_n": 2956922.0,
  "summary_bg_p05": 0.0,
  "summary_bg_p95": 8.451865259557962,
  "summary_bg_stdv": 4.305359704762011,
  "summary_csf_k": 1.0401906369543168,
  "summary_csf_mad": 93.15546037522212,
  "summary_csf_mean": 222.7427547425682,
  "summary_csf_median": 207.37991344183683,
  "summary_csf_n": 49964.0,
  "summary_csf_p05": 99.36095256358385,
  "summary_csf_p95": 407.78600732926276,
  "summary_csf_stdv": 95.84963487257743,
  "summary_gm_k": -0.025292844875105747,
  "summary_gm_mad": 59.475238152946936,
  "summary_gm_mean": 677.607423538721,
  "summary_gm_median": 678.1694227047265,
  "summary_gm_n": 61086.0,
  "summary_gm_p05": 581.6120156906545,
  "summary_gm_p95": 772.284034515731,
  "summary_gm_stdv": 58.401166282991134,
  "summary_wm_k": 0.5510926393231448,
  "summary_wm_mad": 34.41372978428481,
  "summary_wm_mean": 999.5984059726994,
  "summary_wm_median": 999.9999603442848,
  "summary_wm_n": 230013.0,
  "summary_wm_p05": 939.600045196712,
  "summary_wm_p95": 1057.7612443864346,
  "summary_wm_stdv": 36.28727835637153,
  "tpm_overlap_csf": 0.16116662517057545,
  "tpm_overlap_gm": 0.4814279339524711,
  "tpm_overlap_wm": 0.5307056312792899,
  "wm2max": 0.45699481865284974
}