{
  "aor": 0.00018116842105263156,
  "aqi": 0.010889396136842104,
  "bids_meta": {
    "AcquisitionMatrixPE": 78,
    "AcquisitionNumber": 1,
    "AcquisitionTime": "18:37:14.335000",
    "BandwidthPerPixelPhaseEncode": 25.138,
    "BaseResolution": 78,
    "BodyPartExamined": "HEAD",
    "ConsistencyInfo": "N4_VE11B_LATEST_20150530",
    "ConversionSoftware": "dcm2niix",
    "ConversionSoftwareVersion": "v1.0.20190902",
    "DerivedVendorReportedEchoSpacing": 0.000510005,
    "DeviceSerialNumber": "67036",
    "DwellTime": 2.2e-06,
    "EchoTime": 0.03,
    "EchoTrainLength": 78,
    "EffectiveEchoSpacing": 0.000510005,
    "FlipAngle": 90,
    "ImageComments": "Unaliased_MB8_PE3_LB",
    "ImageOrientationPatientDICOM": [
      0.998719,
      0.027685,
      0.0423619,
      -0.0195251,
      0.983076,
      -0.182154
    ],
    "ImageType": [
      "ORIGINAL",
      "PRIMARY",
      "M",
      "MB",
      "ND",
      "MOSAIC"
    ],
    "ImagingFrequency": 123.262,
    "InPlanePhaseEncodingDirectionDICOM": "COL",
    "InstitutionAddress": "Philosophenweg_3_Jena_Thueringen_DE_07743",
    "InstitutionName": "FSU_Jena",
    "InstitutionalDepartmentName": "Department",
    "MRAcquisitionType": "2D",
    "MagneticFieldStrength": 3,
    "Manufacturer": "Siemens",
    "ManufacturersModelName": "Prisma_fit",
    "Modality": "MR",
    "MultibandAccelerationFactor": 8,
    "PartialFourier": 1,
    "PatientPosition": "HFS",
    "PercentPhaseFOV": 100,
    "PhaseEncodingDirection": "j-",
    "PhaseEncodingSteps": 78,
    "PhaseResolution": 1,
    "PixelBandwidth": 2915,
    "ProcedureStepDescription": "FMRI",
    "ProtocolName": "cmrr_mbep2d_bold_2p5mm_MB8_verschachtelt",
    "PulseSequenceDetails": "%CustomerSeq%_cmrr_mbep2d_bold",
    "ReceiveCoilActiveElements": "HC1-7",
    "ReceiveCoilName": "HeadNeck_64",
    "ReconMatrixPE": 78,
    "RepetitionTime": 0.484,
    "SAR": 0.18049,
    "ScanOptions": "FS",
    "ScanningSequence": "EP",
    "SequenceName": "epfid2d1_78",
    "SequenceVariant": "SK_SS",
    "SeriesDescription": "cmrr_mbep2d_bold_2p5mm_MB8_verschachtelt",
    "SeriesNumber": 6,
    "ShimSetting": [
      -393,
      5648,
      1370,
      758,
      27,
      -130,
      35,
      38
    ],
    "SliceThickness": 2.5,
    "SliceTiming": [
      0,
      0.265,
      0.065,
      0.33,
      0.1325,
      0.3975,
      0.1975,
      0,
      0.265,
      0.065,
      0.33,
      0.1325,
      0.3975,
      0.1975,
      0,
      0.265,
      0.065,
      0.33,
      0.1325,
      0.3975,
      0.1975,
      0,
      0.265,
      0.065,
      0.33,
      0.1325,
      0.3975,
      0.1975,
      0,
      0.265,
      0.065,
      0.33,
      0.1325,
      0.3975,
      0.1975,
      0,
      0.265,
      0.065,
      0.33,
      0.1325,
      0.3975,
      0.1975,
      0,
      0.265,
      0.065,
      0.33,
      0.1325,
      0.3975,
      0.1975,
      0,
      0.265,
      0.065,
      0.33,
      0.1325,
      0.3975,
      0.1975
    ],
    "SoftwareVersions": "syngo_MR_E11",
    "SpacingBetweenSlices": 2.5,
    "StationName": "AWP67036",
    "TaskName": "rest",
    "TotalReadoutTime": 0.0392704,
    "TxRefAmp": 222.725,
    "WipMemBlock": "09b199a2-d667-4470-8c04-e9456e89747b||Sequence: R016 ve11b/master r/b698769; Nov 21 2017 11:07:30 by eja",
    "dataset": "ds003357",
    "modality": "bold",
    "session_id": "02",
    "subject_id": "29",
    "task_id": "rest"
  },
  "dummy_trs": 0,
  "dvars_nstd": 57.36284138265936,
  "dvars_std": 1.089273333459717,
  "dvars_vstd": 0.9897321119747235,
  "efc": 0.5667245809628487,
  "fber": 344.0370788574219,
  "fd_mean": 0.08753740465189863,
  "fd_num": 14,
  "fd_perc": 0.7368421052631579,
  "fwhm_avg": 3.168521333333333,
  "fwhm_x": 2.975696,
  "fwhm_y": 3.184376,
  "fwhm_z": 3.345492,
  "gcor": 0.0137189,
  "gsr_x": -0.015844792127609253,
  "gsr_y": 0.0745999813079834,
  "provenance": {
    "md5sum": "04775943f4b9c3dc4c05add8cb197aa4",
    "settings": {
      "fd_thres": 0.2,
      "testing": false
    },
    "software": "mriqc",
    "version": "22.0.6",
    "webapi_port": null,
    "webapi_url": "https://mriqc.nimh.nih.gov/api/v1"
  },
  "size_t": 1900,
  "size_x": 78,
  "size_y": 78,
  "size_z": 56,
  "snr": 2.556343679700281,
  "spacing_tr": 0.48399999737739563,
  "spacing_x": 2.5,
  "spacing_y": 2.5,
  "spacing_z": 2.5,
  "summary_bg_k": 23.635047885633124,
  "summary_bg_mad": 30.557993595610625,
  "summary_bg_mean": 115.12295532226562,
  "summary_bg_median": 56.71105194091797,
  "summary_bg_n": 210172.0,
  "summary_bg_p05": 33.46870765686035,
  "summary_bg_p95": 410.0323989868156,
  "summary_bg_stdv": 151.270263671875,
  "summary_fg_k": 3.089092253058335,
  "summary_fg_mad": 372.98051323980883,
  "summary_fg_mean": 1176.1092529296875,
  "summary_fg_median": 1107.4215087890625,
  "summary_fg_n": 65291.0,
  "summary_fg_p05": 627.3341674804688,
  "summary_fg_p95": 1984.369384765625,
  "summary_fg_stdv": 433.2019348144531,
  "tsnr": 25.106702221091837
}