{
  "bids_meta": {
    "AcquisitionMatrixPE": 256,
    "AcquisitionNumber": 1,
    "AcquisitionTime": "10:58:20.482500",
    "BaseResolution": 256,
    "BodyPartExamined": "HEAD",
    "CoilString": "HC1-7;NC1_2",
    "ConsistencyInfo": "N4_VE11B_LATEST_20150530",
    "ConversionSoftware": "dcm2niix",
    "ConversionSoftwareVersion": "v1.0.20190902",
    "DeviceSerialNumber": "67036",
    "DwellTime": 8.5e-06,
    "EchoTime": 0.00207,
    "FlipAngle": 9,
    "ImageOrientationPatientDICOM": [
      0.00684147,
      0.999879,
      0.0139459,
      0.0484371,
      0.0135985,
      -0.998734
    ],
    "ImageType": [
      "ORIGINAL",
      "PRIMARY",
      "M",
      "ND",
      "NORM"
    ],
    "ImagingFrequency": 123.262,
    "InPlanePhaseEncodingDirectionDICOM": "ROW",
    "InstitutionAddress": "Philosophenweg_3_Jena_Thueringen_DE_07743",
    "InstitutionName": "IDIR_FSU_Jena",
    "InstitutionalDepartmentName": "Department",
    "InversionTime": 0.9,
    "MRAcquisitionType": "3D",
    "MagneticFieldStrength": 3,
    "Manufacturer": "Siemens",
    "ManufacturersModelName": "Prisma_fit",
    "Modality": "MR",
    "ParallelReductionFactorInPlane": 2,
    "PartialFourier": 1,
    "PatientPosition": "HFS",
    "PercentPhaseFOV": 100,
    "PhaseEncodingSteps": 255,
    "PhaseResolution": 1,
    "PixelBandwidth": 230,
    "ProcedureStepDescription": "FMRI",
    "ProtocolName": "MPRAGE_Jena_BW230_64channel",
    "PulseSequenceDetails": "%SiemensSeq%_tfl",
    "ReceiveCoilActiveElements": "HC1-7;NC1,2",
    "ReceiveCoilName": "HeadNeck_64",
    "ReconMatrixPE": 256,
    "RefLinesPE": 24,
    "RepetitionTime": 2.3,
    "SAR": 0.0454071,
    "ScanOptions": "IR",
    "ScanningSequence": "GR_IR",
    "SequenceName": "_tfl3d1_16ns",
    "SequenceVariant": "SK_SP_MP",
    "SeriesDescription": "MPRAGE_Jena_BW230_64channel",
    "SeriesNumber": 10,
    "ShimSetting": [
      -411,
      5612,
      1334,
      333,
      -3,
      -455,
      -28,
      21
    ],
    "SliceThickness": 1,
    "SoftwareVersions": "syngo_MR_E11",
    "StationName": "AWP67036",
    "TxRefAmp": 237.91,
    "dataset": "ds003357",
    "modality": "T1w",
    "session_id": "01",
    "subject_id": "31"
  },
  "cjv": 0.274239708512756,
  "cnr": 4.903719128010162,
  "efc": 0.5260010664514382,
  "fber": -1.0,
  "fwhm_avg": 4.462873903705024,
  "fwhm_x": 4.142581975337016,
  "fwhm_y": 4.559649456447428,
  "fwhm_z": 4.686390279330628,
  "icvs_csf": 0.2074367032073203,
  "icvs_gm": 0.44874192184127426,
  "icvs_wm": 0.3438213749514054,
  "inu_med": 0.4889041930437088,
  "inu_range": 0.1889714956283569,
  "provenance": {
    "md5sum": "e483984b84d6a96470f6eaf5fe1d2a1a",
    "settings": {
      "testing": false
    },
    "software": "mriqc",
    "version": "22.0.6",
    "warnings": {
      "large_rot_frame": true,
      "small_air_mask": false
    },
    "webapi_port": null,
    "webapi_url": "https://mriqc.nimh.nih.gov/api/v1"
  },
  "qi_1": 0.0,
  "qi_2": 0.015876438580865324,
  "rpve_csf": 22.316982415320595,
  "rpve_gm": 11.333303431837404,
  "rpve_wm": 17.320161850384043,
  "size_x": 192,
  "size_y": 256,
  "size_z": 256,
  "snr_csf": 2.155823802818108,
  "snr_gm": 11.753097220448382,
  "snr_total": 12.798011395693399,
  "snr_wm": 24.485113163813704,
  "snrd_csf": 29.79985511729342,
  "snrd_gm": 89.02321107400141,
  "snrd_total": 84.63652432692156,
  "snrd_wm": 135.08650678946987,
  "spacing_x": 0.9999995231628418,
  "spacing_y": 1.0000001192092896,
  "spacing_z": 0.9999999403953552,
  "summary_bg_k": 13.068586686021746,
  "summary_bg_mad": 0.0,
  "summary_bg_mean": 2.482296699699535,
  "summary_bg_median": 0.0,
  "summary_bg_n": 2622422.0,
  "summary_bg_p05": 0.0,
  "summary_bg_p95": 10.505161359906197,
  "summary_bg_stdv": 4.849976112999165,
  "summary_csf_k": 0.8798298698453277,
  "summary_csf_mad": 88.64192599645537,
  "summary_csf_mean": 238.19071149175105,
  "summary_csf_median": 220.60838855803013,
  "summary_csf_n": 30479.0,
  "summary_csf_p05": 93.81565840542316,
  "summary_csf_p95": 435.27907721698284,
  "summary_csf_stdv": 102.32968446550356,
  "summary_gm_k": 0.13977693453064877,
  "summary_gm_mad": 55.46045637211379,
  "summary_gm_mean": 657.8660515978685,
  "summary_gm_median": 659.0390141829848,
  "summary_gm_n": 62289.0,
  "summary_gm_p05": 564.5382365584373,
  "summary_gm_p95": 748.2415365129709,
  "summary_gm_stdv": 56.073195994959775,
  "summary_wm_k": 0.6002958829711154,
  "summary_wm_mad": 38.057114140571365,
  "summary_wm_mean": 1000.759879094264,
  "summary_wm_median": 1000.0456868484616,
  "summary_wm_n": 227270.0,
  "summary_wm_p05": 934.6396387293935,
  "summary_wm_p95": 1068.6032833755016,
  "summary_wm_stdv": 40.84291871671162,
  "tpm_overlap_csf": 0.17229536725731848,
  "tpm_overlap_gm": 0.4852845806453062,
  "tpm_overlap_wm": 0.5275744235808234,
  "wm2max": 0.43171316610499094
}