{
  "aor": 0.00016566400000000002,
  "aqi": 0.009417076144,
  "bids_meta": {
    "AcquisitionMatrixPE": 78,
    "AcquisitionNumber": 1,
    "AcquisitionTime": "11:16:22.947500",
    "BandwidthPerPixelPhaseEncode": 25.138,
    "BaseResolution": 78,
    "BodyPartExamined": "HEAD",
    "ConsistencyInfo": "N4_VE11B_LATEST_20150530",
    "ConversionSoftware": "dcm2niix",
    "ConversionSoftwareVersion": "v1.0.20190902",
    "DerivedVendorReportedEchoSpacing": 0.000510005,
    "DeviceSerialNumber": "67036",
    "DwellTime": 2.2e-06,
    "EchoTime": 0.03,
    "EchoTrainLength": 78,
    "EffectiveEchoSpacing": 0.000510005,
    "FlipAngle": 90,
    "ImageComments": "Unaliased_MB8_PE3_LB",
    "ImageOrientationPatientDICOM": [
      0.998482,
      -0.00480915,
      -0.0548674,
      -0.00505387,
      0.983978,
      -0.178217
    ],
    "ImageType": [
      "ORIGINAL",
      "PRIMARY",
      "M",
      "MB",
      "ND",
      "MOSAIC"
    ],
    "ImagingFrequency": 123.254,
    "InPlanePhaseEncodingDirectionDICOM": "COL",
    "InstitutionAddress": "Philosophenweg_3_Jena_Thueringen_DE_07743",
    "InstitutionalDepartmentName": "Department",
    "MRAcquisitionType": "2D",
    "MagneticFieldStrength": 3,
    "Manufacturer": "Siemens",
    "ManufacturersModelName": "Prisma_fit",
    "Modality": "MR",
    "MultibandAccelerationFactor": 8,
    "PartialFourier": 1,
    "PatientPosition": "HFS",
    "PercentPhaseFOV": 100,
    "PhaseEncodingDirection": "j-",
    "PhaseEncodingSteps": 78,
    "PhaseResolution": 1,
    "PixelBandwidth": 2915,
    "ProcedureStepDescription": "FMRI",
    "ProtocolName": "cmrr_mbep2d_bold_2p5mm_MB8_verschachtelt",
    "PulseSequenceDetails": "%CustomerSeq%_cmrr_mbep2d_bold",
    "ReceiveCoilActiveElements": "HC1-7",
    "ReceiveCoilName": "HeadNeck_64",
    "ReconMatrixPE": 78,
    "RepetitionTime": 0.484,
    "SAR": 0.222739,
    "ScanOptions": "FS",
    "ScanningSequence": "EP",
    "SequenceName": "epfid2d1_78",
    "SequenceVariant": "SK_SS",
    "SeriesDescription": "cmrr_mbep2d_bold_2p5mm_MB8_verschachtelt",
    "SeriesNumber": 6,
    "ShimSetting": [
      -366,
      5491,
      1289,
      624,
      -1,
      -272,
      -104,
      112
    ],
    "SliceThickness": 2.5,
    "SliceTiming": [
      0,
      0.265,
      0.065,
      0.33,
      0.1325,
      0.3975,
      0.1975,
      0,
      0.265,
      0.065,
      0.33,
      0.1325,
      0.3975,
      0.1975,
      0,
      0.265,
      0.065,
      0.33,
      0.1325,
      0.3975,
      0.1975,
      0,
      0.265,
      0.065,
      0.33,
      0.1325,
      0.3975,
      0.1975,
      0,
      0.265,
      0.065,
      0.33,
      0.1325,
      0.3975,
      0.1975,
      0,
      0.265,
      0.065,
      0.33,
      0.1325,
      0.3975,
      0.1975,
      0,
      0.265,
      0.065,
      0.33,
      0.1325,
      0.3975,
      0.1975,
      0,
      0.265,
      0.065,
      0.33,
      0.1325,
      0.3975,
      0.1975
    ],
    "SoftwareVersions": "syngo_MR_E11",
    "SpacingBetweenSlices": 2.5,
    "StationName": "AWP67036",
    "TaskName": "rest",
    "TotalReadoutTime": 0.0392704,
    "TxRefAmp": 236.949,
    "WipMemBlock": "b2dbf197-a32e-4184-88e3-61d191c4a398||Sequence: R016 ve11b/master r/2c26778; Dec 19 2017 13:23:05 by eja",
    "dataset": "ds003357",
    "modality": "bold",
    "session_id": "02",
    "subject_id": "17",
    "task_id": "rest"
  },
  "dummy_trs": 0,
  "dvars_nstd": 61.09631760886298,
  "dvars_std": 1.1658026206164938,
  "dvars_vstd": 0.999829036973579,
  "efc": 0.6252631601705995,
  "fber": 189.72206115722656,
  "fd_mean": 0.11361570694675971,
  "fd_num": 183,
  "fd_perc": 14.64,
  "fwhm_avg": 3.0558333333333336,
  "fwhm_x": 2.84348,
  "fwhm_y": 3.098116,
  "fwhm_z": 3.225904,
  "gcor": 0.0139655,
  "gsr_x": -0.0011014541378244758,
  "gsr_y": 0.10687480121850967,
  "provenance": {
    "md5sum": "4671828cdb8ad682babdc0ca2c57a0a4",
    "settings": {
      "fd_thres": 0.2,
      "testing": false
    },
    "software": "mriqc",
    "version": "22.0.6",
    "webapi_port": null,
    "webapi_url": "https://mriqc.nimh.nih.gov/api/v1"
  },
  "size_t": 1250,
  "size_x": 78,
  "size_y": 78,
  "size_z": 56,
  "snr": 2.6471030612971864,
  "spacing_tr": 0.48399999737739563,
  "spacing_x": 2.5,
  "spacing_y": 2.5,
  "spacing_z": 2.5,
  "summary_bg_k": 14.262002445509843,
  "summary_bg_mad": 52.58849069078827,
  "summary_bg_mean": 192.04673767089844,
  "summary_bg_median": 80.10240173339844,
  "summary_bg_n": 194035.0,
  "summary_bg_p05": 37.32455825805664,
  "summary_bg_p95": 749.8397521972649,
  "summary_bg_stdv": 273.2970275878906,
  "summary_fg_k": 0.03705754438669384,
  "summary_fg_mad": 471.47456377171034,
  "summary_fg_mean": 1245.1546630859375,
  "summary_fg_median": 1190.6488037109375,
  "summary_fg_n": 74677.0,
  "summary_fg_p05": 619.3886352539063,
  "summary_fg_p95": 2053.9276855468747,
  "summary_fg_stdv": 449.7901306152344,
  "tsnr": 26.016785779269412
}