{
  "bids_meta": {
    "AcquisitionMatrixPE": 256,
    "AcquisitionNumber": 1,
    "AcquisitionTime": "16:54:44.040000",
    "BaseResolution": 256,
    "BodyPartExamined": "SKULL",
    "CoilString": "HC1-7;NC1_2",
    "ConsistencyInfo": "N4_VE11B_LATEST_20150530",
    "ConversionSoftware": "dcm2niix",
    "ConversionSoftwareVersion": "v1.0.20190902",
    "DeviceSerialNumber": "67036",
    "DwellTime": 8.5e-06,
    "EchoTime": 0.00207,
    "FlipAngle": 9,
    "ImageOrientationPatientDICOM": [
      0.0350953,
      0.997725,
      0.057563,
      -0.00373615,
      0.0577291,
      -0.998325
    ],
    "ImageType": [
      "ORIGINAL",
      "PRIMARY",
      "M",
      "ND",
      "NORM"
    ],
    "ImagingFrequency": 123.262,
    "InPlanePhaseEncodingDirectionDICOM": "ROW",
    "InstitutionAddress": "Philosophenweg_3_Jena_Thueringen_DE_07743",
    "InstitutionName": "PFL",
    "InstitutionalDepartmentName": "Department",
    "InversionTime": 0.9,
    "MRAcquisitionType": "3D",
    "MagneticFieldStrength": 3,
    "Manufacturer": "Siemens",
    "ManufacturersModelName": "Prisma_fit",
    "Modality": "MR",
    "ParallelReductionFactorInPlane": 2,
    "PartialFourier": 1,
    "PatientPosition": "HFS",
    "PercentPhaseFOV": 100,
    "PhaseEncodingSteps": 255,
    "PhaseResolution": 1,
    "PixelBandwidth": 230,
    "ProcedureStepDescription": "FMRI",
    "ProtocolName": "MPRAGE_Jena_BW230_64channel",
    "PulseSequenceDetails": "%SiemensSeq%_tfl",
    "ReceiveCoilActiveElements": "HC1-7;NC1,2",
    "ReceiveCoilName": "HeadNeck_64",
    "ReconMatrixPE": 256,
    "RefLinesPE": 24,
    "RepetitionTime": 2.3,
    "SAR": 0.0482076,
    "ScanOptions": "IR",
    "ScanningSequence": "GR_IR",
    "SequenceName": "_tfl3d1_16ns",
    "SequenceVariant": "SK_SP_MP",
    "SeriesDescription": "MPRAGE_Jena_BW230_64channel",
    "SeriesNumber": 5,
    "ShimSetting": [
      -404,
      5616,
      1297,
      273,
      -79,
      -425,
      147,
      -6
    ],
    "SliceThickness": 1,
    "SoftwareVersions": "syngo_MR_E11",
    "StationName": "AWP67036",
    "TxRefAmp": 251.701,
    "dataset": "ds003357",
    "modality": "T1w",
    "session_id": "01",
    "subject_id": "30"
  },
  "cjv": 0.30599102207484297,
  "cnr": 4.3948343498687565,
  "efc": 0.5123305695166754,
  "fber": -1.0,
  "fwhm_avg": 4.701717260279575,
  "fwhm_x": 4.381931492072681,
  "fwhm_y": 4.844690288766044,
  "fwhm_z": 4.87853,
  "icvs_csf": 0.24108699056104604,
  "icvs_gm": 0.42088094334443765,
  "icvs_wm": 0.3380320660945163,
  "inu_med": 0.5190145373344421,
  "inu_range": 0.18659569323062897,
  "provenance": {
    "md5sum": "8e239181b205f59bfdfe90aba2086338",
    "settings": {
      "testing": false
    },
    "software": "mriqc",
    "version": "22.0.6",
    "warnings": {
      "large_rot_frame": true,
      "small_air_mask": false
    },
    "webapi_port": null,
    "webapi_url": "https://mriqc.nimh.nih.gov/api/v1"
  },
  "qi_1": 0.00020597052877062766,
  "qi_2": 0.021971789468500424,
  "rpve_csf": 20.822245993588407,
  "rpve_gm": 12.081748343182747,
  "rpve_wm": 17.697157157242216,
  "size_x": 192,
  "size_y": 256,
  "size_z": 256,
  "snr_csf": 2.0259652891986004,
  "snr_gm": 10.81936135554542,
  "snr_total": 12.50391972406379,
  "snr_wm": 24.666432527447352,
  "snrd_csf": 23.628688835091776,
  "snrd_gm": 80.40599424945661,
  "snrd_total": 74.51149837589564,
  "snrd_wm": 119.4998120431385,
  "spacing_x": 0.9999973773956299,
  "spacing_y": 0.9999999403953552,
  "spacing_z": 1.0,
  "summary_bg_k": 6.515993379115832,
  "summary_bg_mad": 0.0,
  "summary_bg_mean": 2.769782321618617,
  "summary_bg_median": 0.0,
  "summary_bg_n": 2744176.0,
  "summary_bg_p05": 0.0,
  "summary_bg_p95": 12.358776055276394,
  "summary_bg_stdv": 5.482612503651283,
  "summary_csf_k": 0.8465307635229871,
  "summary_csf_mad": 91.53710386423876,
  "summary_csf_mean": 210.3371570719632,
  "summary_csf_median": 197.7404168844223,
  "summary_csf_n": 64118.0,
  "summary_csf_p05": 76.32737658172846,
  "summary_csf_p95": 398.3610120512539,
  "summary_csf_stdv": 97.60230144549574,
  "summary_gm_k": 0.05634889492451922,
  "summary_gm_mad": 61.33929640387134,
  "summary_gm_mean": 671.3237224022063,
  "summary_gm_median": 672.8902705460787,
  "summary_gm_n": 45603.0,
  "summary_gm_p05": 566.7533139511943,
  "summary_gm_p95": 771.7604789882898,
  "summary_gm_stdv": 62.192477974990034,
  "summary_wm_k": 0.4571821558113669,
  "summary_wm_mad": 38.76958093219047,
  "summary_wm_mean": 1000.0780276422984,
  "summary_wm_median": 1000.053063288331,
  "summary_wm_n": 228132.0,
  "summary_wm_p05": 933.5384488105774,
  "summary_wm_p95": 1066.249426022172,
  "summary_wm_stdv": 40.54298773619827,
  "tpm_overlap_csf": 0.17711564973557548,
  "tpm_overlap_gm": 0.4701273340508708,
  "tpm_overlap_wm": 0.5176234459865323,
  "wm2max": 0.3760346237459862
}