{
  "bids_meta": {
    "AcquisitionMatrixPE": 256,
    "AcquisitionNumber": 1,
    "AcquisitionTime": "20:08:14.815000",
    "BaseResolution": 256,
    "BodyPartExamined": "HEAD",
    "CoilString": "HC1-7;NC1_2",
    "ConsistencyInfo": "N4_VE11B_LATEST_20150530",
    "ConversionSoftware": "dcm2niix",
    "ConversionSoftwareVersion": "v1.0.20190902",
    "DeviceSerialNumber": "67036",
    "DwellTime": 8.5e-06,
    "EchoTime": 0.00207,
    "FlipAngle": 9,
    "ImageOrientationPatientDICOM": [
      0.0516696,
      0.995552,
      -0.0787785,
      0.0229006,
      -0.0800443,
      -0.996528
    ],
    "ImageType": [
      "ORIGINAL",
      "PRIMARY",
      "M",
      "ND",
      "NORM"
    ],
    "ImagingFrequency": 123.262,
    "InPlanePhaseEncodingDirectionDICOM": "ROW",
    "InstitutionAddress": "Philosophenweg_3_Jena_Thueringen_DE_07743",
    "InstitutionName": "FSU_Jena",
    "InstitutionalDepartmentName": "Department",
    "InversionTime": 0.9,
    "MRAcquisitionType": "3D",
    "MagneticFieldStrength": 3,
    "Manufacturer": "Siemens",
    "ManufacturersModelName": "Prisma_fit",
    "Modality": "MR",
    "ParallelReductionFactorInPlane": 2,
    "PartialFourier": 1,
    "PatientPosition": "HFS",
    "PercentPhaseFOV": 100,
    "PhaseEncodingSteps": 255,
    "PhaseResolution": 1,
    "PixelBandwidth": 230,
    "ProcedureStepDescription": "FMRI",
    "ProtocolName": "MPRAGE_Jena_BW230_64channel",
    "PulseSequenceDetails": "%SiemensSeq%_tfl",
    "ReceiveCoilActiveElements": "HC1-7;NC1,2",
    "ReceiveCoilName": "HeadNeck_64",
    "ReconMatrixPE": 256,
    "RefLinesPE": 24,
    "RepetitionTime": 2.3,
    "SAR": 0.0463067,
    "ScanOptions": "IR",
    "ScanningSequence": "GR_IR",
    "SequenceName": "_tfl3d1_16ns",
    "SequenceVariant": "SK_SP_MP",
    "SeriesDescription": "MPRAGE_Jena_BW230_64channel",
    "SeriesNumber": 6,
    "ShimSetting": [
      -412,
      5603,
      1321,
      54,
      -84,
      -426,
      102,
      39
    ],
    "SliceThickness": 1,
    "SoftwareVersions": "syngo_MR_E11",
    "StationName": "AWP67036",
    "TxRefAmp": 216.088,
    "dataset": "ds003357",
    "modality": "T1w",
    "session_id": "01",
    "subject_id": "14"
  },
  "cjv": 0.31398993014126836,
  "cnr": 4.29007828720371,
  "efc": 0.4691631610531793,
  "fber": 5756.807179084652,
  "fwhm_avg": 4.550592008944347,
  "fwhm_x": 4.26802602683304,
  "fwhm_y": 4.57806,
  "fwhm_z": 4.80569,
  "icvs_csf": 0.2522764083443115,
  "icvs_gm": 0.4319583810337605,
  "icvs_wm": 0.315765210621928,
  "inu_med": 0.6337589621543884,
  "inu_range": 0.24193101972341535,
  "provenance": {
    "md5sum": "52f350d93356df410e758b49408465c3",
    "settings": {
      "testing": false
    },
    "software": "mriqc",
    "version": "22.0.6",
    "warnings": {
      "large_rot_frame": true,
      "small_air_mask": false
    },
    "webapi_port": null,
    "webapi_url": "https://mriqc.nimh.nih.gov/api/v1"
  },
  "qi_1": 0.0,
  "qi_2": 0.01086151041196724,
  "rpve_csf": 26.24038336432202,
  "rpve_gm": 15.249392112553029,
  "rpve_wm": 23.36722020770399,
  "size_x": 192,
  "size_y": 256,
  "size_z": 256,
  "snr_csf": 2.0911707862317517,
  "snr_gm": 10.848215726106796,
  "snr_total": 10.935722212255703,
  "snr_wm": 19.86778012442856,
  "snrd_csf": 11.041647794824584,
  "snrd_gm": 36.80910723253823,
  "snrd_total": 34.61595892268969,
  "snrd_wm": 55.99712174070627,
  "spacing_x": 0.9999962449073792,
  "spacing_y": 1.0,
  "spacing_z": 1.0,
  "summary_bg_k": 21.814233695938153,
  "summary_bg_mad": 11.69946583199996,
  "summary_bg_mean": 8.623912368440958,
  "summary_bg_median": 7.891169786453247,
  "summary_bg_n": 3591620.0,
  "summary_bg_p05": 0.0,
  "summary_bg_p95": 32.43609666824341,
  "summary_bg_stdv": 13.219419099566508,
  "summary_csf_k": 0.5227141554973391,
  "summary_csf_mad": 91.6577783279997,
  "summary_csf_mean": 208.19921233816174,
  "summary_csf_median": 197.18242049217224,
  "summary_csf_n": 58005.0,
  "summary_csf_p05": 77.94345617294312,
  "summary_csf_p95": 385.5441591739652,
  "summary_csf_stdv": 94.29202152265897,
  "summary_gm_k": -0.03539062564454376,
  "summary_gm_mad": 60.7223809439998,
  "summary_gm_mean": 656.1107585547788,
  "summary_gm_median": 657.3392844200134,
  "summary_gm_n": 32872.0,
  "summary_gm_p05": 554.7540771961212,
  "summary_gm_p95": 753.8729810714722,
  "summary_gm_stdv": 60.59330884193332,
  "summary_wm_k": 0.6253984553248326,
  "summary_wm_mad": 46.869639191999845,
  "summary_wm_mean": 1000.8017587378785,
  "summary_wm_median": 1000.0000190734863,
  "summary_wm_n": 145684.0,
  "summary_wm_p05": 919.4907224178314,
  "summary_wm_p95": 1084.527518749237,
  "summary_wm_stdv": 50.33257770716389,
  "tpm_overlap_csf": 0.15523627247007107,
  "tpm_overlap_gm": 0.4714122599018095,
  "tpm_overlap_wm": 0.49390185735040654,
  "wm2max": 0.3929087727307312
}