{
  "bids_meta": {
    "AcquisitionMatrixPE": 256,
    "AcquisitionNumber": 1,
    "AcquisitionTime": "09:56:33.460000",
    "BaseResolution": 256,
    "BodyPartExamined": "HEAD",
    "CoilString": "HC1-7;NC1_2",
    "ConsistencyInfo": "N4_VE11B_LATEST_20150530",
    "ConversionSoftware": "dcm2niix",
    "ConversionSoftwareVersion": "v1.0.20190902",
    "DeviceSerialNumber": "67036",
    "DwellTime": 8.5e-06,
    "EchoTime": 0.00207,
    "FlipAngle": 9,
    "ImageOrientationPatientDICOM": [
      0.0702752,
      0.987332,
      -0.142255,
      0.0434196,
      -0.1455,
      -0.988405
    ],
    "ImageType": [
      "ORIGINAL",
      "PRIMARY",
      "M",
      "ND",
      "NORM"
    ],
    "ImagingFrequency": 123.255,
    "InPlanePhaseEncodingDirectionDICOM": "ROW",
    "InstitutionAddress": "Philosophenweg_3_Jena_Thueringen_DE_07743",
    "InstitutionalDepartmentName": "Department",
    "InversionTime": 0.9,
    "MRAcquisitionType": "3D",
    "MagneticFieldStrength": 3,
    "Manufacturer": "Siemens",
    "ManufacturersModelName": "Prisma_fit",
    "Modality": "MR",
    "ParallelReductionFactorInPlane": 2,
    "PartialFourier": 1,
    "PatientPosition": "HFS",
    "PercentPhaseFOV": 100,
    "PhaseEncodingSteps": 255,
    "PhaseResolution": 1,
    "PixelBandwidth": 230,
    "ProcedureStepDescription": "FMRI",
    "ProtocolName": "MPRAGE_Jena_BW230_64channel",
    "PulseSequenceDetails": "%SiemensSeq%_tfl",
    "ReceiveCoilActiveElements": "HC1-7;NC1,2",
    "ReceiveCoilName": "HeadNeck_64",
    "ReconMatrixPE": 256,
    "RefLinesPE": 24,
    "RepetitionTime": 2.3,
    "SAR": 0.0492264,
    "ScanOptions": "IR",
    "ScanningSequence": "GR_IR",
    "SequenceName": "_tfl3d1_16ns",
    "SequenceVariant": "SK_SP_MP",
    "SeriesDescription": "MPRAGE_Jena_BW230_64channel",
    "SeriesNumber": 5,
    "ShimSetting": [
      -358,
      5495,
      1234,
      139,
      -75,
      -662,
      24,
      101
    ],
    "SliceThickness": 1,
    "SoftwareVersions": "syngo_MR_E11",
    "StationName": "AWP67036",
    "TxRefAmp": 253.924,
    "dataset": "ds003357",
    "modality": "T1w",
    "session_id": "02",
    "subject_id": "21"
  },
  "cjv": 0.3001433438591228,
  "cnr": 4.501056603822716,
  "efc": 0.4901721402421478,
  "fber": -1.0,
  "fwhm_avg": 4.554183677086118,
  "fwhm_x": 4.325411031258352,
  "fwhm_y": 4.57108,
  "fwhm_z": 4.76606,
  "icvs_csf": 0.2311974385743749,
  "icvs_gm": 0.4413339643442274,
  "icvs_wm": 0.32746859708139775,
  "inu_med": 0.4729495644569397,
  "inu_range": 0.16058732271194454,
  "provenance": {
    "md5sum": "6295ddb0c933934c0366b738a7848ff5",
    "settings": {
      "testing": false
    },
    "software": "mriqc",
    "version": "22.0.6",
    "warnings": {
      "large_rot_frame": true,
      "small_air_mask": false
    },
    "webapi_port": null,
    "webapi_url": "https://mriqc.nimh.nih.gov/api/v1"
  },
  "qi_1": 2.6191203267050402e-05,
  "qi_2": 0.0075227401400797455,
  "rpve_csf": 23.876704970149284,
  "rpve_gm": 12.982669118893234,
  "rpve_wm": 20.08602829427849,
  "size_x": 192,
  "size_y": 256,
  "size_z": 256,
  "snr_csf": 2.4059918962439544,
  "snr_gm": 12.425076158121314,
  "snr_total": 13.550903660349002,
  "snr_wm": 25.82164292668174,
  "snrd_csf": 9.558833767289629,
  "snrd_gm": 27.441740358451806,
  "snrd_total": 25.643590391422375,
  "snrd_wm": 39.930197048525685,
  "spacing_x": 0.9999997615814209,
  "spacing_y": 1.0,
  "spacing_z": 1.0,
  "summary_bg_k": 1907.0626117183463,
  "summary_bg_mad": 0.0,
  "summary_bg_mean": 3.727201455739699,
  "summary_bg_median": 0.0,
  "summary_bg_n": 3238083.0,
  "summary_bg_p05": 0.0,
  "summary_bg_p95": 16.34332747757435,
  "summary_bg_stdv": 16.40704152126409,
  "summary_csf_k": 0.42596873242026145,
  "summary_csf_mad": 96.39965055781623,
  "summary_csf_mean": 246.34633641402073,
  "summary_csf_median": 239.38859528303146,
  "summary_csf_n": 40800.0,
  "summary_csf_p05": 100.05878908932209,
  "summary_csf_p95": 428.5714291781187,
  "summary_csf_stdv": 99.49562255591951,
  "summary_gm_k": -0.08566951070655371,
  "summary_gm_mad": 57.003048340697845,
  "summary_gm_mean": 686.9944218782497,
  "summary_gm_median": 687.2427993267775,
  "summary_gm_n": 40409.0,
  "summary_gm_p05": 596.5314529314637,
  "summary_gm_p95": 775.778954654932,
  "summary_gm_stdv": 55.310268278649446,
  "summary_wm_k": 0.41878036305073163,
  "summary_wm_mad": 36.868944110267876,
  "summary_wm_mean": 999.8317789082039,
  "summary_wm_median": 1000.0000014156103,
  "summary_wm_n": 183910.0,
  "summary_wm_p05": 935.9788373038173,
  "summary_wm_p95": 1062.9041755199432,
  "summary_wm_stdv": 38.7270974790489,
  "tpm_overlap_csf": 0.1427451279932184,
  "tpm_overlap_gm": 0.4721439809290089,
  "tpm_overlap_wm": 0.49447556222326433,
  "wm2max": 0.35387367895481403
}