{
  "aor": 0.0002030105263157895,
  "aqi": 0.009296528794736842,
  "bids_meta": {
    "AcquisitionMatrixPE": 78,
    "AcquisitionNumber": 1,
    "AcquisitionTime": "11:01:35.430000",
    "BandwidthPerPixelPhaseEncode": 25.138,
    "BaseResolution": 78,
    "BodyPartExamined": "HEAD",
    "ConsistencyInfo": "N4_VE11B_LATEST_20150530",
    "ConversionSoftware": "dcm2niix",
    "ConversionSoftwareVersion": "v1.0.20190902",
    "DerivedVendorReportedEchoSpacing": 0.000510005,
    "DeviceSerialNumber": "67036",
    "DwellTime": 2.2e-06,
    "EchoTime": 0.03,
    "EchoTrainLength": 78,
    "EffectiveEchoSpacing": 0.000510005,
    "FlipAngle": 90,
    "ImageComments": "Unaliased_MB8_PE3_LB",
    "ImageOrientationPatientDICOM": [
      0.999654,
      -0.0262986,
      0.000211963,
      0.0260023,
      0.987117,
      -0.157872
    ],
    "ImageType": [
      "ORIGINAL",
      "PRIMARY",
      "M",
      "MB",
      "ND",
      "MOSAIC"
    ],
    "ImagingFrequency": 123.262,
    "InPlanePhaseEncodingDirectionDICOM": "COL",
    "InstitutionAddress": "Philosophenweg_3_Jena_Thueringen_DE_07743",
    "InstitutionName": "FSU_Jena",
    "InstitutionalDepartmentName": "Department",
    "MRAcquisitionType": "2D",
    "MagneticFieldStrength": 3,
    "Manufacturer": "Siemens",
    "ManufacturersModelName": "Prisma_fit",
    "Modality": "MR",
    "MultibandAccelerationFactor": 8,
    "PartialFourier": 1,
    "PatientPosition": "HFS",
    "PercentPhaseFOV": 100,
    "PhaseEncodingDirection": "j-",
    "PhaseEncodingSteps": 78,
    "PhaseResolution": 1,
    "PixelBandwidth": 2915,
    "ProcedureStepDescription": "FMRI",
    "ProtocolName": "cmrr_mbep2d_bold_2p5mm_MB8_verschachtelt",
    "PulseSequenceDetails": "%CustomerSeq%_cmrr_mbep2d_bold",
    "ReceiveCoilActiveElements": "HC1-7",
    "ReceiveCoilName": "HeadNeck_64",
    "ReconMatrixPE": 78,
    "RepetitionTime": 0.484,
    "SAR": 0.170255,
    "ScanOptions": "FS",
    "ScanningSequence": "EP",
    "SequenceName": "epfid2d1_78",
    "SequenceVariant": "SK_SS",
    "SeriesDescription": "cmrr_mbep2d_bold_2p5mm_MB8_verschachtelt",
    "SeriesNumber": 6,
    "ShimSetting": [
      -428,
      5655,
      1331,
      533,
      23,
      -95,
      -49,
      22
    ],
    "SliceThickness": 2.5,
    "SliceTiming": [
      0,
      0.265,
      0.065,
      0.33,
      0.1325,
      0.3975,
      0.1975,
      0,
      0.265,
      0.065,
      0.33,
      0.1325,
      0.3975,
      0.1975,
      0,
      0.265,
      0.065,
      0.33,
      0.1325,
      0.3975,
      0.1975,
      0,
      0.265,
      0.065,
      0.33,
      0.1325,
      0.3975,
      0.1975,
      0,
      0.265,
      0.065,
      0.33,
      0.1325,
      0.3975,
      0.1975,
      0,
      0.265,
      0.065,
      0.33,
      0.1325,
      0.3975,
      0.1975,
      0,
      0.265,
      0.065,
      0.33,
      0.1325,
      0.3975,
      0.1975,
      0,
      0.265,
      0.065,
      0.33,
      0.1325,
      0.3975,
      0.1975
    ],
    "SoftwareVersions": "syngo_MR_E11",
    "SpacingBetweenSlices": 2.5,
    "StationName": "AWP67036",
    "TaskName": "rest",
    "TotalReadoutTime": 0.0392704,
    "TxRefAmp": 239.334,
    "WipMemBlock": "97306f2d-45e6-40a1-bff2-2e34f1db6606||Sequence: R016 ve11b/master r/b698769; Nov 21 2017 11:07:30 by eja",
    "dataset": "ds003357",
    "modality": "bold",
    "session_id": "02",
    "subject_id": "31",
    "task_id": "rest"
  },
  "dummy_trs": 0,
  "dvars_nstd": 59.02805029669828,
  "dvars_std": 1.1351960355502886,
  "dvars_vstd": 0.9911515090258016,
  "efc": 0.6288472553282557,
  "fber": 195.44876098632812,
  "fd_mean": 0.08315338217844247,
  "fd_num": 56,
  "fd_perc": 2.9473684210526314,
  "fwhm_avg": 3.02272,
  "fwhm_x": 2.778448,
  "fwhm_y": 3.119736,
  "fwhm_z": 3.169976,
  "gcor": 0.0138857,
  "gsr_x": -0.021056506782770157,
  "gsr_y": 0.10493555665016174,
  "provenance": {
    "md5sum": "945e3fbab24f05b2cb9533293b55cb94",
    "settings": {
      "fd_thres": 0.2,
      "testing": false
    },
    "software": "mriqc",
    "version": "22.0.6",
    "webapi_port": null,
    "webapi_url": "https://mriqc.nimh.nih.gov/api/v1"
  },
  "size_t": 1900,
  "size_x": 78,
  "size_y": 78,
  "size_z": 56,
  "snr": 2.455300314482658,
  "spacing_tr": 0.48399999737739563,
  "spacing_x": 2.5,
  "spacing_y": 2.5,
  "spacing_z": 2.5,
  "summary_bg_k": 12.852920924952564,
  "summary_bg_mad": 44.76912474444934,
  "summary_bg_mean": 166.3249053955078,
  "summary_bg_median": 74.44683837890625,
  "summary_bg_n": 180005.0,
  "summary_bg_p05": 37.15473556518555,
  "summary_bg_p95": 645.2241577148436,
  "summary_bg_stdv": 228.51255798339844,
  "summary_fg_k": 0.4040427780813922,
  "summary_fg_mad": 471.16318472911524,
  "summary_fg_mean": 1234.839599609375,
  "summary_fg_median": 1161.2978515625,
  "summary_fg_n": 80751.0,
  "summary_fg_p05": 606.0468139648438,
  "summary_fg_p95": 2115.343017578125,
  "summary_fg_stdv": 472.97296142578125,
  "tsnr": 24.81944616162218
}