{
  "aor": 0.0008862052631578948,
  "aqi": 0.01550610524736842,
  "bids_meta": {
    "AcquisitionMatrixPE": 78,
    "AcquisitionNumber": 1,
    "AcquisitionTime": "13:54:39.410000",
    "BandwidthPerPixelPhaseEncode": 25.138,
    "BaseResolution": 78,
    "BodyPartExamined": "HEAD",
    "ConsistencyInfo": "N4_VE11B_LATEST_20150530",
    "ConversionSoftware": "dcm2niix",
    "ConversionSoftwareVersion": "v1.0.20190902",
    "DerivedVendorReportedEchoSpacing": 0.000510005,
    "DeviceSerialNumber": "67036",
    "DwellTime": 2.2e-06,
    "EchoTime": 0.03,
    "EchoTrainLength": 78,
    "EffectiveEchoSpacing": 0.000510005,
    "FlipAngle": 90,
    "ImageComments": "Unaliased_MB8_PE3_LB",
    "ImageOrientationPatientDICOM": [
      0.999741,
      0.0201623,
      0.0105837,
      -0.0151816,
      0.936573,
      -0.350144
    ],
    "ImageType": [
      "ORIGINAL",
      "PRIMARY",
      "M",
      "MB",
      "ND",
      "MOSAIC"
    ],
    "ImagingFrequency": 123.262,
    "InPlanePhaseEncodingDirectionDICOM": "COL",
    "InstitutionAddress": "Philosophenweg_3_Jena_Thueringen_DE_07743",
    "InstitutionName": "FSU_Jena",
    "InstitutionalDepartmentName": "Department",
    "MRAcquisitionType": "2D",
    "MagneticFieldStrength": 3,
    "Manufacturer": "Siemens",
    "ManufacturersModelName": "Prisma_fit",
    "Modality": "MR",
    "MultibandAccelerationFactor": 8,
    "PartialFourier": 1,
    "PatientPosition": "HFS",
    "PercentPhaseFOV": 100,
    "PhaseEncodingDirection": "j-",
    "PhaseEncodingSteps": 78,
    "PhaseResolution": 1,
    "PixelBandwidth": 2915,
    "ProcedureStepDescription": "FMRI",
    "ProtocolName": "cmrr_mbep2d_bold_2p5mm_MB8_verschachtelt",
    "PulseSequenceDetails": "%CustomerSeq%_cmrr_mbep2d_bold",
    "ReceiveCoilActiveElements": "HC1-7",
    "ReceiveCoilName": "HeadNeck_64",
    "ReconMatrixPE": 78,
    "RepetitionTime": 0.484,
    "SAR": 0.197694,
    "ScanOptions": "FS",
    "ScanningSequence": "EP",
    "SequenceName": "epfid2d1_78",
    "SequenceVariant": "SK_SS",
    "SeriesDescription": "cmrr_mbep2d_bold_2p5mm_MB8_verschachtelt",
    "SeriesNumber": 7,
    "ShimSetting": [
      -427,
      5682,
      1302,
      642,
      -3,
      -240,
      36,
      40
    ],
    "SliceThickness": 2.5,
    "SliceTiming": [
      0,
      0.2675,
      0.0675,
      0.3325,
      0.135,
      0.4,
      0.2,
      0,
      0.2675,
      0.0675,
      0.3325,
      0.135,
      0.4,
      0.2,
      0,
      0.2675,
      0.0675,
      0.3325,
      0.135,
      0.4,
      0.2,
      0,
      0.2675,
      0.0675,
      0.3325,
      0.135,
      0.4,
      0.2,
      0,
      0.2675,
      0.0675,
      0.3325,
      0.135,
      0.4,
      0.2,
      0,
      0.2675,
      0.0675,
      0.3325,
      0.135,
      0.4,
      0.2,
      0,
      0.2675,
      0.0675,
      0.3325,
      0.135,
      0.4,
      0.2,
      0,
      0.2675,
      0.0675,
      0.3325,
      0.135,
      0.4,
      0.2
    ],
    "SoftwareVersions": "syngo_MR_E11",
    "SpacingBetweenSlices": 2.5,
    "StationName": "AWP67036",
    "TaskName": "rest",
    "TotalReadoutTime": 0.0392704,
    "TxRefAmp": 257.159,
    "WipMemBlock": "f44e8dd2-e99d-428f-acf7-e4abdcf8fb56||Sequence: R016 ve11b/master r/b698769; Nov 21 2017 11:07:30 by eja",
    "dataset": "ds003357",
    "modality": "bold",
    "session_id": "01",
    "subject_id": "26",
    "task_id": "rest"
  },
  "dummy_trs": 0,
  "dvars_nstd": 59.67420949423394,
  "dvars_std": 1.083805445992628,
  "dvars_vstd": 1.0719214573828335,
  "efc": 0.6336848217545197,
  "fber": 130.33433532714844,
  "fd_mean": 0.15797696335634498,
  "fd_num": 406,
  "fd_perc": 21.36842105263158,
  "fwhm_avg": 3.046025333333333,
  "fwhm_x": 2.714112,
  "fwhm_y": 3.105092,
  "fwhm_z": 3.3188720000000003,
  "gcor": 0.011214,
  "gsr_x": -0.006696098018437624,
  "gsr_y": 0.05547856166958809,
  "provenance": {
    "md5sum": "76b46f0299f5509a9bdf8828336667e0",
    "settings": {
      "fd_thres": 0.2,
      "testing": false
    },
    "software": "mriqc",
    "version": "22.0.6",
    "webapi_port": null,
    "webapi_url": "https://mriqc.nimh.nih.gov/api/v1"
  },
  "size_t": 1900,
  "size_x": 78,
  "size_y": 78,
  "size_z": 56,
  "snr": 2.480421531982181,
  "spacing_tr": 0.48399999737739563,
  "spacing_x": 2.5,
  "spacing_y": 2.5,
  "spacing_z": 2.5,
  "summary_bg_k": 12.529260538194912,
  "summary_bg_mad": 68.85750837691141,
  "summary_bg_mean": 154.03524780273438,
  "summary_bg_median": 90.0926284790039,
  "summary_bg_n": 181523.0,
  "summary_bg_p05": 33.51378860473633,
  "summary_bg_p95": 488.939453125,
  "summary_bg_stdv": 167.03396606445312,
  "summary_fg_k": 0.4209836558788269,
  "summary_fg_mad": 454.3732394515161,
  "summary_fg_mean": 1187.275146484375,
  "summary_fg_median": 1119.018310546875,
  "summary_fg_n": 83101.0,
  "summary_fg_p05": 585.4810180664062,
  "summary_fg_p95": 2021.146240234375,
  "summary_fg_stdv": 451.1376647949219,
  "tsnr": 21.04352115187794
}