{
  "aor": 7.101105845181675e-05,
  "aqi": 0.008856899447077411,
  "bids_meta": {
    "AcquisitionMatrixPE": 78,
    "AcquisitionNumber": 1,
    "AcquisitionTime": "18:58:43.992500",
    "BandwidthPerPixelPhaseEncode": 25.138,
    "BaseResolution": 78,
    "BodyPartExamined": "SKULL",
    "ConsistencyInfo": "N4_VE11B_LATEST_20150530",
    "ConversionSoftware": "dcm2niix",
    "ConversionSoftwareVersion": "v1.0.20190902",
    "DerivedVendorReportedEchoSpacing": 0.000510005,
    "DeviceSerialNumber": "67036",
    "DwellTime": 2.2e-06,
    "EchoTime": 0.03,
    "EchoTrainLength": 78,
    "EffectiveEchoSpacing": 0.000510005,
    "FlipAngle": 90,
    "ImageComments": "Unaliased_MB8_PE3_LB",
    "ImageOrientationPatientDICOM": [
      0.999619,
      -0.0218368,
      -0.0168652,
      0.0188446,
      0.986812,
      -0.16077
    ],
    "ImageType": [
      "ORIGINAL",
      "PRIMARY",
      "M",
      "MB",
      "ND",
      "MOSAIC"
    ],
    "ImagingFrequency": 123.262,
    "InPlanePhaseEncodingDirectionDICOM": "COL",
    "InstitutionAddress": "Philosophenweg_3_Jena_Thueringen_DE_07743",
    "InstitutionName": "PFL",
    "InstitutionalDepartmentName": "Department",
    "MRAcquisitionType": "2D",
    "MagneticFieldStrength": 3,
    "Manufacturer": "Siemens",
    "ManufacturersModelName": "Prisma_fit",
    "Modality": "MR",
    "MultibandAccelerationFactor": 8,
    "PartialFourier": 1,
    "PatientPosition": "HFS",
    "PercentPhaseFOV": 100,
    "PhaseEncodingDirection": "j-",
    "PhaseEncodingSteps": 78,
    "PhaseResolution": 1,
    "PixelBandwidth": 2915,
    "ProcedureStepDescription": "FMRI",
    "ProtocolName": "cmrr_mbep2d_bold_2p5mm_MB8_verschachtelt",
    "PulseSequenceDetails": "%CustomerSeq%_cmrr_mbep2d_bold",
    "ReceiveCoilActiveElements": "HC1-7",
    "ReceiveCoilName": "HeadNeck_64",
    "ReconMatrixPE": 78,
    "RepetitionTime": 0.484,
    "SAR": 0.158685,
    "ScanOptions": "FS",
    "ScanningSequence": "EP",
    "SequenceName": "epfid2d1_78",
    "SequenceVariant": "SK_SS",
    "SeriesDescription": "cmrr_mbep2d_bold_2p5mm_MB8_verschachtelt",
    "SeriesNumber": 6,
    "ShimSetting": [
      -434,
      5625,
      1411,
      559,
      -100,
      -217,
      22,
      52
    ],
    "SliceThickness": 2.5,
    "SliceTiming": [
      0,
      0.265,
      0.065,
      0.3325,
      0.1325,
      0.3975,
      0.2,
      0,
      0.265,
      0.065,
      0.3325,
      0.1325,
      0.3975,
      0.2,
      0,
      0.265,
      0.065,
      0.3325,
      0.1325,
      0.3975,
      0.2,
      0,
      0.265,
      0.065,
      0.3325,
      0.1325,
      0.3975,
      0.2,
      0,
      0.265,
      0.065,
      0.3325,
      0.1325,
      0.3975,
      0.2,
      0,
      0.265,
      0.065,
      0.3325,
      0.1325,
      0.3975,
      0.2,
      0,
      0.265,
      0.065,
      0.3325,
      0.1325,
      0.3975,
      0.2,
      0,
      0.265,
      0.065,
      0.3325,
      0.1325,
      0.3975,
      0.2
    ],
    "SoftwareVersions": "syngo_MR_E11",
    "SpacingBetweenSlices": 2.5,
    "StationName": "AWP67036",
    "TaskName": "rest",
    "TotalReadoutTime": 0.0392704,
    "TxRefAmp": 211.288,
    "WipMemBlock": "800086f5-dfd3-449d-9df5-ea0e81dcf55b||Sequence: R016 ve11b/master r/b698769; Nov 21 2017 11:07:30 by eja",
    "dataset": "ds003357",
    "modality": "bold",
    "session_id": "01",
    "subject_id": "01",
    "task_id": "rest"
  },
  "dummy_trs": 1,
  "dvars_nstd": 47.3098324653583,
  "dvars_std": 1.0341349651475225,
  "dvars_vstd": 0.970286551433087,
  "efc": 0.5441417082060261,
  "fber": 415.99200439453125,
  "fd_mean": 0.09094184832311646,
  "fd_num": 30,
  "fd_perc": 1.5797788309636651,
  "fwhm_avg": 3.4531399999999994,
  "fwhm_x": 3.289096,
  "fwhm_y": 3.6485999999999996,
  "fwhm_z": 3.4217239999999998,
  "gcor": 0.00723021,
  "gsr_x": -0.014329321682453156,
  "gsr_y": 0.05754639580845833,
  "provenance": {
    "md5sum": "e420ecf4570bf5ac2d6b811dbd8ad519",
    "settings": {
      "fd_thres": 0.2,
      "testing": false
    },
    "software": "mriqc",
    "version": "22.0.6",
    "webapi_port": null,
    "webapi_url": "https://mriqc.nimh.nih.gov/api/v1"
  },
  "size_t": 1899,
  "size_x": 78,
  "size_y": 78,
  "size_z": 56,
  "snr": 2.481680770846812,
  "spacing_tr": 0.48399999737739563,
  "spacing_x": 2.5,
  "spacing_y": 2.5,
  "spacing_z": 2.5,
  "summary_bg_k": 20.857908386078986,
  "summary_bg_mad": 34.19939662517687,
  "summary_bg_mean": 121.36736297607422,
  "summary_bg_median": 60.8270149230957,
  "summary_bg_n": 212658.0,
  "summary_bg_p05": 34.41706085205078,
  "summary_bg_p95": 438.86533966064445,
  "summary_bg_stdv": 160.1024932861328,
  "summary_fg_k": 0.6473721753183788,
  "summary_fg_mad": 535.7799917462231,
  "summary_fg_mean": 1409.96630859375,
  "summary_fg_median": 1333.5458984375,
  "summary_fg_n": 62274.0,
  "summary_fg_p05": 697.469873046875,
  "summary_fg_p95": 2410.229846191406,
  "summary_fg_stdv": 537.3516235351562,
  "tsnr": 26.488471079501323
}