{
  "bids_meta": {
    "AcquisitionMatrixPE": 256,
    "AcquisitionNumber": 1,
    "AcquisitionTime": "14:08:47.487500",
    "BaseResolution": 256,
    "BodyPartExamined": "HEAD",
    "CoilString": "HC1-7;NC1_2",
    "ConsistencyInfo": "N4_VE11B_LATEST_20150530",
    "ConversionSoftware": "dcm2niix",
    "ConversionSoftwareVersion": "v1.0.20190902",
    "DeviceSerialNumber": "67036",
    "DwellTime": 8.5e-06,
    "EchoTime": 0.00207,
    "FlipAngle": 9,
    "ImageOrientationPatientDICOM": [
      0.062132,
      0.988107,
      -0.14066,
      0.0227066,
      -0.142295,
      -0.989564
    ],
    "ImageType": [
      "ORIGINAL",
      "PRIMARY",
      "M",
      "ND",
      "NORM"
    ],
    "ImagingFrequency": 123.262,
    "InPlanePhaseEncodingDirectionDICOM": "ROW",
    "InstitutionAddress": "Philosophenweg_3_Jena_Thueringen_DE_07743",
    "InstitutionName": "FSU_Jena",
    "InstitutionalDepartmentName": "Department",
    "InversionTime": 0.9,
    "MRAcquisitionType": "3D",
    "MagneticFieldStrength": 3,
    "Manufacturer": "Siemens",
    "ManufacturersModelName": "Prisma_fit",
    "Modality": "MR",
    "ParallelReductionFactorInPlane": 2,
    "PartialFourier": 1,
    "PatientPosition": "HFS",
    "PercentPhaseFOV": 100,
    "PhaseEncodingSteps": 255,
    "PhaseResolution": 1,
    "PixelBandwidth": 230,
    "ProcedureStepDescription": "FMRI",
    "ProtocolName": "MPRAGE_Jena_BW230_64channel",
    "PulseSequenceDetails": "%SiemensSeq%_tfl",
    "ReceiveCoilActiveElements": "HC1-7;NC1,2",
    "ReceiveCoilName": "HeadNeck_64",
    "ReconMatrixPE": 256,
    "RefLinesPE": 24,
    "RepetitionTime": 2.3,
    "SAR": 0.0483808,
    "ScanOptions": "IR",
    "ScanningSequence": "GR_IR",
    "SequenceName": "_tfl3d1_16ns",
    "SequenceVariant": "SK_SP_MP",
    "SeriesDescription": "MPRAGE_Jena_BW230_64channel",
    "SeriesNumber": 5,
    "ShimSetting": [
      -411,
      5671,
      1321,
      133,
      -80,
      -543,
      250,
      4
    ],
    "SliceThickness": 1,
    "SoftwareVersions": "syngo_MR_E11",
    "StationName": "AWP67036",
    "TxRefAmp": 258.841,
    "dataset": "ds003357",
    "modality": "T1w",
    "session_id": "02",
    "subject_id": "32"
  },
  "cjv": 0.34158300371250305,
  "cnr": 4.088773328440203,
  "efc": 0.5021704965174812,
  "fber": -1.0,
  "fwhm_avg": 4.477589171321092,
  "fwhm_x": 4.1708775139632746,
  "fwhm_y": 4.64738,
  "fwhm_z": 4.61451,
  "icvs_csf": 0.25005635018378225,
  "icvs_gm": 0.4223945643993903,
  "icvs_wm": 0.3275490854168275,
  "inu_med": 0.5192196369171143,
  "inu_range": 0.16962549835443497,
  "provenance": {
    "md5sum": "d793210df796affc2260388238cdbf16",
    "settings": {
      "testing": false
    },
    "software": "mriqc",
    "version": "22.0.6",
    "warnings": {
      "large_rot_frame": true,
      "small_air_mask": false
    },
    "webapi_port": null,
    "webapi_url": "https://mriqc.nimh.nih.gov/api/v1"
  },
  "qi_1": 0.0,
  "qi_2": 0.004106072146976878,
  "rpve_csf": 21.678427996709374,
  "rpve_gm": 12.838941203253379,
  "rpve_wm": 18.949079871797593,
  "size_x": 192,
  "size_y": 256,
  "size_z": 256,
  "snr_csf": 2.379231535474896,
  "snr_gm": 11.59566911175713,
  "snr_total": 12.41042090090491,
  "snr_wm": 23.256362055482704,
  "snrd_csf": 17.54066545304065,
  "snrd_gm": 55.334734231929524,
  "snrd_total": 50.78620645274399,
  "snrd_wm": 79.48321967326181,
  "spacing_x": 1.0000005960464478,
  "spacing_y": 1.0,
  "spacing_z": 1.0,
  "summary_bg_k": 834.1076521084202,
  "summary_bg_mad": 0.0,
  "summary_bg_mean": 3.7496725190849896,
  "summary_bg_median": 0.0,
  "summary_bg_n": 3170877.0,
  "summary_bg_p05": 0.0,
  "summary_bg_p95": 16.098910942673683,
  "summary_bg_stdv": 8.242448800161768,
  "summary_csf_k": 1.0011673819832234,
  "summary_csf_mad": 86.11675813350867,
  "summary_csf_mean": 232.1636980400564,
  "summary_csf_median": 220.68387120217085,
  "summary_csf_n": 69394.0,
  "summary_csf_p05": 105.0936906337738,
  "summary_csf_p95": 406.7872816994786,
  "summary_csf_stdv": 92.75359620411558,
  "summary_gm_k": -0.13135005369094843,
  "summary_gm_mad": 62.0575308057435,
  "summary_gm_mean": 695.5554719695036,
  "summary_gm_median": 696.1813048049808,
  "summary_gm_n": 40321.0,
  "summary_gm_p05": 596.3680569604039,
  "summary_gm_p95": 792.1952096670866,
  "summary_gm_stdv": 60.03730056931293,
  "summary_wm_k": 0.3538638364561799,
  "summary_wm_mad": 41.721755326322935,
  "summary_wm_mean": 1000.5843991017304,
  "summary_wm_median": 999.9999521151185,
  "summary_wm_n": 188079.0,
  "summary_wm_p05": 931.3541958555579,
  "summary_wm_p95": 1071.7366992756724,
  "summary_wm_stdv": 42.998870213177284,
  "tpm_overlap_csf": 0.16426645377929755,
  "tpm_overlap_gm": 0.4517473792045682,
  "tpm_overlap_wm": 0.4954723287179106,
  "wm2max": 0.32267381457008687
}