{
  "bids_meta": {
    "AcquisitionMatrixPE": 256,
    "AcquisitionNumber": 1,
    "AcquisitionTime": "10:11:9.807500",
    "BaseResolution": 256,
    "BodyPartExamined": "HEAD",
    "CoilString": "HC1-7;NC1_2",
    "ConsistencyInfo": "N4_VE11B_LATEST_20150530",
    "ConversionSoftware": "dcm2niix",
    "ConversionSoftwareVersion": "v1.0.20190902",
    "DeviceSerialNumber": "67036",
    "DwellTime": 8.5e-06,
    "EchoTime": 0.00207,
    "FlipAngle": 9,
    "ImageOrientationPatientDICOM": [
      -0.0147716,
      0.965315,
      -0.260669,
      0.00976885,
      -0.260546,
      -0.965412
    ],
    "ImageType": [
      "ORIGINAL",
      "PRIMARY",
      "M",
      "ND",
      "NORM"
    ],
    "ImagingFrequency": 123.255,
    "InPlanePhaseEncodingDirectionDICOM": "ROW",
    "InstitutionAddress": "Philosophenweg_3_Jena_Thueringen_DE_07743",
    "InstitutionalDepartmentName": "Department",
    "InversionTime": 0.9,
    "MRAcquisitionType": "3D",
    "MagneticFieldStrength": 3,
    "Manufacturer": "Siemens",
    "ManufacturersModelName": "Prisma_fit",
    "Modality": "MR",
    "ParallelReductionFactorInPlane": 2,
    "PartialFourier": 1,
    "PatientPosition": "HFS",
    "PercentPhaseFOV": 100,
    "PhaseEncodingSteps": 255,
    "PhaseResolution": 1,
    "PixelBandwidth": 230,
    "ProcedureStepDescription": "FMRI",
    "ProtocolName": "MPRAGE_Jena_BW230_64channel",
    "PulseSequenceDetails": "%SiemensSeq%_tfl",
    "ReceiveCoilActiveElements": "HC1-7;NC1,2",
    "ReceiveCoilName": "HeadNeck_64",
    "ReconMatrixPE": 256,
    "RefLinesPE": 24,
    "RepetitionTime": 2.3,
    "SAR": 0.0463914,
    "ScanOptions": "IR",
    "ScanningSequence": "GR_IR",
    "SequenceName": "_tfl3d1_16ns",
    "SequenceVariant": "SK_SP_MP",
    "SeriesDescription": "MPRAGE_Jena_BW230_64channel",
    "SeriesNumber": 5,
    "ShimSetting": [
      -383,
      5537,
      1224,
      236,
      -13,
      -650,
      -2,
      58
    ],
    "SliceThickness": 1,
    "SoftwareVersions": "syngo_MR_E11",
    "StationName": "AWP67036",
    "TxRefAmp": 240.53,
    "dataset": "ds003357",
    "modality": "T1w",
    "session_id": "02",
    "subject_id": "15"
  },
  "cjv": 0.3112645541613971,
  "cnr": 4.4051129366590835,
  "efc": 0.4615998697244818,
  "fber": -1.0,
  "fwhm_avg": 4.35495150797361,
  "fwhm_x": 4.1226642523364205,
  "fwhm_y": 4.38576,
  "fwhm_z": 4.556430271584407,
  "icvs_csf": 0.21653774046567908,
  "icvs_gm": 0.4475808565694805,
  "icvs_wm": 0.3358814029648404,
  "inu_med": 0.4108821451663971,
  "inu_range": 0.1159196734428406,
  "provenance": {
    "md5sum": "fe006ffc4670e3871bf548331081a0ca",
    "settings": {
      "testing": false
    },
    "software": "mriqc",
    "version": "22.0.6",
    "warnings": {
      "large_rot_frame": true,
      "small_air_mask": false
    },
    "webapi_port": null,
    "webapi_url": "https://mriqc.nimh.nih.gov/api/v1"
  },
  "qi_1": 0.0,
  "qi_2": 0.012837847352508267,
  "rpve_csf": 28.310700408488593,
  "rpve_gm": 14.573327736944723,
  "rpve_wm": 22.147026592571216,
  "size_x": 192,
  "size_y": 256,
  "size_z": 256,
  "snr_csf": 2.5416404215197157,
  "snr_gm": 12.917001359526392,
  "snr_total": 13.468145507120278,
  "snr_wm": 24.94579474031473,
  "snrd_csf": 32.12649521801131,
  "snrd_gm": 85.63388353708245,
  "snrd_total": 79.93447500685558,
  "snrd_wm": 122.04304626547297,
  "spacing_x": 0.999996542930603,
  "spacing_y": 1.0,
  "spacing_z": 0.9999999403953552,
  "summary_bg_k": 9.778432610947421,
  "summary_bg_mad": 0.0,
  "summary_bg_mean": 2.4052588078458386,
  "summary_bg_median": 0.0,
  "summary_bg_n": 3572935.0,
  "summary_bg_p05": 0.0,
  "summary_bg_p95": 13.079540312290192,
  "summary_bg_stdv": 5.368076302450272,
  "summary_csf_k": 0.3294341651340482,
  "summary_csf_mad": 98.69299945533206,
  "summary_csf_mean": 276.3226485118425,
  "summary_csf_median": 263.23904100060463,
  "summary_csf_n": 27910.0,
  "summary_csf_p05": 125.58485454320908,
  "summary_csf_p95": 467.83282604813576,
  "summary_csf_stdv": 103.5686727651665,
  "summary_gm_k": -0.09203987029878347,
  "summary_gm_mad": 55.17979202774156,
  "summary_gm_mean": 701.0794011593989,
  "summary_gm_median": 701.6694857776165,
  "summary_gm_n": 35540.0,
  "summary_gm_p05": 611.2824185788631,
  "summary_gm_p95": 788.9754173621533,
  "summary_gm_stdv": 54.3206271047383,
  "summary_wm_k": 0.563471602501489,
  "summary_wm_mad": 37.67991512751495,
  "summary_wm_mean": 1001.5808575747142,
  "summary_wm_median": 999.9999763965607,
  "summary_wm_n": 164109.0,
  "summary_wm_p05": 938.5899395644665,
  "summary_wm_p95": 1069.9702001810074,
  "summary_wm_stdv": 40.08679378814871,
  "tpm_overlap_csf": 0.15603979680433258,
  "tpm_overlap_gm": 0.4911960408794395,
  "tpm_overlap_wm": 0.5202395670774979,
  "wm2max": 0.388928165528218
}