{
  "aor": 0.00010294736842105265,
  "aqi": 0.006936651884210526,
  "bids_meta": {
    "AcquisitionMatrixPE": 78,
    "AcquisitionNumber": 1,
    "AcquisitionTime": "11:35:7.507500",
    "BandwidthPerPixelPhaseEncode": 25.138,
    "BaseResolution": 78,
    "BodyPartExamined": "HEAD",
    "ConsistencyInfo": "N4_VE11B_LATEST_20150530",
    "ConversionSoftware": "dcm2niix",
    "ConversionSoftwareVersion": "v1.0.20190902",
    "DerivedVendorReportedEchoSpacing": 0.000510005,
    "DeviceSerialNumber": "67036",
    "DwellTime": 2.2e-06,
    "EchoTime": 0.03,
    "EchoTrainLength": 78,
    "EffectiveEchoSpacing": 0.000510005,
    "FlipAngle": 90,
    "ImageComments": "Unaliased_MB8_PE3_LB",
    "ImageOrientationPatientDICOM": [
      0.996537,
      0.0257893,
      0.0790505,
      -0.0154809,
      0.991609,
      -0.128343
    ],
    "ImageType": [
      "ORIGINAL",
      "PRIMARY",
      "M",
      "MB",
      "ND",
      "MOSAIC"
    ],
    "ImagingFrequency": 123.262,
    "InPlanePhaseEncodingDirectionDICOM": "COL",
    "InstitutionAddress": "Philosophenweg_3_Jena_Thueringen_DE_07743",
    "InstitutionName": "FSU_Jena",
    "InstitutionalDepartmentName": "Department",
    "MRAcquisitionType": "2D",
    "MagneticFieldStrength": 3,
    "Manufacturer": "Siemens",
    "ManufacturersModelName": "Prisma_fit",
    "Modality": "MR",
    "MultibandAccelerationFactor": 8,
    "PartialFourier": 1,
    "PatientPosition": "HFS",
    "PercentPhaseFOV": 100,
    "PhaseEncodingDirection": "j-",
    "PhaseEncodingSteps": 78,
    "PhaseResolution": 1,
    "PixelBandwidth": 2915,
    "ProcedureStepDescription": "FMRI",
    "ProtocolName": "cmrr_mbep2d_bold_2p5mm_MB8_verschachtelt",
    "PulseSequenceDetails": "%CustomerSeq%_cmrr_mbep2d_bold",
    "ReceiveCoilActiveElements": "HC1-7",
    "ReceiveCoilName": "HeadNeck_64",
    "ReconMatrixPE": 78,
    "RepetitionTime": 0.484,
    "SAR": 0.183705,
    "ScanOptions": "FS",
    "ScanningSequence": "EP",
    "SequenceName": "epfid2d1_78",
    "SequenceVariant": "SK_SS",
    "SeriesDescription": "cmrr_mbep2d_bold_2p5mm_MB8_verschachtelt",
    "SeriesNumber": 6,
    "ShimSetting": [
      -414,
      5610,
      1484,
      712,
      -85,
      -99,
      245,
      -5
    ],
    "SliceThickness": 2.5,
    "SliceTiming": [
      0,
      0.265,
      0.0675,
      0.3325,
      0.1325,
      0.3975,
      0.2,
      0,
      0.265,
      0.0675,
      0.3325,
      0.1325,
      0.3975,
      0.2,
      0,
      0.265,
      0.0675,
      0.3325,
      0.1325,
      0.3975,
      0.2,
      0,
      0.265,
      0.0675,
      0.3325,
      0.1325,
      0.3975,
      0.2,
      0,
      0.265,
      0.0675,
      0.3325,
      0.1325,
      0.3975,
      0.2,
      0,
      0.265,
      0.0675,
      0.3325,
      0.1325,
      0.3975,
      0.2,
      0,
      0.265,
      0.0675,
      0.3325,
      0.1325,
      0.3975,
      0.2,
      0,
      0.265,
      0.0675,
      0.3325,
      0.1325,
      0.3975,
      0.2
    ],
    "SoftwareVersions": "syngo_MR_E11",
    "SpacingBetweenSlices": 2.5,
    "StationName": "AWP67036",
    "TaskName": "rest",
    "TotalReadoutTime": 0.0392704,
    "TxRefAmp": 220.135,
    "WipMemBlock": "b0a326f7-1066-4d84-827b-9ce6d6563d7f||Sequence: ve11b/master r/93e61f0; Jul 21 2016 00:18:29 by eja",
    "dataset": "ds003357",
    "modality": "bold",
    "session_id": "01",
    "subject_id": "19",
    "task_id": "rest"
  },
  "dummy_trs": 0,
  "dvars_nstd": 48.173607961300654,
  "dvars_std": 1.0650730711005802,
  "dvars_vstd": 0.9875851626434968,
  "efc": 0.5617942912847367,
  "fber": 361.9812927246094,
  "fd_mean": 0.0927419318282516,
  "fd_num": 62,
  "fd_perc": 3.263157894736842,
  "fwhm_avg": 3.255013333333333,
  "fwhm_x": 3.091544,
  "fwhm_y": 3.428472,
  "fwhm_z": 3.245024,
  "gcor": 0.0163118,
  "gsr_x": -0.016957875341176987,
  "gsr_y": 0.06957324594259262,
  "provenance": {
    "md5sum": "b9f7aa24f5f15983cdea10f990057585",
    "settings": {
      "fd_thres": 0.2,
      "testing": false
    },
    "software": "mriqc",
    "version": "22.0.6",
    "webapi_port": null,
    "webapi_url": "https://mriqc.nimh.nih.gov/api/v1"
  },
  "size_t": 1900,
  "size_x": 78,
  "size_y": 78,
  "size_z": 56,
  "snr": 2.528780867228187,
  "spacing_tr": 0.48399999737739563,
  "spacing_x": 2.5,
  "spacing_y": 2.5,
  "spacing_z": 2.5,
  "summary_bg_k": 22.36951336820733,
  "summary_bg_mad": 37.24491735439769,
  "summary_bg_mean": 124.87992095947266,
  "summary_bg_median": 63.32868194580078,
  "summary_bg_n": 206464.0,
  "summary_bg_p05": 33.96173629760742,
  "summary_bg_p95": 445.1437271118161,
  "summary_bg_stdv": 162.47637939453125,
  "summary_fg_k": 0.36390270413022696,
  "summary_fg_mad": 522.540364793871,
  "summary_fg_mean": 1377.0546875,
  "summary_fg_median": 1299.6201171875,
  "summary_fg_n": 66280.0,
  "summary_fg_p05": 695.5707916259765,
  "summary_fg_p95": 2335.4502319335934,
  "summary_fg_stdv": 513.9276123046875,
  "tsnr": 28.552463552216068
}