{
  "bids_meta": {
    "AcquisitionMatrixPE": 256,
    "AcquisitionNumber": 1,
    "AcquisitionTime": "18:41:18.032500",
    "BaseResolution": 256,
    "BodyPartExamined": "HEAD",
    "CoilString": "HC1-7;NC1_2",
    "ConsistencyInfo": "N4_VE11B_LATEST_20150530",
    "ConversionSoftware": "dcm2niix",
    "ConversionSoftwareVersion": "v1.0.20190902",
    "DeviceSerialNumber": "67036",
    "DwellTime": 8.5e-06,
    "EchoTime": 0.00207,
    "FlipAngle": 9,
    "ImageOrientationPatientDICOM": [
      0.000941368,
      0.999289,
      -0.03769,
      -0.00271894,
      -0.0376873,
      -0.999286
    ],
    "ImageType": [
      "ORIGINAL",
      "PRIMARY",
      "M",
      "ND",
      "NORM"
    ],
    "ImagingFrequency": 123.262,
    "InPlanePhaseEncodingDirectionDICOM": "ROW",
    "InstitutionAddress": "Philosophenweg_3_Jena_Thueringen_DE_07743",
    "InstitutionName": "FSU_Jena",
    "InstitutionalDepartmentName": "Department",
    "InversionTime": 0.9,
    "MRAcquisitionType": "3D",
    "MagneticFieldStrength": 3,
    "Manufacturer": "Siemens",
    "ManufacturersModelName": "Prisma_fit",
    "Modality": "MR",
    "ParallelReductionFactorInPlane": 2,
    "PartialFourier": 1,
    "PatientPosition": "HFS",
    "PercentPhaseFOV": 100,
    "PhaseEncodingSteps": 255,
    "PhaseResolution": 1,
    "PixelBandwidth": 230,
    "ProcedureStepDescription": "FMRI",
    "ProtocolName": "MPRAGE_Jena_BW230_64channel",
    "PulseSequenceDetails": "%SiemensSeq%_tfl",
    "ReceiveCoilActiveElements": "HC1-7;NC1,2",
    "ReceiveCoilName": "HeadNeck_64",
    "ReconMatrixPE": 256,
    "RefLinesPE": 24,
    "RepetitionTime": 2.3,
    "SAR": 0.0478718,
    "ScanOptions": "IR",
    "ScanningSequence": "GR_IR",
    "SequenceName": "_tfl3d1_16ns",
    "SequenceVariant": "SK_SP_MP",
    "SeriesDescription": "MPRAGE_Jena_BW230_64channel",
    "SeriesNumber": 5,
    "ShimSetting": [
      -430,
      5644,
      1296,
      343,
      -35,
      -489,
      62,
      -18
    ],
    "SliceThickness": 1,
    "SoftwareVersions": "syngo_MR_E11",
    "StationName": "AWP67036",
    "TxRefAmp": 265.209,
    "dataset": "ds003357",
    "modality": "T1w",
    "session_id": "01",
    "subject_id": "09"
  },
  "cjv": 0.3492339201140892,
  "cnr": 3.9458693692618163,
  "efc": 0.5189187856640344,
  "fber": 10527.107799482907,
  "fwhm_avg": 4.6330618454853765,
  "fwhm_x": 4.337975255244974,
  "fwhm_y": 4.717940281211154,
  "fwhm_z": 4.84327,
  "icvs_csf": 0.2494528142722173,
  "icvs_gm": 0.40150983346192964,
  "icvs_wm": 0.34903735226585303,
  "inu_med": 0.46008655428886414,
  "inu_range": 0.1250852763652801,
  "provenance": {
    "md5sum": "bddca88fb09c09398073466c66047c6c",
    "settings": {
      "testing": false
    },
    "software": "mriqc",
    "version": "22.0.6",
    "warnings": {
      "large_rot_frame": true,
      "small_air_mask": false
    },
    "webapi_port": null,
    "webapi_url": "https://mriqc.nimh.nih.gov/api/v1"
  },
  "qi_1": 8.920831128348139e-06,
  "qi_2": 0.004744995070625319,
  "rpve_csf": 20.34782353468729,
  "rpve_gm": 12.363484148944345,
  "rpve_wm": 17.055440135846418,
  "size_x": 192,
  "size_y": 256,
  "size_z": 256,
  "snr_csf": 2.1967296667745995,
  "snr_gm": 10.70713011134257,
  "snr_total": 12.237668143640208,
  "snr_wm": 23.809144652803454,
  "snrd_csf": 12.160689386173301,
  "snrd_gm": 39.45303058490316,
  "snrd_total": 36.19847629054695,
  "snrd_wm": 56.981708900564385,
  "spacing_x": 0.9999964833259583,
  "spacing_y": 0.9999999403953552,
  "spacing_z": 1.0,
  "summary_bg_k": 1570.9590405364145,
  "summary_bg_mad": 0.0,
  "summary_bg_mean": 6.363605975081923,
  "summary_bg_median": 0.0,
  "summary_bg_n": 2904353.0,
  "summary_bg_p05": 0.0,
  "summary_bg_p95": 22.751511096954346,
  "summary_bg_stdv": 11.497310627693581,
  "summary_csf_k": 0.9714234872921761,
  "summary_csf_mad": 87.93013611334905,
  "summary_csf_mean": 225.12170811736905,
  "summary_csf_median": 213.41391398757696,
  "summary_csf_n": 69253.0,
  "summary_csf_p05": 91.48003420233727,
  "summary_csf_p95": 413.1887710623436,
  "summary_csf_stdv": 97.15003916136264,
  "summary_gm_k": -0.14738368116198508,
  "summary_gm_mad": 66.76014330284244,
  "summary_gm_mean": 690.951681403021,
  "summary_gm_median": 692.3806215599179,
  "summary_gm_n": 38036.0,
  "summary_gm_p05": 582.8741622241214,
  "summary_gm_p95": 794.5846753157675,
  "summary_gm_stdv": 64.66452846387948,
  "summary_wm_k": 0.349585523907471,
  "summary_wm_mad": 40.67098203844217,
  "summary_wm_mean": 1000.6826961141447,
  "summary_wm_median": 1000.0000111833215,
  "summary_wm_n": 245436.0,
  "summary_wm_p05": 933.0489498823881,
  "summary_wm_p95": 1070.209752459079,
  "summary_wm_stdv": 42.00058374934182,
  "tpm_overlap_csf": 0.15610119434721187,
  "tpm_overlap_gm": 0.4600949978436551,
  "tpm_overlap_wm": 0.5220008077123047,
  "wm2max": 0.3389020521264206
}