{
  "bids_meta": {
    "AcquisitionMatrixPE": 256,
    "AcquisitionNumber": 1,
    "AcquisitionTime": "19:09:39.647500",
    "BaseResolution": 256,
    "BodyPartExamined": "HEAD",
    "CoilString": "HC1-7;NC1_2",
    "ConsistencyInfo": "N4_VE11B_LATEST_20150530",
    "ConversionSoftware": "dcm2niix",
    "ConversionSoftwareVersion": "v1.0.20190902",
    "DeviceSerialNumber": "67036",
    "DwellTime": 8.5e-06,
    "EchoTime": 0.00207,
    "FlipAngle": 9,
    "ImageOrientationPatientDICOM": [
      0.00119608,
      0.998479,
      0.0551133,
      -0.0200956,
      0.0551262,
      -0.998277
    ],
    "ImageType": [
      "ORIGINAL",
      "PRIMARY",
      "M",
      "ND",
      "NORM"
    ],
    "ImagingFrequency": 123.262,
    "InPlanePhaseEncodingDirectionDICOM": "ROW",
    "InstitutionAddress": "Philosophenweg_3_Jena_Thueringen_DE_07743",
    "InstitutionName": "IDIR_FSU_Jena",
    "InstitutionalDepartmentName": "Department",
    "InversionTime": 0.9,
    "MRAcquisitionType": "3D",
    "MagneticFieldStrength": 3,
    "Manufacturer": "Siemens",
    "ManufacturersModelName": "Prisma_fit",
    "Modality": "MR",
    "ParallelReductionFactorInPlane": 2,
    "PartialFourier": 1,
    "PatientPosition": "HFS",
    "PercentPhaseFOV": 100,
    "PhaseEncodingSteps": 255,
    "PhaseResolution": 1,
    "PixelBandwidth": 230,
    "ProcedureStepDescription": "FMRI",
    "ProtocolName": "MPRAGE_Jena_BW230_64channel",
    "PulseSequenceDetails": "%SiemensSeq%_tfl",
    "ReceiveCoilActiveElements": "HC1-7;NC1,2",
    "ReceiveCoilName": "HeadNeck_64",
    "ReconMatrixPE": 256,
    "RefLinesPE": 24,
    "RepetitionTime": 2.3,
    "SAR": 0.0516057,
    "ScanOptions": "IR",
    "ScanningSequence": "GR_IR",
    "SequenceName": "_tfl3d1_16ns",
    "SequenceVariant": "SK_SP_MP",
    "SeriesDescription": "MPRAGE_Jena_BW230_64channel",
    "SeriesNumber": 11,
    "ShimSetting": [
      -418,
      5573,
      1279,
      62,
      -69,
      -375,
      28,
      103
    ],
    "SliceThickness": 1,
    "SoftwareVersions": "syngo_MR_E11",
    "StationName": "AWP67036",
    "TxRefAmp": 216.341,
    "dataset": "ds003357",
    "modality": "T1w",
    "session_id": "02",
    "subject_id": "14"
  },
  "cjv": 0.3117272101908745,
  "cnr": 4.389287554589234,
  "efc": 0.45684923113910947,
  "fber": 5953.589860363582,
  "fwhm_avg": 4.727214865147617,
  "fwhm_x": 4.3726945954428516,
  "fwhm_y": 4.89446,
  "fwhm_z": 4.91449,
  "icvs_csf": 0.2607070182024013,
  "icvs_gm": 0.4183058354996115,
  "icvs_wm": 0.32098714629798725,
  "inu_med": 0.649035781621933,
  "inu_range": 0.24516757726669314,
  "provenance": {
    "md5sum": "5c44e6591087437fd1af0b03fe492043",
    "settings": {
      "testing": false
    },
    "software": "mriqc",
    "version": "22.0.6",
    "warnings": {
      "large_rot_frame": true,
      "small_air_mask": false
    },
    "webapi_port": null,
    "webapi_url": "https://mriqc.nimh.nih.gov/api/v1"
  },
  "qi_1": 0.0,
  "qi_2": 0.004553085790480794,
  "rpve_csf": 25.770480550614163,
  "rpve_gm": 15.561738276503906,
  "rpve_wm": 23.051227596683148,
  "size_x": 192,
  "size_y": 256,
  "size_z": 256,
  "snr_csf": 1.9891101749036895,
  "snr_gm": 11.167805358425744,
  "snr_total": 11.241050390311807,
  "snr_wm": 20.566235637605992,
  "snrd_csf": 11.000512419831834,
  "snrd_gm": 37.83276175579452,
  "snrd_total": 35.37712842319615,
  "snrd_wm": 57.29811109396208,
  "spacing_x": 0.9999966621398926,
  "spacing_y": 1.0,
  "spacing_z": 1.0,
  "summary_bg_k": 23.25971871743736,
  "summary_bg_mad": 0.0,
  "summary_bg_mean": 5.934730593568693,
  "summary_bg_median": 0.0,
  "summary_bg_n": 3429886.0,
  "summary_bg_p05": 0.0,
  "summary_bg_p95": 26.41012156382203,
  "summary_bg_stdv": 11.433822082852215,
  "summary_csf_k": 0.016822857551560322,
  "summary_csf_mad": 99.80406199019492,
  "summary_csf_mean": 200.26355815274718,
  "summary_csf_median": 191.987350769341,
  "summary_csf_n": 60373.0,
  "summary_csf_p05": 59.98945776373148,
  "summary_csf_p95": 376.06747951358557,
  "summary_csf_stdv": 96.518414703713,
  "summary_gm_k": 0.008755183330843685,
  "summary_gm_mad": 59.86680617422812,
  "summary_gm_mean": 657.7361791604175,
  "summary_gm_median": 660.2793965023011,
  "summary_gm_n": 25834.0,
  "summary_gm_p05": 557.8097062790766,
  "summary_gm_p95": 750.2214112970977,
  "summary_gm_stdv": 59.12232492564414,
  "summary_wm_k": 0.561560192896918,
  "summary_wm_mad": 46.03335357261144,
  "summary_wm_mean": 1000.6756685352047,
  "summary_wm_median": 1000.0000121071935,
  "summary_wm_n": 143946.0,
  "summary_wm_p05": 922.298377007246,
  "summary_wm_p95": 1081.3389693386853,
  "summary_wm_stdv": 48.623217014386455,
  "tpm_overlap_csf": 0.15836550426906426,
  "tpm_overlap_gm": 0.4683596062978151,
  "tpm_overlap_wm": 0.49738455375229784,
  "wm2max": 0.36719445627346986
}