{
  "bids_meta": {
    "AcquisitionMatrixPE": 256,
    "AcquisitionNumber": 1,
    "AcquisitionTime": "10:39:19.725000",
    "BaseResolution": 256,
    "BodyPartExamined": "HEAD",
    "CoilString": "HC1-7;NC1_2",
    "ConsistencyInfo": "N4_VE11B_LATEST_20150530",
    "ConversionSoftware": "dcm2niix",
    "ConversionSoftwareVersion": "v1.0.20190902",
    "DeviceSerialNumber": "67036",
    "DwellTime": 8.5e-06,
    "EchoTime": 0.00207,
    "FlipAngle": 9,
    "ImageOrientationPatientDICOM": [
      -0.0340337,
      0.992884,
      -0.114115,
      0.0515655,
      -0.112285,
      -0.992337
    ],
    "ImageType": [
      "ORIGINAL",
      "PRIMARY",
      "M",
      "ND",
      "NORM"
    ],
    "ImagingFrequency": 123.255,
    "InPlanePhaseEncodingDirectionDICOM": "ROW",
    "InstitutionAddress": "Philosophenweg_3_Jena_Thueringen_DE_07743",
    "InstitutionalDepartmentName": "Department",
    "InversionTime": 0.9,
    "MRAcquisitionType": "3D",
    "MagneticFieldStrength": 3,
    "Manufacturer": "Siemens",
    "ManufacturersModelName": "Prisma_fit",
    "Modality": "MR",
    "ParallelReductionFactorInPlane": 2,
    "PartialFourier": 1,
    "PatientPosition": "HFS",
    "PercentPhaseFOV": 100,
    "PhaseEncodingSteps": 255,
    "PhaseResolution": 1,
    "PixelBandwidth": 230,
    "ProcedureStepDescription": "FMRI",
    "ProtocolName": "MPRAGE_Jena_BW230_64channel",
    "PulseSequenceDetails": "%SiemensSeq%_tfl",
    "ReceiveCoilActiveElements": "HC1-7;NC1,2",
    "ReceiveCoilName": "HeadNeck_64",
    "ReconMatrixPE": 256,
    "RefLinesPE": 24,
    "RepetitionTime": 2.3,
    "SAR": 0.0447313,
    "ScanOptions": "IR",
    "ScanningSequence": "GR_IR",
    "SequenceName": "_tfl3d1_16ns",
    "SequenceVariant": "SK_SP_MP",
    "SeriesDescription": "MPRAGE_Jena_BW230_64channel",
    "SeriesNumber": 5,
    "ShimSetting": [
      -369,
      5458,
      1224,
      53,
      -43,
      -514,
      -34,
      15
    ],
    "SliceThickness": 1,
    "SoftwareVersions": "syngo_MR_E11",
    "StationName": "AWP67036",
    "TxRefAmp": 222.545,
    "dataset": "ds003357",
    "modality": "T1w",
    "session_id": "02",
    "subject_id": "22"
  },
  "cjv": 0.2887296654777042,
  "cnr": 4.795949161611377,
  "efc": 0.4753880391404348,
  "fber": -1.0,
  "fwhm_avg": 4.497176728903749,
  "fwhm_x": 4.233460186711248,
  "fwhm_y": 4.59413,
  "fwhm_z": 4.66394,
  "icvs_csf": 0.23302972818097215,
  "icvs_gm": 0.4421951449438777,
  "icvs_wm": 0.32477512687515014,
  "inu_med": 0.48781538009643555,
  "inu_range": 0.15822353363037112,
  "provenance": {
    "md5sum": "cd37bd40a93bc8b6ecafb3d9ea9011b7",
    "settings": {
      "testing": false
    },
    "software": "mriqc",
    "version": "22.0.6",
    "warnings": {
      "large_rot_frame": true,
      "small_air_mask": false
    },
    "webapi_port": null,
    "webapi_url": "https://mriqc.nimh.nih.gov/api/v1"
  },
  "qi_1": 0.0,
  "qi_2": 0.01468623177957397,
  "rpve_csf": 26.282812095822738,
  "rpve_gm": 14.373179059970434,
  "rpve_wm": 22.48479064902576,
  "size_x": 192,
  "size_y": 256,
  "size_z": 256,
  "snr_csf": 2.284464557215016,
  "snr_gm": 11.937766592826975,
  "snr_total": 13.237421368575914,
  "snr_wm": 25.490032955685745,
  "snrd_csf": 28.97728852606327,
  "snrd_gm": 80.98353284822639,
  "snrd_total": 76.91835988430293,
  "snrd_wm": 120.79425827861914,
  "spacing_x": 0.999995231628418,
  "spacing_y": 1.0,
  "spacing_z": 1.0,
  "summary_bg_k": 19.88814689303814,
  "summary_bg_mad": 0.0,
  "summary_bg_mean": 2.55089038260871,
  "summary_bg_median": 0.0,
  "summary_bg_n": 3482410.0,
  "summary_bg_p05": 0.0,
  "summary_bg_p95": 11.514488019049168,
  "summary_bg_stdv": 5.423830293882069,
  "summary_csf_k": -0.17438186658671384,
  "summary_csf_mad": 106.0261257828252,
  "summary_csf_mean": 248.8213548703226,
  "summary_csf_median": 239.9010272398591,
  "summary_csf_n": 37168.0,
  "summary_csf_p05": 88.88280720654878,
  "summary_csf_p95": 436.20163672659555,
  "summary_csf_stdv": 105.0127038338939,
  "summary_gm_k": -0.09193779088296195,
  "summary_gm_mad": 57.492543255490716,
  "summary_gm_mean": 668.8693229993745,
  "summary_gm_median": 670.4572342000902,
  "summary_gm_n": 42189.0,
  "summary_gm_p05": 575.248595662415,
  "summary_gm_p95": 759.3376623801887,
  "summary_gm_stdv": 56.162036932315594,
  "summary_wm_k": 0.3902410372598899,
  "summary_wm_mad": 37.66996085697183,
  "summary_wm_mean": 999.2571863326208,
  "summary_wm_median": 1000.0475586131215,
  "summary_wm_n": 164182.0,
  "summary_wm_p05": 932.9114321880043,
  "summary_wm_p95": 1061.9022463187575,
  "summary_wm_stdv": 39.232766579838646,
  "tpm_overlap_csf": 0.15167660334594277,
  "tpm_overlap_gm": 0.4935961219391298,
  "tpm_overlap_wm": 0.519035592654673,
  "wm2max": 0.4019890982117242
}