{
  "aor": 0.00018777894736842103,
  "aqi": 0.016932282631578945,
  "bids_meta": {
    "AcquisitionMatrixPE": 78,
    "AcquisitionNumber": 1,
    "AcquisitionTime": "14:15:30.710000",
    "BandwidthPerPixelPhaseEncode": 25.138,
    "BaseResolution": 78,
    "BodyPartExamined": "HEAD",
    "ConsistencyInfo": "N4_VE11B_LATEST_20150530",
    "ConversionSoftware": "dcm2niix",
    "ConversionSoftwareVersion": "v1.0.20190902",
    "DerivedVendorReportedEchoSpacing": 0.000510005,
    "DeviceSerialNumber": "67036",
    "DwellTime": 2.2e-06,
    "EchoTime": 0.03,
    "EchoTrainLength": 78,
    "EffectiveEchoSpacing": 0.000510005,
    "FlipAngle": 90,
    "ImageComments": "Unaliased_MB8_PE3_LB",
    "ImageOrientationPatientDICOM": [
      0.997369,
      -0.0698177,
      0.0195341,
      0.0723672,
      0.942501,
      -0.326275
    ],
    "ImageType": [
      "ORIGINAL",
      "PRIMARY",
      "M",
      "MB",
      "ND",
      "MOSAIC"
    ],
    "ImagingFrequency": 123.262,
    "InPlanePhaseEncodingDirectionDICOM": "COL",
    "InstitutionAddress": "Philosophenweg_3_Jena_Thueringen_DE_07743",
    "InstitutionName": "FSU_Jena",
    "InstitutionalDepartmentName": "Department",
    "MRAcquisitionType": "2D",
    "MagneticFieldStrength": 3,
    "Manufacturer": "Siemens",
    "ManufacturersModelName": "Prisma_fit",
    "Modality": "MR",
    "MultibandAccelerationFactor": 8,
    "PartialFourier": 1,
    "PatientPosition": "HFS",
    "PercentPhaseFOV": 100,
    "PhaseEncodingDirection": "j-",
    "PhaseEncodingSteps": 78,
    "PhaseResolution": 1,
    "PixelBandwidth": 2915,
    "ProcedureStepDescription": "FMRI",
    "ProtocolName": "cmrr_mbep2d_bold_2p5mm_MB8_verschachtelt",
    "PulseSequenceDetails": "%CustomerSeq%_cmrr_mbep2d_bold",
    "ReceiveCoilActiveElements": "HC1-7",
    "ReceiveCoilName": "HeadNeck_64",
    "ReconMatrixPE": 78,
    "RepetitionTime": 0.484,
    "SAR": 0.189474,
    "ScanOptions": "FS",
    "ScanningSequence": "EP",
    "SequenceName": "epfid2d1_78",
    "SequenceVariant": "SK_SS",
    "SeriesDescription": "cmrr_mbep2d_bold_2p5mm_MB8_verschachtelt",
    "SeriesNumber": 6,
    "ShimSetting": [
      -406,
      5670,
      1312,
      623,
      -49,
      -130,
      42,
      33
    ],
    "SliceThickness": 2.5,
    "SliceTiming": [
      0,
      0.265,
      0.0675,
      0.3325,
      0.1325,
      0.3975,
      0.2,
      0,
      0.265,
      0.0675,
      0.3325,
      0.1325,
      0.3975,
      0.2,
      0,
      0.265,
      0.0675,
      0.3325,
      0.1325,
      0.3975,
      0.2,
      0,
      0.265,
      0.0675,
      0.3325,
      0.1325,
      0.3975,
      0.2,
      0,
      0.265,
      0.0675,
      0.3325,
      0.1325,
      0.3975,
      0.2,
      0,
      0.265,
      0.0675,
      0.3325,
      0.1325,
      0.3975,
      0.2,
      0,
      0.265,
      0.0675,
      0.3325,
      0.1325,
      0.3975,
      0.2,
      0,
      0.265,
      0.0675,
      0.3325,
      0.1325,
      0.3975,
      0.2
    ],
    "SoftwareVersions": "syngo_MR_E11",
    "SpacingBetweenSlices": 2.5,
    "StationName": "AWP67036",
    "TaskName": "rest",
    "TotalReadoutTime": 0.0392704,
    "TxRefAmp": 258.841,
    "WipMemBlock": "28648c58-ee42-43d8-82c4-399853c07efd||Sequence: R016 ve11b/master r/b698769; Nov 21 2017 11:07:30 by eja",
    "dataset": "ds003357",
    "modality": "bold",
    "session_id": "02",
    "subject_id": "32",
    "task_id": "rest"
  },
  "dummy_trs": 0,
  "dvars_nstd": 54.06749735588212,
  "dvars_std": 1.0052112114218015,
  "dvars_vstd": 0.9613727876566622,
  "efc": 0.6115982350995676,
  "fber": 187.25485229492188,
  "fd_mean": 0.1482942739591496,
  "fd_num": 479,
  "fd_perc": 25.210526315789473,
  "fwhm_avg": 3.2419853333333335,
  "fwhm_x": 3.029548,
  "fwhm_y": 3.3248399999999996,
  "fwhm_z": 3.371568,
  "gcor": 0.00394774,
  "gsr_x": -0.0081198550760746,
  "gsr_y": 0.09042870998382568,
  "provenance": {
    "md5sum": "4e50ddef0aa56d7efb3f3b87411995aa",
    "settings": {
      "fd_thres": 0.2,
      "testing": false
    },
    "software": "mriqc",
    "version": "22.0.6",
    "webapi_port": null,
    "webapi_url": "https://mriqc.nimh.nih.gov/api/v1"
  },
  "size_t": 1900,
  "size_x": 78,
  "size_y": 78,
  "size_z": 56,
  "snr": 2.4926161230180837,
  "spacing_tr": 0.48399999737739563,
  "spacing_x": 2.5,
  "spacing_y": 2.5,
  "spacing_z": 2.5,
  "summary_bg_k": 13.272020179517114,
  "summary_bg_mad": 53.93277197706582,
  "summary_bg_mean": 151.3598175048828,
  "summary_bg_median": 79.72447204589844,
  "summary_bg_n": 189124.0,
  "summary_bg_p05": 36.37683868408203,
  "summary_bg_p95": 513.5350067138673,
  "summary_bg_stdv": 176.91842651367188,
  "summary_fg_k": 0.08571660284159277,
  "summary_fg_mad": 493.78381795515133,
  "summary_fg_mean": 1285.367919921875,
  "summary_fg_median": 1208.949951171875,
  "summary_fg_n": 76221.0,
  "summary_fg_p05": 624.365234375,
  "summary_fg_p95": 2177.3330078125,
  "summary_fg_stdv": 485.0093078613281,
  "tsnr": 21.262625232338905
}