{
  "aor": 0.00021797894736842104,
  "aqi": 0.007041683078947369,
  "bids_meta": {
    "AcquisitionMatrixPE": 78,
    "AcquisitionNumber": 1,
    "AcquisitionTime": "11:35:25.297500",
    "BandwidthPerPixelPhaseEncode": 25.138,
    "BaseResolution": 78,
    "BodyPartExamined": "SKULL",
    "ConsistencyInfo": "N4_VE11B_LATEST_20150530",
    "ConversionSoftware": "dcm2niix",
    "ConversionSoftwareVersion": "v1.0.20190902",
    "DerivedVendorReportedEchoSpacing": 0.000510005,
    "DeviceSerialNumber": "67036",
    "DwellTime": 2.2e-06,
    "EchoTime": 0.03,
    "EchoTrainLength": 78,
    "EffectiveEchoSpacing": 0.000510005,
    "FlipAngle": 90,
    "ImageComments": "Unaliased_MB8_PE3_LB",
    "ImageOrientationPatientDICOM": [
      0.997923,
      -0.0627013,
      0.0147475,
      0.0643579,
      0.961183,
      -0.2683
    ],
    "ImageType": [
      "ORIGINAL",
      "PRIMARY",
      "M",
      "MB",
      "ND",
      "MOSAIC"
    ],
    "ImagingFrequency": 123.262,
    "InPlanePhaseEncodingDirectionDICOM": "COL",
    "InstitutionAddress": "Philosophenweg_3_Jena_Thueringen_DE_07743",
    "InstitutionName": "FSU_Jena",
    "InstitutionalDepartmentName": "Department",
    "MRAcquisitionType": "2D",
    "MagneticFieldStrength": 3,
    "Manufacturer": "Siemens",
    "ManufacturersModelName": "Prisma_fit",
    "Modality": "MR",
    "MultibandAccelerationFactor": 8,
    "PartialFourier": 1,
    "PatientPosition": "HFS",
    "PercentPhaseFOV": 100,
    "PhaseEncodingDirection": "j-",
    "PhaseEncodingSteps": 78,
    "PhaseResolution": 1,
    "PixelBandwidth": 2915,
    "ProcedureStepDescription": "MR-Med.Physik_Proband",
    "ProtocolName": "cmrr_mbep2d_bold_2p5mm_MB8_verschachtelt",
    "PulseSequenceDetails": "%CustomerSeq%_cmrr_mbep2d_bold",
    "ReceiveCoilActiveElements": "HC1-7",
    "ReceiveCoilName": "HeadNeck_64",
    "ReconMatrixPE": 78,
    "RepetitionTime": 0.484,
    "SAR": 0.203141,
    "ScanOptions": "FS",
    "ScanningSequence": "EP",
    "SequenceName": "epfid2d1_78",
    "SequenceVariant": "SK_SS",
    "SeriesDescription": "cmrr_mbep2d_bold_2p5mm_MB8_verschachtelt",
    "SeriesNumber": 6,
    "ShimSetting": [
      -431,
      5665,
      1414,
      484,
      -55,
      84,
      -3,
      12
    ],
    "SliceThickness": 2.5,
    "SliceTiming": [
      0,
      0.265,
      0.065,
      0.33,
      0.1325,
      0.3975,
      0.1975,
      0,
      0.265,
      0.065,
      0.33,
      0.1325,
      0.3975,
      0.1975,
      0,
      0.265,
      0.065,
      0.33,
      0.1325,
      0.3975,
      0.1975,
      0,
      0.265,
      0.065,
      0.33,
      0.1325,
      0.3975,
      0.1975,
      0,
      0.265,
      0.065,
      0.33,
      0.1325,
      0.3975,
      0.1975,
      0,
      0.265,
      0.065,
      0.33,
      0.1325,
      0.3975,
      0.1975,
      0,
      0.265,
      0.065,
      0.33,
      0.1325,
      0.3975,
      0.1975,
      0,
      0.265,
      0.065,
      0.33,
      0.1325,
      0.3975,
      0.1975
    ],
    "SoftwareVersions": "syngo_MR_E11",
    "SpacingBetweenSlices": 2.5,
    "StationName": "AWP67036",
    "TaskName": "rest",
    "TotalReadoutTime": 0.0392704,
    "TxRefAmp": 234.281,
    "WipMemBlock": "2f06ac68-bc3b-4c42-9a8c-02d228159427||Sequence: R016 ve11b/master r/b698769; Nov 21 2017 11:07:30 by eja",
    "dataset": "ds003357",
    "modality": "bold",
    "session_id": "02",
    "subject_id": "28",
    "task_id": "rest"
  },
  "dummy_trs": 0,
  "dvars_nstd": 52.69306866856751,
  "dvars_std": 1.1354486121695635,
  "dvars_vstd": 1.0019165065876756,
  "efc": 0.6309442980509988,
  "fber": 209.4512481689453,
  "fd_mean": 0.05734043192548902,
  "fd_num": 23,
  "fd_perc": 1.2105263157894737,
  "fwhm_avg": 2.9036146666666665,
  "fwhm_x": 2.7193,
  "fwhm_y": 2.93158,
  "fwhm_z": 3.059964,
  "gcor": 0.00852764,
  "gsr_x": 0.0026088773738592863,
  "gsr_y": 0.05953425168991089,
  "provenance": {
    "md5sum": "5847e3b3e43c7e0f597e52b4c7206622",
    "settings": {
      "fd_thres": 0.2,
      "testing": false
    },
    "software": "mriqc",
    "version": "22.0.6",
    "webapi_port": null,
    "webapi_url": "https://mriqc.nimh.nih.gov/api/v1"
  },
  "size_t": 1900,
  "size_x": 78,
  "size_y": 78,
  "size_z": 56,
  "snr": 2.6397176580857686,
  "spacing_tr": 0.48399999737739563,
  "spacing_x": 2.5,
  "spacing_y": 2.5,
  "spacing_z": 2.5,
  "summary_bg_k": 10.530923771835733,
  "summary_bg_mad": 48.97269091837526,
  "summary_bg_mean": 175.14892578125,
  "summary_bg_median": 80.1152572631836,
  "summary_bg_n": 186394.0,
  "summary_bg_p05": 38.53683853149414,
  "summary_bg_p95": 642.6658935546877,
  "summary_bg_stdv": 227.5751953125,
  "summary_fg_k": 0.10092819329395963,
  "summary_fg_mad": 493.3359786985971,
  "summary_fg_mean": 1306.7052001953125,
  "summary_fg_median": 1250.271484375,
  "summary_fg_n": 82502.0,
  "summary_fg_p05": 657.8987518310547,
  "summary_fg_p95": 2166.8430541992184,
  "summary_fg_stdv": 473.6354675292969,
  "tsnr": 29.66025190136861
}