{
  "bids_meta": {
    "AcquisitionMatrixPE": 256,
    "AcquisitionNumber": 1,
    "AcquisitionTime": "12:34:16.137500",
    "BaseResolution": 256,
    "BodyPartExamined": "HEAD",
    "CoilString": "HC1-7;NC1_2",
    "ConsistencyInfo": "N4_VE11B_LATEST_20150530",
    "ConversionSoftware": "dcm2niix",
    "ConversionSoftwareVersion": "v1.0.20190902",
    "DeviceSerialNumber": "67036",
    "DwellTime": 8.5e-06,
    "EchoTime": 0.00207,
    "FlipAngle": 9,
    "ImageOrientationPatientDICOM": [
      -0.0763394,
      0.985875,
      -0.149073,
      0.0742644,
      -0.143472,
      -0.986864
    ],
    "ImageType": [
      "ORIGINAL",
      "PRIMARY",
      "M",
      "ND",
      "NORM"
    ],
    "ImagingFrequency": 123.262,
    "InPlanePhaseEncodingDirectionDICOM": "ROW",
    "InstitutionAddress": "Philosophenweg_3_Jena_Thueringen_DE_07743",
    "InstitutionName": "FSU_Jena",
    "InstitutionalDepartmentName": "Department",
    "InversionTime": 0.9,
    "MRAcquisitionType": "3D",
    "MagneticFieldStrength": 3,
    "Manufacturer": "Siemens",
    "ManufacturersModelName": "Prisma_fit",
    "Modality": "MR",
    "ParallelReductionFactorInPlane": 2,
    "PartialFourier": 1,
    "PatientPosition": "HFS",
    "PercentPhaseFOV": 100,
    "PhaseEncodingSteps": 255,
    "PhaseResolution": 1,
    "PixelBandwidth": 230,
    "ProcedureStepDescription": "FMRI",
    "ProtocolName": "MPRAGE_Jena_BW230_64channel",
    "PulseSequenceDetails": "%SiemensSeq%_tfl",
    "ReceiveCoilActiveElements": "HC1-7;NC1,2",
    "ReceiveCoilName": "HeadNeck_64",
    "ReconMatrixPE": 256,
    "RefLinesPE": 24,
    "RepetitionTime": 2.3,
    "SAR": 0.0491138,
    "ScanOptions": "IR",
    "ScanningSequence": "GR_IR",
    "SequenceName": "_tfl3d1_16ns",
    "SequenceVariant": "SK_SP_MP",
    "SeriesDescription": "MPRAGE_Jena_BW230_64channel",
    "SeriesNumber": 12,
    "ShimSetting": [
      -429,
      5611,
      1320,
      99,
      -106,
      -509,
      154,
      -57
    ],
    "SliceThickness": 1,
    "SoftwareVersions": "syngo_MR_E11",
    "StationName": "AWP67036",
    "TxRefAmp": 251.306,
    "dataset": "ds003357",
    "modality": "T1w",
    "session_id": "01",
    "subject_id": "07"
  },
  "cjv": 0.33543341600679855,
  "cnr": 4.078013972173851,
  "efc": 0.5298152486338576,
  "fber": -1.0,
  "fwhm_avg": 4.581933119531302,
  "fwhm_x": 4.16909906610257,
  "fwhm_y": 4.66951,
  "fwhm_z": 4.907190292491334,
  "icvs_csf": 0.24937949783569832,
  "icvs_gm": 0.3808975568026059,
  "icvs_wm": 0.36972294536169575,
  "inu_med": 0.43798159062862396,
  "inu_range": 0.14067761749029156,
  "provenance": {
    "md5sum": "995c93e74e87b741da1aaf906ec5bb38",
    "settings": {
      "testing": false
    },
    "software": "mriqc",
    "version": "22.0.6",
    "warnings": {
      "large_rot_frame": true,
      "small_air_mask": false
    },
    "webapi_port": null,
    "webapi_url": "https://mriqc.nimh.nih.gov/api/v1"
  },
  "qi_1": 7.096302988159219e-05,
  "qi_2": 0.011132873285803912,
  "rpve_csf": 21.60004084606744,
  "rpve_gm": 13.588785732834706,
  "rpve_wm": 17.557021170848,
  "size_x": 192,
  "size_y": 256,
  "size_z": 256,
  "snr_csf": 2.1950126350307606,
  "snr_gm": 10.860269502837784,
  "snr_total": 12.882256068331017,
  "snr_wm": 25.59148606712451,
  "snrd_csf": 24.375988709689693,
  "snrd_gm": 81.97152658537351,
  "snrd_total": 74.83307914947248,
  "snrd_wm": 118.15172215335421,
  "spacing_x": 1.0000026226043701,
  "spacing_y": 1.0,
  "spacing_z": 0.9999999403953552,
  "summary_bg_k": 61.58617572629426,
  "summary_bg_mad": 0.0,
  "summary_bg_mean": 2.656904924152229,
  "summary_bg_median": 0.0,
  "summary_bg_n": 2851828.0,
  "summary_bg_p05": 0.0,
  "summary_bg_p95": 11.972713619470596,
  "summary_bg_stdv": 5.5451313355751015,
  "summary_csf_k": 1.0227113502215692,
  "summary_csf_mad": 78.64004704421289,
  "summary_csf_mean": 219.5480680844162,
  "summary_csf_median": 206.32048353552818,
  "summary_csf_n": 63839.0,
  "summary_csf_p05": 89.284887611866,
  "summary_csf_p95": 404.84478145837784,
  "summary_csf_stdv": 93.99438722703395,
  "summary_gm_k": -0.07124121968461283,
  "summary_gm_mad": 65.22376605241804,
  "summary_gm_mean": 692.6943554573706,
  "summary_gm_median": 693.8141136616468,
  "summary_gm_n": 38097.0,
  "summary_gm_p05": 586.8021849542856,
  "summary_gm_p95": 796.3710791617632,
  "summary_gm_stdv": 63.884695267599575,
  "summary_wm_k": 0.4080515223460002,
  "summary_wm_mad": 37.49678533604202,
  "summary_wm_mean": 999.5294319475826,
  "summary_wm_median": 1000.0464282929897,
  "summary_wm_n": 246977.0,
  "summary_wm_p05": 934.7069679200649,
  "summary_wm_p95": 1062.5551307946444,
  "summary_wm_stdv": 39.077230649829986,
  "tpm_overlap_csf": 0.1695452049633981,
  "tpm_overlap_gm": 0.4426685351437024,
  "tpm_overlap_wm": 0.5087372766040491,
  "wm2max": 0.39988866208944146
}