{
  "bids_meta": {
    "AcquisitionMatrixPE": 256,
    "AcquisitionNumber": 1,
    "AcquisitionTime": "17:12:5.220000",
    "BaseResolution": 256,
    "BodyPartExamined": "HEAD",
    "CoilString": "HC1-7;NC1_2",
    "ConsistencyInfo": "N4_VE11B_LATEST_20150530",
    "ConversionSoftware": "dcm2niix",
    "ConversionSoftwareVersion": "v1.0.20190902",
    "DeviceSerialNumber": "67036",
    "DwellTime": 8.5e-06,
    "EchoTime": 0.00207,
    "FlipAngle": 9,
    "ImageOrientationPatientDICOM": [
      -0.0135895,
      0.990401,
      -0.137557,
      -0.0280542,
      -0.137893,
      -0.99005
    ],
    "ImageType": [
      "ORIGINAL",
      "PRIMARY",
      "M",
      "ND",
      "NORM"
    ],
    "ImagingFrequency": 123.262,
    "InPlanePhaseEncodingDirectionDICOM": "ROW",
    "InstitutionAddress": "Philosophenweg_3_Jena_Thueringen_DE_07743",
    "InstitutionName": "FSU_Jena",
    "InstitutionalDepartmentName": "Department",
    "InversionTime": 0.9,
    "MRAcquisitionType": "3D",
    "MagneticFieldStrength": 3,
    "Manufacturer": "Siemens",
    "ManufacturersModelName": "Prisma_fit",
    "Modality": "MR",
    "ParallelReductionFactorInPlane": 2,
    "PartialFourier": 1,
    "PatientPosition": "HFS",
    "PercentPhaseFOV": 100,
    "PhaseEncodingSteps": 255,
    "PhaseResolution": 1,
    "PixelBandwidth": 230,
    "ProcedureStepDescription": "FMRI",
    "ProtocolName": "MPRAGE_Jena_BW230_64channel",
    "PulseSequenceDetails": "%SiemensSeq%_tfl",
    "ReceiveCoilActiveElements": "HC1-7;NC1,2",
    "ReceiveCoilName": "HeadNeck_64",
    "ReconMatrixPE": 256,
    "RefLinesPE": 24,
    "RepetitionTime": 2.3,
    "SAR": 0.0493524,
    "ScanOptions": "IR",
    "ScanningSequence": "GR_IR",
    "SequenceName": "_tfl3d1_16ns",
    "SequenceVariant": "SK_SP_MP",
    "SeriesDescription": "MPRAGE_Jena_BW230_64channel",
    "SeriesNumber": 5,
    "ShimSetting": [
      -407,
      5655,
      1276,
      325,
      -56,
      -509,
      104,
      -9
    ],
    "SliceThickness": 1,
    "SoftwareVersions": "syngo_MR_E11",
    "StationName": "AWP67036",
    "TxRefAmp": 260.665,
    "dataset": "ds003357",
    "modality": "T1w",
    "session_id": "02",
    "subject_id": "30"
  },
  "cjv": 0.32293185838897526,
  "cnr": 4.157603261907349,
  "efc": 0.5112475627672027,
  "fber": -1.0,
  "fwhm_avg": 4.5604665591428235,
  "fwhm_x": 4.272639677428469,
  "fwhm_y": 4.58572,
  "fwhm_z": 4.82304,
  "icvs_csf": 0.23637716376019136,
  "icvs_gm": 0.4224060368030455,
  "icvs_wm": 0.34121679943676314,
  "inu_med": 0.4873664379119873,
  "inu_range": 0.15536112934350965,
  "provenance": {
    "md5sum": "fadebc7c89c19b955578fd934ec8091f",
    "settings": {
      "testing": false
    },
    "software": "mriqc",
    "version": "22.0.6",
    "warnings": {
      "large_rot_frame": true,
      "small_air_mask": false
    },
    "webapi_port": null,
    "webapi_url": "https://mriqc.nimh.nih.gov/api/v1"
  },
  "qi_1": 0.0,
  "qi_2": 0.018242505013154588,
  "rpve_csf": 21.471580949956394,
  "rpve_gm": 12.27644776787394,
  "rpve_wm": 17.765107406438702,
  "size_x": 192,
  "size_y": 256,
  "size_z": 256,
  "snr_csf": 2.42348218107808,
  "snr_gm": 11.468553057014526,
  "snr_total": 12.738969269702624,
  "snr_wm": 24.324872571015266,
  "snrd_csf": 22.363712209353274,
  "snrd_gm": 70.70966831180134,
  "snrd_total": 64.96154175189065,
  "snrd_wm": 101.81124473451732,
  "spacing_x": 0.9999977350234985,
  "spacing_y": 1.0,
  "spacing_z": 1.0,
  "summary_bg_k": 4.6260389188597335,
  "summary_bg_mad": 0.0,
  "summary_bg_mean": 3.9848542134861793,
  "summary_bg_median": 0.0,
  "summary_bg_n": 2977987.0,
  "summary_bg_p05": 0.0,
  "summary_bg_p95": 13.808775119483471,
  "summary_bg_stdv": 6.434813974594661,
  "summary_csf_k": 1.2418551747570374,
  "summary_csf_mad": 78.26356999178897,
  "summary_csf_mean": 234.47912567487973,
  "summary_csf_median": 219.65857468545437,
  "summary_csf_n": 60571.0,
  "summary_csf_p05": 114.66527187824249,
  "summary_csf_p95": 414.75850501284003,
  "summary_csf_stdv": 90.63683783639813,
  "summary_gm_k": 0.1795735818087585,
  "summary_gm_mad": 58.74086930951048,
  "summary_gm_mean": 695.0708156319148,
  "summary_gm_median": 694.5172971487045,
  "summary_gm_n": 40073.0,
  "summary_gm_p05": 595.7583358511329,
  "summary_gm_p95": 795.4903236553073,
  "summary_gm_stdv": 60.55765082051554,
  "summary_wm_k": 0.36420000227353544,
  "summary_wm_mad": 39.90923767793212,
  "summary_wm_mean": 1000.659735913286,
  "summary_wm_median": 1000.0000311210752,
  "summary_wm_n": 226025.0,
  "summary_wm_p05": 934.5685777068138,
  "summary_wm_p95": 1068.5777877271175,
  "summary_wm_stdv": 41.110094865016904,
  "tpm_overlap_csf": 0.175991285419303,
  "tpm_overlap_gm": 0.46719344726760725,
  "tpm_overlap_wm": 0.5202211275524542,
  "wm2max": 0.35768918158514473
}