{
  "bids_meta": {
    "AcquisitionMatrixPE": 256,
    "AcquisitionNumber": 1,
    "AcquisitionTime": "18:53:25.632500",
    "BaseResolution": 256,
    "BodyPartExamined": "HEAD",
    "CoilString": "HC1-7;NC1_2",
    "ConsistencyInfo": "N4_VE11B_LATEST_20150530",
    "ConversionSoftware": "dcm2niix",
    "ConversionSoftwareVersion": "v1.0.20190902",
    "DeviceSerialNumber": "67036",
    "DwellTime": 8.5e-06,
    "EchoTime": 0.00207,
    "FlipAngle": 9,
    "ImageOrientationPatientDICOM": [
      0.00571341,
      0.999291,
      -0.0372055,
      0.0850604,
      -0.037557,
      -0.995668
    ],
    "ImageType": [
      "ORIGINAL",
      "PRIMARY",
      "M",
      "ND",
      "NORM"
    ],
    "ImagingFrequency": 123.262,
    "InPlanePhaseEncodingDirectionDICOM": "ROW",
    "InstitutionAddress": "Philosophenweg_3_Jena_Thueringen_DE_07743",
    "InstitutionName": "FSU_Jena",
    "InstitutionalDepartmentName": "Department",
    "InversionTime": 0.9,
    "MRAcquisitionType": "3D",
    "MagneticFieldStrength": 3,
    "Manufacturer": "Siemens",
    "ManufacturersModelName": "Prisma_fit",
    "Modality": "MR",
    "ParallelReductionFactorInPlane": 2,
    "PartialFourier": 1,
    "PatientPosition": "HFS",
    "PercentPhaseFOV": 100,
    "PhaseEncodingSteps": 255,
    "PhaseResolution": 1,
    "PixelBandwidth": 230,
    "ProcedureStepDescription": "FMRI",
    "ProtocolName": "MPRAGE_Jena_BW230_64channel",
    "PulseSequenceDetails": "%SiemensSeq%_tfl",
    "ReceiveCoilActiveElements": "HC1-7;NC1,2",
    "ReceiveCoilName": "HeadNeck_64",
    "ReconMatrixPE": 256,
    "RefLinesPE": 24,
    "RepetitionTime": 2.3,
    "SAR": 0.0478623,
    "ScanOptions": "IR",
    "ScanningSequence": "GR_IR",
    "SequenceName": "_tfl3d1_16ns",
    "SequenceVariant": "SK_SP_MP",
    "SeriesDescription": "MPRAGE_Jena_BW230_64channel",
    "SeriesNumber": 6,
    "ShimSetting": [
      -417,
      5597,
      1310,
      59,
      -108,
      -212,
      87,
      16
    ],
    "SliceThickness": 1,
    "SoftwareVersions": "syngo_MR_E11",
    "StationName": "AWP67036",
    "TxRefAmp": 215.718,
    "dataset": "ds003357",
    "modality": "T1w",
    "session_id": "01",
    "subject_id": "27"
  },
  "cjv": 0.29574780791845967,
  "cnr": 4.546301545273494,
  "efc": 0.47481692210847554,
  "fber": -1.0,
  "fwhm_avg": 4.9630683107966425,
  "fwhm_x": 4.7233549323899275,
  "fwhm_y": 4.97646,
  "fwhm_z": 5.18939,
  "icvs_csf": 0.25054501494066395,
  "icvs_gm": 0.41164343656076685,
  "icvs_wm": 0.3378115484985692,
  "inu_med": 0.5230193138122559,
  "inu_range": 0.19043265283107758,
  "provenance": {
    "md5sum": "58a3fae2b53b4cd8a90daaf21fc04a99",
    "settings": {
      "testing": false
    },
    "software": "mriqc",
    "version": "22.0.6",
    "warnings": {
      "large_rot_frame": true,
      "small_air_mask": false
    },
    "webapi_port": null,
    "webapi_url": "https://mriqc.nimh.nih.gov/api/v1"
  },
  "qi_1": 0.0,
  "qi_2": 0.017159434995213264,
  "rpve_csf": 22.505818742171236,
  "rpve_gm": 13.539610845030634,
  "rpve_wm": 19.74814311987434,
  "size_x": 192,
  "size_y": 256,
  "size_z": 256,
  "snr_csf": 1.5491047274111018,
  "snr_gm": 10.36485653866184,
  "snr_total": 12.949718703683837,
  "snr_wm": 26.935194844978575,
  "snrd_csf": 21.68800902797004,
  "snrd_gm": 89.30124771528894,
  "snrd_total": 81.89232773734057,
  "snrd_wm": 134.68772646876275,
  "spacing_x": 1.000001072883606,
  "spacing_y": 1.0,
  "spacing_z": 1.0,
  "summary_bg_k": 10.663812473722576,
  "summary_bg_mad": 0.0,
  "summary_bg_mean": 2.0508790621265214,
  "summary_bg_median": 0.0,
  "summary_bg_n": 3177168.0,
  "summary_bg_p05": 0.0,
  "summary_bg_p95": 11.5127564817667,
  "summary_bg_stdv": 4.864350769450646,
  "summary_csf_k": 0.09971180349851627,
  "summary_csf_mad": 109.13930930585562,
  "summary_csf_mean": 178.6896881739507,
  "summary_csf_median": 161.03224214538932,
  "summary_csf_n": 69014.0,
  "summary_csf_p05": 44.09971126914024,
  "summary_csf_p95": 378.8965237028897,
  "summary_csf_stdv": 103.9510580712582,
  "summary_gm_k": -0.009540249400516121,
  "summary_gm_mad": 64.22512038674606,
  "summary_gm_mean": 662.9094956373352,
  "summary_gm_median": 663.0567207634449,
  "summary_gm_n": 52872.0,
  "summary_gm_p05": 557.6149940790608,
  "summary_gm_p95": 767.208140630275,
  "summary_gm_stdv": 63.97102052159415,
  "summary_wm_k": 0.45165836492912126,
  "summary_wm_mad": 35.43953715034411,
  "summary_wm_mean": 999.4661298689631,
  "summary_wm_median": 1000.0487621873617,
  "summary_wm_n": 213494.0,
  "summary_wm_p05": 937.5579102672637,
  "summary_wm_p95": 1059.0760305896401,
  "summary_wm_stdv": 37.127870276782566,
  "tpm_overlap_csf": 0.146054032779534,
  "tpm_overlap_gm": 0.4487765985093354,
  "tpm_overlap_wm": 0.5060585881182168,
  "wm2max": 0.3996958412135156
}