{
  "bids_meta": {
    "AcquisitionMatrixPE": 256,
    "AcquisitionNumber": 1,
    "AcquisitionTime": "12:12:18.962500",
    "BaseResolution": 256,
    "BodyPartExamined": "HEAD",
    "CoilString": "HC1-7;NC1_2",
    "ConsistencyInfo": "N4_VE11B_LATEST_20150530",
    "ConversionSoftware": "dcm2niix",
    "ConversionSoftwareVersion": "v1.0.20190902",
    "DeviceSerialNumber": "67036",
    "DwellTime": 8.5e-06,
    "EchoTime": 0.00207,
    "FlipAngle": 9,
    "ImageOrientationPatientDICOM": [
      0.0247002,
      0.99358,
      -0.1104,
      0.0199935,
      -0.110903,
      -0.99363
    ],
    "ImageType": [
      "ORIGINAL",
      "PRIMARY",
      "M",
      "ND",
      "NORM"
    ],
    "ImagingFrequency": 123.262,
    "InPlanePhaseEncodingDirectionDICOM": "ROW",
    "InstitutionAddress": "Philosophenweg_3_Jena_Thueringen_DE_07743",
    "InstitutionName": "FSU_Jena",
    "InstitutionalDepartmentName": "Department",
    "InversionTime": 0.9,
    "MRAcquisitionType": "3D",
    "MagneticFieldStrength": 3,
    "Manufacturer": "Siemens",
    "ManufacturersModelName": "Prisma_fit",
    "Modality": "MR",
    "ParallelReductionFactorInPlane": 2,
    "PartialFourier": 1,
    "PatientPosition": "HFS",
    "PercentPhaseFOV": 100,
    "PhaseEncodingSteps": 255,
    "PhaseResolution": 1,
    "PixelBandwidth": 230,
    "ProcedureStepDescription": "FMRI",
    "ProtocolName": "MPRAGE_Jena_BW230_64channel",
    "PulseSequenceDetails": "%SiemensSeq%_tfl",
    "ReceiveCoilActiveElements": "HC1-7;NC1,2",
    "ReceiveCoilName": "HeadNeck_64",
    "ReconMatrixPE": 256,
    "RefLinesPE": 24,
    "RepetitionTime": 2.3,
    "SAR": 0.0526499,
    "ScanOptions": "IR",
    "ScanningSequence": "GR_IR",
    "SequenceName": "_tfl3d1_16ns",
    "SequenceVariant": "SK_SP_MP",
    "SeriesDescription": "MPRAGE_Jena_BW230_64channel",
    "SeriesNumber": 5,
    "ShimSetting": [
      -434,
      5652,
      1334,
      124,
      -38,
      -540,
      279,
      -10
    ],
    "SliceThickness": 1,
    "SoftwareVersions": "syngo_MR_E11",
    "StationName": "AWP67036",
    "TxRefAmp": 269.884,
    "dataset": "ds003357",
    "modality": "T1w",
    "session_id": "01",
    "subject_id": "04"
  },
  "cjv": 0.34587699570535574,
  "cnr": 4.022454985226648,
  "efc": 0.5109444373628057,
  "fber": -1.0,
  "fwhm_avg": 4.022848018581759,
  "fwhm_x": 3.835694055745277,
  "fwhm_y": 4.0699,
  "fwhm_z": 4.16295,
  "icvs_csf": 0.2389721487524925,
  "icvs_gm": 0.419532825654331,
  "icvs_wm": 0.3414950255931765,
  "inu_med": 0.48075057566165924,
  "inu_range": 0.1585939139127731,
  "provenance": {
    "md5sum": "d6e9ab401accb486038d6dfd0cac2029",
    "settings": {
      "testing": false
    },
    "software": "mriqc",
    "version": "22.0.6",
    "warnings": {
      "large_rot_frame": true,
      "small_air_mask": false
    },
    "webapi_port": null,
    "webapi_url": "https://mriqc.nimh.nih.gov/api/v1"
  },
  "qi_1": 0.0,
  "qi_2": 0.016269404022323693,
  "rpve_csf": 22.87630250069143,
  "rpve_gm": 13.420351308134663,
  "rpve_wm": 19.359312010403443,
  "size_x": 192,
  "size_y": 256,
  "size_z": 256,
  "snr_csf": 2.1432155293849013,
  "snr_gm": 11.361952161509068,
  "snr_total": 12.739433334346208,
  "snr_wm": 24.71313231214465,
  "snrd_csf": 21.752975544357387,
  "snrd_gm": 67.77671784501482,
  "snrd_total": 62.03763493543968,
  "snrd_wm": 96.58321141694681,
  "spacing_x": 1.0000015497207642,
  "spacing_y": 1.0,
  "spacing_z": 1.0,
  "summary_bg_k": 8.537845987662358,
  "summary_bg_mad": 0.0,
  "summary_bg_mean": 3.7021727041454398,
  "summary_bg_median": 0.0,
  "summary_bg_n": 3338998.0,
  "summary_bg_p05": 0.0,
  "summary_bg_p95": 15.015015564858913,
  "summary_bg_stdv": 6.78312943191163,
  "summary_csf_k": 24.707023815666595,
  "summary_csf_mad": 80.99322364335895,
  "summary_csf_mean": 242.9077165209099,
  "summary_csf_median": 225.2252334728837,
  "summary_csf_n": 49048.0,
  "summary_csf_p05": 119.28950663655996,
  "summary_csf_p95": 431.25999918021273,
  "summary_csf_stdv": 105.08646209663405,
  "summary_gm_k": -0.11392716057972985,
  "summary_gm_mad": 63.27891625001612,
  "summary_gm_mean": 700.8295448957969,
  "summary_gm_median": 701.7443231865764,
  "summary_gm_n": 34575.0,
  "summary_gm_p05": 598.0448752641678,
  "summary_gm_p95": 800.4600638151169,
  "summary_gm_stdv": 61.7617610945477,
  "summary_wm_k": 0.1916160362665007,
  "summary_wm_mad": 39.88087386415686,
  "summary_wm_mean": 1000.1268132650566,
  "summary_wm_median": 1000.0000366196036,
  "summary_wm_n": 199067.0,
  "summary_wm_p05": 933.6783934012055,
  "summary_wm_p95": 1066.257786154747,
  "summary_wm_stdv": 40.46421603981673,
  "tpm_overlap_csf": 0.15005734177093566,
  "tpm_overlap_gm": 0.43734845571632747,
  "tpm_overlap_wm": 0.47643283341587456,
  "wm2max": 0.33888693839858347
}