{
  "bids_meta": {
    "AcquisitionMatrixPE": 256,
    "AcquisitionNumber": 1,
    "AcquisitionTime": "17:17:36.685000",
    "BaseResolution": 256,
    "BodyPartExamined": "HEAD",
    "CoilString": "HC1-7;NC1_2",
    "ConsistencyInfo": "N4_VE11B_LATEST_20150530",
    "ConversionSoftware": "dcm2niix",
    "ConversionSoftwareVersion": "v1.0.20190902",
    "DeviceSerialNumber": "67036",
    "DwellTime": 8.5e-06,
    "EchoTime": 0.00207,
    "FlipAngle": 9,
    "ImageOrientationPatientDICOM": [
      0.010611,
      0.969914,
      -0.243216,
      0.0203817,
      -0.243389,
      -0.969715
    ],
    "ImageType": [
      "ORIGINAL",
      "PRIMARY",
      "M",
      "ND",
      "NORM"
    ],
    "ImagingFrequency": 123.262,
    "InPlanePhaseEncodingDirectionDICOM": "ROW",
    "InstitutionAddress": "Philosophenweg_3_Jena_Thueringen_DE_07743",
    "InstitutionName": "FSU_Jena",
    "InstitutionalDepartmentName": "Department",
    "InversionTime": 0.9,
    "MRAcquisitionType": "3D",
    "MagneticFieldStrength": 3,
    "Manufacturer": "Siemens",
    "ManufacturersModelName": "Prisma_fit",
    "Modality": "MR",
    "ParallelReductionFactorInPlane": 2,
    "PartialFourier": 1,
    "PatientPosition": "HFS",
    "PercentPhaseFOV": 100,
    "PhaseEncodingSteps": 255,
    "PhaseResolution": 1,
    "PixelBandwidth": 230,
    "ProcedureStepDescription": "FMRI",
    "ProtocolName": "MPRAGE_Jena_BW230_64channel",
    "PulseSequenceDetails": "%SiemensSeq%_tfl",
    "ReceiveCoilActiveElements": "HC1-7;NC1,2",
    "ReceiveCoilName": "HeadNeck_64",
    "ReconMatrixPE": 256,
    "RefLinesPE": 24,
    "RepetitionTime": 2.3,
    "SAR": 0.0461303,
    "ScanOptions": "IR",
    "ScanningSequence": "GR_IR",
    "SequenceName": "_tfl3d1_16ns",
    "SequenceVariant": "SK_SP_MP",
    "SeriesDescription": "MPRAGE_Jena_BW230_64channel",
    "SeriesNumber": 5,
    "ShimSetting": [
      -414,
      5666,
      1283,
      236,
      -46,
      -451,
      31,
      -53
    ],
    "SliceThickness": 1,
    "SoftwareVersions": "syngo_MR_E11",
    "StationName": "AWP67036",
    "TxRefAmp": 219.748,
    "dataset": "ds003357",
    "modality": "T1w",
    "session_id": "01",
    "subject_id": "10"
  },
  "cjv": 0.3046417280988414,
  "cnr": 4.421561800442341,
  "efc": 0.4865900361213771,
  "fber": 26136.11111111111,
  "fwhm_avg": 4.596557431674603,
  "fwhm_x": 4.297422295023809,
  "fwhm_y": 4.60279,
  "fwhm_z": 4.88946,
  "icvs_csf": 0.21993071405332357,
  "icvs_gm": 0.41663897564465935,
  "icvs_wm": 0.3634303103020171,
  "inu_med": 0.3903883397579193,
  "inu_range": 0.10665626525878907,
  "provenance": {
    "md5sum": "7354abf7d043946a8c83048630233ad6",
    "settings": {
      "testing": false
    },
    "software": "mriqc",
    "version": "22.0.6",
    "warnings": {
      "large_rot_frame": true,
      "small_air_mask": false
    },
    "webapi_port": null,
    "webapi_url": "https://mriqc.nimh.nih.gov/api/v1"
  },
  "qi_1": 0.0,
  "qi_2": 0.0243891416393616,
  "rpve_csf": 23.897623655852225,
  "rpve_gm": 13.076563486517225,
  "rpve_wm": 18.17980430551134,
  "size_x": 192,
  "size_y": 256,
  "size_z": 256,
  "snr_csf": 2.368352265147394,
  "snr_gm": 11.364703651588677,
  "snr_total": 14.295135087245095,
  "snr_wm": 29.152349344999212,
  "snrd_csf": 34.02093411573744,
  "snrd_gm": 110.05675836271357,
  "snrd_total": 101.12830930340955,
  "snrd_wm": 159.30723543177766,
  "spacing_x": 0.9999971389770508,
  "spacing_y": 1.0,
  "spacing_z": 1.0,
  "summary_bg_k": 4.759705200726886,
  "summary_bg_mad": 0.0,
  "summary_bg_mean": 2.520301806811177,
  "summary_bg_median": 0.0,
  "summary_bg_n": 3022265.0,
  "summary_bg_p05": 0.0,
  "summary_bg_p95": 9.01357913017273,
  "summary_bg_stdv": 4.112408423218169,
  "summary_csf_k": 2.0039096969513253,
  "summary_csf_mad": 66.23925331279227,
  "summary_csf_mean": 225.00326335235764,
  "summary_csf_median": 213.5554916858673,
  "summary_csf_n": 55379.0,
  "summary_csf_p05": 102.07585716247559,
  "summary_csf_p95": 410.6095001935958,
  "summary_csf_stdv": 90.1696790181083,
  "summary_gm_k": -0.0032258452740636656,
  "summary_gm_mad": 61.14837620228946,
  "summary_gm_mean": 690.1705656522425,
  "summary_gm_median": 690.8459675312042,
  "summary_gm_n": 43603.0,
  "summary_gm_p05": 590.2957854509353,
  "summary_gm_p95": 789.4412564754488,
  "summary_gm_stdv": 60.78803870867347,
  "summary_wm_k": 0.3725408822806613,
  "summary_wm_mad": 33.032850342012566,
  "summary_wm_mean": 1000.3720354575216,
  "summary_wm_median": 1000.0000257492065,
  "summary_wm_n": 229281.0,
  "summary_wm_p05": 944.7089364528656,
  "summary_wm_p95": 1057.0079872608185,
  "summary_wm_stdv": 34.30247878763556,
  "tpm_overlap_csf": 0.15928341646227115,
  "tpm_overlap_gm": 0.44552433257142476,
  "tpm_overlap_wm": 0.4888707212017391,
  "wm2max": 0.4771502549187456
}