{
  "bids_meta": {
    "AcquisitionMatrixPE": 256,
    "AcquisitionNumber": 1,
    "AcquisitionTime": "11:24:54.995000",
    "BaseResolution": 256,
    "BodyPartExamined": "SKULL",
    "CoilString": "HC1-7;NC1_2",
    "ConsistencyInfo": "N4_VE11B_LATEST_20150530",
    "ConversionSoftware": "dcm2niix",
    "ConversionSoftwareVersion": "v1.0.20190902",
    "DeviceSerialNumber": "67036",
    "DwellTime": 8.5e-06,
    "EchoTime": 0.00207,
    "FlipAngle": 9,
    "ImageOrientationPatientDICOM": [
      0.0689447,
      0.992688,
      0.0990823,
      -0.0624301,
      0.103417,
      -0.992677
    ],
    "ImageType": [
      "ORIGINAL",
      "PRIMARY",
      "M",
      "ND",
      "NORM"
    ],
    "ImagingFrequency": 123.262,
    "InPlanePhaseEncodingDirectionDICOM": "ROW",
    "InstitutionAddress": "Philosophenweg_3_Jena_Thueringen_DE_07743",
    "InstitutionName": "IDIR_FSU_Jena",
    "InstitutionalDepartmentName": "Department",
    "InversionTime": 0.9,
    "MRAcquisitionType": "3D",
    "MagneticFieldStrength": 3,
    "Manufacturer": "Siemens",
    "ManufacturersModelName": "Prisma_fit",
    "Modality": "MR",
    "ParallelReductionFactorInPlane": 2,
    "PartialFourier": 1,
    "PatientPosition": "HFS",
    "PercentPhaseFOV": 100,
    "PhaseEncodingSteps": 255,
    "PhaseResolution": 1,
    "PixelBandwidth": 230,
    "ProcedureStepDescription": "FMRI",
    "ProtocolName": "MPRAGE_Jena_BW230_64channel",
    "PulseSequenceDetails": "%SiemensSeq%_tfl",
    "ReceiveCoilActiveElements": "HC1-7;NC1,2",
    "ReceiveCoilName": "HeadNeck_64",
    "ReconMatrixPE": 256,
    "RefLinesPE": 24,
    "RepetitionTime": 2.3,
    "SAR": 0.0481939,
    "ScanOptions": "IR",
    "ScanningSequence": "GR_IR",
    "SequenceName": "_tfl3d1_16ns",
    "SequenceVariant": "SK_SP_MP",
    "SeriesDescription": "MPRAGE_Jena_BW230_64channel",
    "SeriesNumber": 5,
    "ShimSetting": [
      -434,
      5636,
      1331,
      376,
      -35,
      -474,
      -40,
      48
    ],
    "SliceThickness": 1,
    "SoftwareVersions": "syngo_MR_E11",
    "StationName": "AWP67036",
    "TxRefAmp": 250.631,
    "dataset": "ds003357",
    "modality": "T1w",
    "session_id": "01",
    "subject_id": "11"
  },
  "cjv": 0.3207432405105077,
  "cnr": 4.214751861078012,
  "efc": 0.5198409196779283,
  "fber": -1.0,
  "fwhm_avg": 4.62815432048192,
  "fwhm_x": 4.385182681436832,
  "fwhm_y": 4.697770280008929,
  "fwhm_z": 4.80151,
  "icvs_csf": 0.21797313724897985,
  "icvs_gm": 0.4167075645779612,
  "icvs_wm": 0.3653192981730589,
  "inu_med": 0.4682490825653076,
  "inu_range": 0.15844690203666678,
  "provenance": {
    "md5sum": "bdcc663a6c6e79db0be80d6e95a71649",
    "settings": {
      "testing": false
    },
    "software": "mriqc",
    "version": "22.0.6",
    "warnings": {
      "large_rot_frame": true,
      "small_air_mask": false
    },
    "webapi_port": null,
    "webapi_url": "https://mriqc.nimh.nih.gov/api/v1"
  },
  "qi_1": 0.00043157613094069517,
  "qi_2": 0.013815463758092764,
  "rpve_csf": 20.15962849319325,
  "rpve_gm": 11.078486436694268,
  "rpve_wm": 15.4827563552704,
  "size_x": 192,
  "size_y": 256,
  "size_z": 256,
  "snr_csf": 2.3291584883490652,
  "snr_gm": 12.102623585244661,
  "snr_total": 13.776146751208424,
  "snr_wm": 26.896658180031544,
  "snrd_csf": 26.015676987398344,
  "snrd_gm": 73.19259452039402,
  "snrd_total": 67.58036459648089,
  "snrd_wm": 103.53282228165031,
  "spacing_x": 1.0000016689300537,
  "spacing_y": 0.9999999403953552,
  "spacing_z": 1.0,
  "summary_bg_k": 39.4340297490898,
  "summary_bg_mad": 0.0,
  "summary_bg_mean": 2.9567241048835204,
  "summary_bg_median": 0.0,
  "summary_bg_n": 3364058.0,
  "summary_bg_p05": 0.0,
  "summary_bg_p95": 12.328013300895691,
  "summary_bg_stdv": 6.328161894996482,
  "summary_csf_k": 0.2192418914201908,
  "summary_csf_mad": 102.97435408718412,
  "summary_csf_mean": 263.03176189173587,
  "summary_csf_median": 251.29334255307913,
  "summary_csf_n": 36356.0,
  "summary_csf_p05": 106.93450823053718,
  "summary_csf_p95": 465.17611795756966,
  "summary_csf_stdv": 107.88870219742277,
  "summary_gm_k": -0.04901746206814295,
  "summary_gm_mad": 58.994023775779816,
  "summary_gm_mean": 707.0638290191541,
  "summary_gm_median": 706.989548496902,
  "summary_gm_n": 45522.0,
  "summary_gm_p05": 612.2179462462664,
  "summary_gm_p95": 804.0176174677908,
  "summary_gm_stdv": 58.41558056510653,
  "summary_wm_k": 0.5936502503410481,
  "summary_wm_mad": 35.00475269683201,
  "summary_wm_mean": 1001.0699704467416,
  "summary_wm_median": 1000.0550432614982,
  "summary_wm_n": 274564.0,
  "summary_wm_p05": 941.8822304978967,
  "summary_wm_p95": 1063.566326070577,
  "summary_wm_stdv": 37.1813187867709,
  "tpm_overlap_csf": 0.15433479061913707,
  "tpm_overlap_gm": 0.44924782424055676,
  "tpm_overlap_wm": 0.5051225260930838,
  "wm2max": 0.363980530016225
}