{
  "bids_meta": {
    "AcquisitionMatrixPE": 256,
    "AcquisitionNumber": 1,
    "AcquisitionTime": "11:16:35.260000",
    "BaseResolution": 256,
    "BodyPartExamined": "SKULL",
    "CoilString": "HC1-7;NC1_2",
    "ConsistencyInfo": "N4_VE11B_LATEST_20150530",
    "ConversionSoftware": "dcm2niix",
    "ConversionSoftwareVersion": "v1.0.20190902",
    "DeviceSerialNumber": "67036",
    "DwellTime": 8.5e-06,
    "EchoTime": 0.00207,
    "FlipAngle": 9,
    "ImageOrientationPatientDICOM": [
      -0.0804028,
      0.944984,
      0.31708,
      0.0126291,
      0.319051,
      -0.947654
    ],
    "ImageType": [
      "ORIGINAL",
      "PRIMARY",
      "M",
      "ND",
      "NORM"
    ],
    "ImagingFrequency": 123.262,
    "InPlanePhaseEncodingDirectionDICOM": "ROW",
    "InstitutionAddress": "Philosophenweg_3_Jena_Thueringen_DE_07743",
    "InstitutionName": "IDIR_FSU_Jena",
    "InstitutionalDepartmentName": "Department",
    "InversionTime": 0.9,
    "MRAcquisitionType": "3D",
    "MagneticFieldStrength": 3,
    "Manufacturer": "Siemens",
    "ManufacturersModelName": "Prisma_fit",
    "Modality": "MR",
    "ParallelReductionFactorInPlane": 2,
    "PartialFourier": 1,
    "PatientPosition": "HFS",
    "PercentPhaseFOV": 100,
    "PhaseEncodingSteps": 255,
    "PhaseResolution": 1,
    "PixelBandwidth": 230,
    "ProcedureStepDescription": "FMRI",
    "ProtocolName": "MPRAGE_Jena_BW230_64channel",
    "PulseSequenceDetails": "%SiemensSeq%_tfl",
    "ReceiveCoilActiveElements": "HC1-7;NC1,2",
    "ReceiveCoilName": "HeadNeck_64",
    "ReconMatrixPE": 256,
    "RefLinesPE": 24,
    "RepetitionTime": 2.3,
    "SAR": 0.0448851,
    "ScanOptions": "IR",
    "ScanningSequence": "GR_IR",
    "SequenceName": "_tfl3d1_16ns",
    "SequenceVariant": "SK_SP_MP",
    "SeriesDescription": "MPRAGE_Jena_BW230_64channel",
    "SeriesNumber": 5,
    "ShimSetting": [
      -431,
      5592,
      1124,
      -61,
      -124,
      -455,
      15,
      1
    ],
    "SliceThickness": 1,
    "SoftwareVersions": "syngo_MR_E11",
    "StationName": "AWP67036",
    "TxRefAmp": 210.998,
    "dataset": "ds003357",
    "modality": "T1w",
    "session_id": "01",
    "subject_id": "25"
  },
  "cjv": 0.29035792841182223,
  "cnr": 4.595505687400249,
  "efc": 0.4665894309861548,
  "fber": 17161.0,
  "fwhm_avg": 4.398011877776242,
  "fwhm_x": 4.2812953588868705,
  "fwhm_y": 4.30837,
  "fwhm_z": 4.604370274441855,
  "icvs_csf": 0.2273691507788373,
  "icvs_gm": 0.45214192591145136,
  "icvs_wm": 0.32048892330971135,
  "inu_med": 0.5186439156532288,
  "inu_range": 0.19926277995109554,
  "provenance": {
    "md5sum": "31673594a37219b671b56e5b7d9ccadd",
    "settings": {
      "testing": false
    },
    "software": "mriqc",
    "version": "22.0.6",
    "warnings": {
      "large_rot_frame": true,
      "small_air_mask": false
    },
    "webapi_port": null,
    "webapi_url": "https://mriqc.nimh.nih.gov/api/v1"
  },
  "qi_1": 0.0008487834639900252,
  "qi_2": 0.017916871164865022,
  "rpve_csf": 23.298131826109664,
  "rpve_gm": 12.388953884178393,
  "rpve_wm": 19.792707522020226,
  "size_x": 192,
  "size_y": 256,
  "size_z": 256,
  "snr_csf": 1.8276442894383418,
  "snr_gm": 11.828629318096198,
  "snr_total": 13.673231398019064,
  "snr_wm": 27.36342058652265,
  "snrd_csf": 24.9647103827858,
  "snrd_gm": 81.50578960589885,
  "snrd_total": 75.18291623041094,
  "snrd_wm": 119.07824870254817,
  "spacing_x": 0.9999987483024597,
  "spacing_y": 1.0,
  "spacing_z": 0.9999999403953552,
  "summary_bg_k": 8.854625320539839,
  "summary_bg_mad": 0.0,
  "summary_bg_mean": 3.460509348295154,
  "summary_bg_median": 0.0,
  "summary_bg_n": 3165931.0,
  "summary_bg_p05": 0.0,
  "summary_bg_p95": 13.067828323692083,
  "summary_bg_stdv": 5.501993609298311,
  "summary_csf_k": 4.428246770737096,
  "summary_csf_mad": 113.40760893583314,
  "summary_csf_mean": 221.06740933170323,
  "summary_csf_median": 209.65966321527958,
  "summary_csf_n": 55018.0,
  "summary_csf_p05": 61.222536358982325,
  "summary_csf_p95": 436.40802500769496,
  "summary_csf_stdv": 114.71475004454528,
  "summary_gm_k": 0.020640065363024984,
  "summary_gm_mad": 57.69736299426304,
  "summary_gm_mean": 682.7218486476618,
  "summary_gm_median": 684.5052931457758,
  "summary_gm_n": 58762.0,
  "summary_gm_p05": 585.2759593911469,
  "summary_gm_p95": 774.9724804731085,
  "summary_gm_stdv": 57.86802936554144,
  "summary_wm_k": 0.6526376674382481,
  "summary_wm_mad": 33.922926828115294,
  "summary_wm_mean": 999.5812922084305,
  "summary_wm_median": 1000.0478730350733,
  "summary_wm_n": 185526.0,
  "summary_wm_p05": 938.6338666640222,
  "summary_wm_p95": 1058.3504917100072,
  "summary_wm_stdv": 36.54678970782356,
  "tpm_overlap_csf": 0.1520583828268416,
  "tpm_overlap_gm": 0.46662341569479726,
  "tpm_overlap_wm": 0.4921588973683115,
  "wm2max": 0.3735511148968351
}