{
  "aor": 0.0004601315789473684,
  "aqi": 0.014857942389473683,
  "bids_meta": {
    "AcquisitionMatrixPE": 78,
    "AcquisitionNumber": 1,
    "AcquisitionTime": "11:50:16.727500",
    "BandwidthPerPixelPhaseEncode": 25.138,
    "BaseResolution": 78,
    "BodyPartExamined": "HEAD",
    "ConsistencyInfo": "N4_VE11B_LATEST_20150530",
    "ConversionSoftware": "dcm2niix",
    "ConversionSoftwareVersion": "v1.0.20190902",
    "DerivedVendorReportedEchoSpacing": 0.000510005,
    "DeviceSerialNumber": "67036",
    "DwellTime": 2.2e-06,
    "EchoTime": 0.03,
    "EchoTrainLength": 78,
    "EffectiveEchoSpacing": 0.000510005,
    "FlipAngle": 90,
    "ImageComments": "Unaliased_MB8_PE3_LB",
    "ImageOrientationPatientDICOM": [
      0.99985,
      -0.0162318,
      -0.00599756,
      0.016056,
      0.999471,
      -0.0282934
    ],
    "ImageType": [
      "ORIGINAL",
      "PRIMARY",
      "M",
      "MB",
      "ND",
      "MOSAIC"
    ],
    "ImagingFrequency": 123.262,
    "InPlanePhaseEncodingDirectionDICOM": "COL",
    "InstitutionAddress": "Philosophenweg_3_Jena_Thueringen_DE_07743",
    "InstitutionName": "FSU_Jena",
    "InstitutionalDepartmentName": "Department",
    "MRAcquisitionType": "2D",
    "MagneticFieldStrength": 3,
    "Manufacturer": "Siemens",
    "ManufacturersModelName": "Prisma_fit",
    "Modality": "MR",
    "MultibandAccelerationFactor": 8,
    "PartialFourier": 1,
    "PatientPosition": "HFS",
    "PercentPhaseFOV": 100,
    "PhaseEncodingDirection": "j-",
    "PhaseEncodingSteps": 78,
    "PhaseResolution": 1,
    "PixelBandwidth": 2915,
    "ProcedureStepDescription": "Psychiatrie_Wagner",
    "ProtocolName": "cmrr_mbep2d_bold_2p5mm_MB8_verschachtelt",
    "PulseSequenceDetails": "%CustomerSeq%_cmrr_mbep2d_bold",
    "ReceiveCoilActiveElements": "HC1-7",
    "ReceiveCoilName": "HeadNeck_64",
    "ReconMatrixPE": 78,
    "RepetitionTime": 0.484,
    "SAR": 0.14897,
    "ScanOptions": "FS",
    "ScanningSequence": "EP",
    "SequenceName": "epfid2d1_78",
    "SequenceVariant": "SK_SS",
    "SeriesDescription": "cmrr_mbep2d_bold_2p5mm_MB8_verschachtelt",
    "SeriesNumber": 7,
    "ShimSetting": [
      -415,
      5596,
      1364,
      757,
      -1,
      -185,
      49,
      35
    ],
    "SliceThickness": 2.5,
    "SliceTiming": [
      0,
      0.265,
      0.065,
      0.33,
      0.1325,
      0.3975,
      0.1975,
      0,
      0.265,
      0.065,
      0.33,
      0.1325,
      0.3975,
      0.1975,
      0,
      0.265,
      0.065,
      0.33,
      0.1325,
      0.3975,
      0.1975,
      0,
      0.265,
      0.065,
      0.33,
      0.1325,
      0.3975,
      0.1975,
      0,
      0.265,
      0.065,
      0.33,
      0.1325,
      0.3975,
      0.1975,
      0,
      0.265,
      0.065,
      0.33,
      0.1325,
      0.3975,
      0.1975,
      0,
      0.265,
      0.065,
      0.33,
      0.1325,
      0.3975,
      0.1975,
      0,
      0.265,
      0.065,
      0.33,
      0.1325,
      0.3975,
      0.1975
    ],
    "SoftwareVersions": "syngo_MR_E11",
    "SpacingBetweenSlices": 2.5,
    "StationName": "AWP67036",
    "TaskName": "rest",
    "TotalReadoutTime": 0.0392704,
    "TxRefAmp": 211.19,
    "WipMemBlock": "7c6410c6-8f36-4f9f-b799-6d8ab53af14d||Sequence: R016 ve11b/master r/b698769; Nov 21 2017 11:07:30 by eja",
    "dataset": "ds003357",
    "modality": "bold",
    "session_id": "01",
    "subject_id": "02",
    "task_id": "rest"
  },
  "dummy_trs": 0,
  "dvars_nstd": 56.57459224490784,
  "dvars_std": 1.0816309614270663,
  "dvars_vstd": 0.986074214460242,
  "efc": 0.5571790111244114,
  "fber": 305.0113220214844,
  "fd_mean": 0.12008296932424789,
  "fd_num": 254,
  "fd_perc": 13.368421052631579,
  "fwhm_avg": 3.371750666666667,
  "fwhm_x": 3.22154,
  "fwhm_y": 3.544148,
  "fwhm_z": 3.349564,
  "gcor": 0.00945122,
  "gsr_x": -0.008972336538136005,
  "gsr_y": 0.06973649561405182,
  "provenance": {
    "md5sum": "d284827ae7768930e4b107b69503f4c8",
    "settings": {
      "fd_thres": 0.2,
      "testing": false
    },
    "software": "mriqc",
    "version": "22.0.6",
    "webapi_port": null,
    "webapi_url": "https://mriqc.nimh.nih.gov/api/v1"
  },
  "size_t": 1900,
  "size_x": 78,
  "size_y": 78,
  "size_z": 56,
  "snr": 2.4561958322482567,
  "spacing_tr": 0.48399999737739563,
  "spacing_x": 2.5,
  "spacing_y": 2.5,
  "spacing_z": 2.5,
  "summary_bg_k": 19.115549171907755,
  "summary_bg_mad": 39.74388461227473,
  "summary_bg_mean": 127.83837890625,
  "summary_bg_median": 63.97736740112305,
  "summary_bg_n": 214655.0,
  "summary_bg_p05": 32.56720962524414,
  "summary_bg_p95": 468.2981292724609,
  "summary_bg_stdv": 170.1710968017578,
  "summary_fg_k": 0.17012736227193548,
  "summary_fg_mad": 489.80801161529155,
  "summary_fg_mean": 1265.6314697265625,
  "summary_fg_median": 1187.9183349609375,
  "summary_fg_n": 61434.0,
  "summary_fg_p05": 613.5417388916015,
  "summary_fg_p95": 2162.23828125,
  "summary_fg_stdv": 483.6376037597656,
  "tsnr": 21.217329441336915
}