{
  "bids_meta": {
    "AcquisitionMatrixPE": 256,
    "AcquisitionNumber": 1,
    "AcquisitionTime": "18:37:32.032500",
    "BaseResolution": 256,
    "BodyPartExamined": "SKULL",
    "CoilString": "HC1-7;NC1_2",
    "ConsistencyInfo": "N4_VE11B_LATEST_20150530",
    "ConversionSoftware": "dcm2niix",
    "ConversionSoftwareVersion": "v1.0.20190902",
    "DeviceSerialNumber": "67036",
    "DwellTime": 8.5e-06,
    "EchoTime": 0.00207,
    "FlipAngle": 9,
    "ImageOrientationPatientDICOM": [
      0.0117985,
      0.997946,
      0.0629585,
      0.0147938,
      0.0627818,
      -0.997918
    ],
    "ImageType": [
      "ORIGINAL",
      "PRIMARY",
      "M",
      "ND",
      "NORM"
    ],
    "ImagingFrequency": 123.262,
    "InPlanePhaseEncodingDirectionDICOM": "ROW",
    "InstitutionAddress": "Philosophenweg_3_Jena_Thueringen_DE_07743",
    "InstitutionName": "FSU_Jena",
    "InstitutionalDepartmentName": "Department",
    "InversionTime": 0.9,
    "MRAcquisitionType": "3D",
    "MagneticFieldStrength": 3,
    "Manufacturer": "Siemens",
    "ManufacturersModelName": "Prisma_fit",
    "Modality": "MR",
    "ParallelReductionFactorInPlane": 2,
    "PartialFourier": 1,
    "PatientPosition": "HFS",
    "PercentPhaseFOV": 100,
    "PhaseEncodingSteps": 255,
    "PhaseResolution": 1,
    "PixelBandwidth": 230,
    "ProcedureStepDescription": "FMRI",
    "ProtocolName": "MPRAGE_Jena_BW230_64channel",
    "PulseSequenceDetails": "%SiemensSeq%_tfl",
    "ReceiveCoilActiveElements": "HC1-7;NC1,2",
    "ReceiveCoilName": "HeadNeck_64",
    "ReconMatrixPE": 256,
    "RefLinesPE": 24,
    "RepetitionTime": 2.3,
    "SAR": 0.0475515,
    "ScanOptions": "IR",
    "ScanningSequence": "GR_IR",
    "SequenceName": "_tfl3d1_16ns",
    "SequenceVariant": "SK_SP_MP",
    "SeriesDescription": "MPRAGE_Jena_BW230_64channel",
    "SeriesNumber": 5,
    "ShimSetting": [
      -411,
      5606,
      1314,
      292,
      -14,
      -429,
      96,
      3
    ],
    "SliceThickness": 1,
    "SoftwareVersions": "syngo_MR_E11",
    "StationName": "AWP67036",
    "TxRefAmp": 230.347,
    "dataset": "ds003357",
    "modality": "T1w",
    "session_id": "01",
    "subject_id": "06"
  },
  "cjv": 0.2934933388508243,
  "cnr": 4.670313000525427,
  "efc": 0.5252817624915326,
  "fber": -1.0,
  "fwhm_avg": 4.819211871420588,
  "fwhm_x": 4.397735320974709,
  "fwhm_y": 5.13936,
  "fwhm_z": 4.920540293287056,
  "icvs_csf": 0.22780859789463687,
  "icvs_gm": 0.43789223697033447,
  "icvs_wm": 0.33429916513502866,
  "inu_med": 0.4835837185382843,
  "inu_range": 0.1732773333787918,
  "provenance": {
    "md5sum": "020b9d0d545ed1cd4e1ee43336520a40",
    "settings": {
      "testing": false
    },
    "software": "mriqc",
    "version": "22.0.6",
    "warnings": {
      "large_rot_frame": true,
      "small_air_mask": false
    },
    "webapi_port": null,
    "webapi_url": "https://mriqc.nimh.nih.gov/api/v1"
  },
  "qi_1": 0.0,
  "qi_2": 0.011802543482229788,
  "rpve_csf": 21.345597333054958,
  "rpve_gm": 11.667233443674297,
  "rpve_wm": 17.856578983095414,
  "size_x": 192,
  "size_y": 256,
  "size_z": 256,
  "snr_csf": 1.8693746643947216,
  "snr_gm": 11.356855921945122,
  "snr_total": 13.093400703434488,
  "snr_wm": 26.053971523963614,
  "snrd_csf": 22.58144196088767,
  "snrd_gm": 77.68156136556195,
  "snrd_total": 72.0583002996684,
  "snrd_wm": 115.91189757255557,
  "spacing_x": 1.0000033378601074,
  "spacing_y": 1.0,
  "spacing_z": 0.9999999403953552,
  "summary_bg_k": 1970.9975948772906,
  "summary_bg_mad": 0.0,
  "summary_bg_mean": 2.696144875973955,
  "summary_bg_median": 0.0,
  "summary_bg_n": 2930581.0,
  "summary_bg_p05": 0.0,
  "summary_bg_p95": 9.583423554897308,
  "summary_bg_stdv": 5.6521424805799905,
  "summary_csf_k": 0.27384965806321837,
  "summary_csf_mad": 109.31511612574442,
  "summary_csf_mean": 208.24228259892675,
  "summary_csf_median": 194.81977704167366,
  "summary_csf_n": 54989.0,
  "summary_csf_p05": 68.81070786714554,
  "summary_csf_p95": 404.1528288543223,
  "summary_csf_stdv": 104.21560177372393,
  "summary_gm_k": -0.05247938224246074,
  "summary_gm_mad": 60.41772226153556,
  "summary_gm_mean": 669.3280596315678,
  "summary_gm_median": 670.1921202242374,
  "summary_gm_n": 63835.0,
  "summary_gm_p05": 572.3721302449703,
  "summary_gm_p95": 764.5586242377758,
  "summary_gm_stdv": 59.01165563781499,
  "summary_wm_k": 0.5936036851302169,
  "summary_wm_mad": 36.38503718822348,
  "summary_wm_mean": 999.9428509842992,
  "summary_wm_median": 1000.0216142386198,
  "summary_wm_n": 230152.0,
  "summary_wm_p05": 936.9307425022125,
  "summary_wm_p95": 1062.0764401853085,
  "summary_wm_stdv": 38.382610528003305,
  "tpm_overlap_csf": 0.16065846800906255,
  "tpm_overlap_gm": 0.4782473755284332,
  "tpm_overlap_wm": 0.5278244280765816,
  "wm2max": 0.4468990706455363
}